{
  "aor": 0.0019285433070866142,
  "aqi": 0.0064731889370078744,
  "bids_meta": {
    "AcquisitionDateTime": "20181120122956.532500",
    "ConversionSoftware": "dicm2nii.m 20210821",
    "DeviceSerialNumber": "166054",
    "EchoTime": 0.03,
    "EffectiveEchoSpacing": 0.00050999592,
    "FlipAngle": 75,
    "ImageType": [
      "ORIGINAL",
      "PRIMARY",
      "M",
      "MB",
      "ND",
      "MOSAIC"
    ],
    "InstitutionAddress": "Street StreetNo,City,District,IL,ZIP",
    "InstitutionName": "Weizmann Institute",
    "MRAcquisitionType": "2D",
    "Manufacturer": "SIEMENS",
    "Modality": "MR",
    "ParallelAcquisitionTechnique": "none",
    "ParallelReductionFactorInPlane": 1,
    "PatientAge": "027Y",
    "PatientPosition": "HFS",
    "PatientSex": "M",
    "PatientSize": 1.75,
    "PatientWeight": 82,
    "PhaseEncodingDirection": "j-",
    "RepetitionTime": 2,
    "ScanOptions": "FS",
    "ScanningSequence": "EP",
    "SequenceName": "epfid2d1_96",
    "SequenceVariant": "SK\\SS",
    "SeriesDescription": "EPI_PSAP_iso2.5",
    "SeriesNumber": 17,
    "SliceThickness": 2.5,
    "SliceTiming": [
      0,
      0.92,
      1.84,
      0.7775,
      1.6975,
      0.6375,
      1.5575,
      0.495,
      1.415,
      0.355,
      1.2725,
      0.2125,
      1.1325,
      0.0725,
      0.99,
      1.91,
      0.85,
      1.7675,
      0.7075,
      1.6275,
      0.5675,
      1.485,
      0.425,
      1.345,
      0.2825,
      1.2025,
      0.1425,
      1.0625,
      0,
      0.92,
      1.84,
      0.7775,
      1.6975,
      0.6375,
      1.5575,
      0.495,
      1.415,
      0.355,
      1.2725,
      0.2125,
      1.1325,
      0.0725,
      0.99,
      1.91,
      0.85,
      1.7675,
      0.7075,
      1.6275,
      0.5675,
      1.485,
      0.425,
      1.345,
      0.2825,
      1.2025,
      0.1425,
      1.0625
    ],
    "SoftwareVersion": "syngo MR E11",
    "TaskName": "PSAP",
    "TotalReadoutTime": 0.048449612,
    "dataset": "ds003791",
    "modality": "bold",
    "run_id": 4,
    "subject_id": "19",
    "task_id": "PSAP"
  },
  "dummy_trs": 0,
  "dvars_nstd": 26.74145903608698,
  "dvars_std": 1.1670974425296452,
  "dvars_vstd": 0.9835735402371538,
  "efc": 0.5090210553792476,
  "fber": 527.3134155273438,
  "fd_mean": 0.12899516242083073,
  "fd_num": 30,
  "fd_perc": 11.811023622047244,
  "fwhm_avg": 3.072068,
  "fwhm_x": 2.781876,
  "fwhm_y": 3.155964,
  "fwhm_z": 3.278364,
  "gcor": 0.0104276,
  "gsr_x": -0.06082583963871002,
  "gsr_y": 0.13916967809200287,
  "provenance": {
    "md5sum": "fcfa665f4f659422cd0cb4755efff85d",
    "settings": {
      "fd_thres": 0.2,
      "testing": false
    },
    "software": "mriqc",
    "version": "22.0.6",
    "webapi_port": null,
    "webapi_url": "https://mriqc.nimh.nih.gov/api/v1"
  },
  "size_t": 254,
  "size_x": 96,
  "size_y": 96,
  "size_z": 56,
  "snr": 2.17286403385032,
  "spacing_tr": 2.0,
  "spacing_x": 2.5,
  "spacing_y": 2.5,
  "spacing_z": 2.5,
  "summary_bg_k": 31.583906952729144,
  "summary_bg_mad": 62.45606630827749,
  "summary_bg_mean": 657.269775390625,
  "summary_bg_median": 250.5787353515625,
  "summary_bg_n": 363875.0,
  "summary_bg_p05": 203.3543243408203,
  "summary_bg_p95": 2713.470507812495,
  "summary_bg_stdv": 1166.283203125,
  "summary_fg_k": 1.759237808919111,
  "summary_fg_mad": 2205.396861394205,
  "summary_fg_mean": 6364.611328125,
  "summary_fg_median": 5832.1552734375,
  "summary_fg_n": 81098.0,
  "summary_fg_p05": 3066.524096679688,
  "summary_fg_p95": 11688.523730468743,
  "summary_fg_stdv": 2684.070068359375,
  "tsnr": 59.51128612551838
}