{
  "aor": 0.006378015564202334,
  "aqi": 0.006884817859922179,
  "bids_meta": {
    "AcquisitionDateTime": "20180826150432.497500",
    "ConversionSoftware": "dicm2nii.m 20210821",
    "DeviceSerialNumber": "166054",
    "EchoTime": 0.03,
    "EffectiveEchoSpacing": 0.00050999592,
    "FlipAngle": 75,
    "ImageType": [
      "ORIGINAL",
      "PRIMARY",
      "M",
      "MB",
      "ND",
      "MOSAIC"
    ],
    "InstitutionAddress": "Street StreetNo,City,District,IL,ZIP",
    "InstitutionName": "Weizmann Institute",
    "MRAcquisitionType": "2D",
    "Manufacturer": "SIEMENS",
    "Modality": "MR",
    "ParallelAcquisitionTechnique": "none",
    "ParallelReductionFactorInPlane": 1,
    "PatientAge": "025Y",
    "PatientPosition": "HFS",
    "PatientSex": "M",
    "PatientSize": 1.92,
    "PatientWeight": 88,
    "PhaseEncodingDirection": "j-",
    "RepetitionTime": 2,
    "ScanOptions": "FS",
    "ScanningSequence": "EP",
    "SequenceName": "epfid2d1_96",
    "SequenceVariant": "SK\\SS",
    "SeriesDescription": "EPI_PSAP_iso2.5",
    "SeriesNumber": 10,
    "SliceThickness": 2.5,
    "SliceTiming": [
      0,
      0.92,
      1.84,
      0.78,
      1.6975,
      0.6375,
      1.5575,
      0.495,
      1.415,
      0.355,
      1.275,
      0.2125,
      1.1325,
      0.0725,
      0.99,
      1.91,
      0.85,
      1.77,
      0.7075,
      1.6275,
      0.5675,
      1.485,
      0.425,
      1.345,
      0.285,
      1.2025,
      0.1425,
      1.0625,
      0,
      0.92,
      1.84,
      0.78,
      1.6975,
      0.6375,
      1.5575,
      0.495,
      1.415,
      0.355,
      1.275,
      0.2125,
      1.1325,
      0.0725,
      0.99,
      1.91,
      0.85,
      1.77,
      0.7075,
      1.6275,
      0.5675,
      1.485,
      0.425,
      1.345,
      0.285,
      1.2025,
      0.1425,
      1.0625
    ],
    "SoftwareVersion": "syngo MR E11",
    "TaskName": "PSAP",
    "TotalReadoutTime": 0.048449612,
    "dataset": "ds003791",
    "modality": "bold",
    "run_id": 2,
    "subject_id": "15",
    "task_id": "PSAP"
  },
  "dummy_trs": 0,
  "dvars_nstd": 32.682613022617204,
  "dvars_std": 1.1131470953906246,
  "dvars_vstd": 0.9715499947656253,
  "efc": 0.4978918835608799,
  "fber": 577.0185546875,
  "fd_mean": 0.25957789969189765,
  "fd_num": 99,
  "fd_perc": 38.521400778210115,
  "fwhm_avg": 2.9969413333333335,
  "fwhm_x": 2.7723199999999997,
  "fwhm_y": 3.159812,
  "fwhm_z": 3.0586919999999997,
  "gcor": 0.0232386,
  "gsr_x": -0.028597990050911903,
  "gsr_y": 0.07267532497644424,
  "provenance": {
    "md5sum": "d611c1abc29a91df08aa8d94176c8e7f",
    "settings": {
      "fd_thres": 0.2,
      "testing": false
    },
    "software": "mriqc",
    "version": "22.0.6",
    "webapi_port": null,
    "webapi_url": "https://mriqc.nimh.nih.gov/api/v1"
  },
  "size_t": 257,
  "size_x": 96,
  "size_y": 96,
  "size_z": 56,
  "snr": 2.021435718323787,
  "spacing_tr": 2.0,
  "spacing_x": 2.5,
  "spacing_y": 2.5,
  "spacing_z": 2.5,
  "summary_bg_k": 24.14341171428441,
  "summary_bg_mad": 78.98173303490343,
  "summary_bg_mean": 621.2337646484375,
  "summary_bg_median": 266.54473876953125,
  "summary_bg_n": 358495.0,
  "summary_bg_p05": 205.84708404541016,
  "summary_bg_p95": 2525.218334960937,
  "summary_bg_stdv": 1013.4306640625,
  "summary_fg_k": 1.4097060898974156,
  "summary_fg_mad": 2874.3045602696725,
  "summary_fg_mean": 7213.82763671875,
  "summary_fg_median": 6559.88720703125,
  "summary_fg_n": 83883.0,
  "summary_fg_p05": 3251.25166015625,
  "summary_fg_p95": 13419.322558593745,
  "summary_fg_stdv": 3245.14306640625,
  "tsnr": 43.5070628602989
}