{
  "bids_meta": {
    "AcquisitionDateTime": "20181120141206.977500",
    "ConversionSoftware": "dicm2nii.m 20210821",
    "DeviceSerialNumber": "166054",
    "EchoTime": 0.00229,
    "FlipAngle": 8,
    "ImageType": [
      "ORIGINAL",
      "PRIMARY",
      "M",
      "ND",
      "NORM"
    ],
    "InstitutionAddress": "Street StreetNo,City,District,IL,ZIP",
    "InstitutionName": "Weizmann Institute",
    "InversionTime": 0.9,
    "MRAcquisitionType": "3D",
    "Manufacturer": "SIEMENS",
    "Modality": "MR",
    "ParallelAcquisitionTechnique": "GRAPPA",
    "ParallelReductionFactorInPlane": 2,
    "PatientAge": "038Y",
    "PatientPosition": "HFS",
    "PatientSex": "M",
    "PatientSize": 1.72,
    "PatientWeight": 64,
    "PhaseEncodingDirection": "j-",
    "RepetitionTime": 2.3,
    "ScanOptions": "IR\\WE",
    "ScanningSequence": "GR\\IR",
    "SequenceName": "*tfl3d1_16ns",
    "SequenceVariant": "SK\\SP\\MP",
    "SeriesDescription": "t1_mprage_sag_p2_iso_water_exc",
    "SeriesNumber": 11,
    "SliceThickness": 0.94,
    "SoftwareVersion": "syngo MR E11",
    "dataset": "ds003791",
    "modality": "T1w",
    "subject_id": "28"
  },
  "cjv": 0.31646463649833134,
  "cnr": 4.147765674653144,
  "efc": 0.5732384443173506,
  "fber": 36443.062848120695,
  "fwhm_avg": 4.44440721884824,
  "fwhm_x": 4.397882989878053,
  "fwhm_y": 4.435146666666666,
  "fwhm_z": 4.500192,
  "icvs_csf": 0.24901077921491313,
  "icvs_gm": 0.41606199667331634,
  "icvs_wm": 0.3349272241117705,
  "inu_med": 0.42303475737571716,
  "inu_range": 0.10911632180213926,
  "provenance": {
    "md5sum": "af9e8a9c9b8d66a15b6a614936d789be",
    "settings": {
      "testing": false
    },
    "software": "mriqc",
    "version": "22.0.6",
    "warnings": {
      "large_rot_frame": true,
      "small_air_mask": false
    },
    "webapi_port": null,
    "webapi_url": "https://mriqc.nimh.nih.gov/api/v1"
  },
  "qi_1": 0.0,
  "qi_2": 0.021631434817498737,
  "rpve_csf": 19.9186843649496,
  "rpve_gm": 11.887730060066154,
  "rpve_wm": 17.416873645265536,
  "size_x": 176,
  "size_y": 256,
  "size_z": 256,
  "snr_csf": 2.2673685629065594,
  "snr_gm": 11.785398585302792,
  "snr_total": 14.637379459029214,
  "snr_wm": 29.85937122887829,
  "snrd_csf": 34.4096530506788,
  "snrd_gm": 106.04377217287657,
  "snrd_total": 96.41515649041794,
  "snrd_wm": 148.79204424769844,
  "spacing_x": 0.9399999976158142,
  "spacing_y": 0.9375,
  "spacing_z": 0.9375,
  "summary_bg_k": 9.97542448289934,
  "summary_bg_mad": 0.0,
  "summary_bg_mean": 2.559858620011305,
  "summary_bg_median": 0.0,
  "summary_bg_n": 2690789.0,
  "summary_bg_p05": 0.0,
  "summary_bg_p95": 11.765423510223627,
  "summary_bg_stdv": 4.4031234364464575,
  "summary_csf_k": 1.0133409584109048,
  "summary_csf_mad": 87.6088639688054,
  "summary_csf_mean": 245.14768034232682,
  "summary_csf_median": 231.26474088057876,
  "summary_csf_n": 66499.0,
  "summary_csf_p05": 98.45160087570548,
  "summary_csf_p95": 436.54394879937166,
  "summary_csf_stdv": 101.99621084928381,
  "summary_gm_k": 0.04699396934350197,
  "summary_gm_mad": 59.65115222085099,
  "summary_gm_mean": 712.4723606030235,
  "summary_gm_median": 712.7123733982444,
  "summary_gm_n": 44347.0,
  "summary_gm_p05": 612.8180349245667,
  "summary_gm_p95": 811.6658843960612,
  "summary_gm_stdv": 60.47350308621815,
  "summary_wm_k": 0.47967674014787187,
  "summary_wm_mad": 31.27166464911279,
  "summary_wm_mean": 999.3067583514132,
  "summary_wm_median": 1000.0203578732908,
  "summary_wm_n": 213610.0,
  "summary_wm_p05": 943.04238287732,
  "summary_wm_p95": 1053.6454919725657,
  "summary_wm_stdv": 33.49092683309261,
  "tpm_overlap_csf": 0.16651442762350718,
  "tpm_overlap_gm": 0.4667205543766814,
  "tpm_overlap_wm": 0.5019285396827504,
  "wm2max": 0.9154374151304898
}