{
  "aor": 0.008868055555555556,
  "aqi": 0.004658067103174604,
  "bids_meta": {
    "AcquisitionDateTime": "20190102124155.590000",
    "ConversionSoftware": "dicm2nii.m 20210821",
    "DeviceSerialNumber": "166054",
    "EchoTime": 0.03,
    "EffectiveEchoSpacing": 0.00050999592,
    "FlipAngle": 75,
    "ImageType": [
      "ORIGINAL",
      "PRIMARY",
      "M",
      "MB",
      "ND",
      "MOSAIC"
    ],
    "InstitutionAddress": "Street StreetNo,City,District,IL,ZIP",
    "InstitutionName": "Weizmann Institute",
    "MRAcquisitionType": "2D",
    "Manufacturer": "SIEMENS",
    "Modality": "MR",
    "ParallelAcquisitionTechnique": "none",
    "ParallelReductionFactorInPlane": 1,
    "PatientAge": "019Y",
    "PatientPosition": "HFS",
    "PatientSex": "M",
    "PatientSize": 1.84,
    "PatientWeight": 70,
    "PhaseEncodingDirection": "j-",
    "RepetitionTime": 2,
    "ScanOptions": "FS",
    "ScanningSequence": "EP",
    "SequenceName": "epfid2d1_96",
    "SequenceVariant": "SK\\SS",
    "SeriesDescription": "EPI_PSAP_iso2.5",
    "SeriesNumber": 17,
    "SliceThickness": 2.5,
    "SliceTiming": [
      0,
      0.9175,
      1.8375,
      0.7775,
      1.695,
      0.635,
      1.555,
      0.495,
      1.4125,
      0.3525,
      1.2725,
      0.21,
      1.13,
      0.07,
      0.99,
      1.9075,
      0.8475,
      1.7675,
      0.705,
      1.625,
      0.565,
      1.4825,
      0.4225,
      1.3425,
      0.2825,
      1.2,
      0.14,
      1.06,
      0,
      0.9175,
      1.8375,
      0.7775,
      1.695,
      0.635,
      1.555,
      0.495,
      1.4125,
      0.3525,
      1.2725,
      0.21,
      1.13,
      0.07,
      0.99,
      1.9075,
      0.8475,
      1.7675,
      0.705,
      1.625,
      0.565,
      1.4825,
      0.4225,
      1.3425,
      0.2825,
      1.2,
      0.14,
      1.06
    ],
    "SoftwareVersion": "syngo MR E11",
    "TaskName": "PSAP",
    "TotalReadoutTime": 0.048449612,
    "dataset": "ds003791",
    "modality": "bold",
    "run_id": 4,
    "subject_id": "48",
    "task_id": "PSAP"
  },
  "dummy_trs": 0,
  "dvars_nstd": 28.715634319203208,
  "dvars_std": 1.291745473147409,
  "dvars_vstd": 1.057033624183267,
  "efc": 0.49055855371980384,
  "fber": 669.406005859375,
  "fd_mean": 0.11970352931071188,
  "fd_num": 17,
  "fd_perc": 6.746031746031746,
  "fwhm_avg": 3.0579959999999997,
  "fwhm_x": 2.827896,
  "fwhm_y": 3.198372,
  "fwhm_z": 3.14772,
  "gcor": 0.0478884,
  "gsr_x": -0.031137831509113312,
  "gsr_y": 0.058129165321588516,
  "provenance": {
    "md5sum": "af2ebb860d4331196da008a546f3cccb",
    "settings": {
      "fd_thres": 0.2,
      "testing": false
    },
    "software": "mriqc",
    "version": "22.0.6",
    "webapi_port": null,
    "webapi_url": "https://mriqc.nimh.nih.gov/api/v1"
  },
  "size_t": 252,
  "size_x": 96,
  "size_y": 96,
  "size_z": 56,
  "snr": 2.301825252158611,
  "spacing_tr": 2.0,
  "spacing_x": 2.5,
  "spacing_y": 2.5,
  "spacing_z": 2.5,
  "summary_bg_k": 29.034103914507163,
  "summary_bg_mad": 57.5390871764181,
  "summary_bg_mean": 516.453369140625,
  "summary_bg_median": 240.4444580078125,
  "summary_bg_n": 364238.0,
  "summary_bg_p05": 196.81747436523438,
  "summary_bg_p95": 2032.3092346191397,
  "summary_bg_stdv": 807.6793823242188,
  "summary_fg_k": 0.6788791444084565,
  "summary_fg_mad": 2548.1226611492016,
  "summary_fg_mean": 6885.310546875,
  "summary_fg_median": 6392.1591796875,
  "summary_fg_n": 80087.0,
  "summary_fg_p05": 3272.501806640625,
  "summary_fg_p95": 12185.954980468749,
  "summary_fg_stdv": 2776.978515625,
  "tsnr": 57.29085029452108
}