{
  "aor": 0.007677588932806324,
  "aqi": 0.01114855071146245,
  "bids_meta": {
    "AcquisitionDateTime": "20181211135552.985000",
    "ConversionSoftware": "dicm2nii.m 20210821",
    "DeviceSerialNumber": "166054",
    "EchoTime": 0.03,
    "EffectiveEchoSpacing": 0.00050999592,
    "FlipAngle": 75,
    "ImageType": [
      "ORIGINAL",
      "PRIMARY",
      "M",
      "MB",
      "ND",
      "MOSAIC"
    ],
    "InstitutionAddress": "Street StreetNo,City,District,IL,ZIP",
    "InstitutionName": "Weizmann Institute",
    "MRAcquisitionType": "2D",
    "Manufacturer": "SIEMENS",
    "Modality": "MR",
    "ParallelAcquisitionTechnique": "none",
    "ParallelReductionFactorInPlane": 1,
    "PatientAge": "026Y",
    "PatientPosition": "HFS",
    "PatientSex": "M",
    "PatientSize": 1.73,
    "PatientWeight": 69,
    "PhaseEncodingDirection": "j-",
    "RepetitionTime": 2,
    "ScanOptions": "FS",
    "ScanningSequence": "EP",
    "SequenceName": "epfid2d1_96",
    "SequenceVariant": "SK\\SS",
    "SeriesDescription": "EPI_PSAP_iso2.5",
    "SeriesNumber": 6,
    "SliceThickness": 2.5,
    "SliceTiming": [
      0,
      0.92,
      1.8375,
      0.7775,
      1.6975,
      0.6375,
      1.555,
      0.495,
      1.415,
      0.3525,
      1.2725,
      0.2125,
      1.1325,
      0.07,
      0.99,
      1.91,
      0.8475,
      1.7675,
      0.7075,
      1.6275,
      0.565,
      1.485,
      0.425,
      1.3425,
      0.2825,
      1.2025,
      0.1425,
      1.06,
      0,
      0.92,
      1.8375,
      0.7775,
      1.6975,
      0.6375,
      1.555,
      0.495,
      1.415,
      0.3525,
      1.2725,
      0.2125,
      1.1325,
      0.07,
      0.99,
      1.91,
      0.8475,
      1.7675,
      0.7075,
      1.6275,
      0.565,
      1.485,
      0.425,
      1.3425,
      0.2825,
      1.2025,
      0.1425,
      1.06
    ],
    "SoftwareVersion": "syngo MR E11",
    "TaskName": "PSAP",
    "TotalReadoutTime": 0.048449612,
    "dataset": "ds003791",
    "modality": "bold",
    "run_id": 1,
    "subject_id": "04",
    "task_id": "PSAP"
  },
  "dummy_trs": 0,
  "dvars_nstd": 34.891211721706334,
  "dvars_std": 1.0888697023809528,
  "dvars_vstd": 0.9623028843650795,
  "efc": 0.4877448190695981,
  "fber": 598.538818359375,
  "fd_mean": 0.31692977274770234,
  "fd_num": 114,
  "fd_perc": 45.059288537549406,
  "fwhm_avg": 2.8794160000000004,
  "fwhm_x": 2.684716,
  "fwhm_y": 2.898196,
  "fwhm_z": 3.055336,
  "gcor": 0.0284084,
  "gsr_x": -0.01634218543767929,
  "gsr_y": 0.0606132373213768,
  "provenance": {
    "md5sum": "2adcdfe724f049029d2f1b007fbc58af",
    "settings": {
      "fd_thres": 0.2,
      "testing": false
    },
    "software": "mriqc",
    "version": "22.0.6",
    "webapi_port": null,
    "webapi_url": "https://mriqc.nimh.nih.gov/api/v1"
  },
  "size_t": 253,
  "size_x": 96,
  "size_y": 96,
  "size_z": 56,
  "snr": 2.542954804690381,
  "spacing_tr": 2.0,
  "spacing_x": 2.5,
  "spacing_y": 2.5,
  "spacing_z": 2.5,
  "summary_bg_k": 37.83299189084352,
  "summary_bg_mad": 44.13232360922352,
  "summary_bg_mean": 428.7404479980469,
  "summary_bg_median": 218.60475158691406,
  "summary_bg_n": 370795.0,
  "summary_bg_p05": 183.68380737304688,
  "summary_bg_p95": 1454.1807495117175,
  "summary_bg_stdv": 657.6146850585938,
  "summary_fg_k": 1.7921185689430281,
  "summary_fg_mad": 1826.4428656319358,
  "summary_fg_mean": 5783.04541015625,
  "summary_fg_median": 5381.2216796875,
  "summary_fg_n": 76797.0,
  "summary_fg_p05": 3172.042041015625,
  "summary_fg_p95": 9936.14453125,
  "summary_fg_stdv": 2116.11572265625,
  "tsnr": 35.19252108968794
}