{
  "aor": 0.007158461538461538,
  "aqi": 0.01435674419230769,
  "bids_meta": {
    "AcquisitionDateTime": "20181211143527.522500",
    "ConversionSoftware": "dicm2nii.m 20210821",
    "DeviceSerialNumber": "166054",
    "EchoTime": 0.03,
    "EffectiveEchoSpacing": 0.00050999592,
    "FlipAngle": 75,
    "ImageType": [
      "ORIGINAL",
      "PRIMARY",
      "M",
      "MB",
      "ND",
      "MOSAIC"
    ],
    "InstitutionAddress": "Street StreetNo,City,District,IL,ZIP",
    "InstitutionName": "Weizmann Institute",
    "MRAcquisitionType": "2D",
    "Manufacturer": "SIEMENS",
    "Modality": "MR",
    "ParallelAcquisitionTechnique": "none",
    "ParallelReductionFactorInPlane": 1,
    "PatientAge": "026Y",
    "PatientPosition": "HFS",
    "PatientSex": "M",
    "PatientSize": 1.73,
    "PatientWeight": 69,
    "PhaseEncodingDirection": "j-",
    "RepetitionTime": 2,
    "ScanOptions": "FS",
    "ScanningSequence": "EP",
    "SequenceName": "epfid2d1_96",
    "SequenceVariant": "SK\\SS",
    "SeriesDescription": "EPI_PSAP_iso2.5",
    "SeriesNumber": 17,
    "SliceThickness": 2.5,
    "SliceTiming": [
      0,
      0.92,
      1.8375,
      0.7775,
      1.6975,
      0.635,
      1.555,
      0.495,
      1.415,
      0.3525,
      1.2725,
      0.2125,
      1.13,
      0.07,
      0.99,
      1.91,
      0.8475,
      1.7675,
      0.7075,
      1.625,
      0.565,
      1.485,
      0.425,
      1.3425,
      0.2825,
      1.2025,
      0.14,
      1.06,
      0,
      0.92,
      1.8375,
      0.7775,
      1.6975,
      0.635,
      1.555,
      0.495,
      1.415,
      0.3525,
      1.2725,
      0.2125,
      1.13,
      0.07,
      0.99,
      1.91,
      0.8475,
      1.7675,
      0.7075,
      1.625,
      0.565,
      1.485,
      0.425,
      1.3425,
      0.2825,
      1.2025,
      0.14,
      1.06
    ],
    "SoftwareVersion": "syngo MR E11",
    "TaskName": "PSAP",
    "TotalReadoutTime": 0.048449612,
    "dataset": "ds003791",
    "modality": "bold",
    "run_id": 4,
    "subject_id": "04",
    "task_id": "PSAP"
  },
  "dummy_trs": 0,
  "dvars_nstd": 38.040860120695,
  "dvars_std": 0.9974985217374518,
  "dvars_vstd": 0.9089550497683387,
  "efc": 0.482464422685272,
  "fber": 584.0800170898438,
  "fd_mean": 0.39325819920731636,
  "fd_num": 142,
  "fd_perc": 54.61538461538461,
  "fwhm_avg": 2.882984,
  "fwhm_x": 2.691992,
  "fwhm_y": 2.9050719999999997,
  "fwhm_z": 3.051888,
  "gcor": 0.0275125,
  "gsr_x": -0.012594306841492653,
  "gsr_y": 0.06434828042984009,
  "provenance": {
    "md5sum": "c05ba746d82bc643995fa4513bea333d",
    "settings": {
      "fd_thres": 0.2,
      "testing": false
    },
    "software": "mriqc",
    "version": "22.0.6",
    "webapi_port": null,
    "webapi_url": "https://mriqc.nimh.nih.gov/api/v1"
  },
  "size_t": 260,
  "size_x": 96,
  "size_y": 96,
  "size_z": 56,
  "snr": 2.5037391781874265,
  "spacing_tr": 2.0,
  "spacing_x": 2.5,
  "spacing_y": 2.5,
  "spacing_z": 2.5,
  "summary_bg_k": 39.66237934431436,
  "summary_bg_mad": 44.153046015719966,
  "summary_bg_mean": 404.854248046875,
  "summary_bg_median": 213.9192352294922,
  "summary_bg_n": 372724.0,
  "summary_bg_p05": 175.0500030517578,
  "summary_bg_p95": 1349.3900268554685,
  "summary_bg_stdv": 621.4647827148438,
  "summary_fg_k": 1.5200318618457827,
  "summary_fg_mad": 1792.7281436982234,
  "summary_fg_mean": 5645.6630859375,
  "summary_fg_median": 5204.23486328125,
  "summary_fg_n": 75441.0,
  "summary_fg_p05": 3143.21533203125,
  "summary_fg_p95": 9793.1806640625,
  "summary_fg_stdv": 2078.5712890625,
  "tsnr": 32.106198182329535
}