{
  "aor": 0.0012329527559055116,
  "aqi": 0.005656625236220472,
  "bids_meta": {
    "AcquisitionDateTime": "20190122125629.497500",
    "ConversionSoftware": "dicm2nii.m 20210821",
    "DeviceSerialNumber": "166054",
    "EchoTime": 0.03,
    "EffectiveEchoSpacing": 0.00050999592,
    "FlipAngle": 75,
    "ImageType": [
      "ORIGINAL",
      "PRIMARY",
      "M",
      "MB",
      "ND",
      "MOSAIC"
    ],
    "InstitutionAddress": "Street StreetNo,City,District,IL,ZIP",
    "InstitutionName": "Weizmann Institute",
    "MRAcquisitionType": "2D",
    "Manufacturer": "SIEMENS",
    "Modality": "MR",
    "ParallelAcquisitionTechnique": "none",
    "ParallelReductionFactorInPlane": 1,
    "PatientAge": "021Y",
    "PatientPosition": "HFS",
    "PatientSex": "F",
    "PatientSize": 1.72,
    "PatientWeight": 74,
    "PhaseEncodingDirection": "j-",
    "RepetitionTime": 2,
    "ScanOptions": "FS",
    "ScanningSequence": "EP",
    "SequenceName": "epfid2d1_96",
    "SequenceVariant": "SK\\SS",
    "SeriesDescription": "EPI_PSAP_iso2.5",
    "SeriesNumber": 17,
    "SliceThickness": 2.5,
    "SliceTiming": [
      0,
      0.92,
      1.84,
      0.7775,
      1.6975,
      0.6375,
      1.555,
      0.495,
      1.415,
      0.355,
      1.2725,
      0.2125,
      1.1325,
      0.07,
      0.99,
      1.91,
      0.85,
      1.7675,
      0.7075,
      1.6275,
      0.565,
      1.485,
      0.425,
      1.345,
      0.2825,
      1.2025,
      0.1425,
      1.06,
      0,
      0.92,
      1.84,
      0.7775,
      1.6975,
      0.6375,
      1.555,
      0.495,
      1.415,
      0.355,
      1.2725,
      0.2125,
      1.1325,
      0.07,
      0.99,
      1.91,
      0.85,
      1.7675,
      0.7075,
      1.6275,
      0.565,
      1.485,
      0.425,
      1.345,
      0.2825,
      1.2025,
      0.1425,
      1.06
    ],
    "SoftwareVersion": "syngo MR E11",
    "TaskName": "PSAP",
    "TotalReadoutTime": 0.048449612,
    "dataset": "ds003791",
    "modality": "bold",
    "run_id": 4,
    "subject_id": "33",
    "task_id": "PSAP"
  },
  "dummy_trs": 0,
  "dvars_nstd": 32.814143546482214,
  "dvars_std": 1.244765023478261,
  "dvars_vstd": 0.9993983658102769,
  "efc": 0.49268279291188183,
  "fber": 661.8682861328125,
  "fd_mean": 0.2253301550411279,
  "fd_num": 120,
  "fd_perc": 47.24409448818898,
  "fwhm_avg": 2.85106,
  "fwhm_x": 2.6770199999999997,
  "fwhm_y": 2.92642,
  "fwhm_z": 2.94974,
  "gcor": 0.0209867,
  "gsr_x": -0.013868037611246109,
  "gsr_y": 0.03508295863866806,
  "provenance": {
    "md5sum": "780e4d21d5361e8af91ab34970e07b5b",
    "settings": {
      "fd_thres": 0.2,
      "testing": false
    },
    "software": "mriqc",
    "version": "22.0.6",
    "webapi_port": null,
    "webapi_url": "https://mriqc.nimh.nih.gov/api/v1"
  },
  "size_t": 254,
  "size_x": 96,
  "size_y": 96,
  "size_z": 56,
  "snr": 2.798001808773652,
  "spacing_tr": 2.0,
  "spacing_x": 2.5,
  "spacing_y": 2.5,
  "spacing_z": 2.5,
  "summary_bg_k": 30.548775223957584,
  "summary_bg_mad": 54.61697901055944,
  "summary_bg_mean": 459.4889221191406,
  "summary_bg_median": 228.72047424316406,
  "summary_bg_n": 369522.0,
  "summary_bg_p05": 186.2126007080078,
  "summary_bg_p95": 1668.459283447267,
  "summary_bg_stdv": 664.4990234375,
  "summary_fg_k": 0.6345388544496671,
  "summary_fg_mad": 2017.9591654903802,
  "summary_fg_mean": 6331.2470703125,
  "summary_fg_median": 6007.3935546875,
  "summary_fg_n": 75182.0,
  "summary_fg_p05": 3506.4640380859373,
  "summary_fg_p95": 10436.0470703125,
  "summary_fg_stdv": 2147.015625,
  "tsnr": 59.815397068625316
}