{
  "aor": 0.0020369721115537846,
  "aqi": 0.005964655617529881,
  "bids_meta": {
    "AcquisitionDateTime": "20190122124525.637500",
    "ConversionSoftware": "dicm2nii.m 20210821",
    "DeviceSerialNumber": "166054",
    "EchoTime": 0.03,
    "EffectiveEchoSpacing": 0.00050999592,
    "FlipAngle": 75,
    "ImageType": [
      "ORIGINAL",
      "PRIMARY",
      "M",
      "MB",
      "ND",
      "MOSAIC"
    ],
    "InstitutionAddress": "Street StreetNo,City,District,IL,ZIP",
    "InstitutionName": "Weizmann Institute",
    "MRAcquisitionType": "2D",
    "Manufacturer": "SIEMENS",
    "Modality": "MR",
    "ParallelAcquisitionTechnique": "none",
    "ParallelReductionFactorInPlane": 1,
    "PatientAge": "021Y",
    "PatientPosition": "HFS",
    "PatientSex": "F",
    "PatientSize": 1.72,
    "PatientWeight": 74,
    "PhaseEncodingDirection": "j-",
    "RepetitionTime": 2,
    "ScanOptions": "FS",
    "ScanningSequence": "EP",
    "SequenceName": "epfid2d1_96",
    "SequenceVariant": "SK\\SS",
    "SeriesDescription": "EPI_PSAP_iso2.5",
    "SeriesNumber": 13,
    "SliceThickness": 2.5,
    "SliceTiming": [
      0,
      0.9175,
      1.8375,
      0.7775,
      1.695,
      0.635,
      1.555,
      0.495,
      1.4125,
      0.3525,
      1.2725,
      0.21,
      1.13,
      0.07,
      0.99,
      1.9075,
      0.8475,
      1.7675,
      0.705,
      1.625,
      0.565,
      1.485,
      0.4225,
      1.3425,
      0.2825,
      1.2,
      0.14,
      1.06,
      0,
      0.9175,
      1.8375,
      0.7775,
      1.695,
      0.635,
      1.555,
      0.495,
      1.4125,
      0.3525,
      1.2725,
      0.21,
      1.13,
      0.07,
      0.99,
      1.9075,
      0.8475,
      1.7675,
      0.705,
      1.625,
      0.565,
      1.485,
      0.4225,
      1.3425,
      0.2825,
      1.2,
      0.14,
      1.06
    ],
    "SoftwareVersion": "syngo MR E11",
    "TaskName": "PSAP",
    "TotalReadoutTime": 0.048449612,
    "dataset": "ds003791",
    "modality": "bold",
    "run_id": 3,
    "subject_id": "33",
    "task_id": "PSAP"
  },
  "dummy_trs": 0,
  "dvars_nstd": 32.24344183348003,
  "dvars_std": 1.2491584195599998,
  "dvars_vstd": 0.9998121777599996,
  "efc": 0.49258926872279224,
  "fber": 662.3153686523438,
  "fd_mean": 0.2188256172077219,
  "fd_num": 110,
  "fd_perc": 43.82470119521912,
  "fwhm_avg": 2.8613693333333337,
  "fwhm_x": 2.6808,
  "fwhm_y": 2.951364,
  "fwhm_z": 2.951944,
  "gcor": 0.0194381,
  "gsr_x": -0.014620775356888771,
  "gsr_y": 0.036588117480278015,
  "provenance": {
    "md5sum": "859953bcda2f7ef38c2875f0fca4858f",
    "settings": {
      "fd_thres": 0.2,
      "testing": false
    },
    "software": "mriqc",
    "version": "22.0.6",
    "webapi_port": null,
    "webapi_url": "https://mriqc.nimh.nih.gov/api/v1"
  },
  "size_t": 251,
  "size_x": 96,
  "size_y": 96,
  "size_z": 56,
  "snr": 2.7988688156046613,
  "spacing_tr": 2.0,
  "spacing_x": 2.5,
  "spacing_y": 2.5,
  "spacing_z": 2.5,
  "summary_bg_k": 30.02934703665222,
  "summary_bg_mad": 55.96676327214295,
  "summary_bg_mean": 458.74273681640625,
  "summary_bg_median": 228.8725128173828,
  "summary_bg_n": 369512.0,
  "summary_bg_p05": 184.84461975097656,
  "summary_bg_p95": 1663.801062011719,
  "summary_bg_stdv": 661.0339965820312,
  "summary_fg_k": 0.6456183280142276,
  "summary_fg_mad": 2019.8359458866084,
  "summary_fg_mean": 6325.95556640625,
  "summary_fg_median": 6002.2509765625,
  "summary_fg_n": 75212.0,
  "summary_fg_p05": 3501.4017822265623,
  "summary_fg_p95": 10426.916357421875,
  "summary_fg_stdv": 2144.51318359375,
  "tsnr": 57.190675772726536
}