{
  "bids_meta": {
    "AcquisitionDateTime": "20181219143551.955000",
    "ConversionSoftware": "dicm2nii.m 20210821",
    "DeviceSerialNumber": "166054",
    "EchoTime": 0.00229,
    "FlipAngle": 8,
    "ImageType": [
      "ORIGINAL",
      "PRIMARY",
      "M",
      "ND",
      "NORM"
    ],
    "InstitutionAddress": "Street StreetNo,City,District,IL,ZIP",
    "InstitutionName": "Weizmann Institute",
    "InversionTime": 0.9,
    "MRAcquisitionType": "3D",
    "Manufacturer": "SIEMENS",
    "Modality": "MR",
    "ParallelAcquisitionTechnique": "GRAPPA",
    "ParallelReductionFactorInPlane": 2,
    "PatientAge": "028Y",
    "PatientPosition": "HFS",
    "PatientSex": "F",
    "PatientSize": 1.53,
    "PatientWeight": 53,
    "PhaseEncodingDirection": "j-",
    "RepetitionTime": 2.3,
    "ScanOptions": "IR\\WE",
    "ScanningSequence": "GR\\IR",
    "SequenceName": "*tfl3d1_16ns",
    "SequenceVariant": "SK\\SP\\MP",
    "SeriesDescription": "t1_mprage_sag_p2_iso_water_exc",
    "SeriesNumber": 18,
    "SliceThickness": 0.94,
    "SoftwareVersion": "syngo MR E11",
    "dataset": "ds003791",
    "modality": "T1w",
    "subject_id": "11"
  },
  "cjv": 0.32159131938379165,
  "cnr": 4.117485695384323,
  "efc": 0.5671914549602524,
  "fber": 22006.81424406497,
  "fwhm_avg": 4.4393951715656925,
  "fwhm_x": 4.396436181363745,
  "fwhm_y": 4.508469333333333,
  "fwhm_z": 4.41328,
  "icvs_csf": 0.2236120033284045,
  "icvs_gm": 0.4370107534345258,
  "icvs_wm": 0.33937724323706975,
  "inu_med": 0.45146313309669495,
  "inu_range": 0.1365915909409523,
  "provenance": {
    "md5sum": "4c58364dce5904fb04990f03c4940866",
    "settings": {
      "testing": false
    },
    "software": "mriqc",
    "version": "22.0.6",
    "warnings": {
      "large_rot_frame": true,
      "small_air_mask": false
    },
    "webapi_port": null,
    "webapi_url": "https://mriqc.nimh.nih.gov/api/v1"
  },
  "qi_1": 0.0,
  "qi_2": 0.03286722158957635,
  "rpve_csf": 19.456254458835687,
  "rpve_gm": 10.432792748702202,
  "rpve_wm": 15.69580025035888,
  "size_x": 176,
  "size_y": 256,
  "size_z": 256,
  "snr_csf": 2.1377102874610485,
  "snr_gm": 11.30996825252297,
  "snr_total": 13.845686549572237,
  "snr_wm": 28.089381108732695,
  "snrd_csf": 24.375715486652783,
  "snrd_gm": 71.07138727292384,
  "snrd_total": 65.48358099075466,
  "snrd_wm": 101.00364021268734,
  "spacing_x": 0.9399999976158142,
  "spacing_y": 0.9375,
  "spacing_z": 0.9375,
  "summary_bg_k": 14.345785942020761,
  "summary_bg_mad": 0.0,
  "summary_bg_mean": 4.0801851460785645,
  "summary_bg_median": 0.0,
  "summary_bg_n": 2576033.0,
  "summary_bg_p05": 0.0,
  "summary_bg_p95": 17.014129439368844,
  "summary_bg_stdv": 6.48639356098139,
  "summary_csf_k": 0.5172890540345096,
  "summary_csf_mad": 106.26219490513733,
  "summary_csf_mean": 256.7664924371938,
  "summary_csf_median": 241.33979424275458,
  "summary_csf_n": 45265.0,
  "summary_csf_p05": 101.76860233768821,
  "summary_csf_p95": 470.4950214561072,
  "summary_csf_stdv": 112.89515225204666,
  "summary_gm_k": 0.02983420211234966,
  "summary_gm_mad": 61.93500965797086,
  "summary_gm_mean": 702.5617097394863,
  "summary_gm_median": 703.6656622607261,
  "summary_gm_n": 53709.0,
  "summary_gm_p05": 598.4784253202379,
  "summary_gm_p95": 803.2210445087403,
  "summary_gm_stdv": 62.2158343680004,
  "summary_wm_k": 0.488588360432733,
  "summary_wm_mad": 33.36990350067588,
  "summary_wm_mean": 999.2478974197056,
  "summary_wm_median": 1000.0197844468057,
  "summary_wm_n": 235499.0,
  "summary_wm_p05": 939.7490587905049,
  "summary_wm_p95": 1056.6347447764128,
  "summary_wm_stdv": 35.60127072149644,
  "tpm_overlap_csf": 0.15521603490975877,
  "tpm_overlap_gm": 0.4706153882828246,
  "tpm_overlap_wm": 0.5054321976263836,
  "wm2max": 0.9170245537736704
}