{
  "aor": 0.0037066666666666667,
  "aqi": 0.011474013452380954,
  "bids_meta": {
    "AcquisitionDateTime": "20181120155828.535000",
    "ConversionSoftware": "dicm2nii.m 20210821",
    "DeviceSerialNumber": "166054",
    "EchoTime": 0.03,
    "EffectiveEchoSpacing": 0.00050999592,
    "FlipAngle": 75,
    "ImageType": [
      "ORIGINAL",
      "PRIMARY",
      "M",
      "MB",
      "ND",
      "MOSAIC"
    ],
    "InstitutionAddress": "Street StreetNo,City,District,IL,ZIP",
    "InstitutionName": "Weizmann Institute",
    "MRAcquisitionType": "2D",
    "Manufacturer": "SIEMENS",
    "Modality": "MR",
    "ParallelAcquisitionTechnique": "none",
    "ParallelReductionFactorInPlane": 1,
    "PatientAge": "024Y",
    "PatientPosition": "HFS",
    "PatientSex": "M",
    "PatientSize": 1.76,
    "PatientWeight": 64,
    "PhaseEncodingDirection": "j-",
    "RepetitionTime": 2,
    "ScanOptions": "FS",
    "ScanningSequence": "EP",
    "SequenceName": "epfid2d1_96",
    "SequenceVariant": "SK\\SS",
    "SeriesDescription": "EPI_PSAP_iso2.5",
    "SeriesNumber": 10,
    "SliceThickness": 2.5,
    "SliceTiming": [
      0,
      0.9175,
      1.8375,
      0.7775,
      1.695,
      0.635,
      1.555,
      0.495,
      1.4125,
      0.3525,
      1.2725,
      0.21,
      1.13,
      0.07,
      0.99,
      1.9075,
      0.8475,
      1.7675,
      0.705,
      1.625,
      0.565,
      1.485,
      0.4225,
      1.3425,
      0.2825,
      1.2,
      0.14,
      1.06,
      0,
      0.9175,
      1.8375,
      0.7775,
      1.695,
      0.635,
      1.555,
      0.495,
      1.4125,
      0.3525,
      1.2725,
      0.21,
      1.13,
      0.07,
      0.99,
      1.9075,
      0.8475,
      1.7675,
      0.705,
      1.625,
      0.565,
      1.485,
      0.4225,
      1.3425,
      0.2825,
      1.2,
      0.14,
      1.06
    ],
    "SoftwareVersion": "syngo MR E11",
    "TaskName": "PSAP",
    "TotalReadoutTime": 0.048449612,
    "dataset": "ds003791",
    "modality": "bold",
    "run_id": 2,
    "subject_id": "16",
    "task_id": "PSAP"
  },
  "dummy_trs": 0,
  "dvars_nstd": 31.843059471115538,
  "dvars_std": 1.1159507835856564,
  "dvars_vstd": 0.9334012653386458,
  "efc": 0.5125316744152273,
  "fber": 476.4526062011719,
  "fd_mean": 0.10480322820927451,
  "fd_num": 26,
  "fd_perc": 10.317460317460318,
  "fwhm_avg": 3.071545333333333,
  "fwhm_x": 2.724404,
  "fwhm_y": 2.991912,
  "fwhm_z": 3.4983199999999997,
  "gcor": 0.0184801,
  "gsr_x": -0.03557633236050606,
  "gsr_y": 0.07204040139913559,
  "provenance": {
    "md5sum": "41d8466e28bd10f9afd03799b2dd75c2",
    "settings": {
      "fd_thres": 0.2,
      "testing": false
    },
    "software": "mriqc",
    "version": "22.0.6",
    "webapi_port": null,
    "webapi_url": "https://mriqc.nimh.nih.gov/api/v1"
  },
  "size_t": 252,
  "size_x": 96,
  "size_y": 96,
  "size_z": 56,
  "snr": 1.9818227125372045,
  "spacing_tr": 2.0,
  "spacing_x": 2.5,
  "spacing_y": 2.5,
  "spacing_z": 2.5,
  "summary_bg_k": 39.23590800285194,
  "summary_bg_mad": 72.41216460766692,
  "summary_bg_mean": 564.7066650390625,
  "summary_bg_median": 254.08731079101562,
  "summary_bg_n": 347107.0,
  "summary_bg_p05": 196.77500915527344,
  "summary_bg_p95": 2127.8441650390637,
  "summary_bg_stdv": 982.1260375976562,
  "summary_fg_k": 2.097682050600552,
  "summary_fg_mad": 2187.0858552834234,
  "summary_fg_mean": 6354.79248046875,
  "summary_fg_median": 5691.90087890625,
  "summary_fg_n": 90243.0,
  "summary_fg_p05": 2979.86455078125,
  "summary_fg_p95": 12302.301074218749,
  "summary_fg_stdv": 2872.03759765625,
  "tsnr": 43.98252856335603
}