{
  "aor": 0.003041818181818182,
  "aqi": 0.0063572025691699605,
  "bids_meta": {
    "AcquisitionDateTime": "20181120161322.582500",
    "ConversionSoftware": "dicm2nii.m 20210821",
    "DeviceSerialNumber": "166054",
    "EchoTime": 0.03,
    "EffectiveEchoSpacing": 0.00050999592,
    "FlipAngle": 75,
    "ImageType": [
      "ORIGINAL",
      "PRIMARY",
      "M",
      "MB",
      "ND",
      "MOSAIC"
    ],
    "InstitutionAddress": "Street StreetNo,City,District,IL,ZIP",
    "InstitutionName": "Weizmann Institute",
    "MRAcquisitionType": "2D",
    "Manufacturer": "SIEMENS",
    "Modality": "MR",
    "ParallelAcquisitionTechnique": "none",
    "ParallelReductionFactorInPlane": 1,
    "PatientAge": "024Y",
    "PatientPosition": "HFS",
    "PatientSex": "M",
    "PatientSize": 1.76,
    "PatientWeight": 64,
    "PhaseEncodingDirection": "j-",
    "RepetitionTime": 2,
    "ScanOptions": "FS",
    "ScanningSequence": "EP",
    "SequenceName": "epfid2d1_96",
    "SequenceVariant": "SK\\SS",
    "SeriesDescription": "EPI_PSAP_iso2.5",
    "SeriesNumber": 13,
    "SliceThickness": 2.5,
    "SliceTiming": [
      0,
      0.9175,
      1.8375,
      0.7775,
      1.695,
      0.635,
      1.555,
      0.495,
      1.4125,
      0.3525,
      1.2725,
      0.2125,
      1.13,
      0.07,
      0.99,
      1.9075,
      0.8475,
      1.7675,
      0.7075,
      1.625,
      0.565,
      1.485,
      0.4225,
      1.3425,
      0.2825,
      1.2,
      0.14,
      1.06,
      0,
      0.9175,
      1.8375,
      0.7775,
      1.695,
      0.635,
      1.555,
      0.495,
      1.4125,
      0.3525,
      1.2725,
      0.2125,
      1.13,
      0.07,
      0.99,
      1.9075,
      0.8475,
      1.7675,
      0.7075,
      1.625,
      0.565,
      1.485,
      0.4225,
      1.3425,
      0.2825,
      1.2,
      0.14,
      1.06
    ],
    "SoftwareVersion": "syngo MR E11",
    "TaskName": "PSAP",
    "TotalReadoutTime": 0.048449612,
    "dataset": "ds003791",
    "modality": "bold",
    "run_id": 3,
    "subject_id": "16",
    "task_id": "PSAP"
  },
  "dummy_trs": 0,
  "dvars_nstd": 32.487434523492055,
  "dvars_std": 1.1945256344841264,
  "dvars_vstd": 0.9612438179761903,
  "efc": 0.5123484496779281,
  "fber": 480.98760986328125,
  "fd_mean": 0.1294994707163977,
  "fd_num": 38,
  "fd_perc": 15.019762845849803,
  "fwhm_avg": 3.1305359999999998,
  "fwhm_x": 2.7749040000000003,
  "fwhm_y": 3.098216,
  "fwhm_z": 3.518488,
  "gcor": 0.0191848,
  "gsr_x": -0.04034439101815224,
  "gsr_y": 0.07881404459476471,
  "provenance": {
    "md5sum": "96679108bebfd7f2f0ef2858ec0016b5",
    "settings": {
      "fd_thres": 0.2,
      "testing": false
    },
    "software": "mriqc",
    "version": "22.0.6",
    "webapi_port": null,
    "webapi_url": "https://mriqc.nimh.nih.gov/api/v1"
  },
  "size_t": 253,
  "size_x": 96,
  "size_y": 96,
  "size_z": 56,
  "snr": 2.014826719906093,
  "spacing_tr": 2.0,
  "spacing_x": 2.5,
  "spacing_y": 2.5,
  "spacing_z": 2.5,
  "summary_bg_k": 37.879084656969276,
  "summary_bg_mad": 69.26036802132964,
  "summary_bg_mean": 594.5712280273438,
  "summary_bg_median": 253.71937561035156,
  "summary_bg_n": 349654.0,
  "summary_bg_p05": 199.7430877685547,
  "summary_bg_p95": 2318.069274902341,
  "summary_bg_stdv": 1078.410888671875,
  "summary_fg_k": 2.025143839628896,
  "summary_fg_mad": 2171.4381761071545,
  "summary_fg_mean": 6347.83447265625,
  "summary_fg_median": 5694.42724609375,
  "summary_fg_n": 88745.0,
  "summary_fg_p05": 3049.123388671875,
  "summary_fg_p95": 12251.345703125002,
  "summary_fg_stdv": 2826.24560546875,
  "tsnr": 54.832775650545955
}