{
  "aor": 0.002690443548387097,
  "aqi": 0.015399964596774193,
  "bids_meta": {
    "AcquisitionDateTime": "20181120154646.012500",
    "ConversionSoftware": "dicm2nii.m 20210821",
    "DeviceSerialNumber": "166054",
    "EchoTime": 0.03,
    "EffectiveEchoSpacing": 0.00050999592,
    "FlipAngle": 75,
    "ImageType": [
      "ORIGINAL",
      "PRIMARY",
      "M",
      "MB",
      "ND",
      "MOSAIC"
    ],
    "InstitutionAddress": "Street StreetNo,City,District,IL,ZIP",
    "InstitutionName": "Weizmann Institute",
    "MRAcquisitionType": "2D",
    "Manufacturer": "SIEMENS",
    "Modality": "MR",
    "ParallelAcquisitionTechnique": "none",
    "ParallelReductionFactorInPlane": 1,
    "PatientAge": "024Y",
    "PatientPosition": "HFS",
    "PatientSex": "M",
    "PatientSize": 1.76,
    "PatientWeight": 64,
    "PhaseEncodingDirection": "j-",
    "RepetitionTime": 2,
    "ScanOptions": "FS",
    "ScanningSequence": "EP",
    "SequenceName": "epfid2d1_96",
    "SequenceVariant": "SK\\SS",
    "SeriesDescription": "EPI_PSAP_iso2.5",
    "SeriesNumber": 6,
    "SliceThickness": 2.5,
    "SliceTiming": [
      0,
      0.92,
      1.8375,
      0.7775,
      1.6975,
      0.635,
      1.555,
      0.495,
      1.415,
      0.3525,
      1.2725,
      0.2125,
      1.13,
      0.07,
      0.99,
      1.91,
      0.8475,
      1.7675,
      0.7075,
      1.625,
      0.565,
      1.485,
      0.425,
      1.3425,
      0.2825,
      1.2025,
      0.14,
      1.06,
      0,
      0.92,
      1.8375,
      0.7775,
      1.6975,
      0.635,
      1.555,
      0.495,
      1.415,
      0.3525,
      1.2725,
      0.2125,
      1.13,
      0.07,
      0.99,
      1.91,
      0.8475,
      1.7675,
      0.7075,
      1.625,
      0.565,
      1.485,
      0.425,
      1.3425,
      0.2825,
      1.2025,
      0.14,
      1.06
    ],
    "SoftwareVersion": "syngo MR E11",
    "TaskName": "PSAP",
    "TotalReadoutTime": 0.048449612,
    "dataset": "ds003791",
    "modality": "bold",
    "run_id": 1,
    "subject_id": "16",
    "task_id": "PSAP"
  },
  "dummy_trs": 0,
  "dvars_nstd": 30.18903405676113,
  "dvars_std": 1.0324509191902835,
  "dvars_vstd": 0.8770788961133607,
  "efc": 0.5110979640977311,
  "fber": 479.6266784667969,
  "fd_mean": 0.10153237435850455,
  "fd_num": 19,
  "fd_perc": 7.661290322580645,
  "fwhm_avg": 3.1165146666666668,
  "fwhm_x": 2.774276,
  "fwhm_y": 3.0231280000000003,
  "fwhm_z": 3.55214,
  "gcor": 0.024323,
  "gsr_x": -0.03588487207889557,
  "gsr_y": 0.07550743222236633,
  "provenance": {
    "md5sum": "1d476ef08f7721faf00626cfc4a2780f",
    "settings": {
      "fd_thres": 0.2,
      "testing": false
    },
    "software": "mriqc",
    "version": "22.0.6",
    "webapi_port": null,
    "webapi_url": "https://mriqc.nimh.nih.gov/api/v1"
  },
  "size_t": 248,
  "size_x": 96,
  "size_y": 96,
  "size_z": 56,
  "snr": 2.003389999755771,
  "spacing_tr": 2.0,
  "spacing_x": 2.5,
  "spacing_y": 2.5,
  "spacing_z": 2.5,
  "summary_bg_k": 36.884443519183336,
  "summary_bg_mad": 76.39584365217816,
  "summary_bg_mean": 571.5851440429688,
  "summary_bg_median": 256.3628845214844,
  "summary_bg_n": 349742.0,
  "summary_bg_p05": 195.8064422607422,
  "summary_bg_p95": 2179.872778320313,
  "summary_bg_stdv": 983.4733276367188,
  "summary_fg_k": 2.0600020381821844,
  "summary_fg_mad": 2199.392611980003,
  "summary_fg_mean": 6406.01123046875,
  "summary_fg_median": 5744.9794921875,
  "summary_fg_n": 89179.0,
  "summary_fg_p05": 3052.0665527343754,
  "summary_fg_p95": 12319.009570312484,
  "summary_fg_stdv": 2867.613037109375,
  "tsnr": 41.75984778930433
}