{
  "bids_meta": {
    "AcquisitionDateTime": "20181017123236.990000",
    "ConversionSoftware": "dicm2nii.m 20210821",
    "DeviceSerialNumber": "166054",
    "EchoTime": 0.00229,
    "FlipAngle": 8,
    "ImageType": [
      "ORIGINAL",
      "PRIMARY",
      "M",
      "ND",
      "NORM"
    ],
    "InstitutionAddress": "Street StreetNo,City,District,IL,ZIP",
    "InstitutionName": "Weizmann Institute",
    "InversionTime": 0.9,
    "MRAcquisitionType": "3D",
    "Manufacturer": "SIEMENS",
    "Modality": "MR",
    "ParallelAcquisitionTechnique": "GRAPPA",
    "ParallelReductionFactorInPlane": 2,
    "PatientAge": "033Y",
    "PatientPosition": "HFS",
    "PatientSex": "F",
    "PatientSize": 1.57,
    "PatientWeight": 62,
    "PhaseEncodingDirection": "j-",
    "RepetitionTime": 2.3,
    "ScanOptions": "IR\\WE",
    "ScanningSequence": "GR\\IR",
    "SequenceName": "*tfl3d1_16ns",
    "SequenceVariant": "SK\\SP\\MP",
    "SeriesDescription": "t1_mprage_sag_p2_iso_water_exc",
    "SeriesNumber": 9,
    "SliceThickness": 0.94,
    "SoftwareVersion": "syngo MR E11",
    "dataset": "ds003791",
    "modality": "T1w",
    "subject_id": "36"
  },
  "cjv": 0.27676753114596037,
  "cnr": 4.7800126428710525,
  "efc": 0.5766941784250658,
  "fber": 14346.894689428404,
  "fwhm_avg": 4.686699408123424,
  "fwhm_x": 4.575170224370272,
  "fwhm_y": 4.752448,
  "fwhm_z": 4.73248,
  "icvs_csf": 0.2105313986453517,
  "icvs_gm": 0.45011431823302583,
  "icvs_wm": 0.33935428312162247,
  "inu_med": 0.4682382047176361,
  "inu_range": 0.14379806518554683,
  "provenance": {
    "md5sum": "c5809bd44423d52e81552669bc6b06d7",
    "settings": {
      "testing": false
    },
    "software": "mriqc",
    "version": "22.0.6",
    "warnings": {
      "large_rot_frame": true,
      "small_air_mask": false
    },
    "webapi_port": null,
    "webapi_url": "https://mriqc.nimh.nih.gov/api/v1"
  },
  "qi_1": 3.175637236977846e-06,
  "qi_2": 0.006189496677334153,
  "rpve_csf": 23.939173537823418,
  "rpve_gm": 11.844467698523019,
  "rpve_wm": 17.891820704062404,
  "size_x": 176,
  "size_y": 256,
  "size_z": 256,
  "snr_csf": 1.6434090260542982,
  "snr_gm": 10.988674592752604,
  "snr_total": 14.056604357681662,
  "snr_wm": 29.537729454238082,
  "snrd_csf": 16.992673125266087,
  "snrd_gm": 59.5808771729479,
  "snrd_total": 55.334399704877676,
  "snrd_wm": 89.42964881641903,
  "spacing_x": 0.9399999976158142,
  "spacing_y": 0.9375,
  "spacing_z": 0.9375,
  "summary_bg_k": 266.1035783829767,
  "summary_bg_mad": 0.0,
  "summary_bg_mean": 3.0628132061098574,
  "summary_bg_median": 0.0,
  "summary_bg_n": 2001901.0,
  "summary_bg_p05": 0.0,
  "summary_bg_p95": 12.10969608835876,
  "summary_bg_stdv": 7.325718026566308,
  "summary_csf_k": 0.07925339701120793,
  "summary_csf_mad": 113.5255929093188,
  "summary_csf_mean": 205.14717444606046,
  "summary_csf_median": 190.01162480562925,
  "summary_csf_n": 45105.0,
  "summary_csf_p05": 40.41292020119727,
  "summary_csf_p95": 421.9619347997008,
  "summary_csf_stdv": 115.61912795662141,
  "summary_gm_k": 0.06746606511572084,
  "summary_gm_mad": 60.50493636907769,
  "summary_gm_mean": 666.5729435143593,
  "summary_gm_median": 666.2318044677377,
  "summary_gm_n": 73346.0,
  "summary_gm_p05": 567.8227987848222,
  "summary_gm_p95": 766.6827261187136,
  "summary_gm_stdv": 60.62853687437033,
  "summary_wm_k": 0.6422440119239279,
  "summary_wm_mad": 31.871259046393945,
  "summary_wm_mean": 999.9335501476271,
  "summary_wm_median": 999.9999854136258,
  "summary_wm_n": 211566.0,
  "summary_wm_p05": 944.613014779985,
  "summary_wm_p95": 1054.81975716725,
  "summary_wm_stdv": 33.85492522813688,
  "tpm_overlap_csf": 0.14486962001412268,
  "tpm_overlap_gm": 0.48296572092419376,
  "tpm_overlap_wm": 0.517782246832598,
  "wm2max": 0.7378810888961714
}