{
  "aor": 0.010171984126984128,
  "aqi": 0.0056723353571428575,
  "bids_meta": {
    "AcquisitionDateTime": "20181120143105.520000",
    "ConversionSoftware": "dicm2nii.m 20210821",
    "DeviceSerialNumber": "166054",
    "EchoTime": 0.03,
    "EffectiveEchoSpacing": 0.00050999592,
    "FlipAngle": 75,
    "ImageType": [
      "ORIGINAL",
      "PRIMARY",
      "M",
      "MB",
      "ND",
      "MOSAIC"
    ],
    "InstitutionAddress": "Street StreetNo,City,District,IL,ZIP",
    "InstitutionName": "Weizmann Institute",
    "MRAcquisitionType": "2D",
    "Manufacturer": "SIEMENS",
    "Modality": "MR",
    "ParallelAcquisitionTechnique": "none",
    "ParallelReductionFactorInPlane": 1,
    "PatientAge": "038Y",
    "PatientPosition": "HFS",
    "PatientSex": "M",
    "PatientSize": 1.72,
    "PatientWeight": 64,
    "PhaseEncodingDirection": "j-",
    "RepetitionTime": 2,
    "ScanOptions": "FS",
    "ScanningSequence": "EP",
    "SequenceName": "epfid2d1_96",
    "SequenceVariant": "SK\\SS",
    "SeriesDescription": "EPI_PSAP_iso2.5",
    "SeriesNumber": 17,
    "SliceThickness": 2.5,
    "SliceTiming": [
      0,
      0.92,
      1.84,
      0.7775,
      1.6975,
      0.6375,
      1.555,
      0.495,
      1.415,
      0.355,
      1.2725,
      0.2125,
      1.1325,
      0.07,
      0.99,
      1.91,
      0.85,
      1.7675,
      0.7075,
      1.6275,
      0.565,
      1.485,
      0.425,
      1.345,
      0.2825,
      1.2025,
      0.1425,
      1.06,
      0,
      0.92,
      1.84,
      0.7775,
      1.6975,
      0.6375,
      1.555,
      0.495,
      1.415,
      0.355,
      1.2725,
      0.2125,
      1.1325,
      0.07,
      0.99,
      1.91,
      0.85,
      1.7675,
      0.7075,
      1.6275,
      0.565,
      1.485,
      0.425,
      1.345,
      0.2825,
      1.2025,
      0.1425,
      1.06
    ],
    "SoftwareVersion": "syngo MR E11",
    "TaskName": "PSAP",
    "TotalReadoutTime": 0.048449612,
    "dataset": "ds003791",
    "modality": "bold",
    "run_id": 4,
    "subject_id": "28",
    "task_id": "PSAP"
  },
  "dummy_trs": 0,
  "dvars_nstd": 40.7859715240239,
  "dvars_std": 1.4819342459362557,
  "dvars_vstd": 1.0443263656972115,
  "efc": 0.48786309358276164,
  "fber": 587.662353515625,
  "fd_mean": 0.2138497913612158,
  "fd_num": 71,
  "fd_perc": 28.174603174603174,
  "fwhm_avg": 2.8180639999999997,
  "fwhm_x": 2.648424,
  "fwhm_y": 2.88344,
  "fwhm_z": 2.922328,
  "gcor": 0.0258392,
  "gsr_x": -0.027946101501584053,
  "gsr_y": 0.04356822744011879,
  "provenance": {
    "md5sum": "3e1ad2fcb2d556b0396357a935c54dbd",
    "settings": {
      "fd_thres": 0.2,
      "testing": false
    },
    "software": "mriqc",
    "version": "22.0.6",
    "webapi_port": null,
    "webapi_url": "https://mriqc.nimh.nih.gov/api/v1"
  },
  "size_t": 252,
  "size_x": 96,
  "size_y": 96,
  "size_z": 56,
  "snr": 2.4545542060061627,
  "spacing_tr": 2.0,
  "spacing_x": 2.5,
  "spacing_y": 2.5,
  "spacing_z": 2.5,
  "summary_bg_k": 26.912719482450846,
  "summary_bg_mad": 47.02261292711575,
  "summary_bg_mean": 458.4618835449219,
  "summary_bg_median": 226.66470336914062,
  "summary_bg_n": 372916.0,
  "summary_bg_p05": 190.01588439941406,
  "summary_bg_p95": 1655.0893859863281,
  "summary_bg_stdv": 668.8738403320312,
  "summary_fg_k": 1.6128403940214335,
  "summary_fg_mad": 1895.3216110820988,
  "summary_fg_mean": 6021.7119140625,
  "summary_fg_median": 5610.3955078125,
  "summary_fg_n": 71824.0,
  "summary_fg_p05": 3109.1615234375,
  "summary_fg_p95": 10509.196972656247,
  "summary_fg_stdv": 2285.692626953125,
  "tsnr": 49.98073188588023
}