{
  "aor": 0.009823517786561264,
  "aqi": 0.007179400276679842,
  "bids_meta": {
    "AcquisitionDateTime": "20181120135052.037500",
    "ConversionSoftware": "dicm2nii.m 20210821",
    "DeviceSerialNumber": "166054",
    "EchoTime": 0.03,
    "EffectiveEchoSpacing": 0.00050999592,
    "FlipAngle": 75,
    "ImageType": [
      "ORIGINAL",
      "PRIMARY",
      "M",
      "MB",
      "ND",
      "MOSAIC"
    ],
    "InstitutionAddress": "Street StreetNo,City,District,IL,ZIP",
    "InstitutionName": "Weizmann Institute",
    "MRAcquisitionType": "2D",
    "Manufacturer": "SIEMENS",
    "Modality": "MR",
    "ParallelAcquisitionTechnique": "none",
    "ParallelReductionFactorInPlane": 1,
    "PatientAge": "038Y",
    "PatientPosition": "HFS",
    "PatientSex": "M",
    "PatientSize": 1.72,
    "PatientWeight": 64,
    "PhaseEncodingDirection": "j-",
    "RepetitionTime": 2,
    "ScanOptions": "FS",
    "ScanningSequence": "EP",
    "SequenceName": "epfid2d1_96",
    "SequenceVariant": "SK\\SS",
    "SeriesDescription": "EPI_PSAP_iso2.5",
    "SeriesNumber": 6,
    "SliceThickness": 2.5,
    "SliceTiming": [
      0,
      0.92,
      1.84,
      0.7775,
      1.6975,
      0.6375,
      1.5575,
      0.495,
      1.415,
      0.355,
      1.2725,
      0.2125,
      1.1325,
      0.0725,
      0.99,
      1.91,
      0.85,
      1.7675,
      0.7075,
      1.6275,
      0.5675,
      1.485,
      0.425,
      1.345,
      0.2825,
      1.2025,
      0.1425,
      1.0625,
      0,
      0.92,
      1.84,
      0.7775,
      1.6975,
      0.6375,
      1.5575,
      0.495,
      1.415,
      0.355,
      1.2725,
      0.2125,
      1.1325,
      0.0725,
      0.99,
      1.91,
      0.85,
      1.7675,
      0.7075,
      1.6275,
      0.5675,
      1.485,
      0.425,
      1.345,
      0.2825,
      1.2025,
      0.1425,
      1.0625
    ],
    "SoftwareVersion": "syngo MR E11",
    "TaskName": "PSAP",
    "TotalReadoutTime": 0.048449612,
    "dataset": "ds003791",
    "modality": "bold",
    "run_id": 1,
    "subject_id": "28",
    "task_id": "PSAP"
  },
  "dummy_trs": 0,
  "dvars_nstd": 39.285759304960315,
  "dvars_std": 1.282578075515872,
  "dvars_vstd": 0.9943351776190474,
  "efc": 0.4866796250596083,
  "fber": 590.36181640625,
  "fd_mean": 0.295806375083317,
  "fd_num": 130,
  "fd_perc": 51.383399209486164,
  "fwhm_avg": 2.859337333333333,
  "fwhm_x": 2.67558,
  "fwhm_y": 2.946876,
  "fwhm_z": 2.955556,
  "gcor": 0.0306578,
  "gsr_x": -0.028988683596253395,
  "gsr_y": 0.042498137801885605,
  "provenance": {
    "md5sum": "56c1927040a3117976d377824a0b699d",
    "settings": {
      "fd_thres": 0.2,
      "testing": false
    },
    "software": "mriqc",
    "version": "22.0.6",
    "webapi_port": null,
    "webapi_url": "https://mriqc.nimh.nih.gov/api/v1"
  },
  "size_t": 253,
  "size_x": 96,
  "size_y": 96,
  "size_z": 56,
  "snr": 2.447770609425821,
  "spacing_tr": 2.0,
  "spacing_x": 2.5,
  "spacing_y": 2.5,
  "spacing_z": 2.5,
  "summary_bg_k": 27.03685344590268,
  "summary_bg_mad": 46.3415674179757,
  "summary_bg_mean": 448.027587890625,
  "summary_bg_median": 224.87351989746094,
  "summary_bg_n": 372826.0,
  "summary_bg_p05": 189.10671997070312,
  "summary_bg_p95": 1588.4160461425781,
  "summary_bg_stdv": 641.9393310546875,
  "summary_fg_k": 1.5898837062937385,
  "summary_fg_mad": 1891.9734493337646,
  "summary_fg_mean": 5987.04150390625,
  "summary_fg_median": 5578.0615234375,
  "summary_fg_n": 72046.0,
  "summary_fg_p05": 3080.643310546875,
  "summary_fg_p95": 10487.627197265625,
  "summary_fg_stdv": 2278.817626953125,
  "tsnr": 43.41016470268369
}