{
  "aor": 0.008122823529411766,
  "aqi": 0.005820684705882353,
  "bids_meta": {
    "AcquisitionDateTime": "20181120140311.472500",
    "ConversionSoftware": "dicm2nii.m 20210821",
    "DeviceSerialNumber": "166054",
    "EchoTime": 0.03,
    "EffectiveEchoSpacing": 0.00050999592,
    "FlipAngle": 75,
    "ImageType": [
      "ORIGINAL",
      "PRIMARY",
      "M",
      "MB",
      "ND",
      "MOSAIC"
    ],
    "InstitutionAddress": "Street StreetNo,City,District,IL,ZIP",
    "InstitutionName": "Weizmann Institute",
    "MRAcquisitionType": "2D",
    "Manufacturer": "SIEMENS",
    "Modality": "MR",
    "ParallelAcquisitionTechnique": "none",
    "ParallelReductionFactorInPlane": 1,
    "PatientAge": "038Y",
    "PatientPosition": "HFS",
    "PatientSex": "M",
    "PatientSize": 1.72,
    "PatientWeight": 64,
    "PhaseEncodingDirection": "j-",
    "RepetitionTime": 2,
    "ScanOptions": "FS",
    "ScanningSequence": "EP",
    "SequenceName": "epfid2d1_96",
    "SequenceVariant": "SK\\SS",
    "SeriesDescription": "EPI_PSAP_iso2.5",
    "SeriesNumber": 10,
    "SliceThickness": 2.5,
    "SliceTiming": [
      0,
      0.92,
      1.84,
      0.7775,
      1.6975,
      0.6375,
      1.555,
      0.495,
      1.415,
      0.355,
      1.2725,
      0.2125,
      1.1325,
      0.07,
      0.99,
      1.91,
      0.85,
      1.7675,
      0.7075,
      1.6275,
      0.565,
      1.485,
      0.425,
      1.345,
      0.2825,
      1.2025,
      0.1425,
      1.06,
      0,
      0.92,
      1.84,
      0.7775,
      1.6975,
      0.6375,
      1.555,
      0.495,
      1.415,
      0.355,
      1.2725,
      0.2125,
      1.1325,
      0.07,
      0.99,
      1.91,
      0.85,
      1.7675,
      0.7075,
      1.6275,
      0.565,
      1.485,
      0.425,
      1.345,
      0.2825,
      1.2025,
      0.1425,
      1.06
    ],
    "SoftwareVersion": "syngo MR E11",
    "TaskName": "PSAP",
    "TotalReadoutTime": 0.048449612,
    "dataset": "ds003791",
    "modality": "bold",
    "run_id": 2,
    "subject_id": "28",
    "task_id": "PSAP"
  },
  "dummy_trs": 0,
  "dvars_nstd": 37.58797197271654,
  "dvars_std": 1.446156752519685,
  "dvars_vstd": 1.0334088235826773,
  "efc": 0.48682642186690306,
  "fber": 578.1381225585938,
  "fd_mean": 0.22579373705100042,
  "fd_num": 94,
  "fd_perc": 36.86274509803921,
  "fwhm_avg": 2.8273386666666664,
  "fwhm_x": 2.655856,
  "fwhm_y": 2.90242,
  "fwhm_z": 2.92374,
  "gcor": 0.0240695,
  "gsr_x": -0.028042688965797424,
  "gsr_y": 0.042152151465415955,
  "provenance": {
    "md5sum": "166f93aebe499dfb57b3b05859417725",
    "settings": {
      "fd_thres": 0.2,
      "testing": false
    },
    "software": "mriqc",
    "version": "22.0.6",
    "webapi_port": null,
    "webapi_url": "https://mriqc.nimh.nih.gov/api/v1"
  },
  "size_t": 255,
  "size_x": 96,
  "size_y": 96,
  "size_z": 56,
  "snr": 2.4557222417481643,
  "spacing_tr": 2.0,
  "spacing_x": 2.5,
  "spacing_y": 2.5,
  "spacing_z": 2.5,
  "summary_bg_k": 26.99588710298211,
  "summary_bg_mad": 52.72829906649574,
  "summary_bg_mean": 452.5685119628906,
  "summary_bg_median": 228.52157592773438,
  "summary_bg_n": 372996.0,
  "summary_bg_p05": 185.5725555419922,
  "summary_bg_p95": 1617.9991149902344,
  "summary_bg_stdv": 653.5079345703125,
  "summary_fg_k": 1.600928690004988,
  "summary_fg_mad": 1894.4977823102925,
  "summary_fg_mean": 6011.126953125,
  "summary_fg_median": 5606.57275390625,
  "summary_fg_n": 71939.0,
  "summary_fg_p05": 3094.8064697265627,
  "summary_fg_p95": 10507.362304687495,
  "summary_fg_stdv": 2283.048828125,
  "tsnr": 50.952217316720635
}