{
  "aor": 0.0012733870967741936,
  "aqi": 0.003252874758064516,
  "bids_meta": {
    "AcquisitionDateTime": "20181225135011.552500",
    "ConversionSoftware": "dicm2nii.m 20210821",
    "DeviceSerialNumber": "166054",
    "EchoTime": 0.03,
    "EffectiveEchoSpacing": 0.00050999592,
    "FlipAngle": 75,
    "ImageType": [
      "ORIGINAL",
      "PRIMARY",
      "M",
      "MB",
      "ND",
      "MOSAIC"
    ],
    "InstitutionAddress": "Street StreetNo,City,District,IL,ZIP",
    "InstitutionName": "Weizmann Institute",
    "MRAcquisitionType": "2D",
    "Manufacturer": "SIEMENS",
    "Modality": "MR",
    "ParallelAcquisitionTechnique": "none",
    "ParallelReductionFactorInPlane": 1,
    "PatientAge": "019Y",
    "PatientPosition": "HFS",
    "PatientSex": "M",
    "PatientSize": 1.76,
    "PatientWeight": 72,
    "PhaseEncodingDirection": "j-",
    "RepetitionTime": 2,
    "ScanOptions": "FS",
    "ScanningSequence": "EP",
    "SequenceName": "epfid2d1_96",
    "SequenceVariant": "SK\\SS",
    "SeriesDescription": "EPI_PSAP_iso2.5",
    "SeriesNumber": 13,
    "SliceThickness": 2.5,
    "SliceTiming": [
      0,
      0.92,
      1.8375,
      0.7775,
      1.6975,
      0.635,
      1.555,
      0.495,
      1.415,
      0.3525,
      1.2725,
      0.2125,
      1.13,
      0.07,
      0.99,
      1.91,
      0.8475,
      1.7675,
      0.7075,
      1.625,
      0.565,
      1.485,
      0.425,
      1.3425,
      0.2825,
      1.2025,
      0.14,
      1.06,
      0,
      0.92,
      1.8375,
      0.7775,
      1.6975,
      0.635,
      1.555,
      0.495,
      1.415,
      0.3525,
      1.2725,
      0.2125,
      1.13,
      0.07,
      0.99,
      1.91,
      0.8475,
      1.7675,
      0.7075,
      1.625,
      0.565,
      1.485,
      0.425,
      1.3425,
      0.2825,
      1.2025,
      0.14,
      1.06
    ],
    "SoftwareVersion": "syngo MR E11",
    "TaskName": "PSAP",
    "TotalReadoutTime": 0.048449612,
    "dataset": "ds003791",
    "modality": "bold",
    "run_id": 3,
    "subject_id": "02",
    "task_id": "PSAP"
  },
  "dummy_trs": 1,
  "dvars_nstd": 30.124419934493915,
  "dvars_std": 1.2611584457085014,
  "dvars_vstd": 0.9937116033198373,
  "efc": 0.5211826619060123,
  "fber": 519.4357299804688,
  "fd_mean": 0.16630739541291736,
  "fd_num": 70,
  "fd_perc": 28.225806451612904,
  "fwhm_avg": 3.2538986666666667,
  "fwhm_x": 2.923,
  "fwhm_y": 3.350152,
  "fwhm_z": 3.488544,
  "gcor": 0.0116718,
  "gsr_x": -0.022932318970561028,
  "gsr_y": 0.059320732951164246,
  "provenance": {
    "md5sum": "885507dab8ef78edc3f834386c0b0fef",
    "settings": {
      "fd_thres": 0.2,
      "testing": false
    },
    "software": "mriqc",
    "version": "22.0.6",
    "webapi_port": null,
    "webapi_url": "https://mriqc.nimh.nih.gov/api/v1"
  },
  "size_t": 248,
  "size_x": 96,
  "size_y": 96,
  "size_z": 56,
  "snr": 2.08594894257604,
  "spacing_tr": 2.0,
  "spacing_x": 2.5,
  "spacing_y": 2.5,
  "spacing_z": 2.5,
  "summary_bg_k": 22.2209576636653,
  "summary_bg_mad": 76.55730196567723,
  "summary_bg_mean": 590.8882446289062,
  "summary_bg_median": 262.8992004394531,
  "summary_bg_n": 340878.0,
  "summary_bg_p05": 202.9516143798828,
  "summary_bg_p95": 2450.703369140616,
  "summary_bg_stdv": 965.6190185546875,
  "summary_fg_k": 1.290662646833816,
  "summary_fg_mad": 2659.016673961488,
  "summary_fg_mean": 6715.95751953125,
  "summary_fg_median": 6184.564453125,
  "summary_fg_n": 98489.0,
  "summary_fg_p05": 3000.095849609375,
  "summary_fg_p95": 12390.323242187498,
  "summary_fg_stdv": 2964.853515625,
  "tsnr": 65.45776965538971
}