{
  "aor": 0.003048207171314741,
  "aqi": 0.004502349163346613,
  "bids_meta": {
    "AcquisitionDateTime": "20181225140549.480000",
    "ConversionSoftware": "dicm2nii.m 20210821",
    "DeviceSerialNumber": "166054",
    "EchoTime": 0.03,
    "EffectiveEchoSpacing": 0.00050999592,
    "FlipAngle": 75,
    "ImageType": [
      "ORIGINAL",
      "PRIMARY",
      "M",
      "MB",
      "ND",
      "MOSAIC"
    ],
    "InstitutionAddress": "Street StreetNo,City,District,IL,ZIP",
    "InstitutionName": "Weizmann Institute",
    "MRAcquisitionType": "2D",
    "Manufacturer": "SIEMENS",
    "Modality": "MR",
    "ParallelAcquisitionTechnique": "none",
    "ParallelReductionFactorInPlane": 1,
    "PatientAge": "019Y",
    "PatientPosition": "HFS",
    "PatientSex": "M",
    "PatientSize": 1.76,
    "PatientWeight": 72,
    "PhaseEncodingDirection": "j-",
    "RepetitionTime": 2,
    "ScanOptions": "FS",
    "ScanningSequence": "EP",
    "SequenceName": "epfid2d1_96",
    "SequenceVariant": "SK\\SS",
    "SeriesDescription": "EPI_PSAP_iso2.5",
    "SeriesNumber": 17,
    "SliceThickness": 2.5,
    "SliceTiming": [
      0,
      0.92,
      1.84,
      0.7775,
      1.6975,
      0.6375,
      1.5575,
      0.495,
      1.415,
      0.355,
      1.2725,
      0.2125,
      1.1325,
      0.0725,
      0.99,
      1.91,
      0.85,
      1.7675,
      0.7075,
      1.6275,
      0.5675,
      1.485,
      0.425,
      1.345,
      0.285,
      1.2025,
      0.1425,
      1.0625,
      0,
      0.92,
      1.84,
      0.7775,
      1.6975,
      0.6375,
      1.5575,
      0.495,
      1.415,
      0.355,
      1.2725,
      0.2125,
      1.1325,
      0.0725,
      0.99,
      1.91,
      0.85,
      1.7675,
      0.7075,
      1.6275,
      0.5675,
      1.485,
      0.425,
      1.345,
      0.285,
      1.2025,
      0.1425,
      1.0625
    ],
    "SoftwareVersion": "syngo MR E11",
    "TaskName": "PSAP",
    "TotalReadoutTime": 0.048449612,
    "dataset": "ds003791",
    "modality": "bold",
    "run_id": 4,
    "subject_id": "02",
    "task_id": "PSAP"
  },
  "dummy_trs": 0,
  "dvars_nstd": 31.294327057000014,
  "dvars_std": 1.2404589335599994,
  "dvars_vstd": 0.9927682413599997,
  "efc": 0.5199020522361804,
  "fber": 524.8360595703125,
  "fd_mean": 0.18395503898406554,
  "fd_num": 86,
  "fd_perc": 34.26294820717131,
  "fwhm_avg": 3.2115720000000003,
  "fwhm_x": 2.883876,
  "fwhm_y": 3.29294,
  "fwhm_z": 3.4579,
  "gcor": 0.0282927,
  "gsr_x": -0.023463191464543343,
  "gsr_y": 0.059026312083005905,
  "provenance": {
    "md5sum": "3f17a445e2d3361d5a9da359e1618f48",
    "settings": {
      "fd_thres": 0.2,
      "testing": false
    },
    "software": "mriqc",
    "version": "22.0.6",
    "webapi_port": null,
    "webapi_url": "https://mriqc.nimh.nih.gov/api/v1"
  },
  "size_t": 251,
  "size_x": 96,
  "size_y": 96,
  "size_z": 56,
  "snr": 2.1091369762042294,
  "spacing_tr": 2.0,
  "spacing_x": 2.5,
  "spacing_y": 2.5,
  "spacing_z": 2.5,
  "summary_bg_k": 22.454025719354455,
  "summary_bg_mad": 76.20339221979249,
  "summary_bg_mean": 585.120361328125,
  "summary_bg_median": 262.2430419921875,
  "summary_bg_n": 342486.0,
  "summary_bg_p05": 202.16734313964844,
  "summary_bg_p95": 2418.0817260742188,
  "summary_bg_stdv": 953.55419921875,
  "summary_fg_k": 1.2726128014984024,
  "summary_fg_mad": 2640.2133975828433,
  "summary_fg_mean": 6707.31298828125,
  "summary_fg_median": 6190.71337890625,
  "summary_fg_n": 97381.0,
  "summary_fg_p05": 3012.92431640625,
  "summary_fg_p95": 12284.681640625,
  "summary_fg_stdv": 2935.1728515625,
  "tsnr": 57.026743710041046
}