{
  "aor": 0.0034672373540856035,
  "aqi": 0.010948449182879377,
  "bids_meta": {
    "AcquisitionDateTime": "20180827155148.902500",
    "ConversionSoftware": "dicm2nii.m 20210821",
    "DeviceSerialNumber": "166054",
    "EchoTime": 0.03,
    "EffectiveEchoSpacing": 0.00050999592,
    "FlipAngle": 75,
    "ImageType": [
      "ORIGINAL",
      "PRIMARY",
      "M",
      "MB",
      "ND",
      "MOSAIC"
    ],
    "InstitutionAddress": "Street StreetNo,City,District,IL,ZIP",
    "InstitutionName": "Weizmann Institute",
    "MRAcquisitionType": "2D",
    "Manufacturer": "SIEMENS",
    "Modality": "MR",
    "ParallelAcquisitionTechnique": "none",
    "ParallelReductionFactorInPlane": 1,
    "PatientAge": "030Y",
    "PatientPosition": "HFS",
    "PatientSex": "M",
    "PatientSize": 1.83,
    "PatientWeight": 74,
    "PhaseEncodingDirection": "j-",
    "RepetitionTime": 2,
    "ScanOptions": "FS",
    "ScanningSequence": "EP",
    "SequenceName": "epfid2d1_96",
    "SequenceVariant": "SK\\SS",
    "SeriesDescription": "EPI_PSAP_iso2.5",
    "SeriesNumber": 12,
    "SliceThickness": 2.5,
    "SliceTiming": [
      0,
      0.92,
      1.8375,
      0.7775,
      1.6975,
      0.635,
      1.555,
      0.495,
      1.415,
      0.3525,
      1.2725,
      0.2125,
      1.13,
      0.07,
      0.99,
      1.91,
      0.8475,
      1.7675,
      0.7075,
      1.625,
      0.565,
      1.485,
      0.425,
      1.3425,
      0.2825,
      1.2025,
      0.14,
      1.06,
      0,
      0.92,
      1.8375,
      0.7775,
      1.6975,
      0.635,
      1.555,
      0.495,
      1.415,
      0.3525,
      1.2725,
      0.2125,
      1.13,
      0.07,
      0.99,
      1.91,
      0.8475,
      1.7675,
      0.7075,
      1.625,
      0.565,
      1.485,
      0.425,
      1.3425,
      0.2825,
      1.2025,
      0.14,
      1.06
    ],
    "SoftwareVersion": "syngo MR E11",
    "TaskName": "PSAP",
    "TotalReadoutTime": 0.048449612,
    "dataset": "ds003791",
    "modality": "bold",
    "run_id": 2,
    "subject_id": "49",
    "task_id": "PSAP"
  },
  "dummy_trs": 0,
  "dvars_nstd": 45.589839644882844,
  "dvars_std": 1.2808158253906252,
  "dvars_vstd": 0.911170652539062,
  "efc": 0.5171579181841535,
  "fber": 466.9373474121094,
  "fd_mean": 0.21784803920512066,
  "fd_num": 79,
  "fd_perc": 30.739299610894943,
  "fwhm_avg": 2.9782946666666668,
  "fwhm_x": 2.73188,
  "fwhm_y": 3.0005800000000002,
  "fwhm_z": 3.2024239999999997,
  "gcor": 0.0274559,
  "gsr_x": -0.03636918589472771,
  "gsr_y": 0.09825960546731949,
  "provenance": {
    "md5sum": "883cd86fcb01b57c4e3aa3ae44355ff7",
    "settings": {
      "fd_thres": 0.2,
      "testing": false
    },
    "software": "mriqc",
    "version": "22.0.6",
    "webapi_port": null,
    "webapi_url": "https://mriqc.nimh.nih.gov/api/v1"
  },
  "size_t": 257,
  "size_x": 96,
  "size_y": 96,
  "size_z": 56,
  "snr": 2.0518354803462735,
  "spacing_tr": 2.0,
  "spacing_x": 2.5,
  "spacing_y": 2.5,
  "spacing_z": 2.5,
  "summary_bg_k": 21.207901727290764,
  "summary_bg_mad": 64.18455481085502,
  "summary_bg_mean": 595.6085205078125,
  "summary_bg_median": 244.30738830566406,
  "summary_bg_n": 353473.0,
  "summary_bg_p05": 192.59922790527344,
  "summary_bg_p95": 2484.7315429687287,
  "summary_bg_stdv": 988.2090454101562,
  "summary_fg_k": 2.4945589617183375,
  "summary_fg_mad": 2152.8651084714224,
  "summary_fg_mean": 5961.48388671875,
  "summary_fg_median": 5408.482421875,
  "summary_fg_n": 87389.0,
  "summary_fg_p05": 2804.259912109375,
  "summary_fg_p95": 11052.204101562498,
  "summary_fg_stdv": 2635.908935546875,
  "tsnr": 38.62829695572145
}