{
  "aor": 0.0060519599999999995,
  "aqi": 0.00735400004,
  "bids_meta": {
    "AcquisitionDateTime": "20180827161657.502500",
    "ConversionSoftware": "dicm2nii.m 20210821",
    "DeviceSerialNumber": "166054",
    "EchoTime": 0.03,
    "EffectiveEchoSpacing": 0.00050999592,
    "FlipAngle": 75,
    "ImageType": [
      "ORIGINAL",
      "PRIMARY",
      "M",
      "MB",
      "ND",
      "MOSAIC"
    ],
    "InstitutionAddress": "Street StreetNo,City,District,IL,ZIP",
    "InstitutionName": "Weizmann Institute",
    "MRAcquisitionType": "2D",
    "Manufacturer": "SIEMENS",
    "Modality": "MR",
    "ParallelAcquisitionTechnique": "none",
    "ParallelReductionFactorInPlane": 1,
    "PatientAge": "030Y",
    "PatientPosition": "HFS",
    "PatientSex": "M",
    "PatientSize": 1.83,
    "PatientWeight": 74,
    "PhaseEncodingDirection": "j-",
    "RepetitionTime": 2,
    "ScanOptions": "FS",
    "ScanningSequence": "EP",
    "SequenceName": "epfid2d1_96",
    "SequenceVariant": "SK\\SS",
    "SeriesDescription": "EPI_PSAP_iso2.5",
    "SeriesNumber": 17,
    "SliceThickness": 2.5,
    "SliceTiming": [
      0,
      0.92,
      1.84,
      0.7775,
      1.6975,
      0.6375,
      1.5575,
      0.495,
      1.415,
      0.355,
      1.2725,
      0.2125,
      1.1325,
      0.0725,
      0.99,
      1.91,
      0.85,
      1.7675,
      0.7075,
      1.6275,
      0.5675,
      1.485,
      0.425,
      1.345,
      0.285,
      1.2025,
      0.1425,
      1.0625,
      0,
      0.92,
      1.84,
      0.7775,
      1.6975,
      0.6375,
      1.5575,
      0.495,
      1.415,
      0.355,
      1.2725,
      0.2125,
      1.1325,
      0.0725,
      0.99,
      1.91,
      0.85,
      1.7675,
      0.7075,
      1.6275,
      0.5675,
      1.485,
      0.425,
      1.345,
      0.285,
      1.2025,
      0.1425,
      1.0625
    ],
    "SoftwareVersion": "syngo MR E11",
    "TaskName": "PSAP",
    "TotalReadoutTime": 0.048449612,
    "dataset": "ds003791",
    "modality": "bold",
    "run_id": 4,
    "subject_id": "49",
    "task_id": "PSAP"
  },
  "dummy_trs": 0,
  "dvars_nstd": 45.90975965939757,
  "dvars_std": 1.4441536753815252,
  "dvars_vstd": 1.122511125903614,
  "efc": 0.5179089535921185,
  "fber": 462.45440673828125,
  "fd_mean": 0.23423883538743817,
  "fd_num": 85,
  "fd_perc": 34.0,
  "fwhm_avg": 2.9667426666666668,
  "fwhm_x": 2.741116,
  "fwhm_y": 2.9837,
  "fwhm_z": 3.175412,
  "gcor": 0.021849,
  "gsr_x": -0.037521842867136,
  "gsr_y": 0.0975724458694458,
  "provenance": {
    "md5sum": "edc11c253d2800f4c2d8e018ed737138",
    "settings": {
      "fd_thres": 0.2,
      "testing": false
    },
    "software": "mriqc",
    "version": "22.0.6",
    "webapi_port": null,
    "webapi_url": "https://mriqc.nimh.nih.gov/api/v1"
  },
  "size_t": 250,
  "size_x": 96,
  "size_y": 96,
  "size_z": 56,
  "snr": 2.014793538529904,
  "spacing_tr": 2.0,
  "spacing_x": 2.5,
  "spacing_y": 2.5,
  "spacing_z": 2.5,
  "summary_bg_k": 21.67122572751049,
  "summary_bg_mad": 63.27154729842751,
  "summary_bg_mean": 598.4030151367188,
  "summary_bg_median": 245.38401794433594,
  "summary_bg_n": 351823.0,
  "summary_bg_p05": 194.56041259765627,
  "summary_bg_p95": 2498.2345214843604,
  "summary_bg_stdv": 999.0465087890625,
  "summary_fg_k": 2.444332525814832,
  "summary_fg_mad": 2181.1749924347428,
  "summary_fg_mean": 5949.64697265625,
  "summary_fg_median": 5412.79638671875,
  "summary_fg_n": 88949.0,
  "summary_fg_p05": 2679.0145996093756,
  "summary_fg_p95": 11116.3107421875,
  "summary_fg_stdv": 2686.511474609375,
  "tsnr": 47.586352552170865
}