{
  "aor": 0.007238416988416989,
  "aqi": 0.007156845945945945,
  "bids_meta": {
    "AcquisitionDateTime": "20190117143541.637500",
    "ConversionSoftware": "dicm2nii.m 20210821",
    "DeviceSerialNumber": "166054",
    "EchoTime": 0.03,
    "EffectiveEchoSpacing": 0.00050999592,
    "FlipAngle": 75,
    "ImageType": [
      "ORIGINAL",
      "PRIMARY",
      "M",
      "MB",
      "ND",
      "MOSAIC"
    ],
    "InstitutionAddress": "Street StreetNo,City,District,IL,ZIP",
    "InstitutionName": "Weizmann Institute",
    "MRAcquisitionType": "2D",
    "Manufacturer": "SIEMENS",
    "Modality": "MR",
    "ParallelAcquisitionTechnique": "none",
    "ParallelReductionFactorInPlane": 1,
    "PatientAge": "030Y",
    "PatientPosition": "HFS",
    "PatientSex": "F",
    "PatientSize": 1.65,
    "PatientWeight": 52,
    "PhaseEncodingDirection": "j-",
    "RepetitionTime": 2,
    "ScanOptions": "FS",
    "ScanningSequence": "EP",
    "SequenceName": "epfid2d1_96",
    "SequenceVariant": "SK\\SS",
    "SeriesDescription": "EPI_PSAP_iso2.5",
    "SeriesNumber": 17,
    "SliceThickness": 2.5,
    "SliceTiming": [
      0,
      0.92,
      1.84,
      0.78,
      1.6975,
      0.6375,
      1.5575,
      0.495,
      1.415,
      0.355,
      1.275,
      0.2125,
      1.1325,
      0.0725,
      0.99,
      1.91,
      0.85,
      1.77,
      0.7075,
      1.6275,
      0.5675,
      1.485,
      0.425,
      1.345,
      0.285,
      1.2025,
      0.1425,
      1.0625,
      0,
      0.92,
      1.84,
      0.78,
      1.6975,
      0.6375,
      1.5575,
      0.495,
      1.415,
      0.355,
      1.275,
      0.2125,
      1.1325,
      0.0725,
      0.99,
      1.91,
      0.85,
      1.77,
      0.7075,
      1.6275,
      0.5675,
      1.485,
      0.425,
      1.345,
      0.285,
      1.2025,
      0.1425,
      1.0625
    ],
    "SoftwareVersion": "syngo MR E11",
    "TaskName": "PSAP",
    "TotalReadoutTime": 0.048449612,
    "dataset": "ds003791",
    "modality": "bold",
    "run_id": 4,
    "subject_id": "40",
    "task_id": "PSAP"
  },
  "dummy_trs": 0,
  "dvars_nstd": 30.517041524224805,
  "dvars_std": 1.3252665136434107,
  "dvars_vstd": 1.0320440173255816,
  "efc": 0.48128436443641703,
  "fber": 695.80029296875,
  "fd_mean": 0.1390000892722561,
  "fd_num": 39,
  "fd_perc": 15.057915057915057,
  "fwhm_avg": 2.935646666666667,
  "fwhm_x": 2.779764,
  "fwhm_y": 3.0075279999999998,
  "fwhm_z": 3.019648,
  "gcor": 0.0295061,
  "gsr_x": -0.03885410353541374,
  "gsr_y": 0.05293536186218262,
  "provenance": {
    "md5sum": "288c410bc20194192b9bfbc6cc1dbe08",
    "settings": {
      "fd_thres": 0.2,
      "testing": false
    },
    "software": "mriqc",
    "version": "22.0.6",
    "webapi_port": null,
    "webapi_url": "https://mriqc.nimh.nih.gov/api/v1"
  },
  "size_t": 259,
  "size_x": 96,
  "size_y": 96,
  "size_z": 56,
  "snr": 2.4167101421939,
  "spacing_tr": 2.0,
  "spacing_x": 2.5,
  "spacing_y": 2.5,
  "spacing_z": 2.5,
  "summary_bg_k": 28.27393529524312,
  "summary_bg_mad": 51.49038412819272,
  "summary_bg_mean": 495.8769226074219,
  "summary_bg_median": 230.01544189453125,
  "summary_bg_n": 373527.0,
  "summary_bg_p05": 190.83010864257812,
  "summary_bg_p95": 1866.2675781250023,
  "summary_bg_stdv": 770.5198364257812,
  "summary_fg_k": 1.0564415597316357,
  "summary_fg_mad": 2375.231551660734,
  "summary_fg_mean": 6680.56787109375,
  "summary_fg_median": 6198.7373046875,
  "summary_fg_n": 72475.0,
  "summary_fg_p05": 3454.4975830078124,
  "summary_fg_p95": 11574.1462890625,
  "summary_fg_stdv": 2564.930908203125,
  "tsnr": 49.99709127470851
}