{
  "bids_meta": {
    "AcquisitionDateTime": "20180902121429.705000",
    "ConversionSoftware": "dicm2nii.m 20210821",
    "DeviceSerialNumber": "166054",
    "EchoTime": 0.00229,
    "FlipAngle": 8,
    "ImageType": [
      "ORIGINAL",
      "PRIMARY",
      "M",
      "ND",
      "NORM"
    ],
    "InstitutionAddress": "Street StreetNo,City,District,IL,ZIP",
    "InstitutionName": "Weizmann Institute",
    "InversionTime": 0.9,
    "MRAcquisitionType": "3D",
    "Manufacturer": "SIEMENS",
    "Modality": "MR",
    "ParallelAcquisitionTechnique": "GRAPPA",
    "ParallelReductionFactorInPlane": 2,
    "PatientAge": "036Y",
    "PatientPosition": "HFS",
    "PatientSex": "M",
    "PatientSize": 1.76,
    "PatientWeight": 71,
    "PhaseEncodingDirection": "j-",
    "RepetitionTime": 2.3,
    "ScanOptions": "IR\\WE",
    "ScanningSequence": "GR\\IR",
    "SequenceName": "*tfl3d1_16ns",
    "SequenceVariant": "SK\\SP\\MP",
    "SeriesDescription": "t1_mprage_sag_p2_iso_water_exc",
    "SeriesNumber": 9,
    "SliceThickness": 0.94,
    "SoftwareVersion": "syngo MR E11",
    "dataset": "ds003791",
    "modality": "T1w",
    "subject_id": "44"
  },
  "cjv": 0.35982370136483516,
  "cnr": 3.728345732468456,
  "efc": 0.607257576759744,
  "fber": 8625.249660493828,
  "fwhm_avg": 4.397604258916744,
  "fwhm_x": 4.2552127767502315,
  "fwhm_y": 4.4992746666666665,
  "fwhm_z": 4.438325333333333,
  "icvs_csf": 0.21933053186070972,
  "icvs_gm": 0.42612560917662695,
  "icvs_wm": 0.35454385896266327,
  "inu_med": 0.5553118586540222,
  "inu_range": 0.1882582068443298,
  "provenance": {
    "md5sum": "f7f365af3f3e6bca4e8e2b19b613053b",
    "settings": {
      "testing": false
    },
    "software": "mriqc",
    "version": "22.0.6",
    "warnings": {
      "large_rot_frame": true,
      "small_air_mask": false
    },
    "webapi_port": null,
    "webapi_url": "https://mriqc.nimh.nih.gov/api/v1"
  },
  "qi_1": 0.0,
  "qi_2": 0.024672832668646415,
  "rpve_csf": 18.976731360836663,
  "rpve_gm": 10.092778379688369,
  "rpve_wm": 14.320333794502282,
  "size_x": 176,
  "size_y": 256,
  "size_z": 256,
  "snr_csf": 1.9636215146076164,
  "snr_gm": 10.049797453294735,
  "snr_total": 11.81825169898233,
  "snr_wm": 23.441336129044636,
  "snrd_csf": 16.75959944811011,
  "snrd_gm": 54.66476885048012,
  "snrd_total": 50.01281633232705,
  "snrd_wm": 78.61408069839092,
  "spacing_x": 0.9399999976158142,
  "spacing_y": 0.9375,
  "spacing_z": 0.9375,
  "summary_bg_k": 29.847693761124283,
  "summary_bg_mad": 0.0,
  "summary_bg_mean": 5.122631421890984,
  "summary_bg_median": 0.0,
  "summary_bg_n": 2036260.0,
  "summary_bg_p05": 0.0,
  "summary_bg_p95": 19.988181442022324,
  "summary_bg_stdv": 8.333865711789342,
  "summary_csf_k": 1.0626920397612194,
  "summary_csf_mad": 98.43815183684255,
  "summary_csf_mean": 226.3468643650365,
  "summary_csf_median": 213.1956813633442,
  "summary_csf_n": 55069.0,
  "summary_csf_p05": 67.90419761538506,
  "summary_csf_p95": 429.1445174574851,
  "summary_csf_stdv": 108.5717100034126,
  "summary_gm_k": -0.05904142395509426,
  "summary_gm_mad": 70.24670206995623,
  "summary_gm_mean": 694.853181059924,
  "summary_gm_median": 695.3801418542862,
  "summary_gm_n": 38075.0,
  "summary_gm_p05": 580.5506466239691,
  "summary_gm_p95": 806.9663373827934,
  "summary_gm_stdv": 69.19253978106492,
  "summary_wm_k": 0.8323537664686436,
  "summary_wm_mad": 39.37526073473702,
  "summary_wm_mean": 1002.3341271581845,
  "summary_wm_median": 1000.0347890853882,
  "summary_wm_n": 251626.0,
  "summary_wm_p05": 936.9416598379612,
  "summary_wm_p95": 1076.2679750025272,
  "summary_wm_stdv": 42.66108367001966,
  "tpm_overlap_csf": 0.1519465731727993,
  "tpm_overlap_gm": 0.4624541322901673,
  "tpm_overlap_wm": 0.5038522017804528,
  "wm2max": 0.5495285321027945
}