{
  "aor": 0.005436615384615385,
  "aqi": 0.008768671307692308,
  "bids_meta": {
    "AcquisitionDateTime": "20181120115938.510000",
    "ConversionSoftware": "dicm2nii.m 20210821",
    "DeviceSerialNumber": "166054",
    "EchoTime": 0.03,
    "EffectiveEchoSpacing": 0.00050999592,
    "FlipAngle": 75,
    "ImageType": [
      "ORIGINAL",
      "PRIMARY",
      "M",
      "MB",
      "ND",
      "MOSAIC"
    ],
    "InstitutionAddress": "Street StreetNo,City,District,IL,ZIP",
    "InstitutionName": "Weizmann Institute",
    "MRAcquisitionType": "2D",
    "Manufacturer": "SIEMENS",
    "Modality": "MR",
    "ParallelAcquisitionTechnique": "none",
    "ParallelReductionFactorInPlane": 1,
    "PatientAge": "027Y",
    "PatientPosition": "HFS",
    "PatientSex": "M",
    "PatientSize": 1.75,
    "PatientWeight": 82,
    "PhaseEncodingDirection": "j-",
    "RepetitionTime": 2,
    "ScanOptions": "FS",
    "ScanningSequence": "EP",
    "SequenceName": "epfid2d1_96",
    "SequenceVariant": "SK\\SS",
    "SeriesDescription": "EPI_PSAP_iso2.5",
    "SeriesNumber": 10,
    "SliceThickness": 2.5,
    "SliceTiming": [
      0,
      0.9175,
      1.8375,
      0.7775,
      1.695,
      0.635,
      1.555,
      0.495,
      1.4125,
      0.3525,
      1.2725,
      0.21,
      1.13,
      0.07,
      0.99,
      1.9075,
      0.8475,
      1.7675,
      0.705,
      1.625,
      0.565,
      1.485,
      0.4225,
      1.3425,
      0.2825,
      1.2,
      0.14,
      1.06,
      0,
      0.9175,
      1.8375,
      0.7775,
      1.695,
      0.635,
      1.555,
      0.495,
      1.4125,
      0.3525,
      1.2725,
      0.21,
      1.13,
      0.07,
      0.99,
      1.9075,
      0.8475,
      1.7675,
      0.705,
      1.625,
      0.565,
      1.485,
      0.4225,
      1.3425,
      0.2825,
      1.2,
      0.14,
      1.06
    ],
    "SoftwareVersion": "syngo MR E11",
    "TaskName": "PSAP",
    "TotalReadoutTime": 0.048449612,
    "dataset": "ds003791",
    "modality": "bold",
    "run_id": 2,
    "subject_id": "19",
    "task_id": "PSAP"
  },
  "dummy_trs": 0,
  "dvars_nstd": 26.495491351853264,
  "dvars_std": 1.0653143865250967,
  "dvars_vstd": 0.9508488226254833,
  "efc": 0.508196027353174,
  "fber": 523.1961059570312,
  "fd_mean": 0.13878319378857934,
  "fd_num": 31,
  "fd_perc": 11.923076923076923,
  "fwhm_avg": 3.090344,
  "fwhm_x": 2.8041519999999998,
  "fwhm_y": 3.166516,
  "fwhm_z": 3.3003639999999996,
  "gcor": 0.0152002,
  "gsr_x": -0.05891901254653931,
  "gsr_y": 0.13119414448738098,
  "provenance": {
    "md5sum": "12eaed5cd85b96e8c23f8c1bf5542236",
    "settings": {
      "fd_thres": 0.2,
      "testing": false
    },
    "software": "mriqc",
    "version": "22.0.6",
    "webapi_port": null,
    "webapi_url": "https://mriqc.nimh.nih.gov/api/v1"
  },
  "size_t": 260,
  "size_x": 96,
  "size_y": 96,
  "size_z": 56,
  "snr": 2.1635981514265588,
  "spacing_tr": 2.0,
  "spacing_x": 2.5,
  "spacing_y": 2.5,
  "spacing_z": 2.5,
  "summary_bg_k": 32.02636244586605,
  "summary_bg_mad": 60.78669095872968,
  "summary_bg_mean": 630.383056640625,
  "summary_bg_median": 246.9576873779297,
  "summary_bg_n": 363175.0,
  "summary_bg_p05": 200.60385131835938,
  "summary_bg_p95": 2548.8058349609355,
  "summary_bg_stdv": 1112.770751953125,
  "summary_fg_k": 1.8023288554277261,
  "summary_fg_mad": 2131.1038669244112,
  "summary_fg_mean": 6255.513671875,
  "summary_fg_median": 5723.52294921875,
  "summary_fg_n": 81387.0,
  "summary_fg_p05": 3025.5523193359377,
  "summary_fg_p95": 11525.515234374998,
  "summary_fg_stdv": 2645.356201171875,
  "tsnr": 45.38271240424365
}