{
  "aor": 0.005515912698412698,
  "aqi": 0.012521358015873016,
  "bids_meta": {
    "AcquisitionDateTime": "20181211162911.547500",
    "ConversionSoftware": "dicm2nii.m 20210821",
    "DeviceSerialNumber": "166054",
    "EchoTime": 0.03,
    "EffectiveEchoSpacing": 0.00050999592,
    "FlipAngle": 75,
    "ImageType": [
      "ORIGINAL",
      "PRIMARY",
      "M",
      "MB",
      "ND",
      "MOSAIC"
    ],
    "InstitutionAddress": "Street StreetNo,City,District,IL,ZIP",
    "InstitutionName": "Weizmann Institute",
    "MRAcquisitionType": "2D",
    "Manufacturer": "SIEMENS",
    "Modality": "MR",
    "ParallelAcquisitionTechnique": "none",
    "ParallelReductionFactorInPlane": 1,
    "PatientAge": "025Y",
    "PatientPosition": "HFS",
    "PatientSex": "F",
    "PatientSize": 1.56,
    "PatientWeight": 56,
    "PhaseEncodingDirection": "j-",
    "RepetitionTime": 2,
    "ScanOptions": "FS",
    "ScanningSequence": "EP",
    "SequenceName": "epfid2d1_96",
    "SequenceVariant": "SK\\SS",
    "SeriesDescription": "EPI_PSAP_iso2.5",
    "SeriesNumber": 13,
    "SliceThickness": 2.5,
    "SliceTiming": [
      0,
      0.92,
      1.8375,
      0.7775,
      1.6975,
      0.6375,
      1.555,
      0.495,
      1.415,
      0.3525,
      1.2725,
      0.2125,
      1.1325,
      0.07,
      0.99,
      1.91,
      0.8475,
      1.7675,
      0.7075,
      1.6275,
      0.565,
      1.485,
      0.425,
      1.3425,
      0.2825,
      1.2025,
      0.1425,
      1.06,
      0,
      0.92,
      1.8375,
      0.7775,
      1.6975,
      0.6375,
      1.555,
      0.495,
      1.415,
      0.3525,
      1.2725,
      0.2125,
      1.1325,
      0.07,
      0.99,
      1.91,
      0.8475,
      1.7675,
      0.7075,
      1.6275,
      0.565,
      1.485,
      0.425,
      1.3425,
      0.2825,
      1.2025,
      0.1425,
      1.06
    ],
    "SoftwareVersion": "syngo MR E11",
    "TaskName": "PSAP",
    "TotalReadoutTime": 0.048449612,
    "dataset": "ds003791",
    "modality": "bold",
    "run_id": 3,
    "subject_id": "20",
    "task_id": "PSAP"
  },
  "dummy_trs": 0,
  "dvars_nstd": 46.21164608386455,
  "dvars_std": 1.1712146072908372,
  "dvars_vstd": 0.9630443377689245,
  "efc": 0.4715549035342081,
  "fber": 605.427490234375,
  "fd_mean": 0.42420234349287417,
  "fd_num": 184,
  "fd_perc": 73.01587301587301,
  "fwhm_avg": 2.955224,
  "fwhm_x": 2.753672,
  "fwhm_y": 3.022,
  "fwhm_z": 3.09,
  "gcor": 0.0180152,
  "gsr_x": -0.035165995359420776,
  "gsr_y": 0.06313270330429077,
  "provenance": {
    "md5sum": "290e8fa523f8d5033421db99fb8b8993",
    "settings": {
      "fd_thres": 0.2,
      "testing": false
    },
    "software": "mriqc",
    "version": "22.0.6",
    "webapi_port": null,
    "webapi_url": "https://mriqc.nimh.nih.gov/api/v1"
  },
  "size_t": 252,
  "size_x": 96,
  "size_y": 96,
  "size_z": 56,
  "snr": 2.112997708276448,
  "spacing_tr": 2.0,
  "spacing_x": 2.5,
  "spacing_y": 2.5,
  "spacing_z": 2.5,
  "summary_bg_k": 34.06843966802935,
  "summary_bg_mad": 45.59001821904726,
  "summary_bg_mean": 420.3769226074219,
  "summary_bg_median": 219.6508026123047,
  "summary_bg_n": 371131.0,
  "summary_bg_p05": 184.25001525878906,
  "summary_bg_p95": 1436.27587890625,
  "summary_bg_stdv": 589.2401733398438,
  "summary_fg_k": 3.5949080007103333,
  "summary_fg_mad": 1891.3479765228326,
  "summary_fg_mean": 6074.46044921875,
  "summary_fg_median": 5480.87353515625,
  "summary_fg_n": 73905.0,
  "summary_fg_p05": 3125.407373046875,
  "summary_fg_p95": 11275.933789062501,
  "summary_fg_stdv": 2593.86767578125,
  "tsnr": 31.045302637387067
}