{
  "aor": 0.0011560784313725488,
  "aqi": 0.003736675215686275,
  "bids_meta": {
    "AcquisitionDateTime": "20181021124516.895000",
    "ConversionSoftware": "dicm2nii.m 20210821",
    "DeviceSerialNumber": "166054",
    "EchoTime": 0.03,
    "EffectiveEchoSpacing": 0.00050999592,
    "FlipAngle": 75,
    "ImageType": [
      "ORIGINAL",
      "PRIMARY",
      "M",
      "MB",
      "ND",
      "MOSAIC"
    ],
    "InstitutionAddress": "Street StreetNo,City,District,IL,ZIP",
    "InstitutionName": "Weizmann Institute",
    "MRAcquisitionType": "2D",
    "Manufacturer": "SIEMENS",
    "Modality": "MR",
    "ParallelAcquisitionTechnique": "none",
    "ParallelReductionFactorInPlane": 1,
    "PatientAge": "038Y",
    "PatientPosition": "HFS",
    "PatientSex": "M",
    "PatientSize": 1.78,
    "PatientWeight": 72,
    "PhaseEncodingDirection": "j-",
    "RepetitionTime": 2,
    "ScanOptions": "FS",
    "ScanningSequence": "EP",
    "SequenceName": "epfid2d1_96",
    "SequenceVariant": "SK\\SS",
    "SeriesDescription": "EPI_PSAP_iso2.5",
    "SeriesNumber": 10,
    "SliceThickness": 2.5,
    "SliceTiming": [
      0,
      0.92,
      1.8375,
      0.7775,
      1.6975,
      0.6375,
      1.555,
      0.495,
      1.415,
      0.3525,
      1.2725,
      0.2125,
      1.1325,
      0.07,
      0.99,
      1.91,
      0.8475,
      1.7675,
      0.7075,
      1.6275,
      0.565,
      1.485,
      0.425,
      1.3425,
      0.2825,
      1.2025,
      0.1425,
      1.06,
      0,
      0.92,
      1.8375,
      0.7775,
      1.6975,
      0.6375,
      1.555,
      0.495,
      1.415,
      0.3525,
      1.2725,
      0.2125,
      1.1325,
      0.07,
      0.99,
      1.91,
      0.8475,
      1.7675,
      0.7075,
      1.6275,
      0.565,
      1.485,
      0.425,
      1.3425,
      0.2825,
      1.2025,
      0.1425,
      1.06
    ],
    "SoftwareVersion": "syngo MR E11",
    "TaskName": "PSAP",
    "TotalReadoutTime": 0.048449612,
    "dataset": "ds003791",
    "modality": "bold",
    "run_id": 1,
    "subject_id": "17",
    "task_id": "PSAP"
  },
  "dummy_trs": 0,
  "dvars_nstd": 27.969813421811025,
  "dvars_std": 1.1904760505118115,
  "dvars_vstd": 0.9960412062992131,
  "efc": 0.513317225932757,
  "fber": 473.4379577636719,
  "fd_mean": 0.13190508346240198,
  "fd_num": 27,
  "fd_perc": 10.588235294117647,
  "fwhm_avg": 3.210361333333333,
  "fwhm_x": 2.85508,
  "fwhm_y": 3.402572,
  "fwhm_z": 3.3734319999999998,
  "gcor": 0.0105189,
  "gsr_x": -0.03362249210476875,
  "gsr_y": 0.10406104475259781,
  "provenance": {
    "md5sum": "70573b239dc1a35b5a13fd1fd5131d93",
    "settings": {
      "fd_thres": 0.2,
      "testing": false
    },
    "software": "mriqc",
    "version": "22.0.6",
    "webapi_port": null,
    "webapi_url": "https://mriqc.nimh.nih.gov/api/v1"
  },
  "size_t": 255,
  "size_x": 96,
  "size_y": 96,
  "size_z": 56,
  "snr": 2.330136498455988,
  "spacing_tr": 2.0,
  "spacing_x": 2.5,
  "spacing_y": 2.5,
  "spacing_z": 2.5,
  "summary_bg_k": 29.2428948315491,
  "summary_bg_mad": 46.103112695622215,
  "summary_bg_mean": 499.4366760253906,
  "summary_bg_median": 222.85296630859375,
  "summary_bg_n": 359314.0,
  "summary_bg_p05": 186.5490264892578,
  "summary_bg_p95": 1937.8918640136715,
  "summary_bg_stdv": 828.8560180664062,
  "summary_fg_k": 1.5370737369444996,
  "summary_fg_mad": 1675.1548196705849,
  "summary_fg_mean": 5341.90283203125,
  "summary_fg_median": 4923.8984375,
  "summary_fg_n": 83974.0,
  "summary_fg_p05": 2772.1240844726562,
  "summary_fg_p95": 9584.575683593746,
  "summary_fg_stdv": 2113.124755859375,
  "tsnr": 66.09698952687904
}