{
  "bids_meta": {
    "AcquisitionDateTime": "20181118120413.030000",
    "ConversionSoftware": "dicm2nii.m 20210821",
    "DeviceSerialNumber": "166054",
    "EchoTime": 0.00229,
    "FlipAngle": 8,
    "ImageType": [
      "ORIGINAL",
      "PRIMARY",
      "M",
      "ND",
      "NORM"
    ],
    "InstitutionAddress": "Street StreetNo,City,District,IL,ZIP",
    "InstitutionName": "Weizmann Institute",
    "InversionTime": 0.9,
    "MRAcquisitionType": "3D",
    "Manufacturer": "SIEMENS",
    "Modality": "MR",
    "ParallelAcquisitionTechnique": "GRAPPA",
    "ParallelReductionFactorInPlane": 2,
    "PatientAge": "023Y",
    "PatientPosition": "HFS",
    "PatientSex": "F",
    "PatientSize": 1.67,
    "PatientWeight": 60,
    "PhaseEncodingDirection": "j-",
    "RepetitionTime": 2.3,
    "ScanOptions": "IR\\WE",
    "ScanningSequence": "GR\\IR",
    "SequenceName": "*tfl3d1_16ns",
    "SequenceVariant": "SK\\SP\\MP",
    "SeriesDescription": "t1_mprage_sag_p2_iso_water_exc",
    "SeriesNumber": 11,
    "SliceThickness": 0.94,
    "SoftwareVersion": "syngo MR E11",
    "dataset": "ds003791",
    "modality": "T1w",
    "subject_id": "31"
  },
  "cjv": 0.34063935989308647,
  "cnr": 3.9781411578021397,
  "efc": 0.6010059619171091,
  "fber": 21547.248001947337,
  "fwhm_avg": 4.367177242481904,
  "fwhm_x": 4.38960639411238,
  "fwhm_y": 4.3049599999999995,
  "fwhm_z": 4.406965333333333,
  "icvs_csf": 0.22584816064576732,
  "icvs_gm": 0.4408787673709122,
  "icvs_wm": 0.3332730719833205,
  "inu_med": 0.48998062312602997,
  "inu_range": 0.17643356323242188,
  "provenance": {
    "md5sum": "be16ddcb408c42446cc5dc1ba2a7691c",
    "settings": {
      "testing": false
    },
    "software": "mriqc",
    "version": "22.0.6",
    "warnings": {
      "large_rot_frame": true,
      "small_air_mask": false
    },
    "webapi_port": null,
    "webapi_url": "https://mriqc.nimh.nih.gov/api/v1"
  },
  "qi_1": 0.0,
  "qi_2": 0.020409262910867646,
  "rpve_csf": 20.42039137818046,
  "rpve_gm": 10.895014206331005,
  "rpve_wm": 16.724558060064403,
  "size_x": 176,
  "size_y": 256,
  "size_z": 256,
  "snr_csf": 2.2529792748056976,
  "snr_gm": 11.423765718798217,
  "snr_total": 13.546410413587312,
  "snr_wm": 26.962486247158022,
  "snrd_csf": 29.212975210715275,
  "snrd_gm": 86.16854211910275,
  "snrd_total": 78.8592443658597,
  "snrd_wm": 121.19621576776107,
  "spacing_x": 0.9399999976158142,
  "spacing_y": 0.9375,
  "spacing_z": 0.9375,
  "summary_bg_k": 9.313499556686658,
  "summary_bg_mad": 0.0,
  "summary_bg_mean": 3.4403685303504923,
  "summary_bg_median": 0.0,
  "summary_bg_n": 2185593.0,
  "summary_bg_p05": 0.0,
  "summary_bg_p95": 14.482328668236732,
  "summary_bg_stdv": 5.40571422700266,
  "summary_csf_k": 0.6319044478878952,
  "summary_csf_mad": 99.78574841675952,
  "summary_csf_mean": 247.73232717428888,
  "summary_csf_median": 241.04445381090045,
  "summary_csf_n": 48125.0,
  "summary_csf_p05": 88.05447649210693,
  "summary_csf_p95": 445.25487897917617,
  "summary_csf_stdv": 106.98809000838102,
  "summary_gm_k": 0.02834104809847826,
  "summary_gm_mad": 62.797123113005235,
  "summary_gm_mean": 709.1179574342804,
  "summary_gm_median": 711.0008145682514,
  "summary_gm_n": 53518.0,
  "summary_gm_p05": 604.82544421684,
  "summary_gm_p95": 808.4927820600569,
  "summary_gm_stdv": 62.238161163856255,
  "summary_wm_k": 0.5488949672139962,
  "summary_wm_mad": 35.65554173922686,
  "summary_wm_mean": 1000.1453500244038,
  "summary_wm_median": 1000.0239764340222,
  "summary_wm_n": 213347.0,
  "summary_wm_p05": 939.6561637055129,
  "summary_wm_p95": 1060.4229597374797,
  "summary_wm_stdv": 37.08937015705029,
  "tpm_overlap_csf": 0.15868917513788638,
  "tpm_overlap_gm": 0.4817881625491705,
  "tpm_overlap_wm": 0.5303450580161482,
  "wm2max": 0.8905282487082035
}