{
  "aor": 0.0006307142857142856,
  "aqi": 0.0031915543253968255,
  "bids_meta": {
    "AcquisitionDateTime": "20181031123158.557500",
    "ConversionSoftware": "dicm2nii.m 20210821",
    "DeviceSerialNumber": "166054",
    "EchoTime": 0.03,
    "EffectiveEchoSpacing": 0.00050999592,
    "FlipAngle": 75,
    "ImageType": [
      "ORIGINAL",
      "PRIMARY",
      "M",
      "MB",
      "ND",
      "MOSAIC"
    ],
    "InstitutionAddress": "Street StreetNo,City,District,IL,ZIP",
    "InstitutionName": "Weizmann Institute",
    "MRAcquisitionType": "2D",
    "Manufacturer": "SIEMENS",
    "Modality": "MR",
    "ParallelAcquisitionTechnique": "none",
    "ParallelReductionFactorInPlane": 1,
    "PatientAge": "027Y",
    "PatientPosition": "HFS",
    "PatientSex": "F",
    "PatientSize": 1.71,
    "PatientWeight": 54,
    "PhaseEncodingDirection": "j-",
    "RepetitionTime": 2,
    "ScanOptions": "FS",
    "ScanningSequence": "EP",
    "SequenceName": "epfid2d1_96",
    "SequenceVariant": "SK\\SS",
    "SeriesDescription": "EPI_PSAP_iso2.5",
    "SeriesNumber": 17,
    "SliceThickness": 2.5,
    "SliceTiming": [
      0,
      0.92,
      1.84,
      0.78,
      1.6975,
      0.6375,
      1.5575,
      0.495,
      1.415,
      0.355,
      1.275,
      0.2125,
      1.1325,
      0.0725,
      0.99,
      1.91,
      0.85,
      1.77,
      0.7075,
      1.6275,
      0.5675,
      1.485,
      0.425,
      1.345,
      0.285,
      1.2025,
      0.1425,
      1.0625,
      0,
      0.92,
      1.84,
      0.78,
      1.6975,
      0.6375,
      1.5575,
      0.495,
      1.415,
      0.355,
      1.275,
      0.2125,
      1.1325,
      0.0725,
      0.99,
      1.91,
      0.85,
      1.77,
      0.7075,
      1.6275,
      0.5675,
      1.485,
      0.425,
      1.345,
      0.285,
      1.2025,
      0.1425,
      1.0625
    ],
    "SoftwareVersion": "syngo MR E11",
    "TaskName": "PSAP",
    "TotalReadoutTime": 0.048449612,
    "dataset": "ds003791",
    "modality": "bold",
    "run_id": 3,
    "subject_id": "26",
    "task_id": "PSAP"
  },
  "dummy_trs": 0,
  "dvars_nstd": 28.224713580000003,
  "dvars_std": 1.2472860128685253,
  "dvars_vstd": 0.9792993935458171,
  "efc": 0.45513009243881747,
  "fber": 748.8803100585938,
  "fd_mean": 0.16574117724191376,
  "fd_num": 68,
  "fd_perc": 26.984126984126984,
  "fwhm_avg": 2.947566666666667,
  "fwhm_x": 2.820588,
  "fwhm_y": 3.003876,
  "fwhm_z": 3.018236,
  "gcor": 0.0117675,
  "gsr_x": -0.028576450422406197,
  "gsr_y": 0.055018745362758636,
  "provenance": {
    "md5sum": "218b2c6c7eb81337a46db8a381d026db",
    "settings": {
      "fd_thres": 0.2,
      "testing": false
    },
    "software": "mriqc",
    "version": "22.0.6",
    "webapi_port": null,
    "webapi_url": "https://mriqc.nimh.nih.gov/api/v1"
  },
  "size_t": 252,
  "size_x": 96,
  "size_y": 96,
  "size_z": 56,
  "snr": 2.2900413574922633,
  "spacing_tr": 2.0,
  "spacing_x": 2.5,
  "spacing_y": 2.5,
  "spacing_z": 2.5,
  "summary_bg_k": 36.72867601275585,
  "summary_bg_mad": 37.89460778121887,
  "summary_bg_mean": 418.4969482421875,
  "summary_bg_median": 215.6111297607422,
  "summary_bg_n": 381843.0,
  "summary_bg_p05": 183.952392578125,
  "summary_bg_p95": 1448.0730590820303,
  "summary_bg_stdv": 636.0111083984375,
  "summary_fg_k": 2.856590889041067,
  "summary_fg_mad": 2045.0086927825978,
  "summary_fg_mean": 6506.19775390625,
  "summary_fg_median": 5957.31396484375,
  "summary_fg_n": 67375.0,
  "summary_fg_p05": 3488.6455322265624,
  "summary_fg_p95": 11676.49501953123,
  "summary_fg_stdv": 2601.380859375,
  "tsnr": 72.3039157576859
}