{
  "bids_meta": {
    "AcquisitionDateTime": "20181106142710.972500",
    "ConversionSoftware": "dicm2nii.m 20210821",
    "DeviceSerialNumber": "166054",
    "EchoTime": 0.00229,
    "FlipAngle": 8,
    "ImageType": [
      "ORIGINAL",
      "PRIMARY",
      "M",
      "ND",
      "NORM"
    ],
    "InstitutionAddress": "Street StreetNo,City,District,IL,ZIP",
    "InstitutionName": "Weizmann Institute",
    "InversionTime": 0.9,
    "MRAcquisitionType": "3D",
    "Manufacturer": "SIEMENS",
    "Modality": "MR",
    "ParallelAcquisitionTechnique": "GRAPPA",
    "ParallelReductionFactorInPlane": 2,
    "PatientAge": "022Y",
    "PatientPosition": "HFS",
    "PatientSex": "F",
    "PatientSize": 1.68,
    "PatientWeight": 43,
    "PhaseEncodingDirection": "j-",
    "RepetitionTime": 2.3,
    "ScanOptions": "IR\\WE",
    "ScanningSequence": "GR\\IR",
    "SequenceName": "*tfl3d1_16ns",
    "SequenceVariant": "SK\\SP\\MP",
    "SeriesDescription": "t1_mprage_sag_p2_iso_water_exc",
    "SeriesNumber": 11,
    "SliceThickness": 0.94,
    "SoftwareVersion": "syngo MR E11",
    "dataset": "ds003791",
    "modality": "T1w",
    "subject_id": "42"
  },
  "cjv": 0.2822431388301358,
  "cnr": 4.659305352714668,
  "efc": 0.5736667795015996,
  "fber": 26393.422610803325,
  "fwhm_avg": 4.290829327482947,
  "fwhm_x": 4.265010649115508,
  "fwhm_y": 4.269461333333334,
  "fwhm_z": 4.338016,
  "icvs_csf": 0.19109359282663976,
  "icvs_gm": 0.468495978328441,
  "icvs_wm": 0.3404104288449193,
  "inu_med": 0.4927689731121063,
  "inu_range": 0.16333891153335578,
  "provenance": {
    "md5sum": "15d4536dd9eeb3adb866318a57dd5b3b",
    "settings": {
      "testing": false
    },
    "software": "mriqc",
    "version": "22.0.6",
    "warnings": {
      "large_rot_frame": true,
      "small_air_mask": false
    },
    "webapi_port": null,
    "webapi_url": "https://mriqc.nimh.nih.gov/api/v1"
  },
  "qi_1": 0.0,
  "qi_2": 0.020652240612263853,
  "rpve_csf": 24.95485945350903,
  "rpve_gm": 11.354969257997116,
  "rpve_wm": 17.598786590115427,
  "size_x": 176,
  "size_y": 256,
  "size_z": 256,
  "snr_csf": 1.9135279645838394,
  "snr_gm": 11.560537553123389,
  "snr_total": 13.637364137859942,
  "snr_wm": 27.438026895872596,
  "snrd_csf": 27.097628912113937,
  "snrd_gm": 81.38338387857515,
  "snrd_total": 76.20369872746613,
  "snrd_wm": 120.13008339170933,
  "spacing_x": 0.9399999976158142,
  "spacing_y": 0.9375,
  "spacing_z": 0.9375,
  "summary_bg_k": 9.15056401869392,
  "summary_bg_mad": 0.0,
  "summary_bg_mean": 3.3846224340379614,
  "summary_bg_median": 0.0,
  "summary_bg_n": 1962586.0,
  "summary_bg_p05": 0.0,
  "summary_bg_p95": 14.580435879528522,
  "summary_bg_stdv": 5.453811052802111,
  "summary_csf_k": 7.154396232493548,
  "summary_csf_mad": 97.70602997132825,
  "summary_csf_mean": 237.52715465475802,
  "summary_csf_median": 225.57950995489955,
  "summary_csf_n": 28304.0,
  "summary_csf_p05": 60.51460398584605,
  "summary_csf_p95": 444.42976627573364,
  "summary_csf_stdv": 117.8846241885434,
  "summary_gm_k": 0.21897282604009716,
  "summary_gm_mad": 57.3932712107345,
  "summary_gm_mean": 677.1115846176965,
  "summary_gm_median": 677.4918910190463,
  "summary_gm_n": 73823.0,
  "summary_gm_p05": 580.2039905637503,
  "summary_gm_p95": 772.971724703908,
  "summary_gm_stdv": 58.60344289933665,
  "summary_wm_k": 0.6809938939872628,
  "summary_wm_mad": 33.64551647623298,
  "summary_wm_mean": 1000.0452983652447,
  "summary_wm_median": 1000.0463667958975,
  "summary_wm_n": 209038.0,
  "summary_wm_p05": 940.7974095493555,
  "summary_wm_p95": 1060.3152591437101,
  "summary_wm_stdv": 36.447372056587625,
  "tpm_overlap_csf": 0.14259055431029594,
  "tpm_overlap_gm": 0.48343783718620215,
  "tpm_overlap_wm": 0.5101233452770985,
  "wm2max": 0.8629090327226178
}