{
  "bids_meta": {
    "AcquisitionDateTime": "20181204141757.717500",
    "ConversionSoftware": "dicm2nii.m 20210821",
    "DeviceSerialNumber": "166054",
    "EchoTime": 0.00229,
    "FlipAngle": 8,
    "ImageType": [
      "ORIGINAL",
      "PRIMARY",
      "M",
      "ND",
      "NORM"
    ],
    "InstitutionAddress": "Street StreetNo,City,District,IL,ZIP",
    "InstitutionName": "Weizmann Institute",
    "InversionTime": 0.9,
    "MRAcquisitionType": "3D",
    "Manufacturer": "SIEMENS",
    "Modality": "MR",
    "ParallelAcquisitionTechnique": "GRAPPA",
    "ParallelReductionFactorInPlane": 2,
    "PatientAge": "029Y",
    "PatientPosition": "HFS",
    "PatientSex": "F",
    "PatientSize": 1.62,
    "PatientWeight": 64,
    "PhaseEncodingDirection": "j-",
    "RepetitionTime": 2.3,
    "ScanOptions": "IR\\WE",
    "ScanningSequence": "GR\\IR",
    "SequenceName": "*tfl3d1_16ns",
    "SequenceVariant": "SK\\SP\\MP",
    "SeriesDescription": "t1_mprage_sag_p2_iso_water_exc",
    "SeriesNumber": 11,
    "SliceThickness": 0.94,
    "SoftwareVersion": "syngo MR E11",
    "dataset": "ds003791",
    "modality": "T1w",
    "subject_id": "05"
  },
  "cjv": 0.3221638188090049,
  "cnr": 4.117513210665198,
  "efc": 0.5998685712122703,
  "fber": 17579.729273469387,
  "fwhm_avg": 4.443559595754391,
  "fwhm_x": 4.543350787263172,
  "fwhm_y": 4.46368,
  "fwhm_z": 4.323648,
  "icvs_csf": 0.2270870006745166,
  "icvs_gm": 0.4341036930904675,
  "icvs_wm": 0.33880930623501593,
  "inu_med": 0.46913331747055054,
  "inu_range": 0.15777884721755986,
  "provenance": {
    "md5sum": "ee3734352ca06bb4952e20b8d495693a",
    "settings": {
      "testing": false
    },
    "software": "mriqc",
    "version": "22.0.6",
    "warnings": {
      "large_rot_frame": true,
      "small_air_mask": false
    },
    "webapi_port": null,
    "webapi_url": "https://mriqc.nimh.nih.gov/api/v1"
  },
  "qi_1": 0.0,
  "qi_2": 0.013237510035837386,
  "rpve_csf": 21.06714181791394,
  "rpve_gm": 11.385931732329473,
  "rpve_wm": 17.00887055581293,
  "size_x": 176,
  "size_y": 256,
  "size_z": 256,
  "snr_csf": 1.9350860399450476,
  "snr_gm": 10.661753377730818,
  "snr_total": 13.603493096044746,
  "snr_wm": 28.213639870458373,
  "snrd_csf": 22.58402947569321,
  "snrd_gm": 73.71772587392013,
  "snrd_total": 67.51646749147214,
  "snrd_wm": 106.2476471248031,
  "spacing_x": 0.940000057220459,
  "spacing_y": 0.9375,
  "spacing_z": 0.9375,
  "summary_bg_k": 7.879327385026107,
  "summary_bg_mad": 0.0,
  "summary_bg_mean": 3.8400411253590576,
  "summary_bg_median": 0.0,
  "summary_bg_n": 1996090.0,
  "summary_bg_p05": 0.0,
  "summary_bg_p95": 16.4322389960289,
  "summary_bg_stdv": 6.166401400314737,
  "summary_csf_k": 0.7637855223702852,
  "summary_csf_mad": 100.95862183574249,
  "summary_csf_mean": 228.1113711497205,
  "summary_csf_median": 212.5697655994445,
  "summary_csf_n": 50052.0,
  "summary_csf_p05": 73.6771585419774,
  "summary_csf_p95": 438.32216097498303,
  "summary_csf_stdv": 109.8491941503786,
  "summary_gm_k": 0.010592381120090533,
  "summary_gm_mad": 64.21630372502965,
  "summary_gm_mean": 694.0999216151657,
  "summary_gm_median": 693.8602221719921,
  "summary_gm_n": 46513.0,
  "summary_gm_p05": 586.6398627229034,
  "summary_gm_p95": 800.9153661746532,
  "summary_gm_stdv": 65.07867315743734,
  "summary_wm_k": 0.3504332862780686,
  "summary_wm_mad": 34.42523498661383,
  "summary_wm_mean": 999.9373815650694,
  "summary_wm_median": 1000.0446319431067,
  "summary_wm_n": 213538.0,
  "summary_wm_p05": 942.0182879883796,
  "summary_wm_p95": 1057.0216345489025,
  "summary_wm_stdv": 35.4453482402089,
  "tpm_overlap_csf": 0.16588920678289268,
  "tpm_overlap_gm": 0.4765556714017527,
  "tpm_overlap_wm": 0.5053865803453172,
  "wm2max": 0.9075105861377313
}