{
  "bids_meta": {
    "AcquisitionDateTime": "20190122123911.997500",
    "ConversionSoftware": "dicm2nii.m 20210821",
    "DeviceSerialNumber": "166054",
    "EchoTime": 0.00229,
    "FlipAngle": 8,
    "ImageType": [
      "ORIGINAL",
      "PRIMARY",
      "M",
      "ND",
      "NORM"
    ],
    "InstitutionAddress": "Street StreetNo,City,District,IL,ZIP",
    "InstitutionName": "Weizmann Institute",
    "InversionTime": 0.9,
    "MRAcquisitionType": "3D",
    "Manufacturer": "SIEMENS",
    "Modality": "MR",
    "ParallelAcquisitionTechnique": "GRAPPA",
    "ParallelReductionFactorInPlane": 2,
    "PatientAge": "021Y",
    "PatientPosition": "HFS",
    "PatientSex": "F",
    "PatientSize": 1.72,
    "PatientWeight": 74,
    "PhaseEncodingDirection": "j-",
    "RepetitionTime": 2.3,
    "ScanOptions": "IR\\WE",
    "ScanningSequence": "GR\\IR",
    "SequenceName": "*tfl3d1_16ns",
    "SequenceVariant": "SK\\SP\\MP",
    "SeriesDescription": "t1_mprage_sag_p2_iso_water_exc",
    "SeriesNumber": 11,
    "SliceThickness": 0.94,
    "SoftwareVersion": "syngo MR E11",
    "dataset": "ds003791",
    "modality": "T1w",
    "subject_id": "33"
  },
  "cjv": 0.2963512076054066,
  "cnr": 4.480112549700361,
  "efc": 0.5806310803522434,
  "fber": 40293.44962489925,
  "fwhm_avg": 4.325620391380416,
  "fwhm_x": 4.3450638408079145,
  "fwhm_y": 4.248021333333333,
  "fwhm_z": 4.383776,
  "icvs_csf": 0.19682838561352653,
  "icvs_gm": 0.4466443442803044,
  "icvs_wm": 0.3565272701061691,
  "inu_med": 0.43640658259391785,
  "inu_range": 0.1286983668804168,
  "provenance": {
    "md5sum": "e6ff6fba36a97e9aaf288c64f5127bda",
    "settings": {
      "testing": false
    },
    "software": "mriqc",
    "version": "22.0.6",
    "warnings": {
      "large_rot_frame": true,
      "small_air_mask": false
    },
    "webapi_port": null,
    "webapi_url": "https://mriqc.nimh.nih.gov/api/v1"
  },
  "qi_1": 0.0,
  "qi_2": 0.03112055320403115,
  "rpve_csf": 21.883708418057676,
  "rpve_gm": 10.58282419717209,
  "rpve_wm": 15.701097298156911,
  "size_x": 176,
  "size_y": 256,
  "size_z": 256,
  "snr_csf": 2.0590321538927245,
  "snr_gm": 10.422961324581312,
  "snr_total": 14.325954413792743,
  "snr_wm": 30.49586976290419,
  "snrd_csf": 31.791592013045992,
  "snrd_gm": 91.34347684072199,
  "snrd_total": 86.19781202997497,
  "snrd_wm": 135.4583672361569,
  "spacing_x": 0.9399999976158142,
  "spacing_y": 0.9375,
  "spacing_z": 0.9375,
  "summary_bg_k": 15.41479658505817,
  "summary_bg_mad": 0.0,
  "summary_bg_mean": 2.6877080538548097,
  "summary_bg_median": 0.0,
  "summary_bg_n": 2505353.0,
  "summary_bg_p05": 0.0,
  "summary_bg_p95": 12.536659371107817,
  "summary_bg_stdv": 4.836640558849166,
  "summary_csf_k": 0.7103116411375376,
  "summary_csf_mad": 98.21649815565581,
  "summary_csf_mean": 245.5652894203674,
  "summary_csf_median": 234.70609076321125,
  "summary_csf_n": 38090.0,
  "summary_csf_p05": 64.14969358593225,
  "summary_csf_p95": 452.5703052757307,
  "summary_csf_stdv": 113.98705423720494,
  "summary_gm_k": 0.01991587728516908,
  "summary_gm_mad": 64.548831835424,
  "summary_gm_mean": 674.0902904054001,
  "summary_gm_median": 674.3566147051752,
  "summary_gm_n": 58910.0,
  "summary_gm_p05": 568.0118715390563,
  "summary_gm_p95": 780.2170338807626,
  "summary_gm_stdv": 64.69858901548467,
  "summary_wm_k": 0.4065938521315968,
  "summary_wm_mad": 31.96820703803731,
  "summary_wm_mean": 999.5888166134191,
  "summary_wm_median": 1000.0412631779909,
  "summary_wm_n": 253464.0,
  "summary_wm_p05": 945.5160889774561,
  "summary_wm_p95": 1051.9227925688028,
  "summary_wm_stdv": 32.79261415407753,
  "tpm_overlap_csf": 0.15927117825054127,
  "tpm_overlap_gm": 0.4835009072873342,
  "tpm_overlap_wm": 0.5219753769203834,
  "wm2max": 0.9206548399977184
}