{
  "bids_meta": {
    "AcquisitionDateTime": "20181113161517.972500",
    "ConversionSoftware": "dicm2nii.m 20210821",
    "DeviceSerialNumber": "166054",
    "EchoTime": 0.00229,
    "FlipAngle": 8,
    "ImageType": [
      "ORIGINAL",
      "PRIMARY",
      "M",
      "ND",
      "NORM"
    ],
    "InstitutionAddress": "Street StreetNo,City,District,IL,ZIP",
    "InstitutionName": "Weizmann Institute",
    "InversionTime": 0.9,
    "MRAcquisitionType": "3D",
    "Manufacturer": "SIEMENS",
    "Modality": "MR",
    "ParallelAcquisitionTechnique": "GRAPPA",
    "ParallelReductionFactorInPlane": 2,
    "PatientAge": "023Y",
    "PatientPosition": "HFS",
    "PatientSex": "F",
    "PatientSize": 1.65,
    "PatientWeight": 64,
    "PhaseEncodingDirection": "j-",
    "RepetitionTime": 2.3,
    "ScanOptions": "IR\\WE",
    "ScanningSequence": "GR\\IR",
    "SequenceName": "*tfl3d1_16ns",
    "SequenceVariant": "SK\\SP\\MP",
    "SeriesDescription": "t1_mprage_sag_p2_iso_water_exc",
    "SeriesNumber": 11,
    "SliceThickness": 0.94,
    "SoftwareVersion": "syngo MR E11",
    "dataset": "ds003791",
    "modality": "T1w",
    "subject_id": "34"
  },
  "cjv": 0.33780114989246557,
  "cnr": 3.916249118035957,
  "efc": 0.5955328331782529,
  "fber": 22456.90688084908,
  "fwhm_avg": 4.462889679345518,
  "fwhm_x": 4.385010371369887,
  "fwhm_y": 4.478122666666667,
  "fwhm_z": 4.525536,
  "icvs_csf": 0.2308277394185023,
  "icvs_gm": 0.417643925166365,
  "icvs_wm": 0.3515283354151327,
  "inu_med": 0.4426370859146118,
  "inu_range": 0.13936930894851685,
  "provenance": {
    "md5sum": "63a4504299cb9b270f0c81eddcb0e984",
    "settings": {
      "testing": false
    },
    "software": "mriqc",
    "version": "22.0.6",
    "warnings": {
      "large_rot_frame": true,
      "small_air_mask": false
    },
    "webapi_port": null,
    "webapi_url": "https://mriqc.nimh.nih.gov/api/v1"
  },
  "qi_1": 0.0,
  "qi_2": 0.01793905982900995,
  "rpve_csf": 18.82734546556777,
  "rpve_gm": 10.570494448771798,
  "rpve_wm": 14.975052312199205,
  "size_x": 176,
  "size_y": 256,
  "size_z": 256,
  "snr_csf": 2.1866428454679387,
  "snr_gm": 10.626954778747836,
  "snr_total": 13.645275810858367,
  "snr_wm": 28.122229808359325,
  "snrd_csf": 29.815623232134612,
  "snrd_gm": 91.15753258970543,
  "snrd_total": 83.44516434287131,
  "snrd_wm": 129.36233720677387,
  "spacing_x": 0.940000057220459,
  "spacing_y": 0.9375,
  "spacing_z": 0.9375,
  "summary_bg_k": 10.699132045824983,
  "summary_bg_mad": 0.0,
  "summary_bg_mean": 3.024052719820752,
  "summary_bg_median": 0.0,
  "summary_bg_n": 1795317.0,
  "summary_bg_p05": 0.0,
  "summary_bg_p95": 13.279079021885991,
  "summary_bg_stdv": 5.064573337955082,
  "summary_csf_k": 0.7708064153416752,
  "summary_csf_mad": 90.42669941508323,
  "summary_csf_mean": 243.89358943398528,
  "summary_csf_median": 230.49155943095684,
  "summary_csf_n": 58172.0,
  "summary_csf_p05": 82.78094731271267,
  "summary_csf_p95": 441.38171061873436,
  "summary_csf_stdv": 105.40796764272913,
  "summary_gm_k": 0.041714146292028076,
  "summary_gm_mad": 65.58206105355032,
  "summary_gm_mean": 702.0518872796573,
  "summary_gm_median": 704.6990658855066,
  "summary_gm_n": 49566.0,
  "summary_gm_p05": 587.2765672858804,
  "summary_gm_p95": 807.6994345919229,
  "summary_gm_stdv": 66.31174892781098,
  "summary_wm_k": 0.6211267984188549,
  "summary_wm_mad": 34.185703437409515,
  "summary_wm_mean": 1000.4515503185462,
  "summary_wm_median": 1000.043722121045,
  "summary_wm_n": 262245.0,
  "summary_wm_p05": 943.0990059860051,
  "summary_wm_p95": 1058.4322919882834,
  "summary_wm_stdv": 35.56054488696909,
  "tpm_overlap_csf": 0.15618435258683647,
  "tpm_overlap_gm": 0.4720302504149848,
  "tpm_overlap_wm": 0.5126847644527884,
  "wm2max": 0.9113285749393953
}