{
  "aor": 0.001170597609561753,
  "aqi": 0.003098181952191235,
  "bids_meta": {
    "AcquisitionDateTime": "20181213152410.517500",
    "ConversionSoftware": "dicm2nii.m 20210821",
    "DeviceSerialNumber": "166054",
    "EchoTime": 0.03,
    "EffectiveEchoSpacing": 0.00050999592,
    "FlipAngle": 75,
    "ImageType": [
      "ORIGINAL",
      "PRIMARY",
      "M",
      "MB",
      "ND",
      "MOSAIC"
    ],
    "InstitutionAddress": "Street StreetNo,City,District,IL,ZIP",
    "InstitutionName": "Weizmann Institute",
    "MRAcquisitionType": "2D",
    "Manufacturer": "SIEMENS",
    "Modality": "MR",
    "ParallelAcquisitionTechnique": "none",
    "ParallelReductionFactorInPlane": 1,
    "PatientAge": "027Y",
    "PatientPosition": "HFS",
    "PatientSex": "M",
    "PatientSize": 1.78,
    "PatientWeight": 78,
    "PhaseEncodingDirection": "j-",
    "RepetitionTime": 2,
    "ScanOptions": "FS",
    "ScanningSequence": "EP",
    "SequenceName": "epfid2d1_96",
    "SequenceVariant": "SK\\SS",
    "SeriesDescription": "EPI_PSAP_iso2.5",
    "SeriesNumber": 14,
    "SliceThickness": 2.5,
    "SliceTiming": [
      0,
      0.9175,
      1.8375,
      0.7775,
      1.695,
      0.635,
      1.555,
      0.495,
      1.4125,
      0.3525,
      1.2725,
      0.2125,
      1.13,
      0.07,
      0.99,
      1.9075,
      0.8475,
      1.7675,
      0.7075,
      1.625,
      0.565,
      1.485,
      0.4225,
      1.3425,
      0.2825,
      1.2025,
      0.14,
      1.06,
      0,
      0.9175,
      1.8375,
      0.7775,
      1.695,
      0.635,
      1.555,
      0.495,
      1.4125,
      0.3525,
      1.2725,
      0.2125,
      1.13,
      0.07,
      0.99,
      1.9075,
      0.8475,
      1.7675,
      0.7075,
      1.625,
      0.565,
      1.485,
      0.4225,
      1.3425,
      0.2825,
      1.2025,
      0.14,
      1.06
    ],
    "SoftwareVersion": "syngo MR E11",
    "TaskName": "PSAP",
    "TotalReadoutTime": 0.048449612,
    "dataset": "ds003791",
    "modality": "bold",
    "run_id": 3,
    "subject_id": "09",
    "task_id": "PSAP"
  },
  "dummy_trs": 1,
  "dvars_nstd": 22.25754982712001,
  "dvars_std": 1.1457823930399993,
  "dvars_vstd": 0.9854960849200001,
  "efc": 0.5052560092122861,
  "fber": 569.5809936523438,
  "fd_mean": 0.12502008248357488,
  "fd_num": 25,
  "fd_perc": 9.9601593625498,
  "fwhm_avg": 3.0648613333333334,
  "fwhm_x": 2.883408,
  "fwhm_y": 3.105392,
  "fwhm_z": 3.205784,
  "gcor": 0.0130076,
  "gsr_x": -0.04665657877922058,
  "gsr_y": 0.10679323226213455,
  "provenance": {
    "md5sum": "9888a51c341163470b38ffa2141ab0df",
    "settings": {
      "fd_thres": 0.2,
      "testing": false
    },
    "software": "mriqc",
    "version": "22.0.6",
    "webapi_port": null,
    "webapi_url": "https://mriqc.nimh.nih.gov/api/v1"
  },
  "size_t": 251,
  "size_x": 96,
  "size_y": 96,
  "size_z": 56,
  "snr": 2.158318158947171,
  "spacing_tr": 2.0,
  "spacing_x": 2.5,
  "spacing_y": 2.5,
  "spacing_z": 2.5,
  "summary_bg_k": 25.161702732004823,
  "summary_bg_mad": 73.32089642705095,
  "summary_bg_mean": 634.8646850585938,
  "summary_bg_median": 259.011962890625,
  "summary_bg_n": 362031.0,
  "summary_bg_p05": 204.21514892578125,
  "summary_bg_p95": 2613.5279541015625,
  "summary_bg_stdv": 1025.1534423828125,
  "summary_fg_k": 1.9854627989016995,
  "summary_fg_mad": 2545.7224816299363,
  "summary_fg_mean": 6852.9658203125,
  "summary_fg_median": 6288.37451171875,
  "summary_fg_n": 82416.0,
  "summary_fg_p05": 3221.6474609375,
  "summary_fg_p95": 12467.956787109375,
  "summary_fg_stdv": 2913.535400390625,
  "tsnr": 72.51315229362808
}