{
  "aor": 0.0012645454545454548,
  "aqi": 0.0024158569565217386,
  "bids_meta": {
    "AcquisitionDateTime": "20181213150749.532500",
    "ConversionSoftware": "dicm2nii.m 20210821",
    "DeviceSerialNumber": "166054",
    "EchoTime": 0.03,
    "EffectiveEchoSpacing": 0.00050999592,
    "FlipAngle": 75,
    "ImageType": [
      "ORIGINAL",
      "PRIMARY",
      "M",
      "MB",
      "ND",
      "MOSAIC"
    ],
    "InstitutionAddress": "Street StreetNo,City,District,IL,ZIP",
    "InstitutionName": "Weizmann Institute",
    "MRAcquisitionType": "2D",
    "Manufacturer": "SIEMENS",
    "Modality": "MR",
    "ParallelAcquisitionTechnique": "none",
    "ParallelReductionFactorInPlane": 1,
    "PatientAge": "027Y",
    "PatientPosition": "HFS",
    "PatientSex": "M",
    "PatientSize": 1.78,
    "PatientWeight": 78,
    "PhaseEncodingDirection": "j-",
    "RepetitionTime": 2,
    "ScanOptions": "FS",
    "ScanningSequence": "EP",
    "SequenceName": "epfid2d1_96",
    "SequenceVariant": "SK\\SS",
    "SeriesDescription": "EPI_PSAP_iso2.5",
    "SeriesNumber": 11,
    "SliceThickness": 2.5,
    "SliceTiming": [
      0,
      0.9175,
      1.8375,
      0.7775,
      1.6975,
      0.635,
      1.555,
      0.495,
      1.4125,
      0.3525,
      1.2725,
      0.2125,
      1.13,
      0.07,
      0.99,
      1.9075,
      0.8475,
      1.7675,
      0.7075,
      1.625,
      0.565,
      1.485,
      0.4225,
      1.3425,
      0.2825,
      1.2025,
      0.14,
      1.06,
      0,
      0.9175,
      1.8375,
      0.7775,
      1.6975,
      0.635,
      1.555,
      0.495,
      1.4125,
      0.3525,
      1.2725,
      0.2125,
      1.13,
      0.07,
      0.99,
      1.9075,
      0.8475,
      1.7675,
      0.7075,
      1.625,
      0.565,
      1.485,
      0.4225,
      1.3425,
      0.2825,
      1.2025,
      0.14,
      1.06
    ],
    "SoftwareVersion": "syngo MR E11",
    "TaskName": "PSAP",
    "TotalReadoutTime": 0.048449612,
    "dataset": "ds003791",
    "modality": "bold",
    "run_id": 2,
    "subject_id": "09",
    "task_id": "PSAP"
  },
  "dummy_trs": 1,
  "dvars_nstd": 21.245433716666664,
  "dvars_std": 1.1530180213095242,
  "dvars_vstd": 0.9967186661904758,
  "efc": 0.5041113454769816,
  "fber": 582.3765258789062,
  "fd_mean": 0.10330829173501849,
  "fd_num": 5,
  "fd_perc": 1.976284584980237,
  "fwhm_avg": 3.052092,
  "fwhm_x": 2.8595800000000002,
  "fwhm_y": 3.08562,
  "fwhm_z": 3.211076,
  "gcor": 0.00970518,
  "gsr_x": -0.04542543739080429,
  "gsr_y": 0.10544994473457336,
  "provenance": {
    "md5sum": "2f7ee612988caddacc5c5a8367e93404",
    "settings": {
      "fd_thres": 0.2,
      "testing": false
    },
    "software": "mriqc",
    "version": "22.0.6",
    "webapi_port": null,
    "webapi_url": "https://mriqc.nimh.nih.gov/api/v1"
  },
  "size_t": 253,
  "size_x": 96,
  "size_y": 96,
  "size_z": 56,
  "snr": 2.1793681991291907,
  "spacing_tr": 2.0,
  "spacing_x": 2.5,
  "spacing_y": 2.5,
  "spacing_z": 2.5,
  "summary_bg_k": 25.450809513812622,
  "summary_bg_mad": 70.75471142866893,
  "summary_bg_mean": 626.4049682617188,
  "summary_bg_median": 255.9842071533203,
  "summary_bg_n": 362772.0,
  "summary_bg_p05": 203.1936798095703,
  "summary_bg_p95": 2574.2741821289064,
  "summary_bg_stdv": 1010.7485961914062,
  "summary_fg_k": 2.0127353438148328,
  "summary_fg_mad": 2506.552608808749,
  "summary_fg_mean": 6846.29541015625,
  "summary_fg_median": 6279.162109375,
  "summary_fg_n": 81781.0,
  "summary_fg_p05": 3265.27685546875,
  "summary_fg_p95": 12401.806640625,
  "summary_fg_stdv": 2881.1669921875,
  "tsnr": 76.92155938129872
}