{
  "aor": 0.0007846963562753036,
  "aqi": 0.0028159846558704457,
  "bids_meta": {
    "AcquisitionDateTime": "20181213153626.577500",
    "ConversionSoftware": "dicm2nii.m 20210821",
    "DeviceSerialNumber": "166054",
    "EchoTime": 0.03,
    "EffectiveEchoSpacing": 0.00050999592,
    "FlipAngle": 75,
    "ImageType": [
      "ORIGINAL",
      "PRIMARY",
      "M",
      "MB",
      "ND",
      "MOSAIC"
    ],
    "InstitutionAddress": "Street StreetNo,City,District,IL,ZIP",
    "InstitutionName": "Weizmann Institute",
    "MRAcquisitionType": "2D",
    "Manufacturer": "SIEMENS",
    "Modality": "MR",
    "ParallelAcquisitionTechnique": "none",
    "ParallelReductionFactorInPlane": 1,
    "PatientAge": "027Y",
    "PatientPosition": "HFS",
    "PatientSex": "M",
    "PatientSize": 1.78,
    "PatientWeight": 78,
    "PhaseEncodingDirection": "j-",
    "RepetitionTime": 2,
    "ScanOptions": "FS",
    "ScanningSequence": "EP",
    "SequenceName": "epfid2d1_96",
    "SequenceVariant": "SK\\SS",
    "SeriesDescription": "EPI_PSAP_iso2.5",
    "SeriesNumber": 18,
    "SliceThickness": 2.5,
    "SliceTiming": [
      0,
      0.92,
      1.8375,
      0.7775,
      1.6975,
      0.6375,
      1.555,
      0.495,
      1.415,
      0.3525,
      1.2725,
      0.2125,
      1.1325,
      0.07,
      0.99,
      1.91,
      0.8475,
      1.7675,
      0.7075,
      1.625,
      0.565,
      1.485,
      0.425,
      1.3425,
      0.2825,
      1.2025,
      0.1425,
      1.06,
      0,
      0.92,
      1.8375,
      0.7775,
      1.6975,
      0.6375,
      1.555,
      0.495,
      1.415,
      0.3525,
      1.2725,
      0.2125,
      1.1325,
      0.07,
      0.99,
      1.91,
      0.8475,
      1.7675,
      0.7075,
      1.625,
      0.565,
      1.485,
      0.425,
      1.3425,
      0.2825,
      1.2025,
      0.1425,
      1.06
    ],
    "SoftwareVersion": "syngo MR E11",
    "TaskName": "PSAP",
    "TotalReadoutTime": 0.048449612,
    "dataset": "ds003791",
    "modality": "bold",
    "run_id": 4,
    "subject_id": "09",
    "task_id": "PSAP"
  },
  "dummy_trs": 1,
  "dvars_nstd": 22.229757037601626,
  "dvars_std": 1.1447421413008128,
  "dvars_vstd": 0.9845691938617885,
  "efc": 0.5061409753926932,
  "fber": 560.080322265625,
  "fd_mean": 0.11987953055624627,
  "fd_num": 21,
  "fd_perc": 8.502024291497976,
  "fwhm_avg": 3.0614026666666665,
  "fwhm_x": 2.8753640000000003,
  "fwhm_y": 3.105092,
  "fwhm_z": 3.203752,
  "gcor": 0.0128867,
  "gsr_x": -0.0468696765601635,
  "gsr_y": 0.10663088411092758,
  "provenance": {
    "md5sum": "8f4bfe7e9e59466100b5e592278850c2",
    "settings": {
      "fd_thres": 0.2,
      "testing": false
    },
    "software": "mriqc",
    "version": "22.0.6",
    "webapi_port": null,
    "webapi_url": "https://mriqc.nimh.nih.gov/api/v1"
  },
  "size_t": 247,
  "size_x": 96,
  "size_y": 96,
  "size_z": 56,
  "snr": 2.1501026315882417,
  "spacing_tr": 2.0,
  "spacing_x": 2.5,
  "spacing_y": 2.5,
  "spacing_z": 2.5,
  "summary_bg_k": 24.589106952163124,
  "summary_bg_mad": 75.94884143606103,
  "summary_bg_mean": 644.6761474609375,
  "summary_bg_median": 261.2631530761719,
  "summary_bg_n": 362486.0,
  "summary_bg_p05": 204.5263214111328,
  "summary_bg_p95": 2658.8037109375,
  "summary_bg_stdv": 1042.103271484375,
  "summary_fg_k": 2.10983402750651,
  "summary_fg_mad": 2556.267562301744,
  "summary_fg_mean": 6864.34619140625,
  "summary_fg_median": 6291.94775390625,
  "summary_fg_n": 82190.0,
  "summary_fg_p05": 3236.624853515625,
  "summary_fg_p95": 12477.31181640625,
  "summary_fg_stdv": 2926.329833984375,
  "tsnr": 73.80041519645602
}