{
  "aor": 0.0009181153846153845,
  "aqi": 0.002968430538461538,
  "bids_meta": {
    "AcquisitionDateTime": "20181108130741.500000",
    "ConversionSoftware": "dicm2nii.m 20210821",
    "DeviceSerialNumber": "166054",
    "EchoTime": 0.03,
    "EffectiveEchoSpacing": 0.00050999592,
    "FlipAngle": 75,
    "ImageType": [
      "ORIGINAL",
      "PRIMARY",
      "M",
      "MB",
      "ND",
      "MOSAIC"
    ],
    "InstitutionAddress": "Street StreetNo,City,District,IL,ZIP",
    "InstitutionName": "Weizmann Institute",
    "MRAcquisitionType": "2D",
    "Manufacturer": "SIEMENS",
    "Modality": "MR",
    "ParallelAcquisitionTechnique": "none",
    "ParallelReductionFactorInPlane": 1,
    "PatientAge": "033Y",
    "PatientPosition": "HFS",
    "PatientSex": "F",
    "PatientSize": 1.6,
    "PatientWeight": 50,
    "PhaseEncodingDirection": "j-",
    "RepetitionTime": 2,
    "ScanOptions": "FS",
    "ScanningSequence": "EP",
    "SequenceName": "epfid2d1_96",
    "SequenceVariant": "SK\\SS",
    "SeriesDescription": "EPI_PSAP_iso2.5",
    "SeriesNumber": 13,
    "SliceThickness": 2.5,
    "SliceTiming": [
      0,
      0.9175,
      1.8375,
      0.7775,
      1.695,
      0.635,
      1.555,
      0.495,
      1.4125,
      0.3525,
      1.2725,
      0.21,
      1.13,
      0.07,
      0.99,
      1.9075,
      0.8475,
      1.7675,
      0.705,
      1.625,
      0.565,
      1.485,
      0.4225,
      1.3425,
      0.2825,
      1.2,
      0.14,
      1.06,
      0,
      0.9175,
      1.8375,
      0.7775,
      1.695,
      0.635,
      1.555,
      0.495,
      1.4125,
      0.3525,
      1.2725,
      0.21,
      1.13,
      0.07,
      0.99,
      1.9075,
      0.8475,
      1.7675,
      0.705,
      1.625,
      0.565,
      1.485,
      0.4225,
      1.3425,
      0.2825,
      1.2,
      0.14,
      1.06
    ],
    "SoftwareVersion": "syngo MR E11",
    "TaskName": "PSAP",
    "TotalReadoutTime": 0.048449612,
    "dataset": "ds003791",
    "modality": "bold",
    "run_id": 3,
    "subject_id": "35",
    "task_id": "PSAP"
  },
  "dummy_trs": 0,
  "dvars_nstd": 26.355661046293445,
  "dvars_std": 1.3356095000000006,
  "dvars_vstd": 0.9789033805405399,
  "efc": 0.4587503569605696,
  "fber": 777.5066528320312,
  "fd_mean": 0.07246049915790885,
  "fd_num": 3,
  "fd_perc": 1.1538461538461537,
  "fwhm_avg": 3.263968,
  "fwhm_x": 3.033424,
  "fwhm_y": 3.39878,
  "fwhm_z": 3.3597,
  "gcor": 0.0259999,
  "gsr_x": -0.01473427563905716,
  "gsr_y": 0.0334593690931797,
  "provenance": {
    "md5sum": "277874101911d02f4533cfc543209aa9",
    "settings": {
      "fd_thres": 0.2,
      "testing": false
    },
    "software": "mriqc",
    "version": "22.0.6",
    "webapi_port": null,
    "webapi_url": "https://mriqc.nimh.nih.gov/api/v1"
  },
  "size_t": 260,
  "size_x": 96,
  "size_y": 96,
  "size_z": 56,
  "snr": 2.320062490354249,
  "spacing_tr": 2.0,
  "spacing_x": 2.5,
  "spacing_y": 2.5,
  "spacing_z": 2.5,
  "summary_bg_k": 32.1482316346099,
  "summary_bg_mad": 44.54077671980578,
  "summary_bg_mean": 460.0789489746094,
  "summary_bg_median": 225.65383911132812,
  "summary_bg_n": 380809.0,
  "summary_bg_p05": 190.5730743408203,
  "summary_bg_p95": 1645.8615478515612,
  "summary_bg_stdv": 724.2457885742188,
  "summary_fg_k": 1.5890101288663487,
  "summary_fg_mad": 2207.8459059768243,
  "summary_fg_mean": 6926.853515625,
  "summary_fg_median": 6309.0615234375,
  "summary_fg_n": 68861.0,
  "summary_fg_p05": 3715.130859375,
  "summary_fg_p95": 12446.4111328125,
  "summary_fg_stdv": 2719.330078125,
  "tsnr": 76.17468584794551
}