{
  "bids_meta": {
    "AcquisitionDateTime": "20181205131722.980000",
    "ConversionSoftware": "dicm2nii.m 20210821",
    "DeviceSerialNumber": "166054",
    "EchoTime": 0.00229,
    "FlipAngle": 8,
    "ImageType": [
      "ORIGINAL",
      "PRIMARY",
      "M",
      "ND",
      "NORM"
    ],
    "InstitutionAddress": "Street StreetNo,City,District,IL,ZIP",
    "InstitutionName": "Weizmann Institute",
    "InversionTime": 0.9,
    "MRAcquisitionType": "3D",
    "Manufacturer": "SIEMENS",
    "Modality": "MR",
    "ParallelAcquisitionTechnique": "GRAPPA",
    "ParallelReductionFactorInPlane": 2,
    "PatientAge": "025Y",
    "PatientPosition": "HFS",
    "PatientSex": "M",
    "PatientSize": 1.73,
    "PatientWeight": 74,
    "PhaseEncodingDirection": "j-",
    "RepetitionTime": 2.3,
    "ScanOptions": "IR\\WE",
    "ScanningSequence": "GR\\IR",
    "SequenceName": "*tfl3d1_16ns",
    "SequenceVariant": "SK\\SP\\MP",
    "SeriesDescription": "t1_mprage_sag_p2_iso_water_exc",
    "SeriesNumber": 11,
    "SliceThickness": 0.94,
    "SoftwareVersion": "syngo MR E11",
    "dataset": "ds003791",
    "modality": "T1w",
    "subject_id": "12"
  },
  "cjv": 0.3325295386174433,
  "cnr": 4.010996551175533,
  "efc": 0.5891814300622202,
  "fber": 5102.219836872884,
  "fwhm_avg": 4.42404688881122,
  "fwhm_x": 4.431148666433659,
  "fwhm_y": 4.414592,
  "fwhm_z": 4.4264,
  "icvs_csf": 0.21322598097266696,
  "icvs_gm": 0.4392766770493164,
  "icvs_wm": 0.3474973419780167,
  "inu_med": 0.4612759053707123,
  "inu_range": 0.17477699518203738,
  "provenance": {
    "md5sum": "f94524a3a2ee479d4b925059ed423d55",
    "settings": {
      "testing": false
    },
    "software": "mriqc",
    "version": "22.0.6",
    "warnings": {
      "large_rot_frame": false,
      "small_air_mask": false
    },
    "webapi_port": null,
    "webapi_url": "https://mriqc.nimh.nih.gov/api/v1"
  },
  "qi_1": 0.0,
  "qi_2": 0.019699094883529614,
  "rpve_csf": 18.871302408195298,
  "rpve_gm": 9.75448417655856,
  "rpve_wm": 14.438547609403136,
  "size_x": 176,
  "size_y": 256,
  "size_z": 256,
  "snr_csf": 2.261673363725177,
  "snr_gm": 11.434599153958024,
  "snr_total": 13.618296076383993,
  "snr_wm": 27.15861571146878,
  "snrd_csf": 27.763895113567493,
  "snrd_gm": 78.4057247595812,
  "snrd_total": 72.22088268071604,
  "snrd_wm": 110.49302816899943,
  "spacing_x": 0.940000057220459,
  "spacing_y": 0.9375,
  "spacing_z": 0.9375,
  "summary_bg_k": 12.424670891130075,
  "summary_bg_mad": 0.0,
  "summary_bg_mean": 3.417623887632465,
  "summary_bg_median": 0.0,
  "summary_bg_n": 2081161.0,
  "summary_bg_p05": 0.0,
  "summary_bg_p95": 15.230654515326023,
  "summary_bg_stdv": 5.929470571956929,
  "summary_csf_k": 0.4940423295053109,
  "summary_csf_mad": 100.60584830133419,
  "summary_csf_mean": 259.6547852165515,
  "summary_csf_median": 251.28385331481695,
  "summary_csf_n": 43961.0,
  "summary_csf_p05": 83.57108414173126,
  "summary_csf_p95": 461.22108832001686,
  "summary_csf_stdv": 111.104016741433,
  "summary_gm_k": 0.07337878177406276,
  "summary_gm_mad": 61.463275369088066,
  "summary_gm_mean": 708.4328579942177,
  "summary_gm_median": 709.6299909986556,
  "summary_gm_n": 56927.0,
  "summary_gm_p05": 604.3607107196003,
  "summary_gm_p95": 807.5472982767968,
  "summary_gm_stdv": 62.05934712794912,
  "summary_wm_k": 0.4687770062192773,
  "summary_wm_mad": 35.10792701071785,
  "summary_wm_mean": 999.4110295700776,
  "summary_wm_median": 1000.0438976287842,
  "summary_wm_n": 261328.0,
  "summary_wm_p05": 938.6384634301066,
  "summary_wm_p95": 1059.1230358928442,
  "summary_wm_stdv": 36.82227381774486,
  "tpm_overlap_csf": 0.16759537360756124,
  "tpm_overlap_gm": 0.48092801290343906,
  "tpm_overlap_wm": 0.52080934437393,
  "wm2max": 0.904704406329153
}