{
  "aor": 0.009877707509881423,
  "aqi": 0.011223663201581028,
  "bids_meta": {
    "AcquisitionDateTime": "20190102120406.027500",
    "ConversionSoftware": "dicm2nii.m 20210821",
    "DeviceSerialNumber": "166054",
    "EchoTime": 0.03,
    "EffectiveEchoSpacing": 0.00050999592,
    "FlipAngle": 75,
    "ImageType": [
      "ORIGINAL",
      "PRIMARY",
      "M",
      "MB",
      "ND",
      "MOSAIC"
    ],
    "InstitutionAddress": "Street StreetNo,City,District,IL,ZIP",
    "InstitutionName": "Weizmann Institute",
    "MRAcquisitionType": "2D",
    "Manufacturer": "SIEMENS",
    "Modality": "MR",
    "ParallelAcquisitionTechnique": "none",
    "ParallelReductionFactorInPlane": 1,
    "PatientAge": "019Y",
    "PatientPosition": "HFS",
    "PatientSex": "M",
    "PatientSize": 1.84,
    "PatientWeight": 70,
    "PhaseEncodingDirection": "j-",
    "RepetitionTime": 2,
    "ScanOptions": "FS",
    "ScanningSequence": "EP",
    "SequenceName": "epfid2d1_96",
    "SequenceVariant": "SK\\SS",
    "SeriesDescription": "EPI_PSAP_iso2.5",
    "SeriesNumber": 6,
    "SliceThickness": 2.5,
    "SliceTiming": [
      0,
      0.92,
      1.84,
      0.7775,
      1.6975,
      0.6375,
      1.5575,
      0.495,
      1.415,
      0.355,
      1.2725,
      0.2125,
      1.1325,
      0.0725,
      0.99,
      1.91,
      0.85,
      1.7675,
      0.7075,
      1.6275,
      0.5675,
      1.485,
      0.425,
      1.345,
      0.2825,
      1.2025,
      0.1425,
      1.0625,
      0,
      0.92,
      1.84,
      0.7775,
      1.6975,
      0.6375,
      1.5575,
      0.495,
      1.415,
      0.355,
      1.2725,
      0.2125,
      1.1325,
      0.0725,
      0.99,
      1.91,
      0.85,
      1.7675,
      0.7075,
      1.6275,
      0.5675,
      1.485,
      0.425,
      1.345,
      0.2825,
      1.2025,
      0.1425,
      1.0625
    ],
    "SoftwareVersion": "syngo MR E11",
    "TaskName": "PSAP",
    "TotalReadoutTime": 0.048449612,
    "dataset": "ds003791",
    "modality": "bold",
    "run_id": 1,
    "subject_id": "48",
    "task_id": "PSAP"
  },
  "dummy_trs": 0,
  "dvars_nstd": 37.08153061646823,
  "dvars_std": 0.9743692002380955,
  "dvars_vstd": 0.9003112757142859,
  "efc": 0.4895748962680369,
  "fber": 667.2825927734375,
  "fd_mean": 0.2820529480469809,
  "fd_num": 76,
  "fd_perc": 30.039525691699605,
  "fwhm_avg": 3.1126253333333334,
  "fwhm_x": 2.877844,
  "fwhm_y": 3.2748359999999996,
  "fwhm_z": 3.185196,
  "gcor": 0.0619364,
  "gsr_x": -0.02925822138786316,
  "gsr_y": 0.05833699554204941,
  "provenance": {
    "md5sum": "574943dad627818ec7f497b0572bb586",
    "settings": {
      "fd_thres": 0.2,
      "testing": false
    },
    "software": "mriqc",
    "version": "22.0.6",
    "webapi_port": null,
    "webapi_url": "https://mriqc.nimh.nih.gov/api/v1"
  },
  "size_t": 253,
  "size_x": 96,
  "size_y": 96,
  "size_z": 56,
  "snr": 2.2973014518756902,
  "spacing_tr": 2.0,
  "spacing_x": 2.5,
  "spacing_y": 2.5,
  "spacing_z": 2.5,
  "summary_bg_k": 29.015622692477628,
  "summary_bg_mad": 64.05662336026833,
  "summary_bg_mean": 508.7547302246094,
  "summary_bg_median": 240.8181915283203,
  "summary_bg_n": 363565.0,
  "summary_bg_p05": 189.81423950195312,
  "summary_bg_p95": 1960.0507080078125,
  "summary_bg_stdv": 783.343017578125,
  "summary_fg_k": 0.661881852837769,
  "summary_fg_mad": 2559.803221107985,
  "summary_fg_mean": 6874.892578125,
  "summary_fg_median": 6375.63671875,
  "summary_fg_n": 80405.0,
  "summary_fg_p05": 3261.11708984375,
  "summary_fg_p95": 12156.5814453125,
  "summary_fg_stdv": 2775.2548828125,
  "tsnr": 32.00037069967948
}