{
  "aor": 0.007537372549019607,
  "aqi": 0.009704309960784314,
  "bids_meta": {
    "AcquisitionDateTime": "20190102121511.590000",
    "ConversionSoftware": "dicm2nii.m 20210821",
    "DeviceSerialNumber": "166054",
    "EchoTime": 0.03,
    "EffectiveEchoSpacing": 0.00050999592,
    "FlipAngle": 75,
    "ImageType": [
      "ORIGINAL",
      "PRIMARY",
      "M",
      "MB",
      "ND",
      "MOSAIC"
    ],
    "InstitutionAddress": "Street StreetNo,City,District,IL,ZIP",
    "InstitutionName": "Weizmann Institute",
    "MRAcquisitionType": "2D",
    "Manufacturer": "SIEMENS",
    "Modality": "MR",
    "ParallelAcquisitionTechnique": "none",
    "ParallelReductionFactorInPlane": 1,
    "PatientAge": "019Y",
    "PatientPosition": "HFS",
    "PatientSex": "M",
    "PatientSize": 1.84,
    "PatientWeight": 70,
    "PhaseEncodingDirection": "j-",
    "RepetitionTime": 2,
    "ScanOptions": "FS",
    "ScanningSequence": "EP",
    "SequenceName": "epfid2d1_96",
    "SequenceVariant": "SK\\SS",
    "SeriesDescription": "EPI_PSAP_iso2.5",
    "SeriesNumber": 10,
    "SliceThickness": 2.5,
    "SliceTiming": [
      0,
      0.92,
      1.8375,
      0.7775,
      1.6975,
      0.6375,
      1.555,
      0.495,
      1.415,
      0.355,
      1.2725,
      0.2125,
      1.1325,
      0.07,
      0.99,
      1.91,
      0.85,
      1.7675,
      0.7075,
      1.6275,
      0.565,
      1.485,
      0.425,
      1.3425,
      0.2825,
      1.2025,
      0.1425,
      1.06,
      0,
      0.92,
      1.8375,
      0.7775,
      1.6975,
      0.6375,
      1.555,
      0.495,
      1.415,
      0.355,
      1.2725,
      0.2125,
      1.1325,
      0.07,
      0.99,
      1.91,
      0.85,
      1.7675,
      0.7075,
      1.6275,
      0.565,
      1.485,
      0.425,
      1.3425,
      0.2825,
      1.2025,
      0.1425,
      1.06
    ],
    "SoftwareVersion": "syngo MR E11",
    "TaskName": "PSAP",
    "TotalReadoutTime": 0.048449612,
    "dataset": "ds003791",
    "modality": "bold",
    "run_id": 2,
    "subject_id": "48",
    "task_id": "PSAP"
  },
  "dummy_trs": 0,
  "dvars_nstd": 35.63084132279525,
  "dvars_std": 1.0993254802362207,
  "dvars_vstd": 0.9561002592125984,
  "efc": 0.4905075029469748,
  "fber": 674.8243408203125,
  "fd_mean": 0.2572456847240882,
  "fd_num": 90,
  "fd_perc": 35.294117647058826,
  "fwhm_avg": 3.1069066666666667,
  "fwhm_x": 2.872468,
  "fwhm_y": 3.2813920000000003,
  "fwhm_z": 3.1668600000000002,
  "gcor": 0.0355568,
  "gsr_x": -0.03046034649014473,
  "gsr_y": 0.05817427486181259,
  "provenance": {
    "md5sum": "19e3066054c721dfb61976b7441e86ee",
    "settings": {
      "fd_thres": 0.2,
      "testing": false
    },
    "software": "mriqc",
    "version": "22.0.6",
    "webapi_port": null,
    "webapi_url": "https://mriqc.nimh.nih.gov/api/v1"
  },
  "size_t": 255,
  "size_x": 96,
  "size_y": 96,
  "size_z": 56,
  "snr": 2.3042155945466933,
  "spacing_tr": 2.0,
  "spacing_x": 2.5,
  "spacing_y": 2.5,
  "spacing_z": 2.5,
  "summary_bg_k": 28.502762476406964,
  "summary_bg_mad": 60.17619438480707,
  "summary_bg_mean": 514.8826293945312,
  "summary_bg_median": 240.45883178710938,
  "summary_bg_n": 363762.0,
  "summary_bg_p05": 193.64726028442382,
  "summary_bg_p95": 2011.812658691407,
  "summary_bg_stdv": 795.5709838867188,
  "summary_fg_k": 0.6085790148691266,
  "summary_fg_mad": 2584.9285507943487,
  "summary_fg_mean": 6898.3017578125,
  "summary_fg_median": 6410.02783203125,
  "summary_fg_n": 80468.0,
  "summary_fg_p05": 3257.375537109375,
  "summary_fg_p95": 12149.942285156247,
  "summary_fg_stdv": 2781.8525390625,
  "tsnr": 36.45415381528437
}