{
  "bids_meta": {
    "AcquisitionDateTime": "20180829150920.950000",
    "ConversionSoftware": "dicm2nii.m 20210821",
    "DeviceSerialNumber": "166054",
    "EchoTime": 0.00229,
    "FlipAngle": 8,
    "ImageType": [
      "ORIGINAL",
      "PRIMARY",
      "M",
      "ND",
      "NORM"
    ],
    "InstitutionAddress": "Street StreetNo,City,District,IL,ZIP",
    "InstitutionName": "Weizmann Institute",
    "InversionTime": 0.9,
    "MRAcquisitionType": "3D",
    "Manufacturer": "SIEMENS",
    "Modality": "MR",
    "ParallelAcquisitionTechnique": "GRAPPA",
    "ParallelReductionFactorInPlane": 2,
    "PatientAge": "029Y",
    "PatientPosition": "HFS",
    "PatientSex": "M",
    "PatientSize": 1.75,
    "PatientWeight": 60,
    "PhaseEncodingDirection": "j-",
    "RepetitionTime": 2.3,
    "ScanOptions": "IR\\WE",
    "ScanningSequence": "GR\\IR",
    "SequenceName": "*tfl3d1_16ns",
    "SequenceVariant": "SK\\SP\\MP",
    "SeriesDescription": "t1_mprage_sag_p2_iso_water_exc",
    "SeriesNumber": 11,
    "SliceThickness": 0.94,
    "SoftwareVersion": "syngo MR E11",
    "dataset": "ds003791",
    "modality": "T1w",
    "subject_id": "38"
  },
  "cjv": 0.3178317023562195,
  "cnr": 4.171368976019603,
  "efc": 0.5943559202267678,
  "fber": -1.0,
  "fwhm_avg": 4.411333129024167,
  "fwhm_x": 4.410234053739168,
  "fwhm_y": 4.316192,
  "fwhm_z": 4.507573333333334,
  "icvs_csf": 0.22237997479320748,
  "icvs_gm": 0.4274503593425769,
  "icvs_wm": 0.3501696658642156,
  "inu_med": 0.44397249817848206,
  "inu_range": 0.14481530338525772,
  "provenance": {
    "md5sum": "a714c3b346fae450a2604483d0cdfccc",
    "settings": {
      "testing": false
    },
    "software": "mriqc",
    "version": "22.0.6",
    "warnings": {
      "large_rot_frame": true,
      "small_air_mask": false
    },
    "webapi_port": null,
    "webapi_url": "https://mriqc.nimh.nih.gov/api/v1"
  },
  "qi_1": 0.01981570218037623,
  "qi_2": 0.04059910716743315,
  "rpve_csf": 19.58091366627952,
  "rpve_gm": 10.615798989973632,
  "rpve_wm": 15.372070581192933,
  "size_x": 176,
  "size_y": 256,
  "size_z": 256,
  "snr_csf": 1.9996428560382815,
  "snr_gm": 10.739232820082437,
  "snr_total": 14.116395324711588,
  "snr_wm": 29.610310298014042,
  "snrd_csf": 44.719964117374055,
  "snrd_gm": 127.01249525381323,
  "snrd_total": 118.1527009340344,
  "snrd_wm": 182.7256434309159,
  "spacing_x": 0.9399999976158142,
  "spacing_y": 0.9375,
  "spacing_z": 0.9375,
  "summary_bg_k": 13.679909580851575,
  "summary_bg_mad": 0.0,
  "summary_bg_mean": 1.787390526311227,
  "summary_bg_median": 0.0,
  "summary_bg_n": 2124756.0,
  "summary_bg_p05": 0.0,
  "summary_bg_p95": 8.956948971375823,
  "summary_bg_stdv": 3.585514970108944,
  "summary_csf_k": 0.10968170746194872,
  "summary_csf_mad": 121.1309720129727,
  "summary_csf_mean": 256.24259913448805,
  "summary_csf_median": 244.7491862848401,
  "summary_csf_n": 48880.0,
  "summary_csf_p05": 68.03280595876276,
  "summary_csf_p95": 473.54144573593504,
  "summary_csf_stdv": 122.39519770298271,
  "summary_gm_k": 0.13810646218990286,
  "summary_gm_mad": 63.20163338435301,
  "summary_gm_mean": 695.1513312719201,
  "summary_gm_median": 695.130362354219,
  "summary_gm_n": 54717.0,
  "summary_gm_p05": 588.3804221320897,
  "summary_gm_p95": 801.7247228175402,
  "summary_gm_stdv": 64.72752960287713,
  "summary_wm_k": 0.2105940717899215,
  "summary_wm_mad": 33.70973459446982,
  "summary_wm_mean": 1000.3398672370156,
  "summary_wm_median": 1000.0444639381021,
  "summary_wm_n": 260574.0,
  "summary_wm_p05": 945.4804199561477,
  "summary_wm_p95": 1054.8752160780132,
  "summary_wm_stdv": 33.773457114946254,
  "tpm_overlap_csf": 0.14971751157908855,
  "tpm_overlap_gm": 0.469326894770434,
  "tpm_overlap_wm": 0.5153206469743413,
  "wm2max": 0.9148486265579571
}