{
  "aor": 0.0008726953125,
  "aqi": 0.0046784744531249995,
  "bids_meta": {
    "AcquisitionDateTime": "20181216142540.537500",
    "ConversionSoftware": "dicm2nii.m 20210821",
    "DeviceSerialNumber": "166054",
    "EchoTime": 0.03,
    "EffectiveEchoSpacing": 0.00050999592,
    "FlipAngle": 75,
    "ImageType": [
      "ORIGINAL",
      "PRIMARY",
      "M",
      "MB",
      "ND",
      "MOSAIC"
    ],
    "InstitutionAddress": "Street StreetNo,City,District,IL,ZIP",
    "InstitutionName": "Weizmann Institute",
    "MRAcquisitionType": "2D",
    "Manufacturer": "SIEMENS",
    "Modality": "MR",
    "ParallelAcquisitionTechnique": "none",
    "ParallelReductionFactorInPlane": 1,
    "PatientAge": "028Y",
    "PatientPosition": "HFS",
    "PatientSex": "F",
    "PatientSize": 1.8,
    "PatientWeight": 90,
    "PhaseEncodingDirection": "j-",
    "RepetitionTime": 2,
    "ScanOptions": "FS",
    "ScanningSequence": "EP",
    "SequenceName": "epfid2d1_96",
    "SequenceVariant": "SK\\SS",
    "SeriesDescription": "EPI_PSAP_iso2.5",
    "SeriesNumber": 13,
    "SliceThickness": 2.5,
    "SliceTiming": [
      0,
      0.92,
      1.84,
      0.7775,
      1.6975,
      0.6375,
      1.555,
      0.495,
      1.415,
      0.355,
      1.2725,
      0.2125,
      1.1325,
      0.07,
      0.99,
      1.91,
      0.85,
      1.7675,
      0.7075,
      1.6275,
      0.565,
      1.485,
      0.425,
      1.345,
      0.2825,
      1.2025,
      0.1425,
      1.06,
      0,
      0.92,
      1.84,
      0.7775,
      1.6975,
      0.6375,
      1.555,
      0.495,
      1.415,
      0.355,
      1.2725,
      0.2125,
      1.1325,
      0.07,
      0.99,
      1.91,
      0.85,
      1.7675,
      0.7075,
      1.6275,
      0.565,
      1.485,
      0.425,
      1.345,
      0.2825,
      1.2025,
      0.1425,
      1.06
    ],
    "SoftwareVersion": "syngo MR E11",
    "TaskName": "PSAP",
    "TotalReadoutTime": 0.048449612,
    "dataset": "ds003791",
    "modality": "bold",
    "run_id": 3,
    "subject_id": "13",
    "task_id": "PSAP"
  },
  "dummy_trs": 0,
  "dvars_nstd": 35.432734732549015,
  "dvars_std": 1.1669609572549013,
  "dvars_vstd": 0.9869918916862741,
  "efc": 0.5160387798352634,
  "fber": 384.2125244140625,
  "fd_mean": 0.1796760493446502,
  "fd_num": 69,
  "fd_perc": 26.953125,
  "fwhm_avg": 2.883028,
  "fwhm_x": 2.555648,
  "fwhm_y": 2.971072,
  "fwhm_z": 3.122364,
  "gcor": 0.0115902,
  "gsr_x": -0.024988094344735146,
  "gsr_y": 0.1019844189286232,
  "provenance": {
    "md5sum": "77a9185d95e345cb759bc2bb52f60cf2",
    "settings": {
      "fd_thres": 0.2,
      "testing": false
    },
    "software": "mriqc",
    "version": "22.0.6",
    "webapi_port": null,
    "webapi_url": "https://mriqc.nimh.nih.gov/api/v1"
  },
  "size_t": 256,
  "size_x": 96,
  "size_y": 96,
  "size_z": 56,
  "snr": 2.170938406707364,
  "spacing_tr": 2.0,
  "spacing_x": 2.5,
  "spacing_y": 2.5,
  "spacing_z": 2.5,
  "summary_bg_k": 36.721068841968375,
  "summary_bg_mad": 56.124601951319484,
  "summary_bg_mean": 508.1670837402344,
  "summary_bg_median": 230.8359375,
  "summary_bg_n": 362248.0,
  "summary_bg_p05": 186.35546875,
  "summary_bg_p95": 1858.9332031249965,
  "summary_bg_stdv": 831.967529296875,
  "summary_fg_k": 2.069049654842866,
  "summary_fg_mad": 1703.7763541490745,
  "summary_fg_mean": 5034.37548828125,
  "summary_fg_median": 4619.703125,
  "summary_fg_n": 81483.0,
  "summary_fg_p05": 2391.294140625,
  "summary_fg_p95": 9262.282812499996,
  "summary_fg_stdv": 2127.962158203125,
  "tsnr": 55.55233865277842
}