{
  "aor": 0.002222896825396826,
  "aqi": 0.00538022503968254,
  "bids_meta": {
    "AcquisitionDateTime": "20181216143743.515000",
    "ConversionSoftware": "dicm2nii.m 20210821",
    "DeviceSerialNumber": "166054",
    "EchoTime": 0.03,
    "EffectiveEchoSpacing": 0.00050999592,
    "FlipAngle": 75,
    "ImageType": [
      "ORIGINAL",
      "PRIMARY",
      "M",
      "MB",
      "ND",
      "MOSAIC"
    ],
    "InstitutionAddress": "Street StreetNo,City,District,IL,ZIP",
    "InstitutionName": "Weizmann Institute",
    "MRAcquisitionType": "2D",
    "Manufacturer": "SIEMENS",
    "Modality": "MR",
    "ParallelAcquisitionTechnique": "none",
    "ParallelReductionFactorInPlane": 1,
    "PatientAge": "028Y",
    "PatientPosition": "HFS",
    "PatientSex": "F",
    "PatientSize": 1.8,
    "PatientWeight": 90,
    "PhaseEncodingDirection": "j-",
    "RepetitionTime": 2,
    "ScanOptions": "FS",
    "ScanningSequence": "EP",
    "SequenceName": "epfid2d1_96",
    "SequenceVariant": "SK\\SS",
    "SeriesDescription": "EPI_PSAP_iso2.5",
    "SeriesNumber": 17,
    "SliceThickness": 2.5,
    "SliceTiming": [
      0,
      0.92,
      1.84,
      0.7775,
      1.6975,
      0.6375,
      1.555,
      0.495,
      1.415,
      0.355,
      1.2725,
      0.2125,
      1.1325,
      0.07,
      0.99,
      1.91,
      0.85,
      1.7675,
      0.7075,
      1.6275,
      0.565,
      1.485,
      0.425,
      1.345,
      0.2825,
      1.2025,
      0.1425,
      1.06,
      0,
      0.92,
      1.84,
      0.7775,
      1.6975,
      0.6375,
      1.555,
      0.495,
      1.415,
      0.355,
      1.2725,
      0.2125,
      1.1325,
      0.07,
      0.99,
      1.91,
      0.85,
      1.7675,
      0.7075,
      1.6275,
      0.565,
      1.485,
      0.425,
      1.345,
      0.2825,
      1.2025,
      0.1425,
      1.06
    ],
    "SoftwareVersion": "syngo MR E11",
    "TaskName": "PSAP",
    "TotalReadoutTime": 0.048449612,
    "dataset": "ds003791",
    "modality": "bold",
    "run_id": 4,
    "subject_id": "13",
    "task_id": "PSAP"
  },
  "dummy_trs": 1,
  "dvars_nstd": 34.526627452988045,
  "dvars_std": 1.1843659450996005,
  "dvars_vstd": 1.0112715702788844,
  "efc": 0.5166315991841168,
  "fber": 376.63641357421875,
  "fd_mean": 0.19003524603466007,
  "fd_num": 69,
  "fd_perc": 27.38095238095238,
  "fwhm_avg": 2.9014360000000003,
  "fwhm_x": 2.583416,
  "fwhm_y": 2.983244,
  "fwhm_z": 3.137648,
  "gcor": 0.0110521,
  "gsr_x": -0.024420082569122314,
  "gsr_y": 0.10456348210573196,
  "provenance": {
    "md5sum": "f1332b74a700d493e695bef8137763c2",
    "settings": {
      "fd_thres": 0.2,
      "testing": false
    },
    "software": "mriqc",
    "version": "22.0.6",
    "webapi_port": null,
    "webapi_url": "https://mriqc.nimh.nih.gov/api/v1"
  },
  "size_t": 252,
  "size_x": 96,
  "size_y": 96,
  "size_z": 56,
  "snr": 2.1671058595734523,
  "spacing_tr": 2.0,
  "spacing_x": 2.5,
  "spacing_y": 2.5,
  "spacing_z": 2.5,
  "summary_bg_k": 37.19442587288812,
  "summary_bg_mad": 59.9247881583933,
  "summary_bg_mean": 512.0333251953125,
  "summary_bg_median": 232.63096618652344,
  "summary_bg_n": 362346.0,
  "summary_bg_p05": 184.43255615234375,
  "summary_bg_p95": 1881.3552551269531,
  "summary_bg_stdv": 839.229736328125,
  "summary_fg_k": 2.048504938197918,
  "summary_fg_mad": 1700.0772688531715,
  "summary_fg_mean": 5026.74267578125,
  "summary_fg_median": 4609.59375,
  "summary_fg_n": 81226.0,
  "summary_fg_p05": 2385.0704956054688,
  "summary_fg_p95": 9241.179931640625,
  "summary_fg_stdv": 2127.060546875,
  "tsnr": 53.017762650270015
}