{
  "bids_meta": {
    "AcquisitionDateTime": "20181128121315.962500",
    "ConversionSoftware": "dicm2nii.m 20210821",
    "DeviceSerialNumber": "166054",
    "EchoTime": 0.00229,
    "FlipAngle": 8,
    "ImageType": [
      "ORIGINAL",
      "PRIMARY",
      "M",
      "ND",
      "NORM"
    ],
    "InstitutionAddress": "Street StreetNo,City,District,IL,ZIP",
    "InstitutionName": "Weizmann Institute",
    "InversionTime": 0.9,
    "MRAcquisitionType": "3D",
    "Manufacturer": "SIEMENS",
    "Modality": "MR",
    "ParallelAcquisitionTechnique": "GRAPPA",
    "ParallelReductionFactorInPlane": 2,
    "PatientAge": "024Y",
    "PatientPosition": "HFS",
    "PatientSex": "F",
    "PatientSize": 1.6,
    "PatientWeight": 50,
    "PhaseEncodingDirection": "j-",
    "RepetitionTime": 2.3,
    "ScanOptions": "IR\\WE",
    "ScanningSequence": "GR\\IR",
    "SequenceName": "*tfl3d1_16ns",
    "SequenceVariant": "SK\\SP\\MP",
    "SeriesDescription": "t1_mprage_sag_p2_iso_water_exc",
    "SeriesNumber": 13,
    "SliceThickness": 0.94,
    "SoftwareVersion": "syngo MR E11",
    "dataset": "ds003791",
    "modality": "T1w",
    "subject_id": "29"
  },
  "cjv": 0.3003901695266162,
  "cnr": 4.454861814461984,
  "efc": 0.5899500911934273,
  "fber": 22976.957732750474,
  "fwhm_avg": 4.416612561625148,
  "fwhm_x": 4.382872351542109,
  "fwhm_y": 4.4658880000000005,
  "fwhm_z": 4.401077333333333,
  "icvs_csf": 0.2014401563625089,
  "icvs_gm": 0.46421279607294824,
  "icvs_wm": 0.33434704756454287,
  "inu_med": 0.49480217695236206,
  "inu_range": 0.18775646388530726,
  "provenance": {
    "md5sum": "f0c4ac28ce3cc0ba20316dd0b10d0c20",
    "settings": {
      "testing": false
    },
    "software": "mriqc",
    "version": "22.0.6",
    "warnings": {
      "large_rot_frame": true,
      "small_air_mask": false
    },
    "webapi_port": null,
    "webapi_url": "https://mriqc.nimh.nih.gov/api/v1"
  },
  "qi_1": 0.0,
  "qi_2": 0.018695464646217765,
  "rpve_csf": 21.8066144470137,
  "rpve_gm": 10.387648226135376,
  "rpve_wm": 16.199168298563553,
  "size_x": 176,
  "size_y": 256,
  "size_z": 256,
  "snr_csf": 2.097892981077931,
  "snr_gm": 12.699054158797168,
  "snr_total": 13.93160778556613,
  "snr_wm": 26.997876216823297,
  "snrd_csf": 36.06647915935809,
  "snrd_gm": 97.8089356166677,
  "snrd_total": 91.02578583919994,
  "snrd_wm": 139.20194274157404,
  "spacing_x": 0.9399999976158142,
  "spacing_y": 0.9375,
  "spacing_z": 0.9375,
  "summary_bg_k": 10.187232059107405,
  "summary_bg_mad": 0.0,
  "summary_bg_mean": 2.8170500816995725,
  "summary_bg_median": 0.0,
  "summary_bg_n": 2127561.0,
  "summary_bg_p05": 0.0,
  "summary_bg_p95": 13.051773346960545,
  "summary_bg_stdv": 4.706577997572192,
  "summary_csf_k": -0.32598349442320007,
  "summary_csf_mad": 128.51104867492472,
  "summary_csf_mean": 275.59621096065626,
  "summary_csf_median": 259.1058858297765,
  "summary_csf_n": 46630.0,
  "summary_csf_p05": 98.56040138751268,
  "summary_csf_p95": 493.71259577572346,
  "summary_csf_stdv": 123.5063512936178,
  "summary_gm_k": 0.10932285615922765,
  "summary_gm_mad": 54.64451794581591,
  "summary_gm_mean": 702.211037678429,
  "summary_gm_median": 702.6710534468293,
  "summary_gm_n": 70612.0,
  "summary_gm_p05": 610.8099842257798,
  "summary_gm_p95": 792.3304489413275,
  "summary_gm_stdv": 55.33215852648861,
  "summary_wm_k": 0.6308387076188406,
  "summary_wm_mad": 34.68319697855022,
  "summary_wm_mean": 1000.2908096884529,
  "summary_wm_median": 1000.0433511659503,
  "summary_wm_n": 220672.0,
  "summary_wm_p05": 940.4431436397135,
  "summary_wm_p95": 1061.4430556818843,
  "summary_wm_stdv": 37.04147234498889,
  "tpm_overlap_csf": 0.152845413617141,
  "tpm_overlap_gm": 0.4816137271782821,
  "tpm_overlap_wm": 0.49814933896183816,
  "wm2max": 0.90024786775182
}