{
  "aor": 0.004099604743083004,
  "aqi": 0.0056375244268774705,
  "bids_meta": {
    "AcquisitionDateTime": "20181021131117.525000",
    "ConversionSoftware": "dicm2nii.m 20210821",
    "DeviceSerialNumber": "166054",
    "EchoTime": 0.03,
    "EffectiveEchoSpacing": 0.00050999592,
    "FlipAngle": 75,
    "ImageType": [
      "ORIGINAL",
      "PRIMARY",
      "M",
      "MB",
      "ND",
      "MOSAIC"
    ],
    "InstitutionAddress": "Street StreetNo,City,District,IL,ZIP",
    "InstitutionName": "Weizmann Institute",
    "MRAcquisitionType": "2D",
    "Manufacturer": "SIEMENS",
    "Modality": "MR",
    "ParallelAcquisitionTechnique": "none",
    "ParallelReductionFactorInPlane": 1,
    "PatientAge": "038Y",
    "PatientPosition": "HFS",
    "PatientSex": "M",
    "PatientSize": 1.78,
    "PatientWeight": 72,
    "PhaseEncodingDirection": "j-",
    "RepetitionTime": 2,
    "ScanOptions": "FS",
    "ScanningSequence": "EP",
    "SequenceName": "epfid2d1_96",
    "SequenceVariant": "SK\\SS",
    "SeriesDescription": "EPI_PSAP_iso2.5",
    "SeriesNumber": 15,
    "SliceThickness": 2.5,
    "SliceTiming": [
      0,
      0.9175,
      1.8375,
      0.7775,
      1.695,
      0.635,
      1.555,
      0.495,
      1.4125,
      0.3525,
      1.2725,
      0.21,
      1.13,
      0.07,
      0.99,
      1.9075,
      0.8475,
      1.7675,
      0.705,
      1.625,
      0.565,
      1.485,
      0.4225,
      1.3425,
      0.2825,
      1.2,
      0.14,
      1.06,
      0,
      0.9175,
      1.8375,
      0.7775,
      1.695,
      0.635,
      1.555,
      0.495,
      1.4125,
      0.3525,
      1.2725,
      0.21,
      1.13,
      0.07,
      0.99,
      1.9075,
      0.8475,
      1.7675,
      0.705,
      1.625,
      0.565,
      1.485,
      0.4225,
      1.3425,
      0.2825,
      1.2,
      0.14,
      1.06
    ],
    "SoftwareVersion": "syngo MR E11",
    "TaskName": "PSAP",
    "TotalReadoutTime": 0.048449612,
    "dataset": "ds003791",
    "modality": "bold",
    "run_id": 3,
    "subject_id": "17",
    "task_id": "PSAP"
  },
  "dummy_trs": 0,
  "dvars_nstd": 32.622796399007946,
  "dvars_std": 1.2262459223015862,
  "dvars_vstd": 1.02304474,
  "efc": 0.5126408548635955,
  "fber": 469.52001953125,
  "fd_mean": 0.23201969867330485,
  "fd_num": 100,
  "fd_perc": 39.52569169960474,
  "fwhm_avg": 3.247436,
  "fwhm_x": 2.8833919999999997,
  "fwhm_y": 3.4339039999999996,
  "fwhm_z": 3.425012,
  "gcor": 0.0236629,
  "gsr_x": -0.033031120896339417,
  "gsr_y": 0.10553529113531113,
  "provenance": {
    "md5sum": "aac2c2f6091a0affd0f1e62564754b9f",
    "settings": {
      "fd_thres": 0.2,
      "testing": false
    },
    "software": "mriqc",
    "version": "22.0.6",
    "webapi_port": null,
    "webapi_url": "https://mriqc.nimh.nih.gov/api/v1"
  },
  "size_t": 253,
  "size_x": 96,
  "size_y": 96,
  "size_z": 56,
  "snr": 2.3162292046582653,
  "spacing_tr": 2.0,
  "spacing_x": 2.5,
  "spacing_y": 2.5,
  "spacing_z": 2.5,
  "summary_bg_k": 29.099061789170648,
  "summary_bg_mad": 46.95102334703059,
  "summary_bg_mean": 500.05340576171875,
  "summary_bg_median": 222.853759765625,
  "summary_bg_n": 360048.0,
  "summary_bg_p05": 184.73656692504883,
  "summary_bg_p95": 1952.9030334472639,
  "summary_bg_stdv": 837.4056396484375,
  "summary_fg_k": 1.442340349312989,
  "summary_fg_mad": 1680.3102648361548,
  "summary_fg_mean": 5335.5732421875,
  "summary_fg_median": 4906.7353515625,
  "summary_fg_n": 83419.0,
  "summary_fg_p05": 2768.978002929688,
  "summary_fg_p95": 9614.511328124998,
  "summary_fg_stdv": 2118.402587890625,
  "tsnr": 55.19429185334593
}