{
  "bids_meta": {
    "AcquisitionDateTime": "20181127162722.945000",
    "ConversionSoftware": "dicm2nii.m 20210821",
    "DeviceSerialNumber": "166054",
    "EchoTime": 0.00229,
    "FlipAngle": 8,
    "ImageType": [
      "ORIGINAL",
      "PRIMARY",
      "M",
      "ND",
      "NORM"
    ],
    "InstitutionAddress": "Street StreetNo,City,District,IL,ZIP",
    "InstitutionName": "Weizmann Institute",
    "InversionTime": 0.9,
    "MRAcquisitionType": "3D",
    "Manufacturer": "SIEMENS",
    "Modality": "MR",
    "ParallelAcquisitionTechnique": "GRAPPA",
    "ParallelReductionFactorInPlane": 2,
    "PatientAge": "034Y",
    "PatientPosition": "HFS",
    "PatientSex": "M",
    "PatientSize": 1.8,
    "PatientWeight": 83,
    "PhaseEncodingDirection": "j-",
    "RepetitionTime": 2.3,
    "ScanOptions": "IR\\WE",
    "ScanningSequence": "GR\\IR",
    "SequenceName": "*tfl3d1_16ns",
    "SequenceVariant": "SK\\SP\\MP",
    "SeriesDescription": "t1_mprage_sag_p2_iso_water_exc",
    "SeriesNumber": 11,
    "SliceThickness": 0.94,
    "SoftwareVersion": "syngo MR E11",
    "dataset": "ds003791",
    "modality": "T1w",
    "subject_id": "46"
  },
  "cjv": 0.3270998977429942,
  "cnr": 4.113503701412849,
  "efc": 0.6642148134123186,
  "fber": 18000.00641683103,
  "fwhm_avg": 4.117618613354074,
  "fwhm_x": 4.051063840062222,
  "fwhm_y": 4.137312,
  "fwhm_z": 4.16448,
  "icvs_csf": 0.20793716262708656,
  "icvs_gm": 0.44001961224375724,
  "icvs_wm": 0.3520432251291562,
  "inu_med": 0.43532463908195496,
  "inu_range": 0.1471032679080963,
  "provenance": {
    "md5sum": "6129d4e04526274066fe808925be487b",
    "settings": {
      "testing": false
    },
    "software": "mriqc",
    "version": "22.0.6",
    "warnings": {
      "large_rot_frame": true,
      "small_air_mask": false
    },
    "webapi_port": null,
    "webapi_url": "https://mriqc.nimh.nih.gov/api/v1"
  },
  "qi_1": 0.0,
  "qi_2": 0.025679564413128318,
  "rpve_csf": 18.258166421937933,
  "rpve_gm": 9.279477260247027,
  "rpve_wm": 13.700719114309836,
  "size_x": 176,
  "size_y": 256,
  "size_z": 256,
  "snr_csf": 2.610895942978778,
  "snr_gm": 10.743087246516614,
  "snr_total": 13.412443480629562,
  "snr_wm": 26.883347252393296,
  "snrd_csf": 30.50090884373791,
  "snrd_gm": 84.69271445806187,
  "snrd_total": 79.13931996616206,
  "snrd_wm": 122.22433659668637,
  "spacing_x": 0.9399999976158142,
  "spacing_y": 0.9375,
  "spacing_z": 0.9375,
  "summary_bg_k": 10.718248701437973,
  "summary_bg_mad": 0.0,
  "summary_bg_mean": 3.252580472844972,
  "summary_bg_median": 0.0,
  "summary_bg_n": 1605046.0,
  "summary_bg_p05": 0.0,
  "summary_bg_p95": 13.994538113474846,
  "summary_bg_stdv": 5.360235360355499,
  "summary_csf_k": 1.8496422094654683,
  "summary_csf_mad": 77.80624970249627,
  "summary_csf_mean": 261.67587032666825,
  "summary_csf_median": 249.55421513319016,
  "summary_csf_n": 55705.0,
  "summary_csf_p05": 125.9327855527401,
  "summary_csf_p95": 441.8030538752671,
  "summary_csf_stdv": 95.58097320262618,
  "summary_gm_k": -0.01263049791665427,
  "summary_gm_mad": 64.30310056057918,
  "summary_gm_mean": 692.2813566684919,
  "summary_gm_median": 692.9440690558404,
  "summary_gm_n": 59512.0,
  "summary_gm_p05": 584.9491213075817,
  "summary_gm_p95": 797.2823794260621,
  "summary_gm_stdv": 64.50084889432715,
  "summary_wm_k": 0.395497767233878,
  "summary_wm_mad": 36.14225792632085,
  "summary_wm_mean": 998.9629656547589,
  "summary_wm_median": 1000.0226073861122,
  "summary_wm_n": 273357.0,
  "summary_wm_p05": 936.3474589698017,
  "summary_wm_p95": 1057.5582165010273,
  "summary_wm_stdv": 37.19852177798069,
  "tpm_overlap_csf": 0.18732719767944578,
  "tpm_overlap_gm": 0.47844349471299547,
  "tpm_overlap_wm": 0.5117259481970624,
  "wm2max": 0.898387914427659
}