{
  "bids_meta": {
    "AcquisitionDateTime": "20181210160621.977500",
    "ConversionSoftware": "dicm2nii.m 20210821",
    "DeviceSerialNumber": "166054",
    "EchoTime": 0.00229,
    "FlipAngle": 8,
    "ImageType": [
      "ORIGINAL",
      "PRIMARY",
      "M",
      "ND",
      "NORM"
    ],
    "InstitutionAddress": "Street StreetNo,City,District,IL,ZIP",
    "InstitutionName": "Weizmann Institute",
    "InversionTime": 0.9,
    "MRAcquisitionType": "3D",
    "Manufacturer": "SIEMENS",
    "Modality": "MR",
    "ParallelAcquisitionTechnique": "GRAPPA",
    "ParallelReductionFactorInPlane": 2,
    "PatientAge": "029Y",
    "PatientPosition": "HFS",
    "PatientSex": "F",
    "PatientSize": 1.56,
    "PatientWeight": 42,
    "PhaseEncodingDirection": "j-",
    "RepetitionTime": 2.3,
    "ScanOptions": "IR\\WE",
    "ScanningSequence": "GR\\IR",
    "SequenceName": "*tfl3d1_16ns",
    "SequenceVariant": "SK\\SP\\MP",
    "SeriesDescription": "t1_mprage_sag_p2_iso_water_exc",
    "SeriesNumber": 11,
    "SliceThickness": 0.94,
    "SoftwareVersion": "syngo MR E11",
    "dataset": "ds003791",
    "modality": "T1w",
    "subject_id": "21"
  },
  "cjv": 0.3213674395795264,
  "cnr": 4.178337107265783,
  "efc": 0.5580178624836312,
  "fber": 37746.553288966046,
  "fwhm_avg": 4.576733488531823,
  "fwhm_x": 4.610829798928803,
  "fwhm_y": 4.565290666666667,
  "fwhm_z": 4.55408,
  "icvs_csf": 0.22945241071073919,
  "icvs_gm": 0.4106923556050483,
  "icvs_wm": 0.3598552336842125,
  "inu_med": 0.40006914734840393,
  "inu_range": 0.11035241186618805,
  "provenance": {
    "md5sum": "108b9d13ed99a585d6494cab53b99bd1",
    "settings": {
      "testing": false
    },
    "software": "mriqc",
    "version": "22.0.6",
    "warnings": {
      "large_rot_frame": true,
      "small_air_mask": false
    },
    "webapi_port": null,
    "webapi_url": "https://mriqc.nimh.nih.gov/api/v1"
  },
  "qi_1": 0.0,
  "qi_2": 0.02593849417303112,
  "rpve_csf": 22.23236168022838,
  "rpve_gm": 12.463192752073216,
  "rpve_wm": 16.94500399207499,
  "size_x": 176,
  "size_y": 256,
  "size_z": 256,
  "snr_csf": 1.9204758812309233,
  "snr_gm": 10.381033538558276,
  "snr_total": 14.100655500395177,
  "snr_wm": 30.00045708139633,
  "snrd_csf": 32.28316750178842,
  "snrd_gm": 98.25530140124407,
  "snrd_total": 91.04397586204618,
  "snrd_wm": 142.59345868310606,
  "spacing_x": 0.9399999976158142,
  "spacing_y": 0.9375,
  "spacing_z": 0.9375,
  "summary_bg_k": 9.356325400178303,
  "summary_bg_mad": 0.0,
  "summary_bg_mean": 2.6891890736631727,
  "summary_bg_median": 0.0,
  "summary_bg_n": 2490158.0,
  "summary_bg_p05": 0.0,
  "summary_bg_p95": 12.379310376942158,
  "summary_bg_stdv": 4.594520077251344,
  "summary_csf_k": -0.2591974105224901,
  "summary_csf_mad": 122.03216083195298,
  "summary_csf_mean": 234.84437082344124,
  "summary_csf_median": 226.4042438250035,
  "summary_csf_n": 53416.0,
  "summary_csf_p05": 53.719350232277066,
  "summary_csf_p95": 443.1024041022174,
  "summary_csf_stdv": 117.88855396352716,
  "summary_gm_k": 0.027057760733126823,
  "summary_gm_mad": 66.49056157003854,
  "summary_gm_mean": 689.2520021015781,
  "summary_gm_median": 689.0717032123357,
  "summary_gm_n": 44313.0,
  "summary_gm_p05": 580.3450355753303,
  "summary_gm_p95": 799.503305811435,
  "summary_gm_stdv": 66.37719891354794,
  "summary_wm_k": 0.17319234948129925,
  "summary_wm_mad": 33.43760885567641,
  "summary_wm_mean": 999.1798867875448,
  "summary_wm_median": 1000.0184828750789,
  "summary_wm_n": 241469.0,
  "summary_wm_p05": 943.1070125643164,
  "summary_wm_p95": 1051.0738722290844,
  "summary_wm_stdv": 33.3333725370342,
  "tpm_overlap_csf": 0.14226701942483042,
  "tpm_overlap_gm": 0.4637655137532313,
  "tpm_overlap_wm": 0.5078148902816018,
  "wm2max": 0.9299143531682434
}