{
  "bids_meta": {
    "AcquisitionDateTime": "20181104123506.957500",
    "ConversionSoftware": "dicm2nii.m 20210821",
    "DeviceSerialNumber": "166054",
    "EchoTime": 0.00229,
    "FlipAngle": 8,
    "ImageType": [
      "ORIGINAL",
      "PRIMARY",
      "M",
      "ND",
      "NORM"
    ],
    "InstitutionAddress": "Street StreetNo,City,District,IL,ZIP",
    "InstitutionName": "Weizmann Institute",
    "InversionTime": 0.9,
    "MRAcquisitionType": "3D",
    "Manufacturer": "SIEMENS",
    "Modality": "MR",
    "ParallelAcquisitionTechnique": "GRAPPA",
    "ParallelReductionFactorInPlane": 2,
    "PatientAge": "025Y",
    "PatientPosition": "HFS",
    "PatientSex": "M",
    "PatientSize": 1.8,
    "PatientWeight": 90,
    "PhaseEncodingDirection": "j-",
    "RepetitionTime": 2.3,
    "ScanOptions": "IR\\WE",
    "ScanningSequence": "GR\\IR",
    "SequenceName": "*tfl3d1_16ns",
    "SequenceVariant": "SK\\SP\\MP",
    "SeriesDescription": "t1_mprage_sag_p2_iso_water_exc",
    "SeriesNumber": 11,
    "SliceThickness": 0.94,
    "SoftwareVersion": "syngo MR E11",
    "dataset": "ds003791",
    "modality": "T1w",
    "subject_id": "41"
  },
  "cjv": 0.3187392130795932,
  "cnr": 4.212540493760133,
  "efc": 0.6265530692572755,
  "fber": 24542.312971447085,
  "fwhm_avg": 4.2572863297657415,
  "fwhm_x": 4.1688829892972254,
  "fwhm_y": 4.292437333333334,
  "fwhm_z": 4.310538666666667,
  "icvs_csf": 0.2045324940152657,
  "icvs_gm": 0.4592010851537002,
  "icvs_wm": 0.33626642083103414,
  "inu_med": 0.4810602515935898,
  "inu_range": 0.18468803763389585,
  "provenance": {
    "md5sum": "e73783d0ecb8021869895e98a0ea41b3",
    "settings": {
      "testing": false
    },
    "software": "mriqc",
    "version": "22.0.6",
    "warnings": {
      "large_rot_frame": true,
      "small_air_mask": false
    },
    "webapi_port": null,
    "webapi_url": "https://mriqc.nimh.nih.gov/api/v1"
  },
  "qi_1": 0.03503048229153506,
  "qi_2": 0.02705114354147703,
  "rpve_csf": 20.68220640118917,
  "rpve_gm": 9.97888178335124,
  "rpve_wm": 15.2955769431222,
  "size_x": 176,
  "size_y": 256,
  "size_z": 256,
  "snr_csf": 2.56861209334087,
  "snr_gm": 11.474692929784041,
  "snr_total": 13.332021455397213,
  "snr_wm": 25.952759343066727,
  "snrd_csf": 31.32929053283978,
  "snrd_gm": 93.67930566074828,
  "snrd_total": 86.50569471029782,
  "snrd_wm": 134.5084879373054,
  "spacing_x": 0.9399999976158142,
  "spacing_y": 0.9375,
  "spacing_z": 0.9375,
  "summary_bg_k": 25.12819570794259,
  "summary_bg_mad": 0.0,
  "summary_bg_mean": 2.3444734854887925,
  "summary_bg_median": 0.0,
  "summary_bg_n": 1858481.0,
  "summary_bg_p05": 0.0,
  "summary_bg_p95": 11.006980430334806,
  "summary_bg_stdv": 4.870833147140799,
  "summary_csf_k": 2.7109540212125482,
  "summary_csf_mad": 62.20025637938315,
  "summary_csf_mean": 240.7600274151778,
  "summary_csf_median": 232.92820671200752,
  "summary_csf_n": 59208.0,
  "summary_csf_p05": 97.99751412626357,
  "summary_csf_p95": 411.5939523601903,
  "summary_csf_stdv": 90.6817499903296,
  "summary_gm_k": 0.11614142465422628,
  "summary_gm_mad": 59.73974594669085,
  "summary_gm_mean": 696.1236089756069,
  "summary_gm_median": 696.4904823079705,
  "summary_gm_n": 72705.0,
  "summary_gm_p05": 594.9626805558801,
  "summary_gm_p95": 794.7723230905831,
  "summary_gm_stdv": 60.697545173058884,
  "summary_wm_k": 0.5483059910729229,
  "summary_wm_mad": 37.01620842123849,
  "summary_wm_mean": 999.9972315617624,
  "summary_wm_median": 1000.048847258091,
  "summary_wm_n": 232051.0,
  "summary_wm_p05": 937.6068086083978,
  "summary_wm_p95": 1062.2834372743964,
  "summary_wm_stdv": 38.533347426848046,
  "tpm_overlap_csf": 0.17474382478150807,
  "tpm_overlap_gm": 0.48439793067097425,
  "tpm_overlap_wm": 0.5023313723072519,
  "wm2max": 0.8538505113548424
}