{
  "bids_meta": {
    "AcquisitionDateTime": "20181216122313.722500",
    "ConversionSoftware": "dicm2nii.m 20210821",
    "DeviceSerialNumber": "166054",
    "EchoTime": 0.00229,
    "FlipAngle": 8,
    "ImageType": [
      "ORIGINAL",
      "PRIMARY",
      "M",
      "ND",
      "NORM"
    ],
    "InstitutionAddress": "Street StreetNo,City,District,IL,ZIP",
    "InstitutionName": "Weizmann Institute",
    "InversionTime": 0.9,
    "MRAcquisitionType": "3D",
    "Manufacturer": "SIEMENS",
    "Modality": "MR",
    "ParallelAcquisitionTechnique": "GRAPPA",
    "ParallelReductionFactorInPlane": 2,
    "PatientAge": "028Y",
    "PatientPosition": "HFS",
    "PatientSex": "M",
    "PatientSize": 1.7,
    "PatientWeight": 65,
    "PhaseEncodingDirection": "j-",
    "RepetitionTime": 2.3,
    "ScanOptions": "IR\\WE",
    "ScanningSequence": "GR\\IR",
    "SequenceName": "*tfl3d1_16ns",
    "SequenceVariant": "SK\\SP\\MP",
    "SeriesDescription": "t1_mprage_sag_p2_iso_water_exc",
    "SeriesNumber": 11,
    "SliceThickness": 0.94,
    "SoftwareVersion": "syngo MR E11",
    "dataset": "ds003791",
    "modality": "T1w",
    "subject_id": "23"
  },
  "cjv": 0.28162818293289277,
  "cnr": 4.652110995760677,
  "efc": 0.6249377612923942,
  "fber": 20771.09175706772,
  "fwhm_avg": 4.631931701346827,
  "fwhm_x": 4.668840437373811,
  "fwhm_y": 4.668917333333334,
  "fwhm_z": 4.558037333333333,
  "icvs_csf": 0.21057724938501937,
  "icvs_gm": 0.4594310894767942,
  "icvs_wm": 0.32999166113818645,
  "inu_med": 0.48466888070106506,
  "inu_range": 0.18254656493663785,
  "provenance": {
    "md5sum": "a9a19ac310776e0d4f17a87efcc95218",
    "settings": {
      "testing": false
    },
    "software": "mriqc",
    "version": "22.0.6",
    "warnings": {
      "large_rot_frame": true,
      "small_air_mask": false
    },
    "webapi_port": null,
    "webapi_url": "https://mriqc.nimh.nih.gov/api/v1"
  },
  "qi_1": 0.0,
  "qi_2": 0.016581250925097126,
  "rpve_csf": 22.421231796770183,
  "rpve_gm": 11.025458514224734,
  "rpve_wm": 17.097486797962922,
  "size_x": 176,
  "size_y": 256,
  "size_z": 256,
  "snr_csf": 1.8987924835498953,
  "snr_gm": 12.443873996547598,
  "snr_total": 13.416036531398136,
  "snr_wm": 25.90544311409692,
  "snrd_csf": 23.70525291231648,
  "snrd_gm": 73.2959536584741,
  "snrd_total": 67.96385676138026,
  "snrd_wm": 106.8903637133502,
  "spacing_x": 0.9399999976158142,
  "spacing_y": 0.9375,
  "spacing_z": 0.9375,
  "summary_bg_k": 10.992155214819595,
  "summary_bg_mad": 0.0,
  "summary_bg_mean": 3.6455225858773344,
  "summary_bg_median": 0.0,
  "summary_bg_n": 1710982.0,
  "summary_bg_p05": 0.0,
  "summary_bg_p95": 15.83343406766653,
  "summary_bg_stdv": 6.129198482832705,
  "summary_csf_k": 0.16455742344535063,
  "summary_csf_mad": 119.22196404381914,
  "summary_csf_mean": 230.53079023717274,
  "summary_csf_median": 221.77702259458601,
  "summary_csf_n": 44450.0,
  "summary_csf_p05": 58.56433793529868,
  "summary_csf_p95": 443.65330677889267,
  "summary_csf_stdv": 116.79766473810047,
  "summary_gm_k": 0.19939083767377186,
  "summary_gm_mad": 53.194927205461376,
  "summary_gm_mean": 685.6943434024278,
  "summary_gm_median": 685.7281139642,
  "summary_gm_n": 78834.0,
  "summary_gm_p05": 594.8105503158644,
  "summary_gm_p95": 776.4519964618606,
  "summary_gm_stdv": 55.105328529563586,
  "summary_wm_k": 0.6289281332460996,
  "summary_wm_mad": 35.31970875180431,
  "summary_wm_mean": 999.0367661356828,
  "summary_wm_median": 1000.0242012217641,
  "summary_wm_n": 213815.0,
  "summary_wm_p05": 934.3662911430001,
  "summary_wm_p95": 1061.1063941158354,
  "summary_wm_stdv": 38.60277001585366,
  "tpm_overlap_csf": 0.1543005328242007,
  "tpm_overlap_gm": 0.5083679519921446,
  "tpm_overlap_wm": 0.522164061850021,
  "wm2max": 0.8804277319388664
}