{
  "aor": 0.0046821052631578946,
  "aqi": 0.008687176761133604,
  "bids_meta": {
    "AcquisitionDateTime": "20181211160128.045000",
    "ConversionSoftware": "dicm2nii.m 20210821",
    "DeviceSerialNumber": "166054",
    "EchoTime": 0.03,
    "EffectiveEchoSpacing": 0.00050999592,
    "FlipAngle": 75,
    "ImageType": [
      "ORIGINAL",
      "PRIMARY",
      "M",
      "MB",
      "ND",
      "MOSAIC"
    ],
    "InstitutionAddress": "Street StreetNo,City,District,IL,ZIP",
    "InstitutionName": "Weizmann Institute",
    "MRAcquisitionType": "2D",
    "Manufacturer": "SIEMENS",
    "Modality": "MR",
    "ParallelAcquisitionTechnique": "none",
    "ParallelReductionFactorInPlane": 1,
    "PatientAge": "025Y",
    "PatientPosition": "HFS",
    "PatientSex": "F",
    "PatientSize": 1.56,
    "PatientWeight": 56,
    "PhaseEncodingDirection": "j-",
    "RepetitionTime": 2,
    "ScanOptions": "FS",
    "ScanningSequence": "EP",
    "SequenceName": "epfid2d1_96",
    "SequenceVariant": "SK\\SS",
    "SeriesDescription": "EPI_PSAP_iso2.5",
    "SeriesNumber": 6,
    "SliceThickness": 2.5,
    "SliceTiming": [
      0,
      0.9175,
      1.8375,
      0.7775,
      1.6975,
      0.635,
      1.555,
      0.495,
      1.4125,
      0.3525,
      1.2725,
      0.2125,
      1.13,
      0.07,
      0.99,
      1.9075,
      0.8475,
      1.7675,
      0.7075,
      1.625,
      0.565,
      1.485,
      0.4225,
      1.3425,
      0.2825,
      1.2025,
      0.14,
      1.06,
      0,
      0.9175,
      1.8375,
      0.7775,
      1.6975,
      0.635,
      1.555,
      0.495,
      1.4125,
      0.3525,
      1.2725,
      0.2125,
      1.13,
      0.07,
      0.99,
      1.9075,
      0.8475,
      1.7675,
      0.7075,
      1.625,
      0.565,
      1.485,
      0.4225,
      1.3425,
      0.2825,
      1.2025,
      0.14,
      1.06
    ],
    "SoftwareVersion": "syngo MR E11",
    "TaskName": "PSAP",
    "TotalReadoutTime": 0.048449612,
    "dataset": "ds003791",
    "modality": "bold",
    "run_id": 1,
    "subject_id": "20",
    "task_id": "PSAP"
  },
  "dummy_trs": 0,
  "dvars_nstd": 34.82864089154471,
  "dvars_std": 1.2102734083333335,
  "dvars_vstd": 0.9818006565040651,
  "efc": 0.4702222613459158,
  "fber": 599.003662109375,
  "fd_mean": 0.19586585012793573,
  "fd_num": 74,
  "fd_perc": 29.959514170040485,
  "fwhm_avg": 2.9317386666666665,
  "fwhm_x": 2.716176,
  "fwhm_y": 2.991488,
  "fwhm_z": 3.087552,
  "gcor": 0.00892731,
  "gsr_x": -0.03305749595165253,
  "gsr_y": 0.06028873100876808,
  "provenance": {
    "md5sum": "66431c46ec624301a1c7e8629071b7cf",
    "settings": {
      "fd_thres": 0.2,
      "testing": false
    },
    "software": "mriqc",
    "version": "22.0.6",
    "webapi_port": null,
    "webapi_url": "https://mriqc.nimh.nih.gov/api/v1"
  },
  "size_t": 247,
  "size_x": 96,
  "size_y": 96,
  "size_z": 56,
  "snr": 2.1235467285605654,
  "spacing_tr": 2.0,
  "spacing_x": 2.5,
  "spacing_y": 2.5,
  "spacing_z": 2.5,
  "summary_bg_k": 35.47127266415271,
  "summary_bg_mad": 49.54412937568638,
  "summary_bg_mean": 407.4087219238281,
  "summary_bg_median": 219.6720733642578,
  "summary_bg_n": 370474.0,
  "summary_bg_p05": 179.1295623779297,
  "summary_bg_p95": 1350.3255065917965,
  "summary_bg_stdv": 565.4099731445312,
  "summary_fg_k": 3.5930156880487303,
  "summary_fg_mad": 1894.66935297718,
  "summary_fg_mean": 6052.24072265625,
  "summary_fg_median": 5473.29150390625,
  "summary_fg_n": 74025.0,
  "summary_fg_p05": 3112.252734375,
  "summary_fg_p95": 11190.391796875001,
  "summary_fg_stdv": 2577.411865234375,
  "tsnr": 40.20199935394339
}