{
  "aor": 0.015302292490118576,
  "aqi": 0.007319493794466403,
  "bids_meta": {
    "AcquisitionDateTime": "20181211164012.527500",
    "ConversionSoftware": "dicm2nii.m 20210821",
    "DeviceSerialNumber": "166054",
    "EchoTime": 0.03,
    "EffectiveEchoSpacing": 0.00050999592,
    "FlipAngle": 75,
    "ImageType": [
      "ORIGINAL",
      "PRIMARY",
      "M",
      "MB",
      "ND",
      "MOSAIC"
    ],
    "InstitutionAddress": "Street StreetNo,City,District,IL,ZIP",
    "InstitutionName": "Weizmann Institute",
    "MRAcquisitionType": "2D",
    "Manufacturer": "SIEMENS",
    "Modality": "MR",
    "ParallelAcquisitionTechnique": "none",
    "ParallelReductionFactorInPlane": 1,
    "PatientAge": "025Y",
    "PatientPosition": "HFS",
    "PatientSex": "F",
    "PatientSize": 1.56,
    "PatientWeight": 56,
    "PhaseEncodingDirection": "j-",
    "RepetitionTime": 2,
    "ScanOptions": "FS",
    "ScanningSequence": "EP",
    "SequenceName": "epfid2d1_96",
    "SequenceVariant": "SK\\SS",
    "SeriesDescription": "EPI_PSAP_iso2.5",
    "SeriesNumber": 17,
    "SliceThickness": 2.5,
    "SliceTiming": [
      0,
      0.92,
      1.8375,
      0.7775,
      1.6975,
      0.6375,
      1.555,
      0.495,
      1.415,
      0.355,
      1.2725,
      0.2125,
      1.1325,
      0.07,
      0.99,
      1.91,
      0.85,
      1.7675,
      0.7075,
      1.6275,
      0.565,
      1.485,
      0.425,
      1.3425,
      0.2825,
      1.2025,
      0.1425,
      1.06,
      0,
      0.92,
      1.8375,
      0.7775,
      1.6975,
      0.6375,
      1.555,
      0.495,
      1.415,
      0.355,
      1.2725,
      0.2125,
      1.1325,
      0.07,
      0.99,
      1.91,
      0.85,
      1.7675,
      0.7075,
      1.6275,
      0.565,
      1.485,
      0.425,
      1.3425,
      0.2825,
      1.2025,
      0.1425,
      1.06
    ],
    "SoftwareVersion": "syngo MR E11",
    "TaskName": "PSAP",
    "TotalReadoutTime": 0.048449612,
    "dataset": "ds003791",
    "modality": "bold",
    "run_id": 4,
    "subject_id": "20",
    "task_id": "PSAP"
  },
  "dummy_trs": 0,
  "dvars_nstd": 42.529850149999994,
  "dvars_std": 1.3713354730555545,
  "dvars_vstd": 1.0792153154761905,
  "efc": 0.47141616737525477,
  "fber": 600.7692260742188,
  "fd_mean": 0.28910609765941353,
  "fd_num": 124,
  "fd_perc": 49.01185770750988,
  "fwhm_avg": 2.938390666666667,
  "fwhm_x": 2.747932,
  "fwhm_y": 3.014484,
  "fwhm_z": 3.052756,
  "gcor": 0.0659752,
  "gsr_x": -0.035436030477285385,
  "gsr_y": 0.06360619515180588,
  "provenance": {
    "md5sum": "972c75643f99d9fedaa409193de067ba",
    "settings": {
      "fd_thres": 0.2,
      "testing": false
    },
    "software": "mriqc",
    "version": "22.0.6",
    "webapi_port": null,
    "webapi_url": "https://mriqc.nimh.nih.gov/api/v1"
  },
  "size_t": 253,
  "size_x": 96,
  "size_y": 96,
  "size_z": 56,
  "snr": 2.1026046136052035,
  "spacing_tr": 2.0,
  "spacing_x": 2.5,
  "spacing_y": 2.5,
  "spacing_z": 2.5,
  "summary_bg_k": 35.82126022243371,
  "summary_bg_mad": 46.139399529705514,
  "summary_bg_mean": 419.07916259765625,
  "summary_bg_median": 219.19961547851562,
  "summary_bg_n": 370502.0,
  "summary_bg_p05": 181.28854370117188,
  "summary_bg_p95": 1429.723193359375,
  "summary_bg_stdv": 597.3927001953125,
  "summary_fg_k": 3.5236037684271766,
  "summary_fg_mad": 1908.2726626880878,
  "summary_fg_mean": 6061.41015625,
  "summary_fg_median": 5481.0,
  "summary_fg_n": 74141.0,
  "summary_fg_p05": 3078.94482421875,
  "summary_fg_p95": 11297.8935546875,
  "summary_fg_stdv": 2606.749267578125,
  "tsnr": 38.4271489859093
}