{
  "bids_meta": {
    "AcquisitionDateTime": "20181120120934.042500",
    "ConversionSoftware": "dicm2nii.m 20210821",
    "DeviceSerialNumber": "166054",
    "EchoTime": 0.00229,
    "FlipAngle": 8,
    "ImageType": [
      "ORIGINAL",
      "PRIMARY",
      "M",
      "ND",
      "NORM"
    ],
    "InstitutionAddress": "Street StreetNo,City,District,IL,ZIP",
    "InstitutionName": "Weizmann Institute",
    "InversionTime": 0.9,
    "MRAcquisitionType": "3D",
    "Manufacturer": "SIEMENS",
    "Modality": "MR",
    "ParallelAcquisitionTechnique": "GRAPPA",
    "ParallelReductionFactorInPlane": 2,
    "PatientAge": "027Y",
    "PatientPosition": "HFS",
    "PatientSex": "M",
    "PatientSize": 1.75,
    "PatientWeight": 82,
    "PhaseEncodingDirection": "j-",
    "RepetitionTime": 2.3,
    "ScanOptions": "IR\\WE",
    "ScanningSequence": "GR\\IR",
    "SequenceName": "*tfl3d1_16ns",
    "SequenceVariant": "SK\\SP\\MP",
    "SeriesDescription": "t1_mprage_sag_p2_iso_water_exc",
    "SeriesNumber": 11,
    "SliceThickness": 0.94,
    "SoftwareVersion": "syngo MR E11",
    "dataset": "ds003791",
    "modality": "T1w",
    "subject_id": "19"
  },
  "cjv": 0.30408697869201434,
  "cnr": 4.422196187677015,
  "efc": 0.6172496709800683,
  "fber": 19581.561224855675,
  "fwhm_avg": 4.40318638657979,
  "fwhm_x": 4.25931915973937,
  "fwhm_y": 4.475765333333333,
  "fwhm_z": 4.474474666666667,
  "icvs_csf": 0.21695871015007734,
  "icvs_gm": 0.44709320372528466,
  "icvs_wm": 0.335948086124638,
  "inu_med": 0.4837459623813629,
  "inu_range": 0.1654498994350433,
  "provenance": {
    "md5sum": "a9f412f801b51f83afd2f415395be3d0",
    "settings": {
      "testing": false
    },
    "software": "mriqc",
    "version": "22.0.6",
    "warnings": {
      "large_rot_frame": true,
      "small_air_mask": false
    },
    "webapi_port": null,
    "webapi_url": "https://mriqc.nimh.nih.gov/api/v1"
  },
  "qi_1": 0.0,
  "qi_2": 0.0064135746745286985,
  "rpve_csf": 19.56197194665827,
  "rpve_gm": 10.07268709756745,
  "rpve_wm": 15.286153846153846,
  "size_x": 176,
  "size_y": 256,
  "size_z": 256,
  "snr_csf": 2.15821212787286,
  "snr_gm": 11.745970603854378,
  "snr_total": 13.330185328668103,
  "snr_wm": 26.086373254277067,
  "snrd_csf": 22.0480851760277,
  "snrd_gm": 69.54225590428211,
  "snrd_total": 64.181740894855,
  "snrd_wm": 100.95488160425519,
  "spacing_x": 0.9399999976158142,
  "spacing_y": 0.9375,
  "spacing_z": 0.9375,
  "summary_bg_k": 12.02473597389266,
  "summary_bg_mad": 0.0,
  "summary_bg_mean": 3.8286552870512818,
  "summary_bg_median": 0.0,
  "summary_bg_n": 2265554.0,
  "summary_bg_p05": 0.0,
  "summary_bg_p95": 16.70886019617319,
  "summary_bg_stdv": 6.489547067355966,
  "summary_csf_k": 1.2213851866370486,
  "summary_csf_mad": 89.10967924265732,
  "summary_csf_mean": 231.34459960157358,
  "summary_csf_median": 218.40045293606818,
  "summary_csf_n": 53002.0,
  "summary_csf_p05": 91.39355273004621,
  "summary_csf_p95": 427.17720078807304,
  "summary_csf_stdv": 101.19412721386195,
  "summary_gm_k": 0.12292384218902974,
  "summary_gm_mad": 57.97332760224958,
  "summary_gm_mean": 688.2572775207424,
  "summary_gm_median": 688.8607362695038,
  "summary_gm_n": 69978.0,
  "summary_gm_p05": 590.7479662746191,
  "summary_gm_p95": 783.2220679558814,
  "summary_gm_stdv": 58.646138110130856,
  "summary_wm_k": 0.4545653346759324,
  "summary_wm_mad": 36.64705935539497,
  "summary_wm_mean": 999.5985773835873,
  "summary_wm_median": 1000.0229812450707,
  "summary_wm_n": 241100.0,
  "summary_wm_p05": 936.4096347130835,
  "summary_wm_p95": 1061.6800562664866,
  "summary_wm_stdv": 38.334991898615606,
  "tpm_overlap_csf": 0.17014650850881632,
  "tpm_overlap_gm": 0.47844273839597584,
  "tpm_overlap_wm": 0.5058235773962845,
  "wm2max": 0.8822179809956956
}