{
  "aor": 0.0006949407114624505,
  "aqi": 0.005150925810276681,
  "bids_meta": {
    "AcquisitionDateTime": "20181106141746.540000",
    "ConversionSoftware": "dicm2nii.m 20210821",
    "DeviceSerialNumber": "166054",
    "EchoTime": 0.03,
    "EffectiveEchoSpacing": 0.00050999592,
    "FlipAngle": 75,
    "ImageType": [
      "ORIGINAL",
      "PRIMARY",
      "M",
      "MB",
      "ND",
      "MOSAIC"
    ],
    "InstitutionAddress": "Street StreetNo,City,District,IL,ZIP",
    "InstitutionName": "Weizmann Institute",
    "MRAcquisitionType": "2D",
    "Manufacturer": "SIEMENS",
    "Modality": "MR",
    "ParallelAcquisitionTechnique": "none",
    "ParallelReductionFactorInPlane": 1,
    "PatientAge": "022Y",
    "PatientPosition": "HFS",
    "PatientSex": "F",
    "PatientSize": 1.68,
    "PatientWeight": 43,
    "PhaseEncodingDirection": "j-",
    "RepetitionTime": 2,
    "ScanOptions": "FS",
    "ScanningSequence": "EP",
    "SequenceName": "epfid2d1_96",
    "SequenceVariant": "SK\\SS",
    "SeriesDescription": "EPI_PSAP_iso2.5",
    "SeriesNumber": 10,
    "SliceThickness": 2.5,
    "SliceTiming": [
      0,
      0.9175,
      1.8375,
      0.7775,
      1.695,
      0.635,
      1.555,
      0.495,
      1.4125,
      0.3525,
      1.2725,
      0.21,
      1.13,
      0.07,
      0.99,
      1.9075,
      0.8475,
      1.7675,
      0.705,
      1.625,
      0.565,
      1.485,
      0.4225,
      1.3425,
      0.2825,
      1.2,
      0.14,
      1.06,
      0,
      0.9175,
      1.8375,
      0.7775,
      1.695,
      0.635,
      1.555,
      0.495,
      1.4125,
      0.3525,
      1.2725,
      0.21,
      1.13,
      0.07,
      0.99,
      1.9075,
      0.8475,
      1.7675,
      0.705,
      1.625,
      0.565,
      1.485,
      0.4225,
      1.3425,
      0.2825,
      1.2,
      0.14,
      1.06
    ],
    "SoftwareVersion": "syngo MR E11",
    "TaskName": "PSAP",
    "TotalReadoutTime": 0.048449612,
    "dataset": "ds003791",
    "modality": "bold",
    "run_id": 2,
    "subject_id": "42",
    "task_id": "PSAP"
  },
  "dummy_trs": 0,
  "dvars_nstd": 21.68094304615081,
  "dvars_std": 1.1161758926984124,
  "dvars_vstd": 0.9523442176984128,
  "efc": 0.46856274953321436,
  "fber": 755.1807861328125,
  "fd_mean": 0.12607904125206018,
  "fd_num": 33,
  "fd_perc": 13.043478260869565,
  "fwhm_avg": 2.8617026666666665,
  "fwhm_x": 2.667392,
  "fwhm_y": 2.959008,
  "fwhm_z": 2.958708,
  "gcor": 0.0128297,
  "gsr_x": -0.02866317145526409,
  "gsr_y": 0.04866170138120651,
  "provenance": {
    "md5sum": "568a1bb9557b497062b637ffaf5266be",
    "settings": {
      "fd_thres": 0.2,
      "testing": false
    },
    "software": "mriqc",
    "version": "22.0.6",
    "webapi_port": null,
    "webapi_url": "https://mriqc.nimh.nih.gov/api/v1"
  },
  "size_t": 253,
  "size_x": 96,
  "size_y": 96,
  "size_z": 56,
  "snr": 2.906401839901151,
  "spacing_tr": 2.0,
  "spacing_x": 2.5,
  "spacing_y": 2.5,
  "spacing_z": 2.5,
  "summary_bg_k": 35.44888381678761,
  "summary_bg_mad": 40.45219614808491,
  "summary_bg_mean": 452.885498046875,
  "summary_bg_median": 218.35179138183594,
  "summary_bg_n": 385920.0,
  "summary_bg_p05": 183.5652313232422,
  "summary_bg_p95": 1658.973596191406,
  "summary_bg_stdv": 738.8758544921875,
  "summary_fg_k": 0.7918712352915667,
  "summary_fg_mad": 1952.4702075832602,
  "summary_fg_mean": 6438.96142578125,
  "summary_fg_median": 6082.625,
  "summary_fg_n": 64050.0,
  "summary_fg_p05": 3704.656237792969,
  "summary_fg_p95": 10406.585107421868,
  "summary_fg_stdv": 2092.820556640625,
  "tsnr": 64.10749640315771
}