{
  "aor": 0.002457764705882353,
  "aqi": 0.006667528901960785,
  "bids_meta": {
    "AcquisitionDateTime": "20190113133902.550000",
    "ConversionSoftware": "dicm2nii.m 20210821",
    "DeviceSerialNumber": "166054",
    "EchoTime": 0.03,
    "EffectiveEchoSpacing": 0.00050999592,
    "FlipAngle": 75,
    "ImageType": [
      "ORIGINAL",
      "PRIMARY",
      "M",
      "MB",
      "ND",
      "MOSAIC"
    ],
    "InstitutionAddress": "Street StreetNo,City,District,IL,ZIP",
    "InstitutionName": "Weizmann Institute",
    "MRAcquisitionType": "2D",
    "Manufacturer": "SIEMENS",
    "Modality": "MR",
    "ParallelAcquisitionTechnique": "none",
    "ParallelReductionFactorInPlane": 1,
    "PatientAge": "024Y",
    "PatientPosition": "HFS",
    "PatientSex": "F",
    "PatientSize": 1.61,
    "PatientWeight": 42,
    "PhaseEncodingDirection": "j-",
    "RepetitionTime": 2,
    "ScanOptions": "FS",
    "ScanningSequence": "EP",
    "SequenceName": "epfid2d1_96",
    "SequenceVariant": "SK\\SS",
    "SeriesDescription": "EPI_PSAP_iso2.5",
    "SeriesNumber": 17,
    "SliceThickness": 2.5,
    "SliceTiming": [
      0,
      0.92,
      1.8375,
      0.7775,
      1.6975,
      0.6375,
      1.555,
      0.495,
      1.415,
      0.3525,
      1.2725,
      0.2125,
      1.1325,
      0.07,
      0.99,
      1.91,
      0.8475,
      1.7675,
      0.7075,
      1.6275,
      0.565,
      1.485,
      0.425,
      1.3425,
      0.2825,
      1.2025,
      0.1425,
      1.06,
      0,
      0.92,
      1.8375,
      0.7775,
      1.6975,
      0.6375,
      1.555,
      0.495,
      1.415,
      0.3525,
      1.2725,
      0.2125,
      1.1325,
      0.07,
      0.99,
      1.91,
      0.8475,
      1.7675,
      0.7075,
      1.6275,
      0.565,
      1.485,
      0.425,
      1.3425,
      0.2825,
      1.2025,
      0.1425,
      1.06
    ],
    "SoftwareVersion": "syngo MR E11",
    "TaskName": "PSAP",
    "TotalReadoutTime": 0.048449612,
    "dataset": "ds003791",
    "modality": "bold",
    "run_id": 4,
    "subject_id": "06",
    "task_id": "PSAP"
  },
  "dummy_trs": 0,
  "dvars_nstd": 23.756392501417338,
  "dvars_std": 1.1298980406692924,
  "dvars_vstd": 0.9616372600787402,
  "efc": 0.4733079395359991,
  "fber": 660.5385131835938,
  "fd_mean": 0.12866170810150332,
  "fd_num": 25,
  "fd_perc": 9.803921568627452,
  "fwhm_avg": 2.900736,
  "fwhm_x": 2.6225359999999998,
  "fwhm_y": 3.055092,
  "fwhm_z": 3.02458,
  "gcor": 0.0433628,
  "gsr_x": -0.015324564650654793,
  "gsr_y": 0.035974033176898956,
  "provenance": {
    "md5sum": "c11f75b2706dc69dde626188aac806ba",
    "settings": {
      "fd_thres": 0.2,
      "testing": false
    },
    "software": "mriqc",
    "version": "22.0.6",
    "webapi_port": null,
    "webapi_url": "https://mriqc.nimh.nih.gov/api/v1"
  },
  "size_t": 255,
  "size_x": 96,
  "size_y": 96,
  "size_z": 56,
  "snr": 2.170380553527899,
  "spacing_tr": 2.0,
  "spacing_x": 2.5,
  "spacing_y": 2.5,
  "spacing_z": 2.5,
  "summary_bg_k": 31.777495795212346,
  "summary_bg_mad": 51.39688444909904,
  "summary_bg_mean": 461.5602111816406,
  "summary_bg_median": 231.84707641601562,
  "summary_bg_n": 369693.0,
  "summary_bg_p05": 190.52549743652344,
  "summary_bg_p95": 1671.549121093744,
  "summary_bg_stdv": 707.3524780273438,
  "summary_fg_k": 2.1648170431191422,
  "summary_fg_mad": 2294.2223257054984,
  "summary_fg_mean": 6615.42724609375,
  "summary_fg_median": 6064.1943359375,
  "summary_fg_n": 75192.0,
  "summary_fg_p05": 3246.853161621094,
  "summary_fg_p95": 12011.474658203124,
  "summary_fg_stdv": 2794.051025390625,
  "tsnr": 50.95704419352114
}