{
  "aor": 0.0037247430830039526,
  "aqi": 0.005323186916996047,
  "bids_meta": {
    "AcquisitionDateTime": "20190113130102.042500",
    "ConversionSoftware": "dicm2nii.m 20210821",
    "DeviceSerialNumber": "166054",
    "EchoTime": 0.03,
    "EffectiveEchoSpacing": 0.00050999592,
    "FlipAngle": 75,
    "ImageType": [
      "ORIGINAL",
      "PRIMARY",
      "M",
      "MB",
      "ND",
      "MOSAIC"
    ],
    "InstitutionAddress": "Street StreetNo,City,District,IL,ZIP",
    "InstitutionName": "Weizmann Institute",
    "MRAcquisitionType": "2D",
    "Manufacturer": "SIEMENS",
    "Modality": "MR",
    "ParallelAcquisitionTechnique": "none",
    "ParallelReductionFactorInPlane": 1,
    "PatientAge": "024Y",
    "PatientPosition": "HFS",
    "PatientSex": "F",
    "PatientSize": 1.61,
    "PatientWeight": 42,
    "PhaseEncodingDirection": "j-",
    "RepetitionTime": 2,
    "ScanOptions": "FS",
    "ScanningSequence": "EP",
    "SequenceName": "epfid2d1_96",
    "SequenceVariant": "SK\\SS",
    "SeriesDescription": "EPI_PSAP_iso2.5",
    "SeriesNumber": 6,
    "SliceThickness": 2.5,
    "SliceTiming": [
      0,
      0.92,
      1.84,
      0.7775,
      1.6975,
      0.6375,
      1.555,
      0.495,
      1.415,
      0.355,
      1.2725,
      0.2125,
      1.1325,
      0.07,
      0.99,
      1.91,
      0.85,
      1.7675,
      0.7075,
      1.6275,
      0.565,
      1.485,
      0.425,
      1.345,
      0.2825,
      1.2025,
      0.1425,
      1.06,
      0,
      0.92,
      1.84,
      0.7775,
      1.6975,
      0.6375,
      1.555,
      0.495,
      1.415,
      0.355,
      1.2725,
      0.2125,
      1.1325,
      0.07,
      0.99,
      1.91,
      0.85,
      1.7675,
      0.7075,
      1.6275,
      0.565,
      1.485,
      0.425,
      1.345,
      0.2825,
      1.2025,
      0.1425,
      1.06
    ],
    "SoftwareVersion": "syngo MR E11",
    "TaskName": "PSAP",
    "TotalReadoutTime": 0.048449612,
    "dataset": "ds003791",
    "modality": "bold",
    "run_id": 1,
    "subject_id": "06",
    "task_id": "PSAP"
  },
  "dummy_trs": 0,
  "dvars_nstd": 27.21342512174602,
  "dvars_std": 1.2107287811111107,
  "dvars_vstd": 0.9828329559523803,
  "efc": 0.47174262363308234,
  "fber": 662.3544311523438,
  "fd_mean": 0.13407014532142028,
  "fd_num": 37,
  "fd_perc": 14.624505928853756,
  "fwhm_avg": 2.9254013333333333,
  "fwhm_x": 2.6301680000000003,
  "fwhm_y": 3.081536,
  "fwhm_z": 3.0645,
  "gcor": 0.0489054,
  "gsr_x": -0.012992694042623043,
  "gsr_y": 0.03066718950867653,
  "provenance": {
    "md5sum": "6b6501e62306de70fed9623944e1e441",
    "settings": {
      "fd_thres": 0.2,
      "testing": false
    },
    "software": "mriqc",
    "version": "22.0.6",
    "webapi_port": null,
    "webapi_url": "https://mriqc.nimh.nih.gov/api/v1"
  },
  "size_t": 253,
  "size_x": 96,
  "size_y": 96,
  "size_z": 56,
  "snr": 2.1900729971353967,
  "spacing_tr": 2.0,
  "spacing_x": 2.5,
  "spacing_y": 2.5,
  "spacing_z": 2.5,
  "summary_bg_k": 34.3311895830981,
  "summary_bg_mad": 48.181631148545016,
  "summary_bg_mean": 431.0804748535156,
  "summary_bg_median": 228.12649536132812,
  "summary_bg_n": 368212.0,
  "summary_bg_p05": 189.62451171875,
  "summary_bg_p95": 1477.2401977539068,
  "summary_bg_stdv": 627.229248046875,
  "summary_fg_k": 2.072253776911383,
  "summary_fg_mad": 2242.1194994499347,
  "summary_fg_mean": 6511.43310546875,
  "summary_fg_median": 5980.984375,
  "summary_fg_n": 75930.0,
  "summary_fg_p05": 3202.224401855469,
  "summary_fg_p95": 11750.306884765629,
  "summary_fg_stdv": 2730.93408203125,
  "tsnr": 52.05922727007419
}