{
  "aor": 0.011995839999999999,
  "aqi": 0.00599176216,
  "bids_meta": {
    "AcquisitionDateTime": "20190113132810.545000",
    "ConversionSoftware": "dicm2nii.m 20210821",
    "DeviceSerialNumber": "166054",
    "EchoTime": 0.03,
    "EffectiveEchoSpacing": 0.00050999592,
    "FlipAngle": 75,
    "ImageType": [
      "ORIGINAL",
      "PRIMARY",
      "M",
      "MB",
      "ND",
      "MOSAIC"
    ],
    "InstitutionAddress": "Street StreetNo,City,District,IL,ZIP",
    "InstitutionName": "Weizmann Institute",
    "MRAcquisitionType": "2D",
    "Manufacturer": "SIEMENS",
    "Modality": "MR",
    "ParallelAcquisitionTechnique": "none",
    "ParallelReductionFactorInPlane": 1,
    "PatientAge": "024Y",
    "PatientPosition": "HFS",
    "PatientSex": "F",
    "PatientSize": 1.61,
    "PatientWeight": 42,
    "PhaseEncodingDirection": "j-",
    "RepetitionTime": 2,
    "ScanOptions": "FS",
    "ScanningSequence": "EP",
    "SequenceName": "epfid2d1_96",
    "SequenceVariant": "SK\\SS",
    "SeriesDescription": "EPI_PSAP_iso2.5",
    "SeriesNumber": 13,
    "SliceThickness": 2.5,
    "SliceTiming": [
      0,
      0.92,
      1.8375,
      0.7775,
      1.6975,
      0.6375,
      1.555,
      0.495,
      1.415,
      0.355,
      1.2725,
      0.2125,
      1.1325,
      0.07,
      0.99,
      1.91,
      0.8475,
      1.7675,
      0.7075,
      1.6275,
      0.565,
      1.485,
      0.425,
      1.3425,
      0.2825,
      1.2025,
      0.1425,
      1.06,
      0,
      0.92,
      1.8375,
      0.7775,
      1.6975,
      0.6375,
      1.555,
      0.495,
      1.415,
      0.355,
      1.2725,
      0.2125,
      1.1325,
      0.07,
      0.99,
      1.91,
      0.8475,
      1.7675,
      0.7075,
      1.6275,
      0.565,
      1.485,
      0.425,
      1.3425,
      0.2825,
      1.2025,
      0.1425,
      1.06
    ],
    "SoftwareVersion": "syngo MR E11",
    "TaskName": "PSAP",
    "TotalReadoutTime": 0.048449612,
    "dataset": "ds003791",
    "modality": "bold",
    "run_id": 3,
    "subject_id": "06",
    "task_id": "PSAP"
  },
  "dummy_trs": 0,
  "dvars_nstd": 26.890368664497995,
  "dvars_std": 1.4066985880321292,
  "dvars_vstd": 1.0904332683132534,
  "efc": 0.47292030502409305,
  "fber": 658.5401000976562,
  "fd_mean": 0.1318986138428003,
  "fd_num": 28,
  "fd_perc": 11.2,
  "fwhm_avg": 2.908414666666667,
  "fwhm_x": 2.640212,
  "fwhm_y": 3.068572,
  "fwhm_z": 3.01646,
  "gcor": 0.0467309,
  "gsr_x": -0.014376116916537285,
  "gsr_y": 0.0307247806340456,
  "provenance": {
    "md5sum": "8ff7b20d72788edd9bafbcb7a8eadee9",
    "settings": {
      "fd_thres": 0.2,
      "testing": false
    },
    "software": "mriqc",
    "version": "22.0.6",
    "webapi_port": null,
    "webapi_url": "https://mriqc.nimh.nih.gov/api/v1"
  },
  "size_t": 250,
  "size_x": 96,
  "size_y": 96,
  "size_z": 56,
  "snr": 2.1631108778779686,
  "spacing_tr": 2.0,
  "spacing_x": 2.5,
  "spacing_y": 2.5,
  "spacing_z": 2.5,
  "summary_bg_k": 32.9764063966536,
  "summary_bg_mad": 51.22689737222753,
  "summary_bg_mean": 448.27734375,
  "summary_bg_median": 230.67601013183594,
  "summary_bg_n": 368106.0,
  "summary_bg_p05": 189.0880126953125,
  "summary_bg_p95": 1588.5850830078125,
  "summary_bg_stdv": 669.9957885742188,
  "summary_fg_k": 2.2159500274868247,
  "summary_fg_mad": 2273.179581571508,
  "summary_fg_mean": 6583.9990234375,
  "summary_fg_median": 6031.564453125,
  "summary_fg_n": 75837.0,
  "summary_fg_p05": 3223.746484375,
  "summary_fg_p95": 11951.287109374998,
  "summary_fg_stdv": 2788.356689453125,
  "tsnr": 53.77629095944576
}