{
  "aor": 0.0006601176470588234,
  "aqi": 0.003629246941176471,
  "bids_meta": {
    "AcquisitionDateTime": "20181106144425.522500",
    "ConversionSoftware": "dicm2nii.m 20210821",
    "DeviceSerialNumber": "166054",
    "EchoTime": 0.03,
    "EffectiveEchoSpacing": 0.00050999592,
    "FlipAngle": 75,
    "ImageType": [
      "ORIGINAL",
      "PRIMARY",
      "M",
      "MB",
      "ND",
      "MOSAIC"
    ],
    "InstitutionAddress": "Street StreetNo,City,District,IL,ZIP",
    "InstitutionName": "Weizmann Institute",
    "MRAcquisitionType": "2D",
    "Manufacturer": "SIEMENS",
    "Modality": "MR",
    "ParallelAcquisitionTechnique": "none",
    "ParallelReductionFactorInPlane": 1,
    "PatientAge": "022Y",
    "PatientPosition": "HFS",
    "PatientSex": "F",
    "PatientSize": 1.68,
    "PatientWeight": 43,
    "PhaseEncodingDirection": "j-",
    "RepetitionTime": 2,
    "ScanOptions": "FS",
    "ScanningSequence": "EP",
    "SequenceName": "epfid2d1_96",
    "SequenceVariant": "SK\\SS",
    "SeriesDescription": "EPI_PSAP_iso2.5",
    "SeriesNumber": 17,
    "SliceThickness": 2.5,
    "SliceTiming": [
      0,
      0.9175,
      1.8375,
      0.7775,
      1.695,
      0.635,
      1.555,
      0.495,
      1.4125,
      0.3525,
      1.2725,
      0.21,
      1.13,
      0.07,
      0.99,
      1.9075,
      0.8475,
      1.7675,
      0.705,
      1.625,
      0.565,
      1.485,
      0.4225,
      1.3425,
      0.2825,
      1.2,
      0.14,
      1.06,
      0,
      0.9175,
      1.8375,
      0.7775,
      1.695,
      0.635,
      1.555,
      0.495,
      1.4125,
      0.3525,
      1.2725,
      0.21,
      1.13,
      0.07,
      0.99,
      1.9075,
      0.8475,
      1.7675,
      0.705,
      1.625,
      0.565,
      1.485,
      0.4225,
      1.3425,
      0.2825,
      1.2,
      0.14,
      1.06
    ],
    "SoftwareVersion": "syngo MR E11",
    "TaskName": "PSAP",
    "TotalReadoutTime": 0.048449612,
    "dataset": "ds003791",
    "modality": "bold",
    "run_id": 4,
    "subject_id": "42",
    "task_id": "PSAP"
  },
  "dummy_trs": 0,
  "dvars_nstd": 21.288213009094484,
  "dvars_std": 1.1332903656692914,
  "dvars_vstd": 0.9634873019685033,
  "efc": 0.4676466775175409,
  "fber": 770.0366821289062,
  "fd_mean": 0.10232493310146082,
  "fd_num": 21,
  "fd_perc": 8.235294117647058,
  "fwhm_avg": 2.851150666666667,
  "fwhm_x": 2.6413,
  "fwhm_y": 2.9620360000000003,
  "fwhm_z": 2.950116,
  "gcor": 0.0157394,
  "gsr_x": -0.02660990320146084,
  "gsr_y": 0.04884997010231018,
  "provenance": {
    "md5sum": "8603f06940e2f957874ccef98468d150",
    "settings": {
      "fd_thres": 0.2,
      "testing": false
    },
    "software": "mriqc",
    "version": "22.0.6",
    "webapi_port": null,
    "webapi_url": "https://mriqc.nimh.nih.gov/api/v1"
  },
  "size_t": 255,
  "size_x": 96,
  "size_y": 96,
  "size_z": 56,
  "snr": 2.849931655758247,
  "spacing_tr": 2.0,
  "spacing_x": 2.5,
  "spacing_y": 2.5,
  "spacing_z": 2.5,
  "summary_bg_k": 38.33122690981353,
  "summary_bg_mad": 35.22198291104014,
  "summary_bg_mean": 449.0927734375,
  "summary_bg_median": 217.83139038085938,
  "summary_bg_n": 385002.0,
  "summary_bg_p05": 189.58432006835938,
  "summary_bg_p95": 1624.4896484375001,
  "summary_bg_stdv": 727.6585083007812,
  "summary_fg_k": 0.7258335300534111,
  "summary_fg_mad": 2006.525464592393,
  "summary_fg_mean": 6498.18359375,
  "summary_fg_median": 6142.7177734375,
  "summary_fg_n": 64359.0,
  "summary_fg_p05": 3676.9562255859373,
  "summary_fg_p95": 10545.400195312499,
  "summary_fg_stdv": 2155.37451171875,
  "tsnr": 71.04631916573271
}