{
  "aor": 0.0010262948207171315,
  "aqi": 0.009089263944223106,
  "bids_meta": {
    "AcquisitionDateTime": "20181106143336.540000",
    "ConversionSoftware": "dicm2nii.m 20210821",
    "DeviceSerialNumber": "166054",
    "EchoTime": 0.03,
    "EffectiveEchoSpacing": 0.00050999592,
    "FlipAngle": 75,
    "ImageType": [
      "ORIGINAL",
      "PRIMARY",
      "M",
      "MB",
      "ND",
      "MOSAIC"
    ],
    "InstitutionAddress": "Street StreetNo,City,District,IL,ZIP",
    "InstitutionName": "Weizmann Institute",
    "MRAcquisitionType": "2D",
    "Manufacturer": "SIEMENS",
    "Modality": "MR",
    "ParallelAcquisitionTechnique": "none",
    "ParallelReductionFactorInPlane": 1,
    "PatientAge": "022Y",
    "PatientPosition": "HFS",
    "PatientSex": "F",
    "PatientSize": 1.68,
    "PatientWeight": 43,
    "PhaseEncodingDirection": "j-",
    "RepetitionTime": 2,
    "ScanOptions": "FS",
    "ScanningSequence": "EP",
    "SequenceName": "epfid2d1_96",
    "SequenceVariant": "SK\\SS",
    "SeriesDescription": "EPI_PSAP_iso2.5",
    "SeriesNumber": 13,
    "SliceThickness": 2.5,
    "SliceTiming": [
      0,
      0.92,
      1.84,
      0.7775,
      1.6975,
      0.6375,
      1.555,
      0.495,
      1.415,
      0.355,
      1.2725,
      0.2125,
      1.1325,
      0.07,
      0.99,
      1.91,
      0.85,
      1.7675,
      0.7075,
      1.6275,
      0.565,
      1.485,
      0.425,
      1.345,
      0.2825,
      1.2025,
      0.1425,
      1.06,
      0,
      0.92,
      1.84,
      0.7775,
      1.6975,
      0.6375,
      1.555,
      0.495,
      1.415,
      0.355,
      1.2725,
      0.2125,
      1.1325,
      0.07,
      0.99,
      1.91,
      0.85,
      1.7675,
      0.7075,
      1.6275,
      0.565,
      1.485,
      0.425,
      1.345,
      0.2825,
      1.2025,
      0.1425,
      1.06
    ],
    "SoftwareVersion": "syngo MR E11",
    "TaskName": "PSAP",
    "TotalReadoutTime": 0.048449612,
    "dataset": "ds003791",
    "modality": "bold",
    "run_id": 3,
    "subject_id": "42",
    "task_id": "PSAP"
  },
  "dummy_trs": 0,
  "dvars_nstd": 22.335602653239988,
  "dvars_std": 1.0538183227600004,
  "dvars_vstd": 0.91336028572,
  "efc": 0.4673911136284597,
  "fber": 756.6290283203125,
  "fd_mean": 0.14621704624715345,
  "fd_num": 52,
  "fd_perc": 20.717131474103585,
  "fwhm_avg": 2.8679319999999997,
  "fwhm_x": 2.646368,
  "fwhm_y": 2.988036,
  "fwhm_z": 2.969392,
  "gcor": 0.00743164,
  "gsr_x": -0.026313435286283493,
  "gsr_y": 0.04899410903453827,
  "provenance": {
    "md5sum": "1b9963995c7e48b9bd8caced9952c190",
    "settings": {
      "fd_thres": 0.2,
      "testing": false
    },
    "software": "mriqc",
    "version": "22.0.6",
    "webapi_port": null,
    "webapi_url": "https://mriqc.nimh.nih.gov/api/v1"
  },
  "size_t": 251,
  "size_x": 96,
  "size_y": 96,
  "size_z": 56,
  "snr": 2.85174501609266,
  "spacing_tr": 2.0,
  "spacing_x": 2.5,
  "spacing_y": 2.5,
  "spacing_z": 2.5,
  "summary_bg_k": 38.54529417204853,
  "summary_bg_mad": 41.34746745233205,
  "summary_bg_mean": 445.8999328613281,
  "summary_bg_median": 219.39442443847656,
  "summary_bg_n": 384423.0,
  "summary_bg_p05": 183.97610473632812,
  "summary_bg_p95": 1608.141918945309,
  "summary_bg_stdv": 716.5242919921875,
  "summary_fg_k": 0.7501382028965291,
  "summary_fg_mad": 2005.7182861384704,
  "summary_fg_mean": 6488.73046875,
  "summary_fg_median": 6134.17529296875,
  "summary_fg_n": 64713.0,
  "summary_fg_p05": 3668.315625,
  "summary_fg_p95": 10520.127734374997,
  "summary_fg_stdv": 2151.008544921875,
  "tsnr": 47.806019376497716
}