{
  "bids_meta": {
    "AcquisitionDateTime": "20181216141853.972500",
    "ConversionSoftware": "dicm2nii.m 20210821",
    "DeviceSerialNumber": "166054",
    "EchoTime": 0.00229,
    "FlipAngle": 8,
    "ImageType": [
      "ORIGINAL",
      "PRIMARY",
      "M",
      "ND",
      "NORM"
    ],
    "InstitutionAddress": "Street StreetNo,City,District,IL,ZIP",
    "InstitutionName": "Weizmann Institute",
    "InversionTime": 0.9,
    "MRAcquisitionType": "3D",
    "Manufacturer": "SIEMENS",
    "Modality": "MR",
    "ParallelAcquisitionTechnique": "GRAPPA",
    "ParallelReductionFactorInPlane": 2,
    "PatientAge": "028Y",
    "PatientPosition": "HFS",
    "PatientSex": "F",
    "PatientSize": 1.8,
    "PatientWeight": 90,
    "PhaseEncodingDirection": "j-",
    "RepetitionTime": 2.3,
    "ScanOptions": "IR\\WE",
    "ScanningSequence": "GR\\IR",
    "SequenceName": "*tfl3d1_16ns",
    "SequenceVariant": "SK\\SP\\MP",
    "SeriesDescription": "t1_mprage_sag_p2_iso_water_exc",
    "SeriesNumber": 11,
    "SliceThickness": 0.94,
    "SoftwareVersion": "syngo MR E11",
    "dataset": "ds003791",
    "modality": "T1w",
    "subject_id": "13"
  },
  "cjv": 0.3345261563614687,
  "cnr": 4.024135338751422,
  "efc": 0.6211031346502036,
  "fber": 851.7780452510456,
  "fwhm_avg": 4.4663139141342585,
  "fwhm_x": 4.464744409069442,
  "fwhm_y": 4.3864,
  "fwhm_z": 4.5477973333333335,
  "icvs_csf": 0.24098599844418692,
  "icvs_gm": 0.41684561734024705,
  "icvs_wm": 0.34216838421556606,
  "inu_med": 0.4503284692764282,
  "inu_range": 0.13952631950378414,
  "provenance": {
    "md5sum": "5a21d4c7efff8b36f8d2639fe066c4db",
    "settings": {
      "testing": false
    },
    "software": "mriqc",
    "version": "22.0.6",
    "warnings": {
      "large_rot_frame": true,
      "small_air_mask": false
    },
    "webapi_port": null,
    "webapi_url": "https://mriqc.nimh.nih.gov/api/v1"
  },
  "qi_1": 0.0,
  "qi_2": 0.03325073166836358,
  "rpve_csf": 18.233956393748652,
  "rpve_gm": 10.6118357223518,
  "rpve_wm": 15.312754972379386,
  "size_x": 176,
  "size_y": 256,
  "size_z": 256,
  "snr_csf": 2.2796031765691143,
  "snr_gm": 10.024363016853181,
  "snr_total": 12.730731946644795,
  "snr_wm": 25.888229646512087,
  "snrd_csf": 35.04726690229786,
  "snrd_gm": 106.20267009579086,
  "snrd_total": 98.92855464409564,
  "snrd_wm": 155.5357269341982,
  "spacing_x": 0.940000057220459,
  "spacing_y": 0.9375,
  "spacing_z": 0.9375,
  "summary_bg_k": 8.286980273145316,
  "summary_bg_mad": 4.212222941212323,
  "summary_bg_mean": 5.586916224054371,
  "summary_bg_median": 2.841101199388504,
  "summary_bg_n": 2049789.0,
  "summary_bg_p05": 0.0,
  "summary_bg_p95": 24.555231794714928,
  "summary_bg_stdv": 8.989505806282725,
  "summary_csf_k": 0.8035797680168759,
  "summary_csf_mad": 87.93851148300806,
  "summary_csf_mean": 236.34595483808616,
  "summary_csf_median": 225.3376574292779,
  "summary_csf_n": 62176.0,
  "summary_csf_p05": 86.74378027021885,
  "summary_csf_p95": 417.7602555267513,
  "summary_csf_stdv": 98.84871526893096,
  "summary_gm_k": -0.029949577251974446,
  "summary_gm_mad": 68.26475592028224,
  "summary_gm_mean": 682.5436698522666,
  "summary_gm_median": 682.8338700085878,
  "summary_gm_n": 42744.0,
  "summary_gm_p05": 567.953041074425,
  "summary_gm_p95": 792.4868472516537,
  "summary_gm_stdv": 68.11663557392978,
  "summary_wm_k": 0.2801781370648886,
  "summary_wm_mad": 37.84314578930436,
  "summary_wm_mean": 998.3486030496738,
  "summary_wm_median": 1000.0225253403187,
  "summary_wm_n": 252220.0,
  "summary_wm_p05": 933.1213566213846,
  "summary_wm_p95": 1058.4905841499567,
  "summary_wm_stdv": 38.62838658927422,
  "tpm_overlap_csf": 0.15846256077761217,
  "tpm_overlap_gm": 0.46182855493384567,
  "tpm_overlap_wm": 0.5082961402620458,
  "wm2max": 0.9071199198216441
}