{
  "aor": 0.004302549019607843,
  "aqi": 0.0057905417647058826,
  "bids_meta": {
    "AcquisitionDateTime": "20181113163348.512500",
    "ConversionSoftware": "dicm2nii.m 20210821",
    "DeviceSerialNumber": "166054",
    "EchoTime": 0.03,
    "EffectiveEchoSpacing": 0.00050999592,
    "FlipAngle": 75,
    "ImageType": [
      "ORIGINAL",
      "PRIMARY",
      "M",
      "MB",
      "ND",
      "MOSAIC"
    ],
    "InstitutionAddress": "Street StreetNo,City,District,IL,ZIP",
    "InstitutionName": "Weizmann Institute",
    "MRAcquisitionType": "2D",
    "Manufacturer": "SIEMENS",
    "Modality": "MR",
    "ParallelAcquisitionTechnique": "none",
    "ParallelReductionFactorInPlane": 1,
    "PatientAge": "023Y",
    "PatientPosition": "HFS",
    "PatientSex": "F",
    "PatientSize": 1.65,
    "PatientWeight": 64,
    "PhaseEncodingDirection": "j-",
    "RepetitionTime": 2,
    "ScanOptions": "FS",
    "ScanningSequence": "EP",
    "SequenceName": "epfid2d1_96",
    "SequenceVariant": "SK\\SS",
    "SeriesDescription": "EPI_PSAP_iso2.5",
    "SeriesNumber": 17,
    "SliceThickness": 2.5,
    "SliceTiming": [
      0,
      0.92,
      1.8375,
      0.7775,
      1.6975,
      0.635,
      1.555,
      0.495,
      1.415,
      0.3525,
      1.2725,
      0.2125,
      1.13,
      0.07,
      0.99,
      1.91,
      0.8475,
      1.7675,
      0.7075,
      1.625,
      0.565,
      1.485,
      0.425,
      1.3425,
      0.2825,
      1.2025,
      0.14,
      1.06,
      0,
      0.92,
      1.8375,
      0.7775,
      1.6975,
      0.635,
      1.555,
      0.495,
      1.415,
      0.3525,
      1.2725,
      0.2125,
      1.13,
      0.07,
      0.99,
      1.91,
      0.8475,
      1.7675,
      0.7075,
      1.625,
      0.565,
      1.485,
      0.425,
      1.3425,
      0.2825,
      1.2025,
      0.14,
      1.06
    ],
    "SoftwareVersion": "syngo MR E11",
    "TaskName": "PSAP",
    "TotalReadoutTime": 0.048449612,
    "dataset": "ds003791",
    "modality": "bold",
    "run_id": 4,
    "subject_id": "34",
    "task_id": "PSAP"
  },
  "dummy_trs": 1,
  "dvars_nstd": 25.399462451968503,
  "dvars_std": 1.1203210461417321,
  "dvars_vstd": 0.9989506439763777,
  "efc": 0.4870702564792311,
  "fber": 673.71533203125,
  "fd_mean": 0.1926233383553829,
  "fd_num": 87,
  "fd_perc": 34.11764705882353,
  "fwhm_avg": 3.0615013333333336,
  "fwhm_x": 2.82942,
  "fwhm_y": 3.1479679999999997,
  "fwhm_z": 3.207116,
  "gcor": 0.026605,
  "gsr_x": -0.033364251255989075,
  "gsr_y": 0.060608480125665665,
  "provenance": {
    "md5sum": "91a72927e13db3c37e82a8ed01882475",
    "settings": {
      "fd_thres": 0.2,
      "testing": false
    },
    "software": "mriqc",
    "version": "22.0.6",
    "webapi_port": null,
    "webapi_url": "https://mriqc.nimh.nih.gov/api/v1"
  },
  "size_t": 255,
  "size_x": 96,
  "size_y": 96,
  "size_z": 56,
  "snr": 2.4709936746215737,
  "spacing_tr": 2.0,
  "spacing_x": 2.5,
  "spacing_y": 2.5,
  "spacing_z": 2.5,
  "summary_bg_k": 30.03975722108492,
  "summary_bg_mad": 40.600035587445475,
  "summary_bg_mean": 430.12750244140625,
  "summary_bg_median": 218.63137817382812,
  "summary_bg_n": 365937.0,
  "summary_bg_p05": 185.99217224121094,
  "summary_bg_p95": 1484.3349609375,
  "summary_bg_stdv": 613.7139282226562,
  "summary_fg_k": 1.3562348140375322,
  "summary_fg_mad": 2011.9838731507584,
  "summary_fg_mean": 6178.7490234375,
  "summary_fg_median": 5739.34130859375,
  "summary_fg_n": 80593.0,
  "summary_fg_p05": 3268.3130859375,
  "summary_fg_p95": 10772.920117187494,
  "summary_fg_stdv": 2322.671142578125,
  "tsnr": 48.10574740357697
}