{
  "aor": 0.0007658167330677291,
  "aqi": 0.0039477835856573705,
  "bids_meta": {
    "AcquisitionDateTime": "20181104145518.532500",
    "ConversionSoftware": "dicm2nii.m 20210821",
    "DeviceSerialNumber": "166054",
    "EchoTime": 0.03,
    "EffectiveEchoSpacing": 0.00050999592,
    "FlipAngle": 75,
    "ImageType": [
      "ORIGINAL",
      "PRIMARY",
      "M",
      "MB",
      "ND",
      "MOSAIC"
    ],
    "InstitutionAddress": "Street StreetNo,City,District,IL,ZIP",
    "InstitutionName": "Weizmann Institute",
    "MRAcquisitionType": "2D",
    "Manufacturer": "SIEMENS",
    "Modality": "MR",
    "ParallelAcquisitionTechnique": "none",
    "ParallelReductionFactorInPlane": 1,
    "PatientAge": "031Y",
    "PatientPosition": "HFS",
    "PatientSex": "M",
    "PatientSize": 1.73,
    "PatientWeight": 59,
    "PhaseEncodingDirection": "j-",
    "RepetitionTime": 2,
    "ScanOptions": "FS",
    "ScanningSequence": "EP",
    "SequenceName": "epfid2d1_96",
    "SequenceVariant": "SK\\SS",
    "SeriesDescription": "EPI_PSAP_iso2.5",
    "SeriesNumber": 17,
    "SliceThickness": 2.5,
    "SliceTiming": [
      0,
      0.9175,
      1.8375,
      0.7775,
      1.695,
      0.635,
      1.555,
      0.495,
      1.4125,
      0.3525,
      1.2725,
      0.21,
      1.13,
      0.07,
      0.99,
      1.9075,
      0.8475,
      1.7675,
      0.705,
      1.625,
      0.565,
      1.485,
      0.4225,
      1.3425,
      0.2825,
      1.2,
      0.14,
      1.06,
      0,
      0.9175,
      1.8375,
      0.7775,
      1.695,
      0.635,
      1.555,
      0.495,
      1.4125,
      0.3525,
      1.2725,
      0.21,
      1.13,
      0.07,
      0.99,
      1.9075,
      0.8475,
      1.7675,
      0.705,
      1.625,
      0.565,
      1.485,
      0.4225,
      1.3425,
      0.2825,
      1.2,
      0.14,
      1.06
    ],
    "SoftwareVersion": "syngo MR E11",
    "TaskName": "PSAP",
    "TotalReadoutTime": 0.048449612,
    "dataset": "ds003791",
    "modality": "bold",
    "run_id": 4,
    "subject_id": "01",
    "task_id": "PSAP"
  },
  "dummy_trs": 0,
  "dvars_nstd": 28.058720069719996,
  "dvars_std": 1.1786638307600004,
  "dvars_vstd": 0.9676242002799997,
  "efc": 0.5091469771741709,
  "fber": 561.1640625,
  "fd_mean": 0.09955958991355823,
  "fd_num": 10,
  "fd_perc": 3.9840637450199203,
  "fwhm_avg": 2.8892373333333334,
  "fwhm_x": 2.7164,
  "fwhm_y": 2.920076,
  "fwhm_z": 3.0312360000000003,
  "gcor": 0.0175232,
  "gsr_x": -0.03318094462156296,
  "gsr_y": 0.08777567744255066,
  "provenance": {
    "md5sum": "ed7e9592525a3223ac658e480bd9522a",
    "settings": {
      "fd_thres": 0.2,
      "testing": false
    },
    "software": "mriqc",
    "version": "22.0.6",
    "webapi_port": null,
    "webapi_url": "https://mriqc.nimh.nih.gov/api/v1"
  },
  "size_t": 251,
  "size_x": 96,
  "size_y": 96,
  "size_z": 56,
  "snr": 2.4318933525869784,
  "spacing_tr": 2.0,
  "spacing_x": 2.5,
  "spacing_y": 2.5,
  "spacing_z": 2.5,
  "summary_bg_k": 50.96362337623698,
  "summary_bg_mad": 48.1461813548988,
  "summary_bg_mean": 498.4010925292969,
  "summary_bg_median": 231.35060119628906,
  "summary_bg_n": 358539.0,
  "summary_bg_p05": 193.79283142089844,
  "summary_bg_p95": 1866.2463012695296,
  "summary_bg_stdv": 790.4215087890625,
  "summary_fg_k": 1.3464295895174923,
  "summary_fg_mad": 2044.1747290346884,
  "summary_fg_mean": 5943.43359375,
  "summary_fg_median": 5557.7333984375,
  "summary_fg_n": 85754.0,
  "summary_fg_p05": 3013.9716796875,
  "summary_fg_p95": 10356.034667968745,
  "summary_fg_stdv": 2285.339111328125,
  "tsnr": 60.38030185829848
}