{
  "bids_meta": {
    "AcquisitionDateTime": "20181101151104.985000",
    "ConversionSoftware": "dicm2nii.m 20210821",
    "DeviceSerialNumber": "166054",
    "EchoTime": 0.00229,
    "FlipAngle": 8,
    "ImageType": [
      "ORIGINAL",
      "PRIMARY",
      "M",
      "ND",
      "NORM"
    ],
    "InstitutionAddress": "Street StreetNo,City,District,IL,ZIP",
    "InstitutionName": "Weizmann Institute",
    "InversionTime": 0.9,
    "MRAcquisitionType": "3D",
    "Manufacturer": "SIEMENS",
    "Modality": "MR",
    "ParallelAcquisitionTechnique": "GRAPPA",
    "ParallelReductionFactorInPlane": 2,
    "PatientAge": "030Y",
    "PatientPosition": "HFS",
    "PatientSex": "M",
    "PatientSize": 1.69,
    "PatientWeight": 73,
    "PhaseEncodingDirection": "j-",
    "RepetitionTime": 2.3,
    "ScanOptions": "IR\\WE",
    "ScanningSequence": "GR\\IR",
    "SequenceName": "*tfl3d1_16ns",
    "SequenceVariant": "SK\\SP\\MP",
    "SeriesDescription": "t1_mprage_sag_p2_iso_water_exc",
    "SeriesNumber": 11,
    "SliceThickness": 0.94,
    "SoftwareVersion": "syngo MR E11",
    "dataset": "ds003791",
    "modality": "T1w",
    "subject_id": "14"
  },
  "cjv": 0.3511394951326858,
  "cnr": 3.8728342517113234,
  "efc": 0.621298582750679,
  "fber": 21427.793252595155,
  "fwhm_avg": 4.407549896976463,
  "fwhm_x": 4.378265690929391,
  "fwhm_y": 4.474496,
  "fwhm_z": 4.369888,
  "icvs_csf": 0.20903161712996943,
  "icvs_gm": 0.42010546090583945,
  "icvs_wm": 0.37086292196419113,
  "inu_med": 0.448210746049881,
  "inu_range": 0.14396832436323165,
  "provenance": {
    "md5sum": "3e48bca41a2d61ad242d7f0ed5e2fa4d",
    "settings": {
      "testing": false
    },
    "software": "mriqc",
    "version": "22.0.6",
    "warnings": {
      "large_rot_frame": true,
      "small_air_mask": false
    },
    "webapi_port": null,
    "webapi_url": "https://mriqc.nimh.nih.gov/api/v1"
  },
  "qi_1": 0.0,
  "qi_2": 0.017968576465146012,
  "rpve_csf": 19.7419161449047,
  "rpve_gm": 10.297975058211739,
  "rpve_wm": 13.908322181423044,
  "size_x": 176,
  "size_y": 256,
  "size_z": 256,
  "snr_csf": 2.0404249742886105,
  "snr_gm": 11.207888251512296,
  "snr_total": 13.15097201093746,
  "snr_wm": 26.204602807011476,
  "snrd_csf": 24.142522906042384,
  "snrd_gm": 71.02766738035453,
  "snrd_total": 64.98067881845772,
  "snrd_wm": 99.77184616897623,
  "spacing_x": 0.940000057220459,
  "spacing_y": 0.9375,
  "spacing_z": 0.9375,
  "summary_bg_k": 9.68977970104669,
  "summary_bg_mad": 0.0,
  "summary_bg_mean": 4.00866741270447,
  "summary_bg_median": 0.0,
  "summary_bg_n": 2271592.0,
  "summary_bg_p05": 0.0,
  "summary_bg_p95": 17.59748011827469,
  "summary_bg_stdv": 6.566649202892216,
  "summary_csf_k": 0.14821882032260092,
  "summary_csf_mad": 108.10211656163514,
  "summary_csf_mean": 258.4974574112622,
  "summary_csf_median": 241.98850620537996,
  "summary_csf_n": 42148.0,
  "summary_csf_p05": 77.45206709951162,
  "summary_csf_p95": 476.62890673242515,
  "summary_csf_stdv": 118.59570360971938,
  "summary_gm_k": -0.025649952354825256,
  "summary_gm_mad": 63.9893125661759,
  "summary_gm_mean": 711.461358061425,
  "summary_gm_median": 711.9338436797261,
  "summary_gm_n": 53033.0,
  "summary_gm_p05": 606.44158128649,
  "summary_gm_p95": 815.545954249799,
  "summary_gm_stdv": 63.520184667641345,
  "summary_wm_k": 0.318447497394748,
  "summary_wm_mad": 37.17833986543374,
  "summary_wm_mean": 1000.4688932045701,
  "summary_wm_median": 1000.0462714582682,
  "summary_wm_n": 280536.0,
  "summary_wm_p05": 938.7329459935427,
  "summary_wm_p95": 1063.559281937778,
  "summary_wm_stdv": 38.162932536576434,
  "tpm_overlap_csf": 0.15173977755390064,
  "tpm_overlap_gm": 0.4628070979886218,
  "tpm_overlap_wm": 0.5179029612549934,
  "wm2max": 0.8576932242433871
}