{
  "aor": 0.0006478764478764479,
  "aqi": 0.00719292027027027,
  "bids_meta": {
    "AcquisitionDateTime": "20181022165955.500000",
    "ConversionSoftware": "dicm2nii.m 20210821",
    "DeviceSerialNumber": "166054",
    "EchoTime": 0.03,
    "EffectiveEchoSpacing": 0.00050999592,
    "FlipAngle": 75,
    "ImageType": [
      "ORIGINAL",
      "PRIMARY",
      "M",
      "MB",
      "ND",
      "MOSAIC"
    ],
    "InstitutionAddress": "Street StreetNo,City,District,IL,ZIP",
    "InstitutionName": "Weizmann Institute",
    "MRAcquisitionType": "2D",
    "Manufacturer": "SIEMENS",
    "Modality": "MR",
    "ParallelAcquisitionTechnique": "none",
    "ParallelReductionFactorInPlane": 1,
    "PatientAge": "025Y",
    "PatientPosition": "HFS",
    "PatientSex": "F",
    "PatientSize": 1.65,
    "PatientWeight": 50,
    "PhaseEncodingDirection": "j-",
    "RepetitionTime": 2,
    "ScanOptions": "FS",
    "ScanningSequence": "EP",
    "SequenceName": "epfid2d1_96",
    "SequenceVariant": "SK\\SS",
    "SeriesDescription": "EPI_PSAP_iso2.5",
    "SeriesNumber": 19,
    "SliceThickness": 2.5,
    "SliceTiming": [
      0,
      0.9175,
      1.8375,
      0.7775,
      1.695,
      0.635,
      1.555,
      0.495,
      1.4125,
      0.3525,
      1.2725,
      0.2125,
      1.13,
      0.07,
      0.99,
      1.9075,
      0.8475,
      1.7675,
      0.705,
      1.625,
      0.565,
      1.485,
      0.4225,
      1.3425,
      0.2825,
      1.2,
      0.14,
      1.06,
      0,
      0.9175,
      1.8375,
      0.7775,
      1.695,
      0.635,
      1.555,
      0.495,
      1.4125,
      0.3525,
      1.2725,
      0.2125,
      1.13,
      0.07,
      0.99,
      1.9075,
      0.8475,
      1.7675,
      0.705,
      1.625,
      0.565,
      1.485,
      0.4225,
      1.3425,
      0.2825,
      1.2,
      0.14,
      1.06
    ],
    "SoftwareVersion": "syngo MR E11",
    "TaskName": "PSAP",
    "TotalReadoutTime": 0.048449612,
    "dataset": "ds003791",
    "modality": "bold",
    "run_id": 4,
    "subject_id": "22",
    "task_id": "PSAP"
  },
  "dummy_trs": 0,
  "dvars_nstd": 30.91257844236433,
  "dvars_std": 1.1332857840310075,
  "dvars_vstd": 0.9519439816666668,
  "efc": 0.47683690171403786,
  "fber": 632.0077514648438,
  "fd_mean": 0.26484406328738436,
  "fd_num": 140,
  "fd_perc": 54.054054054054056,
  "fwhm_avg": 3.0062653333333333,
  "fwhm_x": 2.763344,
  "fwhm_y": 3.1950119999999997,
  "fwhm_z": 3.06044,
  "gcor": 0.0178521,
  "gsr_x": -0.029362011700868607,
  "gsr_y": 0.0598749965429306,
  "provenance": {
    "md5sum": "1936f032af828f7a9dfe8b88c45cdabd",
    "settings": {
      "fd_thres": 0.2,
      "testing": false
    },
    "software": "mriqc",
    "version": "22.0.6",
    "webapi_port": null,
    "webapi_url": "https://mriqc.nimh.nih.gov/api/v1"
  },
  "size_t": 259,
  "size_x": 96,
  "size_y": 96,
  "size_z": 56,
  "snr": 2.6208388403861664,
  "spacing_tr": 2.0,
  "spacing_x": 2.5,
  "spacing_y": 2.5,
  "spacing_z": 2.5,
  "summary_bg_k": 29.644214319355846,
  "summary_bg_mad": 34.91270778089503,
  "summary_bg_mean": 397.0189208984375,
  "summary_bg_median": 212.71041870117188,
  "summary_bg_n": 377231.0,
  "summary_bg_p05": 183.8610076904297,
  "summary_bg_p95": 1323.6602172851562,
  "summary_bg_stdv": 553.1586303710938,
  "summary_fg_k": 1.4957207278359812,
  "summary_fg_mad": 1731.9942994006026,
  "summary_fg_mean": 5779.109375,
  "summary_fg_median": 5406.0078125,
  "summary_fg_n": 70729.0,
  "summary_fg_p05": 3190.060205078125,
  "summary_fg_p95": 9886.287109374996,
  "summary_fg_stdv": 2062.686767578125,
  "tsnr": 46.4320716324728
}