{
  "aor": 0.0019521568627450978,
  "aqi": 0.009839639764705883,
  "bids_meta": {
    "AcquisitionDateTime": "20181022164744.530000",
    "ConversionSoftware": "dicm2nii.m 20210821",
    "DeviceSerialNumber": "166054",
    "EchoTime": 0.03,
    "EffectiveEchoSpacing": 0.00050999592,
    "FlipAngle": 75,
    "ImageType": [
      "ORIGINAL",
      "PRIMARY",
      "M",
      "MB",
      "ND",
      "MOSAIC"
    ],
    "InstitutionAddress": "Street StreetNo,City,District,IL,ZIP",
    "InstitutionName": "Weizmann Institute",
    "MRAcquisitionType": "2D",
    "Manufacturer": "SIEMENS",
    "Modality": "MR",
    "ParallelAcquisitionTechnique": "none",
    "ParallelReductionFactorInPlane": 1,
    "PatientAge": "025Y",
    "PatientPosition": "HFS",
    "PatientSex": "F",
    "PatientSize": 1.65,
    "PatientWeight": 50,
    "PhaseEncodingDirection": "j-",
    "RepetitionTime": 2,
    "ScanOptions": "FS",
    "ScanningSequence": "EP",
    "SequenceName": "epfid2d1_96",
    "SequenceVariant": "SK\\SS",
    "SeriesDescription": "EPI_PSAP_iso2.5",
    "SeriesNumber": 15,
    "SliceThickness": 2.5,
    "SliceTiming": [
      0,
      0.9175,
      1.8375,
      0.7775,
      1.6975,
      0.635,
      1.555,
      0.495,
      1.4125,
      0.3525,
      1.2725,
      0.2125,
      1.13,
      0.07,
      0.99,
      1.9075,
      0.8475,
      1.7675,
      0.7075,
      1.625,
      0.565,
      1.485,
      0.4225,
      1.3425,
      0.2825,
      1.2025,
      0.14,
      1.06,
      0,
      0.9175,
      1.8375,
      0.7775,
      1.6975,
      0.635,
      1.555,
      0.495,
      1.4125,
      0.3525,
      1.2725,
      0.2125,
      1.13,
      0.07,
      0.99,
      1.9075,
      0.8475,
      1.7675,
      0.7075,
      1.625,
      0.565,
      1.485,
      0.4225,
      1.3425,
      0.2825,
      1.2025,
      0.14,
      1.06
    ],
    "SoftwareVersion": "syngo MR E11",
    "TaskName": "PSAP",
    "TotalReadoutTime": 0.048449612,
    "dataset": "ds003791",
    "modality": "bold",
    "run_id": 3,
    "subject_id": "22",
    "task_id": "PSAP"
  },
  "dummy_trs": 0,
  "dvars_nstd": 29.712192377322825,
  "dvars_std": 1.0670631790944882,
  "dvars_vstd": 0.9344397457480311,
  "efc": 0.4753142659106725,
  "fber": 640.668701171875,
  "fd_mean": 0.2276250252608929,
  "fd_num": 112,
  "fd_perc": 43.92156862745098,
  "fwhm_avg": 3.0068680000000003,
  "fwhm_x": 2.759484,
  "fwhm_y": 3.1914000000000002,
  "fwhm_z": 3.06972,
  "gcor": 0.0227966,
  "gsr_x": -0.029628515243530273,
  "gsr_y": 0.060117628425359726,
  "provenance": {
    "md5sum": "45c0f77d9f141975886e5fb7d5188db5",
    "settings": {
      "fd_thres": 0.2,
      "testing": false
    },
    "software": "mriqc",
    "version": "22.0.6",
    "webapi_port": null,
    "webapi_url": "https://mriqc.nimh.nih.gov/api/v1"
  },
  "size_t": 255,
  "size_x": 96,
  "size_y": 96,
  "size_z": 56,
  "snr": 2.6430899258105565,
  "spacing_tr": 2.0,
  "spacing_x": 2.5,
  "spacing_y": 2.5,
  "spacing_z": 2.5,
  "summary_bg_k": 29.84316338300757,
  "summary_bg_mad": 35.152214459473505,
  "summary_bg_mean": 394.5133361816406,
  "summary_bg_median": 212.23922729492188,
  "summary_bg_n": 377477.0,
  "summary_bg_p05": 182.36863708496094,
  "summary_bg_p95": 1305.2244140625,
  "summary_bg_stdv": 545.2748413085938,
  "summary_fg_k": 1.4678179808271175,
  "summary_fg_mad": 1741.784686316164,
  "summary_fg_mean": 5809.779296875,
  "summary_fg_median": 5437.05712890625,
  "summary_fg_n": 70546.0,
  "summary_fg_p05": 3231.5148315429688,
  "summary_fg_p95": 9911.69140625,
  "summary_fg_stdv": 2057.069091796875,
  "tsnr": 42.31846270733513
}