{
  "aor": 0.009042945736434108,
  "aqi": 0.01465231484496124,
  "bids_meta": {
    "AcquisitionDateTime": "20181211142339.517500",
    "ConversionSoftware": "dicm2nii.m 20210821",
    "DeviceSerialNumber": "166054",
    "EchoTime": 0.03,
    "EffectiveEchoSpacing": 0.00050999592,
    "FlipAngle": 75,
    "ImageType": [
      "ORIGINAL",
      "PRIMARY",
      "M",
      "MB",
      "ND",
      "MOSAIC"
    ],
    "InstitutionAddress": "Street StreetNo,City,District,IL,ZIP",
    "InstitutionName": "Weizmann Institute",
    "MRAcquisitionType": "2D",
    "Manufacturer": "SIEMENS",
    "Modality": "MR",
    "ParallelAcquisitionTechnique": "none",
    "ParallelReductionFactorInPlane": 1,
    "PatientAge": "026Y",
    "PatientPosition": "HFS",
    "PatientSex": "M",
    "PatientSize": 1.73,
    "PatientWeight": 69,
    "PhaseEncodingDirection": "j-",
    "RepetitionTime": 2,
    "ScanOptions": "FS",
    "ScanningSequence": "EP",
    "SequenceName": "epfid2d1_96",
    "SequenceVariant": "SK\\SS",
    "SeriesDescription": "EPI_PSAP_iso2.5",
    "SeriesNumber": 13,
    "SliceThickness": 2.5,
    "SliceTiming": [
      0,
      0.92,
      1.8375,
      0.7775,
      1.6975,
      0.6375,
      1.555,
      0.495,
      1.415,
      0.3525,
      1.2725,
      0.2125,
      1.1325,
      0.07,
      0.99,
      1.91,
      0.8475,
      1.7675,
      0.7075,
      1.6275,
      0.565,
      1.485,
      0.425,
      1.3425,
      0.2825,
      1.2025,
      0.1425,
      1.06,
      0,
      0.92,
      1.8375,
      0.7775,
      1.6975,
      0.6375,
      1.555,
      0.495,
      1.415,
      0.3525,
      1.2725,
      0.2125,
      1.1325,
      0.07,
      0.99,
      1.91,
      0.8475,
      1.7675,
      0.7075,
      1.6275,
      0.565,
      1.485,
      0.425,
      1.3425,
      0.2825,
      1.2025,
      0.1425,
      1.06
    ],
    "SoftwareVersion": "syngo MR E11",
    "TaskName": "PSAP",
    "TotalReadoutTime": 0.048449612,
    "dataset": "ds003791",
    "modality": "bold",
    "run_id": 3,
    "subject_id": "04",
    "task_id": "PSAP"
  },
  "dummy_trs": 0,
  "dvars_nstd": 36.81147797264593,
  "dvars_std": 1.0292360261867695,
  "dvars_vstd": 0.9345036127626458,
  "efc": 0.48400188801475275,
  "fber": 596.5264282226562,
  "fd_mean": 0.3570431005900291,
  "fd_num": 100,
  "fd_perc": 38.75968992248062,
  "fwhm_avg": 2.880013333333333,
  "fwhm_x": 2.6956160000000002,
  "fwhm_y": 2.915656,
  "fwhm_z": 3.0287680000000003,
  "gcor": 0.0522432,
  "gsr_x": -0.01373936329036951,
  "gsr_y": 0.063475102186203,
  "provenance": {
    "md5sum": "c91ba31112f6c9fd7b74e62328abe012",
    "settings": {
      "fd_thres": 0.2,
      "testing": false
    },
    "software": "mriqc",
    "version": "22.0.6",
    "webapi_port": null,
    "webapi_url": "https://mriqc.nimh.nih.gov/api/v1"
  },
  "size_t": 258,
  "size_x": 96,
  "size_y": 96,
  "size_z": 56,
  "snr": 2.556424501249211,
  "spacing_tr": 2.0,
  "spacing_x": 2.5,
  "spacing_y": 2.5,
  "spacing_z": 2.5,
  "summary_bg_k": 39.0352468371047,
  "summary_bg_mad": 46.81116972589409,
  "summary_bg_mean": 416.8280944824219,
  "summary_bg_median": 216.08914184570312,
  "summary_bg_n": 372514.0,
  "summary_bg_p05": 175.74806213378906,
  "summary_bg_p95": 1407.5299865722652,
  "summary_bg_stdv": 651.5402221679688,
  "summary_fg_k": 1.46955267921921,
  "summary_fg_mad": 1807.9012888148095,
  "summary_fg_mean": 5715.8525390625,
  "summary_fg_median": 5301.263671875,
  "summary_fg_n": 75693.0,
  "summary_fg_p05": 3186.4642578125,
  "summary_fg_p95": 9837.855078124998,
  "summary_fg_stdv": 2073.688720703125,
  "tsnr": 31.342226171749644
}