{
  "aor": 0.008748482490272373,
  "aqi": 0.015179027470817123,
  "bids_meta": {
    "AcquisitionDateTime": "20181211140713.525000",
    "ConversionSoftware": "dicm2nii.m 20210821",
    "DeviceSerialNumber": "166054",
    "EchoTime": 0.03,
    "EffectiveEchoSpacing": 0.00050999592,
    "FlipAngle": 75,
    "ImageType": [
      "ORIGINAL",
      "PRIMARY",
      "M",
      "MB",
      "ND",
      "MOSAIC"
    ],
    "InstitutionAddress": "Street StreetNo,City,District,IL,ZIP",
    "InstitutionName": "Weizmann Institute",
    "MRAcquisitionType": "2D",
    "Manufacturer": "SIEMENS",
    "Modality": "MR",
    "ParallelAcquisitionTechnique": "none",
    "ParallelReductionFactorInPlane": 1,
    "PatientAge": "026Y",
    "PatientPosition": "HFS",
    "PatientSex": "M",
    "PatientSize": 1.73,
    "PatientWeight": 69,
    "PhaseEncodingDirection": "j-",
    "RepetitionTime": 2,
    "ScanOptions": "FS",
    "ScanningSequence": "EP",
    "SequenceName": "epfid2d1_96",
    "SequenceVariant": "SK\\SS",
    "SeriesDescription": "EPI_PSAP_iso2.5",
    "SeriesNumber": 10,
    "SliceThickness": 2.5,
    "SliceTiming": [
      0,
      0.9175,
      1.8375,
      0.7775,
      1.695,
      0.635,
      1.555,
      0.495,
      1.4125,
      0.3525,
      1.2725,
      0.2125,
      1.13,
      0.07,
      0.99,
      1.9075,
      0.8475,
      1.7675,
      0.7075,
      1.625,
      0.565,
      1.485,
      0.4225,
      1.3425,
      0.2825,
      1.2,
      0.14,
      1.06,
      0,
      0.9175,
      1.8375,
      0.7775,
      1.695,
      0.635,
      1.555,
      0.495,
      1.4125,
      0.3525,
      1.2725,
      0.2125,
      1.13,
      0.07,
      0.99,
      1.9075,
      0.8475,
      1.7675,
      0.7075,
      1.625,
      0.565,
      1.485,
      0.4225,
      1.3425,
      0.2825,
      1.2,
      0.14,
      1.06
    ],
    "SoftwareVersion": "syngo MR E11",
    "TaskName": "PSAP",
    "TotalReadoutTime": 0.048449612,
    "dataset": "ds003791",
    "modality": "bold",
    "run_id": 2,
    "subject_id": "04",
    "task_id": "PSAP"
  },
  "dummy_trs": 0,
  "dvars_nstd": 41.04186185437502,
  "dvars_std": 1.0426675604296871,
  "dvars_vstd": 0.937293578945313,
  "efc": 0.4858433327941859,
  "fber": 594.817138671875,
  "fd_mean": 0.39439412699048504,
  "fd_num": 131,
  "fd_perc": 50.97276264591439,
  "fwhm_avg": 2.913009333333333,
  "fwhm_x": 2.738576,
  "fwhm_y": 2.926224,
  "fwhm_z": 3.074228,
  "gcor": 0.058277,
  "gsr_x": -0.015318501740694046,
  "gsr_y": 0.06315623223781586,
  "provenance": {
    "md5sum": "f985db7e371504e4b7b98ef5a83d1ab6",
    "settings": {
      "fd_thres": 0.2,
      "testing": false
    },
    "software": "mriqc",
    "version": "22.0.6",
    "webapi_port": null,
    "webapi_url": "https://mriqc.nimh.nih.gov/api/v1"
  },
  "size_t": 257,
  "size_x": 96,
  "size_y": 96,
  "size_z": 56,
  "snr": 2.557093072888582,
  "spacing_tr": 2.0,
  "spacing_x": 2.5,
  "spacing_y": 2.5,
  "spacing_z": 2.5,
  "summary_bg_k": 41.74654960686442,
  "summary_bg_mad": 43.10507138849137,
  "summary_bg_mean": 418.5607604980469,
  "summary_bg_median": 217.22567749023438,
  "summary_bg_n": 371001.0,
  "summary_bg_p05": 182.45913696289062,
  "summary_bg_p95": 1386.36181640625,
  "summary_bg_stdv": 643.1096801757812,
  "summary_fg_k": 1.5089744115095352,
  "summary_fg_mad": 1810.3235481034421,
  "summary_fg_mean": 5735.83935546875,
  "summary_fg_median": 5326.7763671875,
  "summary_fg_n": 76138.0,
  "summary_fg_p05": 3176.184912109375,
  "summary_fg_p95": 9855.47421875,
  "summary_fg_stdv": 2083.123779296875,
  "tsnr": 29.766390994773246
}