{
  "aor": 0.0017130399999999999,
  "aqi": 0.00395919856,
  "bids_meta": {
    "AcquisitionDateTime": "20181216141017.537500",
    "ConversionSoftware": "dicm2nii.m 20210821",
    "DeviceSerialNumber": "166054",
    "EchoTime": 0.03,
    "EffectiveEchoSpacing": 0.00050999592,
    "FlipAngle": 75,
    "ImageType": [
      "ORIGINAL",
      "PRIMARY",
      "M",
      "MB",
      "ND",
      "MOSAIC"
    ],
    "InstitutionAddress": "Street StreetNo,City,District,IL,ZIP",
    "InstitutionName": "Weizmann Institute",
    "MRAcquisitionType": "2D",
    "Manufacturer": "SIEMENS",
    "Modality": "MR",
    "ParallelAcquisitionTechnique": "none",
    "ParallelReductionFactorInPlane": 1,
    "PatientAge": "028Y",
    "PatientPosition": "HFS",
    "PatientSex": "F",
    "PatientSize": 1.8,
    "PatientWeight": 90,
    "PhaseEncodingDirection": "j-",
    "RepetitionTime": 2,
    "ScanOptions": "FS",
    "ScanningSequence": "EP",
    "SequenceName": "epfid2d1_96",
    "SequenceVariant": "SK\\SS",
    "SeriesDescription": "EPI_PSAP_iso2.5",
    "SeriesNumber": 10,
    "SliceThickness": 2.5,
    "SliceTiming": [
      0,
      0.92,
      1.84,
      0.78,
      1.6975,
      0.6375,
      1.5575,
      0.495,
      1.415,
      0.355,
      1.275,
      0.2125,
      1.1325,
      0.0725,
      0.99,
      1.91,
      0.85,
      1.77,
      0.7075,
      1.6275,
      0.5675,
      1.485,
      0.425,
      1.345,
      0.285,
      1.2025,
      0.1425,
      1.0625,
      0,
      0.92,
      1.84,
      0.78,
      1.6975,
      0.6375,
      1.5575,
      0.495,
      1.415,
      0.355,
      1.275,
      0.2125,
      1.1325,
      0.0725,
      0.99,
      1.91,
      0.85,
      1.77,
      0.7075,
      1.6275,
      0.5675,
      1.485,
      0.425,
      1.345,
      0.285,
      1.2025,
      0.1425,
      1.0625
    ],
    "SoftwareVersion": "syngo MR E11",
    "TaskName": "PSAP",
    "TotalReadoutTime": 0.048449612,
    "dataset": "ds003791",
    "modality": "bold",
    "run_id": 2,
    "subject_id": "13",
    "task_id": "PSAP"
  },
  "dummy_trs": 0,
  "dvars_nstd": 35.36635727469881,
  "dvars_std": 1.2078459636947796,
  "dvars_vstd": 1.071408365863453,
  "efc": 0.5145810942560337,
  "fber": 385.95751953125,
  "fd_mean": 0.1579390171762249,
  "fd_num": 51,
  "fd_perc": 20.4,
  "fwhm_avg": 2.900465333333333,
  "fwhm_x": 2.5722359999999997,
  "fwhm_y": 2.983104,
  "fwhm_z": 3.146056,
  "gcor": 0.0110285,
  "gsr_x": -0.02307758666574955,
  "gsr_y": 0.10184478759765625,
  "provenance": {
    "md5sum": "6bceffd5b33b9993c65944953f44df66",
    "settings": {
      "fd_thres": 0.2,
      "testing": false
    },
    "software": "mriqc",
    "version": "22.0.6",
    "webapi_port": null,
    "webapi_url": "https://mriqc.nimh.nih.gov/api/v1"
  },
  "size_t": 250,
  "size_x": 96,
  "size_y": 96,
  "size_z": 56,
  "snr": 2.1648186922456802,
  "spacing_tr": 2.0,
  "spacing_x": 2.5,
  "spacing_y": 2.5,
  "spacing_z": 2.5,
  "summary_bg_k": 37.22283298043997,
  "summary_bg_mad": 56.060149837664056,
  "summary_bg_mean": 502.05615234375,
  "summary_bg_median": 230.05201721191406,
  "summary_bg_n": 362583.0,
  "summary_bg_p05": 185.2320098876953,
  "summary_bg_p95": 1825.8321411132756,
  "summary_bg_stdv": 821.2867431640625,
  "summary_fg_k": 2.120271831315611,
  "summary_fg_mad": 1696.7195150738826,
  "summary_fg_mean": 5023.580078125,
  "summary_fg_median": 4608.1123046875,
  "summary_fg_n": 81453.0,
  "summary_fg_p05": 2387.044873046875,
  "summary_fg_p95": 9249.8482421875,
  "summary_fg_stdv": 2128.62353515625,
  "tsnr": 60.15123322606087
}