{
  "bids_meta": {
    "AcquisitionDateTime": "20180828154142.862500",
    "ConversionSoftware": "dicm2nii.m 20210821",
    "DeviceSerialNumber": "166054",
    "EchoTime": 0.00229,
    "FlipAngle": 8,
    "ImageType": [
      "ORIGINAL",
      "PRIMARY",
      "M",
      "ND",
      "NORM"
    ],
    "InstitutionAddress": "Street StreetNo,City,District,IL,ZIP",
    "InstitutionName": "Weizmann Institute",
    "InversionTime": 0.9,
    "MRAcquisitionType": "3D",
    "Manufacturer": "SIEMENS",
    "Modality": "MR",
    "ParallelAcquisitionTechnique": "GRAPPA",
    "ParallelReductionFactorInPlane": 2,
    "PatientAge": "023Y",
    "PatientPosition": "HFS",
    "PatientSex": "M",
    "PatientSize": 1.76,
    "PatientWeight": 72,
    "PhaseEncodingDirection": "j-",
    "RepetitionTime": 2.3,
    "ScanOptions": "IR\\WE",
    "ScanningSequence": "GR\\IR",
    "SequenceName": "*tfl3d1_16ns",
    "SequenceVariant": "SK\\SP\\MP",
    "SeriesDescription": "t1_mprage_sag_p2_iso_water_exc",
    "SeriesNumber": 9,
    "SliceThickness": 0.94,
    "SoftwareVersion": "syngo MR E11",
    "dataset": "ds003791",
    "modality": "T1w",
    "subject_id": "39"
  },
  "cjv": 0.29866025505230337,
  "cnr": 4.333899406158105,
  "efc": 0.6390566779539969,
  "fber": 15045.220354839788,
  "fwhm_avg": 4.618631831841751,
  "fwhm_x": 4.559084828858589,
  "fwhm_y": 4.6143253333333325,
  "fwhm_z": 4.682485333333333,
  "icvs_csf": 0.21868163197387322,
  "icvs_gm": 0.44968078164773695,
  "icvs_wm": 0.33163758637838986,
  "inu_med": 0.5665658116340637,
  "inu_range": 0.24883935749530794,
  "provenance": {
    "md5sum": "101be643f32845c5078cbde84f0c426c",
    "settings": {
      "testing": false
    },
    "software": "mriqc",
    "version": "22.0.6",
    "warnings": {
      "large_rot_frame": true,
      "small_air_mask": false
    },
    "webapi_port": null,
    "webapi_url": "https://mriqc.nimh.nih.gov/api/v1"
  },
  "qi_1": 0.0,
  "qi_2": 0.0062209861434513,
  "rpve_csf": 17.81460296359401,
  "rpve_gm": 9.233642237846416,
  "rpve_wm": 14.388653292389444,
  "size_x": 176,
  "size_y": 256,
  "size_z": 256,
  "snr_csf": 2.1555337113914717,
  "snr_gm": 11.405115838754842,
  "snr_total": 12.785045244853682,
  "snr_wm": 24.79448618441473,
  "snrd_csf": 28.89470022800089,
  "snrd_gm": 88.26263714978198,
  "snrd_total": 81.96987101306358,
  "snrd_wm": 128.75227566140785,
  "spacing_x": 0.940000057220459,
  "spacing_y": 0.9375,
  "spacing_z": 0.9375,
  "summary_bg_k": 17.812088012498634,
  "summary_bg_mad": 0.0,
  "summary_bg_mean": 3.044142687330408,
  "summary_bg_median": 0.0,
  "summary_bg_n": 1924556.0,
  "summary_bg_p05": 0.0,
  "summary_bg_p95": 12.454333808273077,
  "summary_bg_stdv": 5.0884888255644345,
  "summary_csf_k": 0.82559833250565,
  "summary_csf_mad": 90.97002765560356,
  "summary_csf_mean": 236.69182090058405,
  "summary_csf_median": 224.42709522508085,
  "summary_csf_n": 61169.0,
  "summary_csf_p05": 80.84246456436813,
  "summary_csf_p95": 432.84622006192797,
  "summary_csf_stdv": 104.11586677935894,
  "summary_gm_k": 0.3775677828739852,
  "summary_gm_mad": 56.83062169734368,
  "summary_gm_mean": 685.0475456975005,
  "summary_gm_median": 685.5418854020536,
  "summary_gm_n": 62281.0,
  "summary_gm_p05": 584.5234000682831,
  "summary_gm_p95": 783.239215053618,
  "summary_gm_stdv": 60.10779648819755,
  "summary_wm_k": 0.6904733847101938,
  "summary_wm_mad": 37.093777627724684,
  "summary_wm_mean": 1002.0102720685929,
  "summary_wm_median": 1000.0276522096246,
  "summary_wm_n": 254208.0,
  "summary_wm_p05": 939.3058558199555,
  "summary_wm_p95": 1071.4878519717604,
  "summary_wm_stdv": 40.33258353579606,
  "tpm_overlap_csf": 0.17116249501793168,
  "tpm_overlap_gm": 0.4898513260369422,
  "tpm_overlap_wm": 0.5185394793686847,
  "wm2max": 0.7468118967405907
}