{
  "bids_meta": {
    "AcquisitionDateTime": "20181021130457.732500",
    "ConversionSoftware": "dicm2nii.m 20210821",
    "DeviceSerialNumber": "166054",
    "EchoTime": 0.00229,
    "FlipAngle": 8,
    "ImageType": [
      "ORIGINAL",
      "PRIMARY",
      "M",
      "ND",
      "NORM"
    ],
    "InstitutionAddress": "Street StreetNo,City,District,IL,ZIP",
    "InstitutionName": "Weizmann Institute",
    "InversionTime": 0.9,
    "MRAcquisitionType": "3D",
    "Manufacturer": "SIEMENS",
    "Modality": "MR",
    "ParallelAcquisitionTechnique": "GRAPPA",
    "ParallelReductionFactorInPlane": 2,
    "PatientAge": "038Y",
    "PatientPosition": "HFS",
    "PatientSex": "M",
    "PatientSize": 1.78,
    "PatientWeight": 72,
    "PhaseEncodingDirection": "j-",
    "RepetitionTime": 2.3,
    "ScanOptions": "IR\\WE",
    "ScanningSequence": "GR\\IR",
    "SequenceName": "*tfl3d1_16ns",
    "SequenceVariant": "SK\\SP\\MP",
    "SeriesDescription": "t1_mprage_sag_p2_iso_water_exc",
    "SeriesNumber": 13,
    "SliceThickness": 0.94,
    "SoftwareVersion": "syngo MR E11",
    "dataset": "ds003791",
    "modality": "T1w",
    "subject_id": "17"
  },
  "cjv": 0.2966765379006077,
  "cnr": 4.503456368251638,
  "efc": 0.6060520022056771,
  "fber": 18745.06588745405,
  "fwhm_avg": 4.408586112416855,
  "fwhm_x": 4.340627670583896,
  "fwhm_y": 4.487562666666666,
  "fwhm_z": 4.397568000000001,
  "icvs_csf": 0.17106524718880914,
  "icvs_gm": 0.4792175594603242,
  "icvs_wm": 0.34971719335086665,
  "inu_med": 0.4507063776254654,
  "inu_range": 0.16451777368783949,
  "provenance": {
    "md5sum": "dd71e234375984a6b7eb2746c5c04c68",
    "settings": {
      "testing": false
    },
    "software": "mriqc",
    "version": "22.0.6",
    "warnings": {
      "large_rot_frame": true,
      "small_air_mask": false
    },
    "webapi_port": null,
    "webapi_url": "https://mriqc.nimh.nih.gov/api/v1"
  },
  "qi_1": 0.0,
  "qi_2": 0.02597622956813157,
  "rpve_csf": 23.112787089266376,
  "rpve_gm": 9.406104179882991,
  "rpve_wm": 14.303825411357417,
  "size_x": 176,
  "size_y": 256,
  "size_z": 256,
  "snr_csf": 1.9507688639631413,
  "snr_gm": 11.911135861886448,
  "snr_total": 13.235746811878952,
  "snr_wm": 25.845335709787268,
  "snrd_csf": 23.09585621917296,
  "snrd_gm": 65.19900708551667,
  "snrd_total": 61.11240927987948,
  "snrd_wm": 95.04236453494882,
  "spacing_x": 0.9399999976158142,
  "spacing_y": 0.9375,
  "spacing_z": 0.9375,
  "summary_bg_k": 11.051194121062762,
  "summary_bg_mad": 0.0,
  "summary_bg_mean": 4.221898958957352,
  "summary_bg_median": 0.0,
  "summary_bg_n": 2342331.0,
  "summary_bg_p05": 0.0,
  "summary_bg_p95": 17.604397282004356,
  "summary_bg_stdv": 6.8932412577577775,
  "summary_csf_k": 0.8568341091617899,
  "summary_csf_mad": 117.39016474268541,
  "summary_csf_mean": 245.8454652669052,
  "summary_csf_median": 243.01093478128314,
  "summary_csf_n": 32779.0,
  "summary_csf_p05": 47.76949069984257,
  "summary_csf_p95": 457.9581461019812,
  "summary_csf_stdv": 124.56997465659785,
  "summary_gm_k": 0.1700134898527117,
  "summary_gm_mad": 56.060543183484945,
  "summary_gm_mean": 686.4565098740476,
  "summary_gm_median": 686.0136081688106,
  "summary_gm_n": 86474.0,
  "summary_gm_p05": 593.3425731807947,
  "summary_gm_p95": 782.3212322667241,
  "summary_gm_stdv": 57.5939733643376,
  "summary_wm_k": 0.40889394160760517,
  "summary_wm_mad": 37.09798786622966,
  "summary_wm_mean": 1000.1383036674638,
  "summary_wm_median": 1000.0206803455949,
  "summary_wm_n": 258146.0,
  "summary_wm_p05": 937.3515055142343,
  "summary_wm_p95": 1064.1723851123825,
  "summary_wm_stdv": 38.692426155507164,
  "tpm_overlap_csf": 0.14719394735112606,
  "tpm_overlap_gm": 0.4842122014208985,
  "tpm_overlap_wm": 0.5053621571679178,
  "wm2max": 0.8995576372625553
}