{
  "aor": 0.0005456716417910447,
  "aqi": 0.0020197311940298507,
  "bids_meta": {
    "AcquisitionDateTime": "20181108125118.515000",
    "ConversionSoftware": "dicm2nii.m 20210821",
    "DeviceSerialNumber": "166054",
    "EchoTime": 0.03,
    "EffectiveEchoSpacing": 0.00050999592,
    "FlipAngle": 75,
    "ImageType": [
      "ORIGINAL",
      "PRIMARY",
      "M",
      "MB",
      "ND",
      "MOSAIC"
    ],
    "InstitutionAddress": "Street StreetNo,City,District,IL,ZIP",
    "InstitutionName": "Weizmann Institute",
    "MRAcquisitionType": "2D",
    "Manufacturer": "SIEMENS",
    "Modality": "MR",
    "ParallelAcquisitionTechnique": "none",
    "ParallelReductionFactorInPlane": 1,
    "PatientAge": "033Y",
    "PatientPosition": "HFS",
    "PatientSex": "F",
    "PatientSize": 1.6,
    "PatientWeight": 50,
    "PhaseEncodingDirection": "j-",
    "RepetitionTime": 2,
    "ScanOptions": "FS",
    "ScanningSequence": "EP",
    "SequenceName": "epfid2d1_96",
    "SequenceVariant": "SK\\SS",
    "SeriesDescription": "EPI_PSAP_iso2.5",
    "SeriesNumber": 10,
    "SliceThickness": 2.5,
    "SliceTiming": [
      0,
      0.92,
      1.84,
      0.78,
      1.6975,
      0.6375,
      1.5575,
      0.495,
      1.415,
      0.355,
      1.275,
      0.2125,
      1.1325,
      0.0725,
      0.99,
      1.91,
      0.85,
      1.77,
      0.7075,
      1.6275,
      0.5675,
      1.485,
      0.425,
      1.345,
      0.285,
      1.2025,
      0.1425,
      1.0625,
      0,
      0.92,
      1.84,
      0.78,
      1.6975,
      0.6375,
      1.5575,
      0.495,
      1.415,
      0.355,
      1.275,
      0.2125,
      1.1325,
      0.0725,
      0.99,
      1.91,
      0.85,
      1.77,
      0.7075,
      1.6275,
      0.5675,
      1.485,
      0.425,
      1.345,
      0.285,
      1.2025,
      0.1425,
      1.0625
    ],
    "SoftwareVersion": "syngo MR E11",
    "TaskName": "PSAP",
    "TotalReadoutTime": 0.048449612,
    "dataset": "ds003791",
    "modality": "bold",
    "run_id": 2,
    "subject_id": "35",
    "task_id": "PSAP"
  },
  "dummy_trs": 1,
  "dvars_nstd": 26.68654447524345,
  "dvars_std": 1.3682443049812734,
  "dvars_vstd": 0.9930542482397008,
  "efc": 0.45704341133262827,
  "fber": 777.0396728515625,
  "fd_mean": 0.0618397941255954,
  "fd_num": 1,
  "fd_perc": 0.373134328358209,
  "fwhm_avg": 3.2578333333333336,
  "fwhm_x": 3.037724,
  "fwhm_y": 3.366316,
  "fwhm_z": 3.36946,
  "gcor": 0.0126364,
  "gsr_x": -0.013570025563240051,
  "gsr_y": 0.033522360026836395,
  "provenance": {
    "md5sum": "c5c18d0f5d841a270036746eaed355b6",
    "settings": {
      "fd_thres": 0.2,
      "testing": false
    },
    "software": "mriqc",
    "version": "22.0.6",
    "webapi_port": null,
    "webapi_url": "https://mriqc.nimh.nih.gov/api/v1"
  },
  "size_t": 268,
  "size_x": 96,
  "size_y": 96,
  "size_z": 56,
  "snr": 2.315100125261205,
  "spacing_tr": 2.0,
  "spacing_x": 2.5,
  "spacing_y": 2.5,
  "spacing_z": 2.5,
  "summary_bg_k": 35.20071255728708,
  "summary_bg_mad": 43.565262647171195,
  "summary_bg_mean": 444.6964416503906,
  "summary_bg_median": 224.57835388183594,
  "summary_bg_n": 380076.0,
  "summary_bg_p05": 190.57089233398438,
  "summary_bg_p95": 1543.6343078613281,
  "summary_bg_stdv": 692.6572875976562,
  "summary_fg_k": 1.5837534661553763,
  "summary_fg_mad": 2203.932357347312,
  "summary_fg_mean": 6911.54638671875,
  "summary_fg_median": 6298.56494140625,
  "summary_fg_n": 68968.0,
  "summary_fg_p05": 3698.3466186523438,
  "summary_fg_p95": 12429.535107421869,
  "summary_fg_stdv": 2720.625,
  "tsnr": 90.99348869547248
}