{
  "aor": 0.0007505555555555555,
  "aqi": 0.0041412759523809526,
  "bids_meta": {
    "AcquisitionDateTime": "20190130122913.535000",
    "ConversionSoftware": "dicm2nii.m 20210821",
    "DeviceSerialNumber": "166054",
    "EchoTime": 0.03,
    "EffectiveEchoSpacing": 0.00050999592,
    "FlipAngle": 75,
    "ImageType": [
      "ORIGINAL",
      "PRIMARY",
      "M",
      "MB",
      "ND",
      "MOSAIC"
    ],
    "InstitutionAddress": "Street StreetNo,City,District,IL,ZIP",
    "InstitutionName": "Weizmann Institute",
    "MRAcquisitionType": "2D",
    "Manufacturer": "SIEMENS",
    "Modality": "MR",
    "ParallelAcquisitionTechnique": "none",
    "ParallelReductionFactorInPlane": 1,
    "PatientAge": "024Y",
    "PatientPosition": "HFS",
    "PatientSex": "F",
    "PatientSize": 1.68,
    "PatientWeight": 61,
    "PhaseEncodingDirection": "j-",
    "RepetitionTime": 2,
    "ScanOptions": "FS",
    "ScanningSequence": "EP",
    "SequenceName": "epfid2d1_96",
    "SequenceVariant": "SK\\SS",
    "SeriesDescription": "EPI_PSAP_iso2.5",
    "SeriesNumber": 17,
    "SliceThickness": 2.5,
    "SliceTiming": [
      0,
      0.9175,
      1.8375,
      0.7775,
      1.6975,
      0.635,
      1.555,
      0.495,
      1.4125,
      0.3525,
      1.2725,
      0.2125,
      1.13,
      0.07,
      0.99,
      1.9075,
      0.8475,
      1.7675,
      0.7075,
      1.625,
      0.565,
      1.485,
      0.4225,
      1.3425,
      0.2825,
      1.2025,
      0.14,
      1.06,
      0,
      0.9175,
      1.8375,
      0.7775,
      1.6975,
      0.635,
      1.555,
      0.495,
      1.4125,
      0.3525,
      1.2725,
      0.2125,
      1.13,
      0.07,
      0.99,
      1.9075,
      0.8475,
      1.7675,
      0.7075,
      1.625,
      0.565,
      1.485,
      0.4225,
      1.3425,
      0.2825,
      1.2025,
      0.14,
      1.06
    ],
    "SoftwareVersion": "syngo MR E11",
    "TaskName": "PSAP",
    "TotalReadoutTime": 0.048449612,
    "dataset": "ds003791",
    "modality": "bold",
    "run_id": 4,
    "subject_id": "18",
    "task_id": "PSAP"
  },
  "dummy_trs": 0,
  "dvars_nstd": 28.778071954541836,
  "dvars_std": 1.201146326852589,
  "dvars_vstd": 0.975252943147411,
  "efc": 0.48212200014322976,
  "fber": 660.4266357421875,
  "fd_mean": 0.1576034283533884,
  "fd_num": 67,
  "fd_perc": 26.58730158730159,
  "fwhm_avg": 3.0347519999999997,
  "fwhm_x": 2.9299600000000003,
  "fwhm_y": 2.957872,
  "fwhm_z": 3.216424,
  "gcor": 0.0177112,
  "gsr_x": -0.039160896092653275,
  "gsr_y": 0.07802163064479828,
  "provenance": {
    "md5sum": "88f0d19cc50e2baad5517c83106b603d",
    "settings": {
      "fd_thres": 0.2,
      "testing": false
    },
    "software": "mriqc",
    "version": "22.0.6",
    "webapi_port": null,
    "webapi_url": "https://mriqc.nimh.nih.gov/api/v1"
  },
  "size_t": 252,
  "size_x": 96,
  "size_y": 96,
  "size_z": 56,
  "snr": 2.108505377660551,
  "spacing_tr": 2.0,
  "spacing_x": 2.5,
  "spacing_y": 2.5,
  "spacing_z": 2.5,
  "summary_bg_k": 30.717728450567307,
  "summary_bg_mad": 40.653900270707524,
  "summary_bg_mean": 450.3530578613281,
  "summary_bg_median": 216.76588439941406,
  "summary_bg_n": 364242.0,
  "summary_bg_p05": 183.91270446777344,
  "summary_bg_p95": 1645.6057922363284,
  "summary_bg_stdv": 701.4202270507812,
  "summary_fg_k": 3.499510844568456,
  "summary_fg_mad": 2069.342408442626,
  "summary_fg_mean": 6220.18017578125,
  "summary_fg_median": 5617.95654296875,
  "summary_fg_n": 81586.0,
  "summary_fg_p05": 3224.4277954101562,
  "summary_fg_p95": 11507.803466796875,
  "summary_fg_stdv": 2664.40966796875,
  "tsnr": 62.768252526409924
}