{
  "aor": 0.0017434630350194552,
  "aqi": 0.005334758404669261,
  "bids_meta": {
    "AcquisitionDateTime": "20190130115134.345000",
    "ConversionSoftware": "dicm2nii.m 20210821",
    "DeviceSerialNumber": "166054",
    "EchoTime": 0.03,
    "EffectiveEchoSpacing": 0.00050999592,
    "FlipAngle": 75,
    "ImageType": [
      "ORIGINAL",
      "PRIMARY",
      "M",
      "MB",
      "ND",
      "MOSAIC"
    ],
    "InstitutionAddress": "Street StreetNo,City,District,IL,ZIP",
    "InstitutionName": "Weizmann Institute",
    "MRAcquisitionType": "2D",
    "Manufacturer": "SIEMENS",
    "Modality": "MR",
    "ParallelAcquisitionTechnique": "none",
    "ParallelReductionFactorInPlane": 1,
    "PatientAge": "024Y",
    "PatientPosition": "HFS",
    "PatientSex": "F",
    "PatientSize": 1.68,
    "PatientWeight": 61,
    "PhaseEncodingDirection": "j-",
    "RepetitionTime": 2,
    "ScanOptions": "FS",
    "ScanningSequence": "EP",
    "SequenceName": "epfid2d1_96",
    "SequenceVariant": "SK\\SS",
    "SeriesDescription": "EPI_PSAP_iso2.5",
    "SeriesNumber": 6,
    "SliceThickness": 2.5,
    "SliceTiming": [
      0,
      0.9175,
      1.8375,
      0.7775,
      1.6975,
      0.635,
      1.555,
      0.495,
      1.4125,
      0.3525,
      1.2725,
      0.2125,
      1.13,
      0.07,
      0.99,
      1.9075,
      0.8475,
      1.7675,
      0.7075,
      1.625,
      0.565,
      1.485,
      0.4225,
      1.3425,
      0.2825,
      1.2025,
      0.14,
      1.06,
      0,
      0.9175,
      1.8375,
      0.7775,
      1.6975,
      0.635,
      1.555,
      0.495,
      1.4125,
      0.3525,
      1.2725,
      0.2125,
      1.13,
      0.07,
      0.99,
      1.9075,
      0.8475,
      1.7675,
      0.7075,
      1.625,
      0.565,
      1.485,
      0.4225,
      1.3425,
      0.2825,
      1.2025,
      0.14,
      1.06
    ],
    "SoftwareVersion": "syngo MR E11",
    "TaskName": "PSAP",
    "TotalReadoutTime": 0.048449612,
    "dataset": "ds003791",
    "modality": "bold",
    "run_id": 1,
    "subject_id": "18",
    "task_id": "PSAP"
  },
  "dummy_trs": 0,
  "dvars_nstd": 30.346205279257795,
  "dvars_std": 1.2059891144140629,
  "dvars_vstd": 0.9690661783984373,
  "efc": 0.4807184139153684,
  "fber": 664.8833618164062,
  "fd_mean": 0.139895285380211,
  "fd_num": 46,
  "fd_perc": 17.898832684824903,
  "fwhm_avg": 3.0476639999999997,
  "fwhm_x": 2.933248,
  "fwhm_y": 2.963864,
  "fwhm_z": 3.2458799999999997,
  "gcor": 0.0131024,
  "gsr_x": -0.03572425991296768,
  "gsr_y": 0.06594018638134003,
  "provenance": {
    "md5sum": "f902307f6d35b07f0695ea6736d229bc",
    "settings": {
      "fd_thres": 0.2,
      "testing": false
    },
    "software": "mriqc",
    "version": "22.0.6",
    "webapi_port": null,
    "webapi_url": "https://mriqc.nimh.nih.gov/api/v1"
  },
  "size_t": 257,
  "size_x": 96,
  "size_y": 96,
  "size_z": 56,
  "snr": 2.1132704638732838,
  "spacing_tr": 2.0,
  "spacing_x": 2.5,
  "spacing_y": 2.5,
  "spacing_z": 2.5,
  "summary_bg_k": 31.505666475632864,
  "summary_bg_mad": 39.75912666617973,
  "summary_bg_mean": 430.2635192871094,
  "summary_bg_median": 214.71206665039062,
  "summary_bg_n": 362809.0,
  "summary_bg_p05": 181.96109008789062,
  "summary_bg_p95": 1536.2941650390592,
  "summary_bg_stdv": 646.9970703125,
  "summary_fg_k": 3.515381459267445,
  "summary_fg_mad": 2054.280748063174,
  "summary_fg_mean": 6199.51416015625,
  "summary_fg_median": 5597.66552734375,
  "summary_fg_n": 82069.0,
  "summary_fg_p05": 3225.41640625,
  "summary_fg_p95": 11477.305859374997,
  "summary_fg_stdv": 2648.80029296875,
  "tsnr": 57.80375595833175
}