{
  "aor": 0.000770952380952381,
  "aqi": 0.0030822973015873015,
  "bids_meta": {
    "AcquisitionDateTime": "20190130120234.540000",
    "ConversionSoftware": "dicm2nii.m 20210821",
    "DeviceSerialNumber": "166054",
    "EchoTime": 0.03,
    "EffectiveEchoSpacing": 0.00050999592,
    "FlipAngle": 75,
    "ImageType": [
      "ORIGINAL",
      "PRIMARY",
      "M",
      "MB",
      "ND",
      "MOSAIC"
    ],
    "InstitutionAddress": "Street StreetNo,City,District,IL,ZIP",
    "InstitutionName": "Weizmann Institute",
    "MRAcquisitionType": "2D",
    "Manufacturer": "SIEMENS",
    "Modality": "MR",
    "ParallelAcquisitionTechnique": "none",
    "ParallelReductionFactorInPlane": 1,
    "PatientAge": "024Y",
    "PatientPosition": "HFS",
    "PatientSex": "F",
    "PatientSize": 1.68,
    "PatientWeight": 61,
    "PhaseEncodingDirection": "j-",
    "RepetitionTime": 2,
    "ScanOptions": "FS",
    "ScanningSequence": "EP",
    "SequenceName": "epfid2d1_96",
    "SequenceVariant": "SK\\SS",
    "SeriesDescription": "EPI_PSAP_iso2.5",
    "SeriesNumber": 10,
    "SliceThickness": 2.5,
    "SliceTiming": [
      0,
      0.92,
      1.84,
      0.7775,
      1.6975,
      0.6375,
      1.555,
      0.495,
      1.415,
      0.355,
      1.2725,
      0.2125,
      1.1325,
      0.07,
      0.99,
      1.91,
      0.85,
      1.7675,
      0.7075,
      1.6275,
      0.565,
      1.485,
      0.425,
      1.345,
      0.2825,
      1.2025,
      0.1425,
      1.06,
      0,
      0.92,
      1.84,
      0.7775,
      1.6975,
      0.6375,
      1.555,
      0.495,
      1.415,
      0.355,
      1.2725,
      0.2125,
      1.1325,
      0.07,
      0.99,
      1.91,
      0.85,
      1.7675,
      0.7075,
      1.6275,
      0.565,
      1.485,
      0.425,
      1.345,
      0.2825,
      1.2025,
      0.1425,
      1.06
    ],
    "SoftwareVersion": "syngo MR E11",
    "TaskName": "PSAP",
    "TotalReadoutTime": 0.048449612,
    "dataset": "ds003791",
    "modality": "bold",
    "run_id": 2,
    "subject_id": "18",
    "task_id": "PSAP"
  },
  "dummy_trs": 0,
  "dvars_nstd": 31.443702333187264,
  "dvars_std": 1.258390479163347,
  "dvars_vstd": 0.9857337489243025,
  "efc": 0.4811219113698438,
  "fber": 658.986328125,
  "fd_mean": 0.1624009286158613,
  "fd_num": 69,
  "fd_perc": 27.38095238095238,
  "fwhm_avg": 3.0297866666666664,
  "fwhm_x": 2.92546,
  "fwhm_y": 2.967164,
  "fwhm_z": 3.196736,
  "gcor": 0.0205168,
  "gsr_x": -0.03624023497104645,
  "gsr_y": 0.06729702651500702,
  "provenance": {
    "md5sum": "c51d266e309af5eadb21e5c91f1691dd",
    "settings": {
      "fd_thres": 0.2,
      "testing": false
    },
    "software": "mriqc",
    "version": "22.0.6",
    "webapi_port": null,
    "webapi_url": "https://mriqc.nimh.nih.gov/api/v1"
  },
  "size_t": 252,
  "size_x": 96,
  "size_y": 96,
  "size_z": 56,
  "snr": 2.1167624431010927,
  "spacing_tr": 2.0,
  "spacing_x": 2.5,
  "spacing_y": 2.5,
  "spacing_z": 2.5,
  "summary_bg_k": 32.58723461329165,
  "summary_bg_mad": 41.72171501856646,
  "summary_bg_mean": 432.23309326171875,
  "summary_bg_median": 215.69247436523438,
  "summary_bg_n": 362548.0,
  "summary_bg_p05": 181.3849334716797,
  "summary_bg_p95": 1543.2048950195308,
  "summary_bg_stdv": 656.056640625,
  "summary_fg_k": 3.400567252883296,
  "summary_fg_mad": 2058.8139780887022,
  "summary_fg_mean": 6194.279296875,
  "summary_fg_median": 5597.4072265625,
  "summary_fg_n": 82056.0,
  "summary_fg_p05": 3217.58642578125,
  "summary_fg_p95": 11451.27880859375,
  "summary_fg_stdv": 2644.30859375,
  "tsnr": 68.148871353711
}