{
  "aor": 0.0035346360153256707,
  "aqi": 0.006205905172413794,
  "bids_meta": {
    "AcquisitionDateTime": "20181017124748.530000",
    "ConversionSoftware": "dicm2nii.m 20210821",
    "DeviceSerialNumber": "166054",
    "EchoTime": 0.03,
    "EffectiveEchoSpacing": 0.00050999592,
    "FlipAngle": 75,
    "ImageType": [
      "ORIGINAL",
      "PRIMARY",
      "M",
      "MB",
      "ND",
      "MOSAIC"
    ],
    "InstitutionAddress": "Street StreetNo,City,District,IL,ZIP",
    "InstitutionName": "Weizmann Institute",
    "MRAcquisitionType": "2D",
    "Manufacturer": "SIEMENS",
    "Modality": "MR",
    "ParallelAcquisitionTechnique": "none",
    "ParallelReductionFactorInPlane": 1,
    "PatientAge": "033Y",
    "PatientPosition": "HFS",
    "PatientSex": "F",
    "PatientSize": 1.57,
    "PatientWeight": 62,
    "PhaseEncodingDirection": "j-",
    "RepetitionTime": 2,
    "ScanOptions": "FS",
    "ScanningSequence": "EP",
    "SequenceName": "epfid2d1_96",
    "SequenceVariant": "SK\\SS",
    "SeriesDescription": "EPI_PSAP_iso2.5",
    "SeriesNumber": 13,
    "SliceThickness": 2.5,
    "SliceTiming": [
      0,
      0.92,
      1.84,
      0.7775,
      1.6975,
      0.6375,
      1.5575,
      0.495,
      1.415,
      0.355,
      1.2725,
      0.2125,
      1.1325,
      0.0725,
      0.99,
      1.91,
      0.85,
      1.7675,
      0.7075,
      1.6275,
      0.5675,
      1.485,
      0.425,
      1.345,
      0.2825,
      1.2025,
      0.1425,
      1.0625,
      0,
      0.92,
      1.84,
      0.7775,
      1.6975,
      0.6375,
      1.5575,
      0.495,
      1.415,
      0.355,
      1.2725,
      0.2125,
      1.1325,
      0.0725,
      0.99,
      1.91,
      0.85,
      1.7675,
      0.7075,
      1.6275,
      0.5675,
      1.485,
      0.425,
      1.345,
      0.2825,
      1.2025,
      0.1425,
      1.0625
    ],
    "SoftwareVersion": "syngo MR E11",
    "TaskName": "PSAP",
    "TotalReadoutTime": 0.048449612,
    "dataset": "ds003791",
    "modality": "bold",
    "run_id": 4,
    "subject_id": "36",
    "task_id": "PSAP"
  },
  "dummy_trs": 0,
  "dvars_nstd": 37.11117470073074,
  "dvars_std": 1.1852396332692308,
  "dvars_vstd": 0.9813438921153842,
  "efc": 0.44396692121911224,
  "fber": 669.1817626953125,
  "fd_mean": 0.28153273158395,
  "fd_num": 150,
  "fd_perc": 57.47126436781609,
  "fwhm_avg": 3.134425333333333,
  "fwhm_x": 2.981904,
  "fwhm_y": 3.256792,
  "fwhm_z": 3.16458,
  "gcor": 0.0266182,
  "gsr_x": -0.027276411652565002,
  "gsr_y": 0.055257320404052734,
  "provenance": {
    "md5sum": "52a10b1ff08fab32e8aa70e531ab3922",
    "settings": {
      "fd_thres": 0.2,
      "testing": false
    },
    "software": "mriqc",
    "version": "22.0.6",
    "webapi_port": null,
    "webapi_url": "https://mriqc.nimh.nih.gov/api/v1"
  },
  "size_t": 261,
  "size_x": 96,
  "size_y": 96,
  "size_z": 56,
  "snr": 2.1703605458165596,
  "spacing_tr": 2.0,
  "spacing_x": 2.5,
  "spacing_y": 2.5,
  "spacing_z": 2.5,
  "summary_bg_k": 48.195901811206745,
  "summary_bg_mad": 40.32564468308368,
  "summary_bg_mean": 426.4011535644531,
  "summary_bg_median": 222.1685791015625,
  "summary_bg_n": 395490.0,
  "summary_bg_p05": 191.20306396484375,
  "summary_bg_p95": 1467.7080200195305,
  "summary_bg_stdv": 613.958740234375,
  "summary_fg_k": 1.5626682948479287,
  "summary_fg_mad": 2462.2272908219916,
  "summary_fg_mean": 6308.4638671875,
  "summary_fg_median": 5832.099609375,
  "summary_fg_n": 56033.0,
  "summary_fg_p05": 2840.2060546875,
  "summary_fg_p95": 11313.065039062496,
  "summary_fg_stdv": 2687.133056640625,
  "tsnr": 43.68309381091967
}