{
  "aor": 0.006119367588932807,
  "aqi": 0.0082997785770751,
  "bids_meta": {
    "AcquisitionDateTime": "20181017123852.602500",
    "ConversionSoftware": "dicm2nii.m 20210821",
    "DeviceSerialNumber": "166054",
    "EchoTime": 0.03,
    "EffectiveEchoSpacing": 0.00050999592,
    "FlipAngle": 75,
    "ImageType": [
      "ORIGINAL",
      "PRIMARY",
      "M",
      "MB",
      "ND",
      "MOSAIC"
    ],
    "InstitutionAddress": "Street StreetNo,City,District,IL,ZIP",
    "InstitutionName": "Weizmann Institute",
    "MRAcquisitionType": "2D",
    "Manufacturer": "SIEMENS",
    "Modality": "MR",
    "ParallelAcquisitionTechnique": "none",
    "ParallelReductionFactorInPlane": 1,
    "PatientAge": "033Y",
    "PatientPosition": "HFS",
    "PatientSex": "F",
    "PatientSize": 1.57,
    "PatientWeight": 62,
    "PhaseEncodingDirection": "j-",
    "RepetitionTime": 2,
    "ScanOptions": "FS",
    "ScanningSequence": "EP",
    "SequenceName": "epfid2d1_96",
    "SequenceVariant": "SK\\SS",
    "SeriesDescription": "EPI_PSAP_iso2.5",
    "SeriesNumber": 11,
    "SliceThickness": 2.5,
    "SliceTiming": [
      0,
      0.92,
      1.8375,
      0.7775,
      1.6975,
      0.6375,
      1.555,
      0.495,
      1.415,
      0.3525,
      1.2725,
      0.2125,
      1.1325,
      0.07,
      0.99,
      1.91,
      0.8475,
      1.7675,
      0.7075,
      1.6275,
      0.565,
      1.485,
      0.425,
      1.3425,
      0.2825,
      1.2025,
      0.1425,
      1.06,
      0,
      0.92,
      1.8375,
      0.7775,
      1.6975,
      0.6375,
      1.555,
      0.495,
      1.415,
      0.3525,
      1.2725,
      0.2125,
      1.1325,
      0.07,
      0.99,
      1.91,
      0.8475,
      1.7675,
      0.7075,
      1.6275,
      0.565,
      1.485,
      0.425,
      1.3425,
      0.2825,
      1.2025,
      0.1425,
      1.06
    ],
    "SoftwareVersion": "syngo MR E11",
    "TaskName": "PSAP",
    "TotalReadoutTime": 0.048449612,
    "dataset": "ds003791",
    "modality": "bold",
    "run_id": 3,
    "subject_id": "36",
    "task_id": "PSAP"
  },
  "dummy_trs": 0,
  "dvars_nstd": 35.78506093182537,
  "dvars_std": 1.084416093492064,
  "dvars_vstd": 0.9463400622619051,
  "efc": 0.445495034129684,
  "fber": 672.0157470703125,
  "fd_mean": 0.30928181287375583,
  "fd_num": 151,
  "fd_perc": 59.683794466403164,
  "fwhm_avg": 3.098678666666667,
  "fwhm_x": 2.933888,
  "fwhm_y": 3.258632,
  "fwhm_z": 3.103516,
  "gcor": 0.0424181,
  "gsr_x": -0.02725919894874096,
  "gsr_y": 0.05556599423289299,
  "provenance": {
    "md5sum": "627d0e5032e109a4e67790fbedddb549",
    "settings": {
      "fd_thres": 0.2,
      "testing": false
    },
    "software": "mriqc",
    "version": "22.0.6",
    "webapi_port": null,
    "webapi_url": "https://mriqc.nimh.nih.gov/api/v1"
  },
  "size_t": 253,
  "size_x": 96,
  "size_y": 96,
  "size_z": 56,
  "snr": 2.194952467779926,
  "spacing_tr": 2.0,
  "spacing_x": 2.5,
  "spacing_y": 2.5,
  "spacing_z": 2.5,
  "summary_bg_k": 42.72235582649625,
  "summary_bg_mad": 38.2077740182607,
  "summary_bg_mean": 424.6793518066406,
  "summary_bg_median": 219.30435180664062,
  "summary_bg_n": 395414.0,
  "summary_bg_p05": 188.91700744628906,
  "summary_bg_p95": 1482.8180541992172,
  "summary_bg_stdv": 602.27978515625,
  "summary_fg_k": 1.6262103501074057,
  "summary_fg_mad": 2406.647443836212,
  "summary_fg_mean": 6228.029296875,
  "summary_fg_median": 5769.5615234375,
  "summary_fg_n": 56278.0,
  "summary_fg_p05": 2846.6173095703125,
  "summary_fg_p95": 11109.8638671875,
  "summary_fg_stdv": 2628.535400390625,
  "tsnr": 35.91156359121669
}