{
  "aor": 0.0009889019607843138,
  "aqi": 0.003834747529411765,
  "bids_meta": {
    "AcquisitionDateTime": "20190130121819.560000",
    "ConversionSoftware": "dicm2nii.m 20210821",
    "DeviceSerialNumber": "166054",
    "EchoTime": 0.03,
    "EffectiveEchoSpacing": 0.00050999592,
    "FlipAngle": 75,
    "ImageType": [
      "ORIGINAL",
      "PRIMARY",
      "M",
      "MB",
      "ND",
      "MOSAIC"
    ],
    "InstitutionAddress": "Street StreetNo,City,District,IL,ZIP",
    "InstitutionName": "Weizmann Institute",
    "MRAcquisitionType": "2D",
    "Manufacturer": "SIEMENS",
    "Modality": "MR",
    "ParallelAcquisitionTechnique": "none",
    "ParallelReductionFactorInPlane": 1,
    "PatientAge": "024Y",
    "PatientPosition": "HFS",
    "PatientSex": "F",
    "PatientSize": 1.68,
    "PatientWeight": 61,
    "PhaseEncodingDirection": "j-",
    "RepetitionTime": 2,
    "ScanOptions": "FS",
    "ScanningSequence": "EP",
    "SequenceName": "epfid2d1_96",
    "SequenceVariant": "SK\\SS",
    "SeriesDescription": "EPI_PSAP_iso2.5",
    "SeriesNumber": 13,
    "SliceThickness": 2.5,
    "SliceTiming": [
      0,
      0.92,
      1.84,
      0.78,
      1.6975,
      0.6375,
      1.5575,
      0.495,
      1.415,
      0.355,
      1.275,
      0.2125,
      1.1325,
      0.0725,
      0.99,
      1.91,
      0.85,
      1.77,
      0.7075,
      1.6275,
      0.5675,
      1.485,
      0.425,
      1.345,
      0.285,
      1.2025,
      0.1425,
      1.0625,
      0,
      0.92,
      1.84,
      0.78,
      1.6975,
      0.6375,
      1.5575,
      0.495,
      1.415,
      0.355,
      1.275,
      0.2125,
      1.1325,
      0.0725,
      0.99,
      1.91,
      0.85,
      1.77,
      0.7075,
      1.6275,
      0.5675,
      1.485,
      0.425,
      1.345,
      0.285,
      1.2025,
      0.1425,
      1.0625
    ],
    "SoftwareVersion": "syngo MR E11",
    "TaskName": "PSAP",
    "TotalReadoutTime": 0.048449612,
    "dataset": "ds003791",
    "modality": "bold",
    "run_id": 3,
    "subject_id": "18",
    "task_id": "PSAP"
  },
  "dummy_trs": 0,
  "dvars_nstd": 29.479315990551168,
  "dvars_std": 1.2287494456299215,
  "dvars_vstd": 0.9833884424409448,
  "efc": 0.4816916338609496,
  "fber": 652.8981323242188,
  "fd_mean": 0.16468368868963976,
  "fd_num": 74,
  "fd_perc": 29.019607843137255,
  "fwhm_avg": 3.0205679999999995,
  "fwhm_x": 2.917868,
  "fwhm_y": 2.944276,
  "fwhm_z": 3.19956,
  "gcor": 0.0172364,
  "gsr_x": -0.03833594545722008,
  "gsr_y": 0.07643572986125946,
  "provenance": {
    "md5sum": "0f41721af87bdf4de15937bafc022318",
    "settings": {
      "fd_thres": 0.2,
      "testing": false
    },
    "software": "mriqc",
    "version": "22.0.6",
    "webapi_port": null,
    "webapi_url": "https://mriqc.nimh.nih.gov/api/v1"
  },
  "size_t": 255,
  "size_x": 96,
  "size_y": 96,
  "size_z": 56,
  "snr": 2.1187137938383818,
  "spacing_tr": 2.0,
  "spacing_x": 2.5,
  "spacing_y": 2.5,
  "spacing_z": 2.5,
  "summary_bg_k": 30.46528741434839,
  "summary_bg_mad": 46.49266452822654,
  "summary_bg_mean": 447.7876281738281,
  "summary_bg_median": 217.76864624023438,
  "summary_bg_n": 364354.0,
  "summary_bg_p05": 177.43000869750978,
  "summary_bg_p95": 1632.36474609375,
  "summary_bg_stdv": 698.2952270507812,
  "summary_fg_k": 3.4509088518061706,
  "summary_fg_mad": 2059.770285476713,
  "summary_fg_mean": 6210.7841796875,
  "summary_fg_median": 5610.451171875,
  "summary_fg_n": 81413.0,
  "summary_fg_p05": 3230.457373046875,
  "summary_fg_p95": 11479.762499999999,
  "summary_fg_stdv": 2648.029541015625,
  "tsnr": 62.495584189658985
}