{
  "bids_meta": {
    "AcquisitionDateTime": "20181118161117.962500",
    "ConversionSoftware": "dicm2nii.m 20210821",
    "DeviceSerialNumber": "166054",
    "EchoTime": 0.00229,
    "FlipAngle": 8,
    "ImageType": [
      "ORIGINAL",
      "PRIMARY",
      "M",
      "ND",
      "NORM"
    ],
    "InstitutionAddress": "Street StreetNo,City,District,IL,ZIP",
    "InstitutionName": "Weizmann Institute",
    "InversionTime": 0.9,
    "MRAcquisitionType": "3D",
    "Manufacturer": "SIEMENS",
    "Modality": "MR",
    "ParallelAcquisitionTechnique": "GRAPPA",
    "ParallelReductionFactorInPlane": 2,
    "PatientAge": "024Y",
    "PatientPosition": "HFS",
    "PatientSex": "F",
    "PatientSize": 1.6,
    "PatientWeight": 58,
    "PhaseEncodingDirection": "j-",
    "RepetitionTime": 2.3,
    "ScanOptions": "IR\\WE",
    "ScanningSequence": "GR\\IR",
    "SequenceName": "*tfl3d1_16ns",
    "SequenceVariant": "SK\\SP\\MP",
    "SeriesDescription": "t1_mprage_sag_p2_iso_water_exc",
    "SeriesNumber": 11,
    "SliceThickness": 0.94,
    "SoftwareVersion": "syngo MR E11",
    "dataset": "ds003791",
    "modality": "T1w",
    "subject_id": "30"
  },
  "cjv": 0.27979805794121043,
  "cnr": 4.707582277024657,
  "efc": 0.57798413312119,
  "fber": 23317.662440511598,
  "fwhm_avg": 4.445991086553659,
  "fwhm_x": 4.508031926327644,
  "fwhm_y": 4.36752,
  "fwhm_z": 4.462421333333333,
  "icvs_csf": 0.26387656272390875,
  "icvs_gm": 0.43296742271133876,
  "icvs_wm": 0.30315601456475244,
  "inu_med": 0.5310198664665222,
  "inu_range": 0.18486636877059937,
  "provenance": {
    "md5sum": "4c9a38c064bbae6578676b3886652a70",
    "settings": {
      "testing": false
    },
    "software": "mriqc",
    "version": "22.0.6",
    "warnings": {
      "large_rot_frame": true,
      "small_air_mask": false
    },
    "webapi_port": null,
    "webapi_url": "https://mriqc.nimh.nih.gov/api/v1"
  },
  "qi_1": 0.0,
  "qi_2": 0.04747384655201635,
  "rpve_csf": 18.818533129775012,
  "rpve_gm": 11.427372872239353,
  "rpve_wm": 18.764419652870668,
  "size_x": 176,
  "size_y": 256,
  "size_z": 256,
  "snr_csf": 2.0660200167186376,
  "snr_gm": 11.467333224574414,
  "snr_total": 14.491658269358913,
  "snr_wm": 29.941621566783688,
  "snrd_csf": 28.302712029483768,
  "snrd_gm": 89.35612152171518,
  "snrd_total": 83.08055622825704,
  "snrd_wm": 131.58283513357216,
  "spacing_x": 0.9399999976158142,
  "spacing_y": 0.9375,
  "spacing_z": 0.9375,
  "summary_bg_k": 6.17970970743173,
  "summary_bg_mad": 0.0,
  "summary_bg_mean": 3.2364157345264752,
  "summary_bg_median": 0.0,
  "summary_bg_n": 2400323.0,
  "summary_bg_p05": 0.0,
  "summary_bg_p95": 13.800588726997375,
  "summary_bg_stdv": 4.97888934408788,
  "summary_csf_k": 0.4241533090408063,
  "summary_csf_mad": 100.43190342032464,
  "summary_csf_mean": 230.20337380168002,
  "summary_csf_median": 215.09424805641174,
  "summary_csf_n": 68482.0,
  "summary_csf_p05": 86.32567298412323,
  "summary_csf_p95": 426.53344452381134,
  "summary_csf_stdv": 104.10967747961183,
  "summary_gm_k": 0.20778554928432502,
  "summary_gm_mad": 57.27705675769986,
  "summary_gm_mean": 678.9219890562588,
  "summary_gm_median": 679.0864334106445,
  "summary_gm_n": 53335.0,
  "summary_gm_p05": 579.8041563391686,
  "summary_gm_p95": 775.4247325658798,
  "summary_gm_stdv": 59.21865649540656,
  "summary_wm_k": 0.3457137313917471,
  "summary_wm_mad": 32.513925567731,
  "summary_wm_mean": 998.8589126979895,
  "summary_wm_median": 999.999962925911,
  "summary_wm_n": 188644.0,
  "summary_wm_p05": 942.5381215810776,
  "summary_wm_p95": 1051.5694180727005,
  "summary_wm_stdv": 33.39823496856798,
  "tpm_overlap_csf": 0.15336444735678262,
  "tpm_overlap_gm": 0.4820750371154665,
  "tpm_overlap_wm": 0.5142557899878613,
  "wm2max": 0.9220948996057765
}