{
  "aor": 0.019598486842105266,
  "aqi": 0.006677733552631579,
  "bids_meta": {
    "AcquisitionDateTime": "20180826145510.987500",
    "ConversionSoftware": "dicm2nii.m 20210821",
    "DeviceSerialNumber": "166054",
    "EchoTime": 0.03,
    "EffectiveEchoSpacing": 0.00050999592,
    "FlipAngle": 75,
    "ImageType": [
      "ORIGINAL",
      "PRIMARY",
      "M",
      "MB",
      "ND",
      "MOSAIC"
    ],
    "InstitutionAddress": "Street StreetNo,City,District,IL,ZIP",
    "InstitutionName": "Weizmann Institute",
    "MRAcquisitionType": "2D",
    "Manufacturer": "SIEMENS",
    "Modality": "MR",
    "ParallelAcquisitionTechnique": "none",
    "ParallelReductionFactorInPlane": 1,
    "PatientAge": "025Y",
    "PatientPosition": "HFS",
    "PatientSex": "M",
    "PatientSize": 1.92,
    "PatientWeight": 88,
    "PhaseEncodingDirection": "j-",
    "RepetitionTime": 2,
    "ScanOptions": "FS",
    "ScanningSequence": "EP",
    "SequenceName": "epfid2d1_96",
    "SequenceVariant": "SK\\SS",
    "SeriesDescription": "EPI_PSAP_iso2.5",
    "SeriesNumber": 6,
    "SliceThickness": 2.5,
    "SliceTiming": [
      0,
      0.92,
      1.8375,
      0.7775,
      1.6975,
      0.6375,
      1.555,
      0.495,
      1.415,
      0.3525,
      1.2725,
      0.2125,
      1.1325,
      0.07,
      0.99,
      1.91,
      0.8475,
      1.7675,
      0.7075,
      1.6275,
      0.565,
      1.485,
      0.425,
      1.3425,
      0.2825,
      1.2025,
      0.1425,
      1.06,
      0,
      0.92,
      1.8375,
      0.7775,
      1.6975,
      0.6375,
      1.555,
      0.495,
      1.415,
      0.3525,
      1.2725,
      0.2125,
      1.1325,
      0.07,
      0.99,
      1.91,
      0.8475,
      1.7675,
      0.7075,
      1.6275,
      0.565,
      1.485,
      0.425,
      1.3425,
      0.2825,
      1.2025,
      0.1425,
      1.06
    ],
    "SoftwareVersion": "syngo MR E11",
    "TaskName": "PSAP",
    "TotalReadoutTime": 0.048449612,
    "dataset": "ds003791",
    "modality": "bold",
    "run_id": 1,
    "subject_id": "15",
    "task_id": "PSAP"
  },
  "dummy_trs": 0,
  "dvars_nstd": 33.54623075807947,
  "dvars_std": 1.3350872150331123,
  "dvars_vstd": 1.1475452568874174,
  "efc": 0.49708773054717775,
  "fber": 580.8106079101562,
  "fd_mean": 0.23367540831963476,
  "fd_num": 55,
  "fd_perc": 36.18421052631579,
  "fwhm_avg": 3.0018733333333336,
  "fwhm_x": 2.779636,
  "fwhm_y": 3.1511,
  "fwhm_z": 3.074884,
  "gcor": 0.0224932,
  "gsr_x": -0.028005754575133324,
  "gsr_y": 0.07280923426151276,
  "provenance": {
    "md5sum": "5188623cbd7a30f62bbe8cde13788e67",
    "settings": {
      "fd_thres": 0.2,
      "testing": false
    },
    "software": "mriqc",
    "version": "22.0.6",
    "webapi_port": null,
    "webapi_url": "https://mriqc.nimh.nih.gov/api/v1"
  },
  "size_t": 152,
  "size_x": 96,
  "size_y": 96,
  "size_z": 56,
  "snr": 2.020208597223753,
  "spacing_tr": 2.0,
  "spacing_x": 2.5,
  "spacing_y": 2.5,
  "spacing_z": 2.5,
  "summary_bg_k": 23.736669463214433,
  "summary_bg_mad": 77.9341429938216,
  "summary_bg_mean": 610.7090454101562,
  "summary_bg_median": 264.40130615234375,
  "summary_bg_n": 358531.0,
  "summary_bg_p05": 204.67105102539062,
  "summary_bg_p95": 2458.3157958984375,
  "summary_bg_stdv": 982.3387451171875,
  "summary_fg_k": 1.3722970274396573,
  "summary_fg_mad": 2882.637320443554,
  "summary_fg_mean": 7200.46728515625,
  "summary_fg_median": 6541.9833984375,
  "summary_fg_n": 83952.0,
  "summary_fg_p05": 3251.4983520507812,
  "summary_fg_p95": 13406.577587890624,
  "summary_fg_stdv": 3238.251953125,
  "tsnr": 46.20925035048276
}