{
  "aor": 0.009840739299610895,
  "aqi": 0.010939975797665369,
  "bids_meta": {
    "AcquisitionDateTime": "20180826153002.682500",
    "ConversionSoftware": "dicm2nii.m 20210821",
    "DeviceSerialNumber": "166054",
    "EchoTime": 0.03,
    "EffectiveEchoSpacing": 0.00050999592,
    "FlipAngle": 75,
    "ImageType": [
      "ORIGINAL",
      "PRIMARY",
      "M",
      "MB",
      "ND",
      "MOSAIC"
    ],
    "InstitutionAddress": "Street StreetNo,City,District,IL,ZIP",
    "InstitutionName": "Weizmann Institute",
    "MRAcquisitionType": "2D",
    "Manufacturer": "SIEMENS",
    "Modality": "MR",
    "ParallelAcquisitionTechnique": "none",
    "ParallelReductionFactorInPlane": 1,
    "PatientAge": "025Y",
    "PatientPosition": "HFS",
    "PatientSex": "M",
    "PatientSize": 1.92,
    "PatientWeight": 88,
    "PhaseEncodingDirection": "j-",
    "RepetitionTime": 2,
    "ScanOptions": "FS",
    "ScanningSequence": "EP",
    "SequenceName": "epfid2d1_96",
    "SequenceVariant": "SK\\SS",
    "SeriesDescription": "EPI_PSAP_iso2.5",
    "SeriesNumber": 15,
    "SliceThickness": 2.5,
    "SliceTiming": [
      0,
      0.92,
      1.8375,
      0.7775,
      1.6975,
      0.635,
      1.555,
      0.495,
      1.415,
      0.3525,
      1.2725,
      0.2125,
      1.13,
      0.07,
      0.99,
      1.9075,
      0.8475,
      1.7675,
      0.7075,
      1.625,
      0.565,
      1.485,
      0.425,
      1.3425,
      0.2825,
      1.2025,
      0.14,
      1.06,
      0,
      0.92,
      1.8375,
      0.7775,
      1.6975,
      0.635,
      1.555,
      0.495,
      1.415,
      0.3525,
      1.2725,
      0.2125,
      1.13,
      0.07,
      0.99,
      1.9075,
      0.8475,
      1.7675,
      0.7075,
      1.625,
      0.565,
      1.485,
      0.425,
      1.3425,
      0.2825,
      1.2025,
      0.14,
      1.06
    ],
    "SoftwareVersion": "syngo MR E11",
    "TaskName": "PSAP",
    "TotalReadoutTime": 0.048449612,
    "dataset": "ds003791",
    "modality": "bold",
    "run_id": 4,
    "subject_id": "15",
    "task_id": "PSAP"
  },
  "dummy_trs": 0,
  "dvars_nstd": 43.86202236281252,
  "dvars_std": 1.16735588859375,
  "dvars_vstd": 0.9912674796484374,
  "efc": 0.49979161302832026,
  "fber": 558.8629150390625,
  "fd_mean": 0.4068267559328802,
  "fd_num": 154,
  "fd_perc": 59.92217898832685,
  "fwhm_avg": 3.0286346666666666,
  "fwhm_x": 2.7903,
  "fwhm_y": 3.1845120000000002,
  "fwhm_z": 3.111092,
  "gcor": 0.0414227,
  "gsr_x": -0.030536752194166183,
  "gsr_y": 0.07266455143690109,
  "provenance": {
    "md5sum": "4a7611bc8220a41cf2d784d9ae7b30df",
    "settings": {
      "fd_thres": 0.2,
      "testing": false
    },
    "software": "mriqc",
    "version": "22.0.6",
    "webapi_port": null,
    "webapi_url": "https://mriqc.nimh.nih.gov/api/v1"
  },
  "size_t": 257,
  "size_x": 96,
  "size_y": 96,
  "size_z": 56,
  "snr": 2.013639699736481,
  "spacing_tr": 2.0,
  "spacing_x": 2.5,
  "spacing_y": 2.5,
  "spacing_z": 2.5,
  "summary_bg_k": 23.825212100682222,
  "summary_bg_mad": 89.59862951394129,
  "summary_bg_mean": 640.9423828125,
  "summary_bg_median": 272.9063720703125,
  "summary_bg_n": 358402.0,
  "summary_bg_p05": 203.16321563720703,
  "summary_bg_p95": 2642.523083496094,
  "summary_bg_stdv": 1055.0616455078125,
  "summary_fg_k": 1.3706660357700393,
  "summary_fg_mad": 2928.396375585463,
  "summary_fg_mean": 7275.54638671875,
  "summary_fg_median": 6612.53515625,
  "summary_fg_n": 84096.0,
  "summary_fg_p05": 3254.2219848632812,
  "summary_fg_p95": 13530.014892578125,
  "summary_fg_stdv": 3283.8525390625,
  "tsnr": 33.42527770996094
}