{
  "aor": 0.002065039682539682,
  "aqi": 0.00777991,
  "bids_meta": {
    "AcquisitionDateTime": "20181210162341.480000",
    "ConversionSoftware": "dicm2nii.m 20210821",
    "DeviceSerialNumber": "166054",
    "EchoTime": 0.03,
    "EffectiveEchoSpacing": 0.00050999592,
    "FlipAngle": 75,
    "ImageType": [
      "ORIGINAL",
      "PRIMARY",
      "M",
      "MB",
      "ND",
      "MOSAIC"
    ],
    "InstitutionAddress": "Street StreetNo,City,District,IL,ZIP",
    "InstitutionName": "Weizmann Institute",
    "MRAcquisitionType": "2D",
    "Manufacturer": "SIEMENS",
    "Modality": "MR",
    "ParallelAcquisitionTechnique": "none",
    "ParallelReductionFactorInPlane": 1,
    "PatientAge": "029Y",
    "PatientPosition": "HFS",
    "PatientSex": "F",
    "PatientSize": 1.56,
    "PatientWeight": 42,
    "PhaseEncodingDirection": "j-",
    "RepetitionTime": 2,
    "ScanOptions": "FS",
    "ScanningSequence": "EP",
    "SequenceName": "epfid2d1_96",
    "SequenceVariant": "SK\\SS",
    "SeriesDescription": "EPI_PSAP_iso2.5",
    "SeriesNumber": 17,
    "SliceThickness": 2.5,
    "SliceTiming": [
      0,
      0.9175,
      1.8375,
      0.7775,
      1.695,
      0.635,
      1.555,
      0.495,
      1.4125,
      0.3525,
      1.2725,
      0.2125,
      1.13,
      0.07,
      0.99,
      1.9075,
      0.8475,
      1.7675,
      0.7075,
      1.625,
      0.565,
      1.485,
      0.4225,
      1.3425,
      0.2825,
      1.2025,
      0.14,
      1.06,
      0,
      0.9175,
      1.8375,
      0.7775,
      1.695,
      0.635,
      1.555,
      0.495,
      1.4125,
      0.3525,
      1.2725,
      0.2125,
      1.13,
      0.07,
      0.99,
      1.9075,
      0.8475,
      1.7675,
      0.7075,
      1.625,
      0.565,
      1.485,
      0.4225,
      1.3425,
      0.2825,
      1.2025,
      0.14,
      1.06
    ],
    "SoftwareVersion": "syngo MR E11",
    "TaskName": "PSAP",
    "TotalReadoutTime": 0.048449612,
    "dataset": "ds003791",
    "modality": "bold",
    "run_id": 4,
    "subject_id": "21",
    "task_id": "PSAP"
  },
  "dummy_trs": 0,
  "dvars_nstd": 43.148371001155404,
  "dvars_std": 1.2576718178884458,
  "dvars_vstd": 0.9911332851792829,
  "efc": 0.483621125722266,
  "fber": 579.3885498046875,
  "fd_mean": 0.3024424500668685,
  "fd_num": 164,
  "fd_perc": 65.07936507936508,
  "fwhm_avg": 2.840774666666667,
  "fwhm_x": 2.52772,
  "fwhm_y": 3.0139,
  "fwhm_z": 2.9807040000000002,
  "gcor": 0.0512489,
  "gsr_x": -0.024361364543437958,
  "gsr_y": 0.04934370145201683,
  "provenance": {
    "md5sum": "c0f1629d6ce82c4ce56118fa61e20107",
    "settings": {
      "fd_thres": 0.2,
      "testing": false
    },
    "software": "mriqc",
    "version": "22.0.6",
    "webapi_port": null,
    "webapi_url": "https://mriqc.nimh.nih.gov/api/v1"
  },
  "size_t": 252,
  "size_x": 96,
  "size_y": 96,
  "size_z": 56,
  "snr": 2.461196282838378,
  "spacing_tr": 2.0,
  "spacing_x": 2.5,
  "spacing_y": 2.5,
  "spacing_z": 2.5,
  "summary_bg_k": 29.52056628709191,
  "summary_bg_mad": 42.58952234739145,
  "summary_bg_mean": 419.8990783691406,
  "summary_bg_median": 219.44049072265625,
  "summary_bg_n": 371936.0,
  "summary_bg_p05": 183.86509704589844,
  "summary_bg_p95": 1494.5784606933594,
  "summary_bg_stdv": 612.7063598632812,
  "summary_fg_k": 1.0773191116736518,
  "summary_fg_mad": 1883.519431410079,
  "summary_fg_mean": 5772.71826171875,
  "summary_fg_median": 5403.716796875,
  "summary_fg_n": 72674.0,
  "summary_fg_p05": 2967.9924438476564,
  "summary_fg_p95": 10018.783447265623,
  "summary_fg_stdv": 2195.550048828125,
  "tsnr": 44.021591397468
}