{
  "aor": 0.0008544736842105263,
  "aqi": 0.0046109762781954885,
  "bids_meta": {
    "AcquisitionDateTime": "20181210155625.500000",
    "ConversionSoftware": "dicm2nii.m 20210821",
    "DeviceSerialNumber": "166054",
    "EchoTime": 0.03,
    "EffectiveEchoSpacing": 0.00050999592,
    "FlipAngle": 75,
    "ImageType": [
      "ORIGINAL",
      "PRIMARY",
      "M",
      "MB",
      "ND",
      "MOSAIC"
    ],
    "InstitutionAddress": "Street StreetNo,City,District,IL,ZIP",
    "InstitutionName": "Weizmann Institute",
    "MRAcquisitionType": "2D",
    "Manufacturer": "SIEMENS",
    "Modality": "MR",
    "ParallelAcquisitionTechnique": "none",
    "ParallelReductionFactorInPlane": 1,
    "PatientAge": "029Y",
    "PatientPosition": "HFS",
    "PatientSex": "F",
    "PatientSize": 1.56,
    "PatientWeight": 42,
    "PhaseEncodingDirection": "j-",
    "RepetitionTime": 2,
    "ScanOptions": "FS",
    "ScanningSequence": "EP",
    "SequenceName": "epfid2d1_96",
    "SequenceVariant": "SK\\SS",
    "SeriesDescription": "EPI_PSAP_iso2.5",
    "SeriesNumber": 10,
    "SliceThickness": 2.5,
    "SliceTiming": [
      0,
      0.92,
      1.84,
      0.7775,
      1.6975,
      0.6375,
      1.5575,
      0.495,
      1.415,
      0.355,
      1.2725,
      0.2125,
      1.1325,
      0.0725,
      0.99,
      1.91,
      0.85,
      1.7675,
      0.7075,
      1.6275,
      0.5675,
      1.485,
      0.425,
      1.345,
      0.2825,
      1.2025,
      0.1425,
      1.0625,
      0,
      0.92,
      1.84,
      0.7775,
      1.6975,
      0.6375,
      1.5575,
      0.495,
      1.415,
      0.355,
      1.2725,
      0.2125,
      1.1325,
      0.0725,
      0.99,
      1.91,
      0.85,
      1.7675,
      0.7075,
      1.6275,
      0.5675,
      1.485,
      0.425,
      1.345,
      0.2825,
      1.2025,
      0.1425,
      1.0625
    ],
    "SoftwareVersion": "syngo MR E11",
    "TaskName": "PSAP",
    "TotalReadoutTime": 0.048449612,
    "dataset": "ds003791",
    "modality": "bold",
    "run_id": 2,
    "subject_id": "21",
    "task_id": "PSAP"
  },
  "dummy_trs": 0,
  "dvars_nstd": 31.684743694075475,
  "dvars_std": 1.2858329818867922,
  "dvars_vstd": 0.9912084942264152,
  "efc": 0.4819031225382665,
  "fber": 587.7918701171875,
  "fd_mean": 0.1420703420160131,
  "fd_num": 50,
  "fd_perc": 18.796992481203006,
  "fwhm_avg": 2.8349360000000003,
  "fwhm_x": 2.50808,
  "fwhm_y": 3.00786,
  "fwhm_z": 2.988868,
  "gcor": 0.0504934,
  "gsr_x": -0.023186340928077698,
  "gsr_y": 0.048609230667352676,
  "provenance": {
    "md5sum": "eb6217322cccd8442f1fa962e1fb675f",
    "settings": {
      "fd_thres": 0.2,
      "testing": false
    },
    "software": "mriqc",
    "version": "22.0.6",
    "webapi_port": null,
    "webapi_url": "https://mriqc.nimh.nih.gov/api/v1"
  },
  "size_t": 266,
  "size_x": 96,
  "size_y": 96,
  "size_z": 56,
  "snr": 2.4634147588695736,
  "spacing_tr": 2.0,
  "spacing_x": 2.5,
  "spacing_y": 2.5,
  "spacing_z": 2.5,
  "summary_bg_k": 30.548792007460456,
  "summary_bg_mad": 40.855174561754346,
  "summary_bg_mean": 413.2808837890625,
  "summary_bg_median": 218.44737243652344,
  "summary_bg_n": 372156.0,
  "summary_bg_p05": 185.093994140625,
  "summary_bg_p95": 1456.1663513183594,
  "summary_bg_stdv": 600.4155883789062,
  "summary_fg_k": 1.104700389446931,
  "summary_fg_mad": 1884.4822541398703,
  "summary_fg_mean": 5790.52099609375,
  "summary_fg_median": 5418.9814453125,
  "summary_fg_n": 72607.0,
  "summary_fg_p05": 3001.2426513671876,
  "summary_fg_p95": 10045.391894531249,
  "summary_fg_stdv": 2199.769287109375,
  "tsnr": 59.66470685321838
}