{
  "aor": 0.0027329718875502007,
  "aqi": 0.004507032369477911,
  "bids_meta": {
    "AcquisitionDateTime": "20181210154540.015000",
    "ConversionSoftware": "dicm2nii.m 20210821",
    "DeviceSerialNumber": "166054",
    "EchoTime": 0.03,
    "EffectiveEchoSpacing": 0.00050999592,
    "FlipAngle": 75,
    "ImageType": [
      "ORIGINAL",
      "PRIMARY",
      "M",
      "MB",
      "ND",
      "MOSAIC"
    ],
    "InstitutionAddress": "Street StreetNo,City,District,IL,ZIP",
    "InstitutionName": "Weizmann Institute",
    "MRAcquisitionType": "2D",
    "Manufacturer": "SIEMENS",
    "Modality": "MR",
    "ParallelAcquisitionTechnique": "none",
    "ParallelReductionFactorInPlane": 1,
    "PatientAge": "029Y",
    "PatientPosition": "HFS",
    "PatientSex": "F",
    "PatientSize": 1.56,
    "PatientWeight": 42,
    "PhaseEncodingDirection": "j-",
    "RepetitionTime": 2,
    "ScanOptions": "FS",
    "ScanningSequence": "EP",
    "SequenceName": "epfid2d1_96",
    "SequenceVariant": "SK\\SS",
    "SeriesDescription": "EPI_PSAP_iso2.5",
    "SeriesNumber": 6,
    "SliceThickness": 2.5,
    "SliceTiming": [
      0,
      0.9175,
      1.8375,
      0.7775,
      1.695,
      0.635,
      1.555,
      0.495,
      1.4125,
      0.3525,
      1.2725,
      0.21,
      1.13,
      0.07,
      0.99,
      1.9075,
      0.8475,
      1.7675,
      0.705,
      1.625,
      0.565,
      1.485,
      0.4225,
      1.3425,
      0.2825,
      1.2,
      0.14,
      1.06,
      0,
      0.9175,
      1.8375,
      0.7775,
      1.695,
      0.635,
      1.555,
      0.495,
      1.4125,
      0.3525,
      1.2725,
      0.21,
      1.13,
      0.07,
      0.99,
      1.9075,
      0.8475,
      1.7675,
      0.705,
      1.625,
      0.565,
      1.485,
      0.4225,
      1.3425,
      0.2825,
      1.2,
      0.14,
      1.06
    ],
    "SoftwareVersion": "syngo MR E11",
    "TaskName": "PSAP",
    "TotalReadoutTime": 0.048449612,
    "dataset": "ds003791",
    "modality": "bold",
    "run_id": 1,
    "subject_id": "21",
    "task_id": "PSAP"
  },
  "dummy_trs": 0,
  "dvars_nstd": 31.39872323310483,
  "dvars_std": 1.323942814395161,
  "dvars_vstd": 1.0074444000403227,
  "efc": 0.4813193455833859,
  "fber": 596.7456665039062,
  "fd_mean": 0.11274895284398945,
  "fd_num": 28,
  "fd_perc": 11.244979919678714,
  "fwhm_avg": 2.842468,
  "fwhm_x": 2.498704,
  "fwhm_y": 3.0175080000000003,
  "fwhm_z": 3.0111920000000003,
  "gcor": 0.0400603,
  "gsr_x": -0.023234205320477486,
  "gsr_y": 0.04888045787811279,
  "provenance": {
    "md5sum": "d66ef0faf23f931e6372d8031e91652c",
    "settings": {
      "fd_thres": 0.2,
      "testing": false
    },
    "software": "mriqc",
    "version": "22.0.6",
    "webapi_port": null,
    "webapi_url": "https://mriqc.nimh.nih.gov/api/v1"
  },
  "size_t": 249,
  "size_x": 96,
  "size_y": 96,
  "size_z": 56,
  "snr": 2.470073044998494,
  "spacing_tr": 2.0,
  "spacing_x": 2.5,
  "spacing_y": 2.5,
  "spacing_z": 2.5,
  "summary_bg_k": 31.1465897420112,
  "summary_bg_mad": 39.09544409043054,
  "summary_bg_mean": 407.983642578125,
  "summary_bg_median": 216.88754272460938,
  "summary_bg_n": 372053.0,
  "summary_bg_p05": 185.59437561035156,
  "summary_bg_p95": 1426.6312744140587,
  "summary_bg_stdv": 588.5431518554688,
  "summary_fg_k": 1.0758924673542802,
  "summary_fg_mad": 1882.6637498562345,
  "summary_fg_mean": 5784.31494140625,
  "summary_fg_median": 5414.4560546875,
  "summary_fg_n": 72686.0,
  "summary_fg_p05": 3003.0762329101562,
  "summary_fg_p95": 10023.731689453125,
  "summary_fg_stdv": 2192.007568359375,
  "tsnr": 59.54928420949727
}