{
  "aor": 0.001980745098039216,
  "aqi": 0.0076915434901960785,
  "bids_meta": {
    "AcquisitionDateTime": "20181210161241.495000",
    "ConversionSoftware": "dicm2nii.m 20210821",
    "DeviceSerialNumber": "166054",
    "EchoTime": 0.03,
    "EffectiveEchoSpacing": 0.00050999592,
    "FlipAngle": 75,
    "ImageType": [
      "ORIGINAL",
      "PRIMARY",
      "M",
      "MB",
      "ND",
      "MOSAIC"
    ],
    "InstitutionAddress": "Street StreetNo,City,District,IL,ZIP",
    "InstitutionName": "Weizmann Institute",
    "MRAcquisitionType": "2D",
    "Manufacturer": "SIEMENS",
    "Modality": "MR",
    "ParallelAcquisitionTechnique": "none",
    "ParallelReductionFactorInPlane": 1,
    "PatientAge": "029Y",
    "PatientPosition": "HFS",
    "PatientSex": "F",
    "PatientSize": 1.56,
    "PatientWeight": 42,
    "PhaseEncodingDirection": "j-",
    "RepetitionTime": 2,
    "ScanOptions": "FS",
    "ScanningSequence": "EP",
    "SequenceName": "epfid2d1_96",
    "SequenceVariant": "SK\\SS",
    "SeriesDescription": "EPI_PSAP_iso2.5",
    "SeriesNumber": 13,
    "SliceThickness": 2.5,
    "SliceTiming": [
      0,
      0.92,
      1.84,
      0.78,
      1.6975,
      0.6375,
      1.5575,
      0.495,
      1.415,
      0.355,
      1.275,
      0.2125,
      1.1325,
      0.0725,
      0.99,
      1.91,
      0.85,
      1.77,
      0.7075,
      1.6275,
      0.5675,
      1.485,
      0.425,
      1.345,
      0.285,
      1.2025,
      0.1425,
      1.0625,
      0,
      0.92,
      1.84,
      0.78,
      1.6975,
      0.6375,
      1.5575,
      0.495,
      1.415,
      0.355,
      1.275,
      0.2125,
      1.1325,
      0.0725,
      0.99,
      1.91,
      0.85,
      1.77,
      0.7075,
      1.6275,
      0.5675,
      1.485,
      0.425,
      1.345,
      0.285,
      1.2025,
      0.1425,
      1.0625
    ],
    "SoftwareVersion": "syngo MR E11",
    "TaskName": "PSAP",
    "TotalReadoutTime": 0.048449612,
    "dataset": "ds003791",
    "modality": "bold",
    "run_id": 3,
    "subject_id": "21",
    "task_id": "PSAP"
  },
  "dummy_trs": 0,
  "dvars_nstd": 38.222986393779536,
  "dvars_std": 1.225859257598425,
  "dvars_vstd": 0.9737214892913382,
  "efc": 0.48288755505237396,
  "fber": 580.6254272460938,
  "fd_mean": 0.2565923179470414,
  "fd_num": 134,
  "fd_perc": 52.549019607843135,
  "fwhm_avg": 2.8622879999999995,
  "fwhm_x": 2.5326519999999997,
  "fwhm_y": 3.034548,
  "fwhm_z": 3.0196639999999997,
  "gcor": 0.0492706,
  "gsr_x": -0.02393186464905739,
  "gsr_y": 0.04973036050796509,
  "provenance": {
    "md5sum": "a4fa6ceb4716c32958824b8e280d2698",
    "settings": {
      "fd_thres": 0.2,
      "testing": false
    },
    "software": "mriqc",
    "version": "22.0.6",
    "webapi_port": null,
    "webapi_url": "https://mriqc.nimh.nih.gov/api/v1"
  },
  "size_t": 255,
  "size_x": 96,
  "size_y": 96,
  "size_z": 56,
  "snr": 2.47002371991572,
  "spacing_tr": 2.0,
  "spacing_x": 2.5,
  "spacing_y": 2.5,
  "spacing_z": 2.5,
  "summary_bg_k": 29.348819348776836,
  "summary_bg_mad": 44.07108392102933,
  "summary_bg_mean": 418.3620300292969,
  "summary_bg_median": 219.94903564453125,
  "summary_bg_n": 372467.0,
  "summary_bg_p05": 182.68353424072265,
  "summary_bg_p95": 1493.383642578127,
  "summary_bg_stdv": 608.3798828125,
  "summary_fg_k": 1.063060155657352,
  "summary_fg_mad": 1894.2512852129287,
  "summary_fg_mean": 5787.80419921875,
  "summary_fg_median": 5419.341796875,
  "summary_fg_n": 72468.0,
  "summary_fg_p05": 2987.378796386719,
  "summary_fg_p95": 10012.732861328124,
  "summary_fg_stdv": 2194.029296875,
  "tsnr": 45.76984051754698
}