{
  "bids_meta": {
    "AcquisitionDateTime": "20180703124654.037500",
    "ConversionSoftware": "dicm2nii.m 20210821",
    "DeviceSerialNumber": "166054",
    "EchoTime": 0.00229,
    "FlipAngle": 8,
    "ImageType": [
      "ORIGINAL",
      "PRIMARY",
      "M",
      "ND",
      "NORM"
    ],
    "InstitutionAddress": "Street StreetNo,City,District,IL,ZIP",
    "InstitutionName": "Weizmann Institute",
    "InversionTime": 0.9,
    "MRAcquisitionType": "3D",
    "Manufacturer": "SIEMENS",
    "Modality": "MR",
    "ParallelAcquisitionTechnique": "GRAPPA",
    "ParallelReductionFactorInPlane": 2,
    "PatientAge": "029Y",
    "PatientPosition": "HFS",
    "PatientSex": "F",
    "PatientSize": 1.73,
    "PatientWeight": 55,
    "PhaseEncodingDirection": "j-",
    "RepetitionTime": 2.3,
    "ScanOptions": "IR\\WE",
    "ScanningSequence": "GR\\IR",
    "SequenceName": "*tfl3d1_16ns",
    "SequenceVariant": "SK\\SP\\MP",
    "SeriesDescription": "t1_mprage_sag_p2_iso_water_exc",
    "SeriesNumber": 15,
    "SliceThickness": 0.94,
    "SoftwareVersion": "syngo MR E11",
    "dataset": "ds003791",
    "modality": "T1w",
    "subject_id": "43"
  },
  "cjv": 0.3213989068997106,
  "cnr": 4.098110574964883,
  "efc": 0.5989709247401459,
  "fber": 24280.255422739614,
  "fwhm_avg": 4.402849233138094,
  "fwhm_x": 4.5226170327476165,
  "fwhm_y": 4.3130239999999995,
  "fwhm_z": 4.372906666666666,
  "icvs_csf": 0.22107149094829442,
  "icvs_gm": 0.44339315067515034,
  "icvs_wm": 0.33553535837655524,
  "inu_med": 0.5004745125770569,
  "inu_range": 0.16640801131725313,
  "provenance": {
    "md5sum": "e46e792cec0da01a668d3e498cbfb95f",
    "settings": {
      "testing": false
    },
    "software": "mriqc",
    "version": "22.0.6",
    "warnings": {
      "large_rot_frame": true,
      "small_air_mask": false
    },
    "webapi_port": null,
    "webapi_url": "https://mriqc.nimh.nih.gov/api/v1"
  },
  "qi_1": 0.028063276312202887,
  "qi_2": 0.04981477120034976,
  "rpve_csf": 18.307508614472315,
  "rpve_gm": 9.642881634104652,
  "rpve_wm": 14.760139801517955,
  "size_x": 176,
  "size_y": 256,
  "size_z": 256,
  "snr_csf": 2.0619411419206175,
  "snr_gm": 10.898906475320347,
  "snr_total": 13.26909639804183,
  "snr_wm": 26.846441576884526,
  "snrd_csf": 34.94610441248575,
  "snrd_gm": 113.98504586090507,
  "snrd_total": 104.19943840154468,
  "snrd_wm": 163.6671649312432,
  "spacing_x": 0.9399999976158142,
  "spacing_y": 0.9375,
  "spacing_z": 0.9375,
  "summary_bg_k": 14.586691215578629,
  "summary_bg_mad": 0.0,
  "summary_bg_mean": 2.0644388937717606,
  "summary_bg_median": 0.0,
  "summary_bg_n": 1726195.0,
  "summary_bg_p05": 0.0,
  "summary_bg_p95": 9.727170065045357,
  "summary_bg_stdv": 4.003028696983693,
  "summary_csf_k": 1.1734097063335112,
  "summary_csf_mad": 95.63747440502149,
  "summary_csf_mean": 224.24456092906183,
  "summary_csf_median": 213.528448138386,
  "summary_csf_n": 59119.0,
  "summary_csf_p05": 76.27935841139406,
  "summary_csf_p95": 416.6897808127105,
  "summary_csf_stdv": 103.55612867357979,
  "summary_gm_k": 0.12371400383395592,
  "summary_gm_mad": 61.79749503551984,
  "summary_gm_mean": 694.9275800835221,
  "summary_gm_median": 696.4739092625678,
  "summary_gm_n": 56044.0,
  "summary_gm_p05": 585.5287085864693,
  "summary_gm_p95": 798.0087128461338,
  "summary_gm_stdv": 63.90252977920646,
  "summary_wm_k": 0.40469588771144727,
  "summary_wm_mad": 35.76917445505268,
  "summary_wm_mean": 999.2189831974006,
  "summary_wm_median": 1000.0426750425249,
  "summary_wm_n": 254160.0,
  "summary_wm_p05": 936.8800641596317,
  "summary_wm_p95": 1058.960314778611,
  "summary_wm_stdv": 37.25040075899602,
  "tpm_overlap_csf": 0.16213167239055554,
  "tpm_overlap_gm": 0.47278392908174344,
  "tpm_overlap_wm": 0.5061108220648881,
  "wm2max": 0.9089869122636937
}