{
  "aor": 0.0007451190476190476,
  "aqi": 0.004080395674603174,
  "bids_meta": {
    "AcquisitionDateTime": "20190127131143.570000",
    "ConversionSoftware": "dicm2nii.m 20210821",
    "DeviceSerialNumber": "166054",
    "EchoTime": 0.03,
    "EffectiveEchoSpacing": 0.00050999592,
    "FlipAngle": 75,
    "ImageType": [
      "ORIGINAL",
      "PRIMARY",
      "M",
      "MB",
      "ND",
      "MOSAIC"
    ],
    "InstitutionAddress": "Street StreetNo,City,District,IL,ZIP",
    "InstitutionName": "Weizmann Institute",
    "MRAcquisitionType": "2D",
    "Manufacturer": "SIEMENS",
    "Modality": "MR",
    "ParallelAcquisitionTechnique": "none",
    "ParallelReductionFactorInPlane": 1,
    "PatientAge": "036Y",
    "PatientPosition": "HFS",
    "PatientSex": "F",
    "PatientSize": 1.72,
    "PatientWeight": 70,
    "PhaseEncodingDirection": "j-",
    "RepetitionTime": 2,
    "ScanOptions": "FS",
    "ScanningSequence": "EP",
    "SequenceName": "epfid2d1_96",
    "SequenceVariant": "SK\\SS",
    "SeriesDescription": "EPI_PSAP_iso2.5",
    "SeriesNumber": 17,
    "SliceThickness": 2.5,
    "SliceTiming": [
      0,
      0.9175,
      1.8375,
      0.7775,
      1.6975,
      0.635,
      1.555,
      0.495,
      1.4125,
      0.3525,
      1.2725,
      0.2125,
      1.13,
      0.07,
      0.99,
      1.9075,
      0.8475,
      1.7675,
      0.7075,
      1.625,
      0.565,
      1.485,
      0.4225,
      1.3425,
      0.2825,
      1.2025,
      0.14,
      1.06,
      0,
      0.9175,
      1.8375,
      0.7775,
      1.6975,
      0.635,
      1.555,
      0.495,
      1.4125,
      0.3525,
      1.2725,
      0.2125,
      1.13,
      0.07,
      0.99,
      1.9075,
      0.8475,
      1.7675,
      0.7075,
      1.625,
      0.565,
      1.485,
      0.4225,
      1.3425,
      0.2825,
      1.2025,
      0.14,
      1.06
    ],
    "SoftwareVersion": "syngo MR E11",
    "TaskName": "PSAP",
    "TotalReadoutTime": 0.048449612,
    "dataset": "ds003791",
    "modality": "bold",
    "run_id": 4,
    "subject_id": "08",
    "task_id": "PSAP"
  },
  "dummy_trs": 0,
  "dvars_nstd": 30.917124660597608,
  "dvars_std": 1.3466158356573696,
  "dvars_vstd": 0.9860381064940245,
  "efc": 0.4819053443836427,
  "fber": 663.7036743164062,
  "fd_mean": 0.19741484971789416,
  "fd_num": 114,
  "fd_perc": 45.23809523809524,
  "fwhm_avg": 2.8461053333333335,
  "fwhm_x": 2.56778,
  "fwhm_y": 3.047028,
  "fwhm_z": 2.923508,
  "gcor": 0.0152031,
  "gsr_x": -0.027750851586461067,
  "gsr_y": 0.05099955201148987,
  "provenance": {
    "md5sum": "5542fa5e70f3fc929506c8a894331fe1",
    "settings": {
      "fd_thres": 0.2,
      "testing": false
    },
    "software": "mriqc",
    "version": "22.0.6",
    "webapi_port": null,
    "webapi_url": "https://mriqc.nimh.nih.gov/api/v1"
  },
  "size_t": 252,
  "size_x": 96,
  "size_y": 96,
  "size_z": 56,
  "snr": 2.820593423174294,
  "spacing_tr": 2.0,
  "spacing_x": 2.5,
  "spacing_y": 2.5,
  "spacing_z": 2.5,
  "summary_bg_k": 35.09191018718386,
  "summary_bg_mad": 35.06473242244102,
  "summary_bg_mean": 401.39141845703125,
  "summary_bg_median": 213.25794982910156,
  "summary_bg_n": 375756.0,
  "summary_bg_p05": 185.80953979492188,
  "summary_bg_p95": 1377.9396057128906,
  "summary_bg_stdv": 545.5562133789062,
  "summary_fg_k": 0.9481117611291903,
  "summary_fg_mad": 1782.458879161792,
  "summary_fg_mean": 5872.60888671875,
  "summary_fg_median": 5613.0244140625,
  "summary_fg_n": 70060.0,
  "summary_fg_p05": 3120.4837158203127,
  "summary_fg_p95": 9602.852050781252,
  "summary_fg_stdv": 1990.001220703125,
  "tsnr": 74.38128477102146
}