{
  "aor": 0.0006338367346938776,
  "aqi": 0.004592925877551021,
  "bids_meta": {
    "AcquisitionDateTime": "20190127130108.520000",
    "ConversionSoftware": "dicm2nii.m 20210821",
    "DeviceSerialNumber": "166054",
    "EchoTime": 0.03,
    "EffectiveEchoSpacing": 0.00050999592,
    "FlipAngle": 75,
    "ImageType": [
      "ORIGINAL",
      "PRIMARY",
      "M",
      "MB",
      "ND",
      "MOSAIC"
    ],
    "InstitutionAddress": "Street StreetNo,City,District,IL,ZIP",
    "InstitutionName": "Weizmann Institute",
    "MRAcquisitionType": "2D",
    "Manufacturer": "SIEMENS",
    "Modality": "MR",
    "ParallelAcquisitionTechnique": "none",
    "ParallelReductionFactorInPlane": 1,
    "PatientAge": "036Y",
    "PatientPosition": "HFS",
    "PatientSex": "F",
    "PatientSize": 1.72,
    "PatientWeight": 70,
    "PhaseEncodingDirection": "j-",
    "RepetitionTime": 2,
    "ScanOptions": "FS",
    "ScanningSequence": "EP",
    "SequenceName": "epfid2d1_96",
    "SequenceVariant": "SK\\SS",
    "SeriesDescription": "EPI_PSAP_iso2.5",
    "SeriesNumber": 13,
    "SliceThickness": 2.5,
    "SliceTiming": [
      0,
      0.92,
      1.8375,
      0.7775,
      1.6975,
      0.635,
      1.555,
      0.495,
      1.415,
      0.3525,
      1.2725,
      0.2125,
      1.13,
      0.07,
      0.99,
      1.91,
      0.8475,
      1.7675,
      0.7075,
      1.625,
      0.565,
      1.485,
      0.425,
      1.3425,
      0.2825,
      1.2025,
      0.1425,
      1.06,
      0,
      0.92,
      1.8375,
      0.7775,
      1.6975,
      0.635,
      1.555,
      0.495,
      1.415,
      0.3525,
      1.2725,
      0.2125,
      1.13,
      0.07,
      0.99,
      1.91,
      0.8475,
      1.7675,
      0.7075,
      1.625,
      0.565,
      1.485,
      0.425,
      1.3425,
      0.2825,
      1.2025,
      0.1425,
      1.06
    ],
    "SoftwareVersion": "syngo MR E11",
    "TaskName": "PSAP",
    "TotalReadoutTime": 0.048449612,
    "dataset": "ds003791",
    "modality": "bold",
    "run_id": 3,
    "subject_id": "08",
    "task_id": "PSAP"
  },
  "dummy_trs": 1,
  "dvars_nstd": 25.399291702663934,
  "dvars_std": 1.1227793635245902,
  "dvars_vstd": 0.9696837202868854,
  "efc": 0.4812688631896066,
  "fber": 666.3248901367188,
  "fd_mean": 0.23164997549529437,
  "fd_num": 146,
  "fd_perc": 59.59183673469388,
  "fwhm_avg": 2.833524,
  "fwhm_x": 2.559332,
  "fwhm_y": 3.029324,
  "fwhm_z": 2.911916,
  "gcor": 0.0195315,
  "gsr_x": -0.028238443657755852,
  "gsr_y": 0.055660687386989594,
  "provenance": {
    "md5sum": "0a928178e09db35fb68ab3b84f3604f8",
    "settings": {
      "fd_thres": 0.2,
      "testing": false
    },
    "software": "mriqc",
    "version": "22.0.6",
    "webapi_port": null,
    "webapi_url": "https://mriqc.nimh.nih.gov/api/v1"
  },
  "size_t": 245,
  "size_x": 96,
  "size_y": 96,
  "size_z": 56,
  "snr": 2.8315286275757567,
  "spacing_tr": 2.0,
  "spacing_x": 2.5,
  "spacing_y": 2.5,
  "spacing_z": 2.5,
  "summary_bg_k": 30.50352418186207,
  "summary_bg_mad": 36.226940446617,
  "summary_bg_mean": 404.9703674316406,
  "summary_bg_median": 213.2020263671875,
  "summary_bg_n": 377354.0,
  "summary_bg_p05": 184.3714141845703,
  "summary_bg_p95": 1400.299792480468,
  "summary_bg_stdv": 554.8311157226562,
  "summary_fg_k": 0.9782356790936042,
  "summary_fg_mad": 1773.0228544464057,
  "summary_fg_mean": 5875.69921875,
  "summary_fg_median": 5610.65283203125,
  "summary_fg_n": 69471.0,
  "summary_fg_p05": 3159.2080078125,
  "summary_fg_p95": 9600.5302734375,
  "summary_fg_stdv": 1981.478271484375,
  "tsnr": 63.82083910447545
}