{
  "bids_meta": {
    "AcquisitionDateTime": "20181120160716.987500",
    "ConversionSoftware": "dicm2nii.m 20210821",
    "DeviceSerialNumber": "166054",
    "EchoTime": 0.00229,
    "FlipAngle": 8,
    "ImageType": [
      "ORIGINAL",
      "PRIMARY",
      "M",
      "ND",
      "NORM"
    ],
    "InstitutionAddress": "Street StreetNo,City,District,IL,ZIP",
    "InstitutionName": "Weizmann Institute",
    "InversionTime": 0.9,
    "MRAcquisitionType": "3D",
    "Manufacturer": "SIEMENS",
    "Modality": "MR",
    "ParallelAcquisitionTechnique": "GRAPPA",
    "ParallelReductionFactorInPlane": 2,
    "PatientAge": "024Y",
    "PatientPosition": "HFS",
    "PatientSex": "M",
    "PatientSize": 1.76,
    "PatientWeight": 64,
    "PhaseEncodingDirection": "j-",
    "RepetitionTime": 2.3,
    "ScanOptions": "IR\\WE",
    "ScanningSequence": "GR\\IR",
    "SequenceName": "*tfl3d1_16ns",
    "SequenceVariant": "SK\\SP\\MP",
    "SeriesDescription": "t1_mprage_sag_p2_iso_water_exc",
    "SeriesNumber": 11,
    "SliceThickness": 0.94,
    "SoftwareVersion": "syngo MR E11",
    "dataset": "ds003791",
    "modality": "T1w",
    "subject_id": "16"
  },
  "cjv": 0.2872972088487674,
  "cnr": 4.554580387515448,
  "efc": 0.6263773524177395,
  "fber": 19865.676866729682,
  "fwhm_avg": 4.489177885546188,
  "fwhm_x": 4.434882989971899,
  "fwhm_y": 4.565749333333333,
  "fwhm_z": 4.466901333333333,
  "icvs_csf": 0.19769059358318947,
  "icvs_gm": 0.46728615724316175,
  "icvs_wm": 0.3350232491736488,
  "inu_med": 0.4905127286911011,
  "inu_range": 0.1742574542760848,
  "provenance": {
    "md5sum": "d4095e6eb76a668706fe47dfee3e8508",
    "settings": {
      "testing": false
    },
    "software": "mriqc",
    "version": "22.0.6",
    "warnings": {
      "large_rot_frame": true,
      "small_air_mask": false
    },
    "webapi_port": null,
    "webapi_url": "https://mriqc.nimh.nih.gov/api/v1"
  },
  "qi_1": 0.0,
  "qi_2": 0.011128949311203751,
  "rpve_csf": 19.26728543685389,
  "rpve_gm": 9.025051261335912,
  "rpve_wm": 14.230488746140823,
  "size_x": 176,
  "size_y": 256,
  "size_z": 256,
  "snr_csf": 2.2160330924142544,
  "snr_gm": 12.596567038833623,
  "snr_total": 13.326664702246411,
  "snr_wm": 25.167393975491358,
  "snrd_csf": 24.2111481169484,
  "snrd_gm": 67.15580400376227,
  "snrd_total": 62.88825820506486,
  "snrd_wm": 97.2978224944839,
  "spacing_x": 0.9399999976158142,
  "spacing_y": 0.9375,
  "spacing_z": 0.9375,
  "summary_bg_k": 8.244529383481316,
  "summary_bg_mad": 0.0,
  "summary_bg_mean": 4.302430694296986,
  "summary_bg_median": 0.0,
  "summary_bg_n": 2088813.0,
  "summary_bg_p05": 0.0,
  "summary_bg_p95": 18.42760257795453,
  "summary_bg_stdv": 6.733463738446317,
  "summary_csf_k": 0.4991877301356533,
  "summary_csf_mad": 104.56047656318765,
  "summary_csf_mean": 254.70859061018874,
  "summary_csf_median": 248.84113890118897,
  "summary_csf_n": 38940.0,
  "summary_csf_p05": 71.7900120753795,
  "summary_csf_p95": 451.305002912879,
  "summary_csf_stdv": 112.28981396793836,
  "summary_gm_k": 0.40984275848519003,
  "summary_gm_mad": 51.967081600936716,
  "summary_gm_mean": 689.0743861440602,
  "summary_gm_median": 690.2244648374617,
  "summary_gm_n": 59560.0,
  "summary_gm_p05": 596.8762128688395,
  "summary_gm_p95": 777.0419927202165,
  "summary_gm_stdv": 54.794188632724364,
  "summary_wm_k": 0.5621182567613703,
  "summary_wm_mad": 37.03712525825718,
  "summary_wm_mean": 999.6183582165303,
  "summary_wm_median": 1000.0228343233466,
  "summary_wm_n": 250103.0,
  "summary_wm_p05": 934.2360647730529,
  "summary_wm_p95": 1065.1245628856122,
  "summary_wm_stdv": 39.73477889976231,
  "tpm_overlap_csf": 0.1488902283051129,
  "tpm_overlap_gm": 0.4798062796671462,
  "tpm_overlap_wm": 0.5004648524764126,
  "wm2max": 0.8686901556234348
}