{
  "aor": 0.0020647637795275595,
  "aqi": 0.00489136937007874,
  "bids_meta": {
    "AcquisitionDateTime": "20181225133145.517500",
    "ConversionSoftware": "dicm2nii.m 20210821",
    "DeviceSerialNumber": "166054",
    "EchoTime": 0.03,
    "EffectiveEchoSpacing": 0.00050999592,
    "FlipAngle": 75,
    "ImageType": [
      "ORIGINAL",
      "PRIMARY",
      "M",
      "MB",
      "ND",
      "MOSAIC"
    ],
    "InstitutionAddress": "Street StreetNo,City,District,IL,ZIP",
    "InstitutionName": "Weizmann Institute",
    "MRAcquisitionType": "2D",
    "Manufacturer": "SIEMENS",
    "Modality": "MR",
    "ParallelAcquisitionTechnique": "none",
    "ParallelReductionFactorInPlane": 1,
    "PatientAge": "019Y",
    "PatientPosition": "HFS",
    "PatientSex": "M",
    "PatientSize": 1.76,
    "PatientWeight": 72,
    "PhaseEncodingDirection": "j-",
    "RepetitionTime": 2,
    "ScanOptions": "FS",
    "ScanningSequence": "EP",
    "SequenceName": "epfid2d1_96",
    "SequenceVariant": "SK\\SS",
    "SeriesDescription": "EPI_PSAP_iso2.5",
    "SeriesNumber": 10,
    "SliceThickness": 2.5,
    "SliceTiming": [
      0,
      0.92,
      1.8375,
      0.7775,
      1.6975,
      0.635,
      1.555,
      0.495,
      1.4125,
      0.3525,
      1.2725,
      0.2125,
      1.13,
      0.07,
      0.99,
      1.9075,
      0.8475,
      1.7675,
      0.7075,
      1.625,
      0.565,
      1.485,
      0.425,
      1.3425,
      0.2825,
      1.2025,
      0.14,
      1.06,
      0,
      0.92,
      1.8375,
      0.7775,
      1.6975,
      0.635,
      1.555,
      0.495,
      1.4125,
      0.3525,
      1.2725,
      0.2125,
      1.13,
      0.07,
      0.99,
      1.9075,
      0.8475,
      1.7675,
      0.7075,
      1.625,
      0.565,
      1.485,
      0.425,
      1.3425,
      0.2825,
      1.2025,
      0.14,
      1.06
    ],
    "SoftwareVersion": "syngo MR E11",
    "TaskName": "PSAP",
    "TotalReadoutTime": 0.048449612,
    "dataset": "ds003791",
    "modality": "bold",
    "run_id": 2,
    "subject_id": "02",
    "task_id": "PSAP"
  },
  "dummy_trs": 0,
  "dvars_nstd": 31.40248940940711,
  "dvars_std": 1.2027038115810273,
  "dvars_vstd": 0.9741922199209491,
  "efc": 0.5168097601807913,
  "fber": 523.2427368164062,
  "fd_mean": 0.18928206345439744,
  "fd_num": 89,
  "fd_perc": 35.039370078740156,
  "fwhm_avg": 3.1936546666666668,
  "fwhm_x": 2.893032,
  "fwhm_y": 3.256896,
  "fwhm_z": 3.431036,
  "gcor": 0.0183313,
  "gsr_x": -0.020085444673895836,
  "gsr_y": 0.05543088912963867,
  "provenance": {
    "md5sum": "43b928f142ebb8d474d1dce24fe6fc24",
    "settings": {
      "fd_thres": 0.2,
      "testing": false
    },
    "software": "mriqc",
    "version": "22.0.6",
    "webapi_port": null,
    "webapi_url": "https://mriqc.nimh.nih.gov/api/v1"
  },
  "size_t": 254,
  "size_x": 96,
  "size_y": 96,
  "size_z": 56,
  "snr": 2.1135009937945486,
  "spacing_tr": 2.0,
  "spacing_x": 2.5,
  "spacing_y": 2.5,
  "spacing_z": 2.5,
  "summary_bg_k": 22.637399778509852,
  "summary_bg_mad": 80.8776974930412,
  "summary_bg_mean": 568.3630981445312,
  "summary_bg_median": 260.6850280761719,
  "summary_bg_n": 344053.0,
  "summary_bg_p05": 193.42520141601562,
  "summary_bg_p95": 2331.2369628906245,
  "summary_bg_stdv": 920.2636108398438,
  "summary_fg_k": 1.245915744806906,
  "summary_fg_mad": 2622.008084794279,
  "summary_fg_mean": 6641.84716796875,
  "summary_fg_median": 6132.5986328125,
  "summary_fg_n": 95968.0,
  "summary_fg_p05": 2986.152624511719,
  "summary_fg_p95": 12159.129052734374,
  "summary_fg_stdv": 2901.615234375,
  "tsnr": 56.594272437505424
}