{
  "bids_meta": {
    "AcquisitionDateTime": "20181021150617.980000",
    "ConversionSoftware": "dicm2nii.m 20210821",
    "DeviceSerialNumber": "166054",
    "EchoTime": 0.00229,
    "FlipAngle": 8,
    "ImageType": [
      "ORIGINAL",
      "PRIMARY",
      "M",
      "ND",
      "NORM"
    ],
    "InstitutionAddress": "Street StreetNo,City,District,IL,ZIP",
    "InstitutionName": "Weizmann Institute",
    "InversionTime": 0.9,
    "MRAcquisitionType": "3D",
    "Manufacturer": "SIEMENS",
    "Modality": "MR",
    "ParallelAcquisitionTechnique": "GRAPPA",
    "ParallelReductionFactorInPlane": 2,
    "PatientAge": "033Y",
    "PatientPosition": "HFS",
    "PatientSex": "F",
    "PatientSize": 1.68,
    "PatientWeight": 54,
    "PhaseEncodingDirection": "j-",
    "RepetitionTime": 2.3,
    "ScanOptions": "IR\\WE",
    "ScanningSequence": "GR\\IR",
    "SequenceName": "*tfl3d1_16ns",
    "SequenceVariant": "SK\\SP\\MP",
    "SeriesDescription": "t1_mprage_sag_p2_iso_water_exc",
    "SeriesNumber": 9,
    "SliceThickness": 0.94,
    "SoftwareVersion": "syngo MR E11",
    "dataset": "ds003791",
    "modality": "T1w",
    "subject_id": "24"
  },
  "cjv": 0.2997833921875151,
  "cnr": 4.42826005923214,
  "efc": 0.5828221191514809,
  "fber": 32234.611599999997,
  "fwhm_avg": 4.554177289936502,
  "fwhm_x": 4.594553203142839,
  "fwhm_y": 4.577535999999999,
  "fwhm_z": 4.490442666666667,
  "icvs_csf": 0.24697279019122237,
  "icvs_gm": 0.4285162465524269,
  "icvs_wm": 0.3245109632563507,
  "inu_med": 0.4648520201444626,
  "inu_range": 0.14788987636566153,
  "provenance": {
    "md5sum": "0e6a108a1cb7da33b917ba4c2de4fb02",
    "settings": {
      "testing": false
    },
    "software": "mriqc",
    "version": "22.0.6",
    "warnings": {
      "large_rot_frame": true,
      "small_air_mask": false
    },
    "webapi_port": null,
    "webapi_url": "https://mriqc.nimh.nih.gov/api/v1"
  },
  "qi_1": 0.0,
  "qi_2": 0.019644365377398026,
  "rpve_csf": 18.794781808622503,
  "rpve_gm": 10.885564964415726,
  "rpve_wm": 16.56137309643569,
  "size_x": 176,
  "size_y": 256,
  "size_z": 256,
  "snr_csf": 2.017312784436017,
  "snr_gm": 11.490342083499923,
  "snr_total": 14.46570993455922,
  "snr_wm": 29.889474935741713,
  "snrd_csf": 35.900240000465395,
  "snrd_gm": 109.33707524550023,
  "snrd_total": 100.945084355352,
  "snrd_wm": 157.59793782009038,
  "spacing_x": 0.9399999976158142,
  "spacing_y": 0.9375,
  "spacing_z": 0.9375,
  "summary_bg_k": 7.930930407138675,
  "summary_bg_mad": 0.0,
  "summary_bg_mean": 2.5106966851499073,
  "summary_bg_median": 0.0,
  "summary_bg_n": 2157249.0,
  "summary_bg_p05": 0.0,
  "summary_bg_p95": 11.983992744237185,
  "summary_bg_stdv": 4.157098620727471,
  "summary_csf_k": 0.011239631238692205,
  "summary_csf_mad": 108.10380495844583,
  "summary_csf_mean": 242.33096470015428,
  "summary_csf_median": 227.80116963386536,
  "summary_csf_n": 76528.0,
  "summary_csf_p05": 78.2087160928175,
  "summary_csf_p95": 450.8350690433754,
  "summary_csf_stdv": 112.92234056847666,
  "summary_gm_k": 0.1315564237675959,
  "summary_gm_mad": 59.36029267071217,
  "summary_gm_mean": 693.0282654444923,
  "summary_gm_median": 693.7868277467787,
  "summary_gm_n": 56954.0,
  "summary_gm_p05": 592.8601261116564,
  "summary_gm_p95": 791.3299996202811,
  "summary_gm_stdv": 60.37946754880246,
  "summary_wm_k": 0.30673001457660476,
  "summary_wm_mad": 32.44363181739608,
  "summary_wm_mean": 999.2262225543592,
  "summary_wm_median": 1000.0210184343159,
  "summary_wm_n": 230214.0,
  "summary_wm_p05": 942.9654185324907,
  "summary_wm_p95": 1052.4430886283517,
  "summary_wm_stdv": 33.45722360944687,
  "tpm_overlap_csf": 0.16317096081639187,
  "tpm_overlap_gm": 0.48525300444656067,
  "tpm_overlap_wm": 0.5105054375029553,
  "wm2max": 0.9135558744873915
}