{
  "aor": 0.0047404000000000005,
  "aqi": 0.01181277832,
  "bids_meta": {
    "AcquisitionDateTime": "20181231150146.517500",
    "ConversionSoftware": "dicm2nii.m 20210821",
    "DeviceSerialNumber": "166054",
    "EchoTime": 0.03,
    "EffectiveEchoSpacing": 0.00050999592,
    "FlipAngle": 75,
    "ImageType": [
      "ORIGINAL",
      "PRIMARY",
      "M",
      "MB",
      "ND",
      "MOSAIC"
    ],
    "InstitutionAddress": "Street StreetNo,City,District,IL,ZIP",
    "InstitutionName": "Weizmann Institute",
    "MRAcquisitionType": "2D",
    "Manufacturer": "SIEMENS",
    "Modality": "MR",
    "ParallelAcquisitionTechnique": "none",
    "ParallelReductionFactorInPlane": 1,
    "PatientAge": "027Y",
    "PatientPosition": "HFS",
    "PatientSex": "M",
    "PatientSize": 1.87,
    "PatientWeight": 105,
    "PhaseEncodingDirection": "j-",
    "RepetitionTime": 2,
    "ScanOptions": "FS",
    "ScanningSequence": "EP",
    "SequenceName": "epfid2d1_96",
    "SequenceVariant": "SK\\SS",
    "SeriesDescription": "EPI_PSAP_iso2.5",
    "SeriesNumber": 17,
    "SliceThickness": 2.5,
    "SliceTiming": [
      0,
      0.92,
      1.84,
      0.7775,
      1.6975,
      0.6375,
      1.5575,
      0.495,
      1.415,
      0.355,
      1.2725,
      0.2125,
      1.1325,
      0.0725,
      0.99,
      1.91,
      0.85,
      1.7675,
      0.7075,
      1.6275,
      0.5675,
      1.485,
      0.425,
      1.345,
      0.2825,
      1.2025,
      0.1425,
      1.0625,
      0,
      0.92,
      1.84,
      0.7775,
      1.6975,
      0.6375,
      1.5575,
      0.495,
      1.415,
      0.355,
      1.2725,
      0.2125,
      1.1325,
      0.0725,
      0.99,
      1.91,
      0.85,
      1.7675,
      0.7075,
      1.6275,
      0.5675,
      1.485,
      0.425,
      1.345,
      0.2825,
      1.2025,
      0.1425,
      1.0625
    ],
    "SoftwareVersion": "syngo MR E11",
    "TaskName": "PSAP",
    "TotalReadoutTime": 0.048449612,
    "dataset": "ds003791",
    "modality": "bold",
    "run_id": 4,
    "subject_id": "45",
    "task_id": "PSAP"
  },
  "dummy_trs": 0,
  "dvars_nstd": 50.46633357285141,
  "dvars_std": 1.19364572558233,
  "dvars_vstd": 1.0024879348192766,
  "efc": 0.5285519546396886,
  "fber": 372.8211669921875,
  "fd_mean": 0.3966808316071649,
  "fd_num": 191,
  "fd_perc": 76.4,
  "fwhm_avg": 3.0405026666666664,
  "fwhm_x": 2.696396,
  "fwhm_y": 3.1238479999999997,
  "fwhm_z": 3.3012639999999998,
  "gcor": 0.0281793,
  "gsr_x": -0.03439953923225403,
  "gsr_y": 0.11256714910268784,
  "provenance": {
    "md5sum": "04039a32a492570adc0084afba4462b9",
    "settings": {
      "fd_thres": 0.2,
      "testing": false
    },
    "software": "mriqc",
    "version": "22.0.6",
    "webapi_port": null,
    "webapi_url": "https://mriqc.nimh.nih.gov/api/v1"
  },
  "size_t": 250,
  "size_x": 96,
  "size_y": 96,
  "size_z": 56,
  "snr": 2.060526312585786,
  "spacing_tr": 2.0,
  "spacing_x": 2.5,
  "spacing_y": 2.5,
  "spacing_z": 2.5,
  "summary_bg_k": 37.1485089485183,
  "summary_bg_mad": 73.750569643849,
  "summary_bg_mean": 545.108154296875,
  "summary_bg_median": 245.70001220703125,
  "summary_bg_n": 349895.0,
  "summary_bg_p05": 189.44801330566406,
  "summary_bg_p95": 1997.71290283203,
  "summary_bg_stdv": 863.7467651367188,
  "summary_fg_k": 3.6614479542170004,
  "summary_fg_mad": 1734.4429820197897,
  "summary_fg_mean": 5286.97998046875,
  "summary_fg_median": 4785.76806640625,
  "summary_fg_n": 93211.0,
  "summary_fg_p05": 2560.2301025390625,
  "summary_fg_p95": 9855.78662109375,
  "summary_fg_stdv": 2322.58251953125,
  "tsnr": 33.99931662529707
}