{
  "aor": 0.0012415537848605577,
  "aqi": 0.0040516162549800805,
  "bids_meta": {
    "AcquisitionDateTime": "20181104121435.990000",
    "ConversionSoftware": "dicm2nii.m 20210821",
    "DeviceSerialNumber": "166054",
    "EchoTime": 0.03,
    "EffectiveEchoSpacing": 0.00050999592,
    "FlipAngle": 75,
    "ImageType": [
      "ORIGINAL",
      "PRIMARY",
      "M",
      "MB",
      "ND",
      "MOSAIC"
    ],
    "InstitutionAddress": "Street StreetNo,City,District,IL,ZIP",
    "InstitutionName": "Weizmann Institute",
    "MRAcquisitionType": "2D",
    "Manufacturer": "SIEMENS",
    "Modality": "MR",
    "ParallelAcquisitionTechnique": "none",
    "ParallelReductionFactorInPlane": 1,
    "PatientAge": "025Y",
    "PatientPosition": "HFS",
    "PatientSex": "M",
    "PatientSize": 1.8,
    "PatientWeight": 90,
    "PhaseEncodingDirection": "j-",
    "RepetitionTime": 2,
    "ScanOptions": "FS",
    "ScanningSequence": "EP",
    "SequenceName": "epfid2d1_96",
    "SequenceVariant": "SK\\SS",
    "SeriesDescription": "EPI_PSAP_iso2.5",
    "SeriesNumber": 6,
    "SliceThickness": 2.5,
    "SliceTiming": [
      0,
      0.92,
      1.84,
      0.78,
      1.6975,
      0.6375,
      1.5575,
      0.495,
      1.415,
      0.355,
      1.275,
      0.2125,
      1.1325,
      0.0725,
      0.99,
      1.91,
      0.85,
      1.77,
      0.7075,
      1.6275,
      0.5675,
      1.485,
      0.425,
      1.345,
      0.285,
      1.2025,
      0.1425,
      1.0625,
      0,
      0.92,
      1.84,
      0.78,
      1.6975,
      0.6375,
      1.5575,
      0.495,
      1.415,
      0.355,
      1.275,
      0.2125,
      1.1325,
      0.0725,
      0.99,
      1.91,
      0.85,
      1.77,
      0.7075,
      1.6275,
      0.5675,
      1.485,
      0.425,
      1.345,
      0.285,
      1.2025,
      0.1425,
      1.0625
    ],
    "SoftwareVersion": "syngo MR E11",
    "TaskName": "PSAP",
    "TotalReadoutTime": 0.048449612,
    "dataset": "ds003791",
    "modality": "bold",
    "run_id": 1,
    "subject_id": "41",
    "task_id": "PSAP"
  },
  "dummy_trs": 0,
  "dvars_nstd": 32.528313461360014,
  "dvars_std": 1.260469529000001,
  "dvars_vstd": 0.99884570808,
  "efc": 0.4958709860142047,
  "fber": 593.897705078125,
  "fd_mean": 0.21054544836346736,
  "fd_num": 107,
  "fd_perc": 42.62948207171315,
  "fwhm_avg": 2.9855586666666665,
  "fwhm_x": 2.80312,
  "fwhm_y": 3.014684,
  "fwhm_z": 3.138872,
  "gcor": 0.0340522,
  "gsr_x": -0.02829645574092865,
  "gsr_y": 0.06203215569257736,
  "provenance": {
    "md5sum": "9fa8f8d729434c6faf21e9e7a28a356d",
    "settings": {
      "fd_thres": 0.2,
      "testing": false
    },
    "software": "mriqc",
    "version": "22.0.6",
    "webapi_port": null,
    "webapi_url": "https://mriqc.nimh.nih.gov/api/v1"
  },
  "size_t": 251,
  "size_x": 96,
  "size_y": 96,
  "size_z": 56,
  "snr": 2.54199754813999,
  "spacing_tr": 2.0,
  "spacing_x": 2.5,
  "spacing_y": 2.5,
  "spacing_z": 2.5,
  "summary_bg_k": 34.248146306780924,
  "summary_bg_mad": 46.24419925469982,
  "summary_bg_mean": 445.9783020019531,
  "summary_bg_median": 226.02391052246094,
  "summary_bg_n": 365414.0,
  "summary_bg_p05": 189.03585815429688,
  "summary_bg_p95": 1581.2116210937495,
  "summary_bg_stdv": 627.4778442382812,
  "summary_fg_k": 1.1624003768559845,
  "summary_fg_mad": 1937.5482650886574,
  "summary_fg_mean": 5957.93408203125,
  "summary_fg_median": 5601.92431640625,
  "summary_fg_n": 79853.0,
  "summary_fg_p05": 3089.154638671875,
  "summary_fg_p95": 10235.047070312496,
  "summary_fg_stdv": 2203.735107421875,
  "tsnr": 62.033622523769736
}