{
  "bids_meta": {
    "AcquisitionDateTime": "20181106160621.985000",
    "ConversionSoftware": "dicm2nii.m 20210821",
    "DeviceSerialNumber": "166054",
    "EchoTime": 0.00229,
    "FlipAngle": 8,
    "ImageType": [
      "ORIGINAL",
      "PRIMARY",
      "M",
      "ND",
      "NORM"
    ],
    "InstitutionAddress": "Street StreetNo,City,District,IL,ZIP",
    "InstitutionName": "Weizmann Institute",
    "InversionTime": 0.9,
    "MRAcquisitionType": "3D",
    "Manufacturer": "SIEMENS",
    "Modality": "MR",
    "ParallelAcquisitionTechnique": "GRAPPA",
    "ParallelReductionFactorInPlane": 2,
    "PatientAge": "019Y",
    "PatientPosition": "HFS",
    "PatientSex": "F",
    "PatientSize": 1.57,
    "PatientWeight": 50,
    "PhaseEncodingDirection": "j-",
    "RepetitionTime": 2.3,
    "ScanOptions": "IR\\WE",
    "ScanningSequence": "GR\\IR",
    "SequenceName": "*tfl3d1_16ns",
    "SequenceVariant": "SK\\SP\\MP",
    "SeriesDescription": "t1_mprage_sag_p2_iso_water_exc",
    "SeriesNumber": 11,
    "SliceThickness": 0.94,
    "SoftwareVersion": "syngo MR E11",
    "dataset": "ds003791",
    "modality": "T1w",
    "subject_id": "37"
  },
  "cjv": 0.3178381511070901,
  "cnr": 4.275042756102266,
  "efc": 0.584047978546251,
  "fber": 14549.00271353793,
  "fwhm_avg": 4.417610623047902,
  "fwhm_x": 4.3320532024770415,
  "fwhm_y": 4.47328,
  "fwhm_z": 4.447498666666666,
  "icvs_csf": 0.22884070438584816,
  "icvs_gm": 0.42982837849407385,
  "icvs_wm": 0.34133091712007796,
  "inu_med": 0.5189572870731354,
  "inu_range": 0.16984017491340642,
  "provenance": {
    "md5sum": "3fb631d8fa67d68fcabd73b4087e9c0f",
    "settings": {
      "testing": false
    },
    "software": "mriqc",
    "version": "22.0.6",
    "warnings": {
      "large_rot_frame": true,
      "small_air_mask": false
    },
    "webapi_port": null,
    "webapi_url": "https://mriqc.nimh.nih.gov/api/v1"
  },
  "qi_1": 0.0,
  "qi_2": 0.02544829941727937,
  "rpve_csf": 18.57049575446306,
  "rpve_gm": 10.254295943260871,
  "rpve_wm": 15.264860076891676,
  "size_x": 176,
  "size_y": 256,
  "size_z": 256,
  "snr_csf": 2.283924798498469,
  "snr_gm": 11.112010030551286,
  "snr_total": 12.735091921357167,
  "snr_wm": 24.80934093502175,
  "snrd_csf": 23.665264628405733,
  "snrd_gm": 65.52898005293628,
  "snrd_total": 61.66214531994353,
  "snrd_wm": 95.79219127848856,
  "spacing_x": 0.9399999976158142,
  "spacing_y": 0.9375,
  "spacing_z": 0.9375,
  "summary_bg_k": 7.227428441453373,
  "summary_bg_mad": 0.0,
  "summary_bg_mean": 4.350733802145108,
  "summary_bg_median": 0.0,
  "summary_bg_n": 2185466.0,
  "summary_bg_p05": 0.0,
  "summary_bg_p95": 19.345696225762367,
  "summary_bg_stdv": 6.839422823463577,
  "summary_csf_k": -0.13908151581536687,
  "summary_csf_mad": 100.63048612751771,
  "summary_csf_mean": 266.420854833878,
  "summary_csf_median": 247.05809511244297,
  "summary_csf_n": 53918.0,
  "summary_csf_p05": 108.98280908837916,
  "summary_csf_p95": 459.16250129044056,
  "summary_csf_stdv": 108.17160188911667,
  "summary_gm_k": 0.043446118839656656,
  "summary_gm_mad": 61.474418000441226,
  "summary_gm_mean": 682.791761913959,
  "summary_gm_median": 684.1024277880788,
  "summary_gm_n": 43250.0,
  "summary_gm_p05": 578.4404245167971,
  "summary_gm_p95": 781.0157404094934,
  "summary_gm_stdv": 61.563526055405916,
  "summary_wm_k": 0.45137311438570027,
  "summary_wm_mad": 38.942932452978866,
  "summary_wm_mean": 1000.1430619404691,
  "summary_wm_median": 1000.0410591438413,
  "summary_wm_n": 239317.0,
  "summary_wm_p05": 934.4874897673726,
  "summary_wm_p95": 1064.9990603774786,
  "summary_wm_stdv": 40.30896960930996,
  "tpm_overlap_csf": 0.1645063698673308,
  "tpm_overlap_gm": 0.4680509887624644,
  "tpm_overlap_wm": 0.5034022908111102,
  "wm2max": 0.9019290808134796
}