{
  "aor": 0.0035366932270916324,
  "aqi": 0.006422092629482071,
  "bids_meta": {
    "AcquisitionDateTime": "20181101150149.522500",
    "ConversionSoftware": "dicm2nii.m 20210821",
    "DeviceSerialNumber": "166054",
    "EchoTime": 0.03,
    "EffectiveEchoSpacing": 0.00050999592,
    "FlipAngle": 75,
    "ImageType": [
      "ORIGINAL",
      "PRIMARY",
      "M",
      "MB",
      "ND",
      "MOSAIC"
    ],
    "InstitutionAddress": "Street StreetNo,City,District,IL,ZIP",
    "InstitutionName": "Weizmann Institute",
    "MRAcquisitionType": "2D",
    "Manufacturer": "SIEMENS",
    "Modality": "MR",
    "ParallelAcquisitionTechnique": "none",
    "ParallelReductionFactorInPlane": 1,
    "PatientAge": "030Y",
    "PatientPosition": "HFS",
    "PatientSex": "M",
    "PatientSize": 1.69,
    "PatientWeight": 73,
    "PhaseEncodingDirection": "j-",
    "RepetitionTime": 2,
    "ScanOptions": "FS",
    "ScanningSequence": "EP",
    "SequenceName": "epfid2d1_96",
    "SequenceVariant": "SK\\SS",
    "SeriesDescription": "EPI_PSAP_iso2.5",
    "SeriesNumber": 10,
    "SliceThickness": 2.5,
    "SliceTiming": [
      0,
      0.9175,
      1.8375,
      0.7775,
      1.6975,
      0.635,
      1.555,
      0.495,
      1.4125,
      0.3525,
      1.2725,
      0.2125,
      1.13,
      0.07,
      0.99,
      1.9075,
      0.8475,
      1.7675,
      0.7075,
      1.625,
      0.565,
      1.485,
      0.4225,
      1.3425,
      0.2825,
      1.2025,
      0.14,
      1.06,
      0,
      0.9175,
      1.8375,
      0.7775,
      1.6975,
      0.635,
      1.555,
      0.495,
      1.4125,
      0.3525,
      1.2725,
      0.2125,
      1.13,
      0.07,
      0.99,
      1.9075,
      0.8475,
      1.7675,
      0.7075,
      1.625,
      0.565,
      1.485,
      0.4225,
      1.3425,
      0.2825,
      1.2025,
      0.14,
      1.06
    ],
    "SoftwareVersion": "syngo MR E11",
    "TaskName": "PSAP",
    "TotalReadoutTime": 0.048449612,
    "dataset": "ds003791",
    "modality": "bold",
    "run_id": 2,
    "subject_id": "14",
    "task_id": "PSAP"
  },
  "dummy_trs": 0,
  "dvars_nstd": 39.264818557400005,
  "dvars_std": 1.3292983899999995,
  "dvars_vstd": 1.0006121794399996,
  "efc": 0.5135989869289478,
  "fber": 499.5552062988281,
  "fd_mean": 0.13577410829355444,
  "fd_num": 36,
  "fd_perc": 14.342629482071713,
  "fwhm_avg": 2.869664,
  "fwhm_x": 2.575432,
  "fwhm_y": 3.063308,
  "fwhm_z": 2.970252,
  "gcor": 0.0102092,
  "gsr_x": -0.029090238735079765,
  "gsr_y": 0.07287649065256119,
  "provenance": {
    "md5sum": "c69a68c6221268c3fd5f75e5702c1e33",
    "settings": {
      "fd_thres": 0.2,
      "testing": false
    },
    "software": "mriqc",
    "version": "22.0.6",
    "webapi_port": null,
    "webapi_url": "https://mriqc.nimh.nih.gov/api/v1"
  },
  "size_t": 251,
  "size_x": 96,
  "size_y": 96,
  "size_z": 56,
  "snr": 2.4670681137157433,
  "spacing_tr": 2.0,
  "spacing_x": 2.5,
  "spacing_y": 2.5,
  "spacing_z": 2.5,
  "summary_bg_k": 25.626678001178632,
  "summary_bg_mad": 55.43515210373683,
  "summary_bg_mean": 474.30731201171875,
  "summary_bg_median": 229.6494140625,
  "summary_bg_n": 356317.0,
  "summary_bg_p05": 181.85260009765625,
  "summary_bg_p95": 1767.6909179687507,
  "summary_bg_stdv": 687.5521850585938,
  "summary_fg_k": 0.9826065054536515,
  "summary_fg_mad": 1865.7426833253016,
  "summary_fg_mean": 5641.71337890625,
  "summary_fg_median": 5268.67138671875,
  "summary_fg_n": 84434.0,
  "summary_fg_p05": 2846.9656982421875,
  "summary_fg_p95": 9724.831591796874,
  "summary_fg_stdv": 2135.587646484375,
  "tsnr": 53.29630487971008
}