{
  "aor": 0.003257307692307692,
  "aqi": 0.008658713807692307,
  "bids_meta": {
    "AcquisitionDateTime": "20181101151703.572500",
    "ConversionSoftware": "dicm2nii.m 20210821",
    "DeviceSerialNumber": "166054",
    "EchoTime": 0.03,
    "EffectiveEchoSpacing": 0.00050999592,
    "FlipAngle": 75,
    "ImageType": [
      "ORIGINAL",
      "PRIMARY",
      "M",
      "MB",
      "ND",
      "MOSAIC"
    ],
    "InstitutionAddress": "Street StreetNo,City,District,IL,ZIP",
    "InstitutionName": "Weizmann Institute",
    "MRAcquisitionType": "2D",
    "Manufacturer": "SIEMENS",
    "Modality": "MR",
    "ParallelAcquisitionTechnique": "none",
    "ParallelReductionFactorInPlane": 1,
    "PatientAge": "030Y",
    "PatientPosition": "HFS",
    "PatientSex": "M",
    "PatientSize": 1.69,
    "PatientWeight": 73,
    "PhaseEncodingDirection": "j-",
    "RepetitionTime": 2,
    "ScanOptions": "FS",
    "ScanningSequence": "EP",
    "SequenceName": "epfid2d1_96",
    "SequenceVariant": "SK\\SS",
    "SeriesDescription": "EPI_PSAP_iso2.5",
    "SeriesNumber": 13,
    "SliceThickness": 2.5,
    "SliceTiming": [
      0,
      0.92,
      1.84,
      0.78,
      1.6975,
      0.6375,
      1.5575,
      0.495,
      1.415,
      0.355,
      1.275,
      0.2125,
      1.1325,
      0.0725,
      0.99,
      1.91,
      0.85,
      1.77,
      0.7075,
      1.6275,
      0.5675,
      1.485,
      0.425,
      1.345,
      0.285,
      1.2025,
      0.1425,
      1.0625,
      0,
      0.92,
      1.84,
      0.78,
      1.6975,
      0.6375,
      1.5575,
      0.495,
      1.415,
      0.355,
      1.275,
      0.2125,
      1.1325,
      0.0725,
      0.99,
      1.91,
      0.85,
      1.77,
      0.7075,
      1.6275,
      0.5675,
      1.485,
      0.425,
      1.345,
      0.285,
      1.2025,
      0.1425,
      1.0625
    ],
    "SoftwareVersion": "syngo MR E11",
    "TaskName": "PSAP",
    "TotalReadoutTime": 0.048449612,
    "dataset": "ds003791",
    "modality": "bold",
    "run_id": 3,
    "subject_id": "14",
    "task_id": "PSAP"
  },
  "dummy_trs": 0,
  "dvars_nstd": 42.87424818799229,
  "dvars_std": 1.3104549459845567,
  "dvars_vstd": 1.006438507992278,
  "efc": 0.5144749107153823,
  "fber": 494.901611328125,
  "fd_mean": 0.17445495242968248,
  "fd_num": 55,
  "fd_perc": 21.153846153846153,
  "fwhm_avg": 2.9016746666666666,
  "fwhm_x": 2.6136399999999997,
  "fwhm_y": 3.0755120000000002,
  "fwhm_z": 3.015872,
  "gcor": 0.00943669,
  "gsr_x": -0.028680095449090004,
  "gsr_y": 0.07506318390369415,
  "provenance": {
    "md5sum": "bc36fe5121626f81e2d48029d469889f",
    "settings": {
      "fd_thres": 0.2,
      "testing": false
    },
    "software": "mriqc",
    "version": "22.0.6",
    "webapi_port": null,
    "webapi_url": "https://mriqc.nimh.nih.gov/api/v1"
  },
  "size_t": 260,
  "size_x": 96,
  "size_y": 96,
  "size_z": 56,
  "snr": 2.4552495833569608,
  "spacing_tr": 2.0,
  "spacing_x": 2.5,
  "spacing_y": 2.5,
  "spacing_z": 2.5,
  "summary_bg_k": 25.20501040568624,
  "summary_bg_mad": 56.45577586911587,
  "summary_bg_mean": 475.07220458984375,
  "summary_bg_median": 230.92884826660156,
  "summary_bg_n": 355700.0,
  "summary_bg_p05": 182.71153259277344,
  "summary_bg_p95": 1765.1772644042967,
  "summary_bg_stdv": 683.1342163085938,
  "summary_fg_k": 0.9749414731132475,
  "summary_fg_mad": 1880.1618586125062,
  "summary_fg_mean": 5644.0439453125,
  "summary_fg_median": 5275.84033203125,
  "summary_fg_n": 84882.0,
  "summary_fg_p05": 2806.4866333007812,
  "summary_fg_p95": 9748.450244140624,
  "summary_fg_stdv": 2148.787353515625,
  "tsnr": 45.51810762286186
}