{
  "aor": 0.006752755905511811,
  "aqi": 0.010934366338582675,
  "bids_meta": {
    "AcquisitionDateTime": "20181101145017.072500",
    "ConversionSoftware": "dicm2nii.m 20210821",
    "DeviceSerialNumber": "166054",
    "EchoTime": 0.03,
    "EffectiveEchoSpacing": 0.00050999592,
    "FlipAngle": 75,
    "ImageType": [
      "ORIGINAL",
      "PRIMARY",
      "M",
      "MB",
      "ND",
      "MOSAIC"
    ],
    "InstitutionAddress": "Street StreetNo,City,District,IL,ZIP",
    "InstitutionName": "Weizmann Institute",
    "MRAcquisitionType": "2D",
    "Manufacturer": "SIEMENS",
    "Modality": "MR",
    "ParallelAcquisitionTechnique": "none",
    "ParallelReductionFactorInPlane": 1,
    "PatientAge": "030Y",
    "PatientPosition": "HFS",
    "PatientSex": "M",
    "PatientSize": 1.69,
    "PatientWeight": 73,
    "PhaseEncodingDirection": "j-",
    "RepetitionTime": 2,
    "ScanOptions": "FS",
    "ScanningSequence": "EP",
    "SequenceName": "epfid2d1_96",
    "SequenceVariant": "SK\\SS",
    "SeriesDescription": "EPI_PSAP_iso2.5",
    "SeriesNumber": 6,
    "SliceThickness": 2.5,
    "SliceTiming": [
      0,
      0.92,
      1.8375,
      0.7775,
      1.6975,
      0.635,
      1.555,
      0.495,
      1.415,
      0.3525,
      1.2725,
      0.2125,
      1.13,
      0.07,
      0.99,
      1.91,
      0.8475,
      1.7675,
      0.7075,
      1.625,
      0.565,
      1.485,
      0.425,
      1.3425,
      0.2825,
      1.2025,
      0.1425,
      1.06,
      0,
      0.92,
      1.8375,
      0.7775,
      1.6975,
      0.635,
      1.555,
      0.495,
      1.415,
      0.3525,
      1.2725,
      0.2125,
      1.13,
      0.07,
      0.99,
      1.91,
      0.8475,
      1.7675,
      0.7075,
      1.625,
      0.565,
      1.485,
      0.425,
      1.3425,
      0.2825,
      1.2025,
      0.1425,
      1.06
    ],
    "SoftwareVersion": "syngo MR E11",
    "TaskName": "PSAP",
    "TotalReadoutTime": 0.048449612,
    "dataset": "ds003791",
    "modality": "bold",
    "run_id": 1,
    "subject_id": "14",
    "task_id": "PSAP"
  },
  "dummy_trs": 0,
  "dvars_nstd": 39.7359595998419,
  "dvars_std": 1.2197797542687752,
  "dvars_vstd": 0.9893697362055328,
  "efc": 0.5128225294762137,
  "fber": 498.16900634765625,
  "fd_mean": 0.1767464317213144,
  "fd_num": 44,
  "fd_perc": 17.322834645669293,
  "fwhm_avg": 2.868698666666667,
  "fwhm_x": 2.5721160000000003,
  "fwhm_y": 3.05742,
  "fwhm_z": 2.97656,
  "gcor": 0.0068244,
  "gsr_x": -0.028490213677287102,
  "gsr_y": 0.07647915184497833,
  "provenance": {
    "md5sum": "ed78ef494e0098be8d92263675c3bd0a",
    "settings": {
      "fd_thres": 0.2,
      "testing": false
    },
    "software": "mriqc",
    "version": "22.0.6",
    "webapi_port": null,
    "webapi_url": "https://mriqc.nimh.nih.gov/api/v1"
  },
  "size_t": 254,
  "size_x": 96,
  "size_y": 96,
  "size_z": 56,
  "snr": 2.4447452269956464,
  "spacing_tr": 2.0,
  "spacing_x": 2.5,
  "spacing_y": 2.5,
  "spacing_z": 2.5,
  "summary_bg_k": 24.626640686657932,
  "summary_bg_mad": 60.290552206684296,
  "summary_bg_mean": 468.6408996582031,
  "summary_bg_median": 229.98818969726562,
  "summary_bg_n": 355386.0,
  "summary_bg_p05": 173.57184600830078,
  "summary_bg_p95": 1748.1043090820312,
  "summary_bg_stdv": 674.2108764648438,
  "summary_fg_k": 1.0797978999404032,
  "summary_fg_mad": 1860.3447226601224,
  "summary_fg_mean": 5625.58203125,
  "summary_fg_median": 5249.19482421875,
  "summary_fg_n": 85274.0,
  "summary_fg_p05": 2805.7986938476565,
  "summary_fg_p95": 9731.539990234374,
  "summary_fg_stdv": 2147.12109375,
  "tsnr": 37.45316725829616
}