{
  "aor": 0.0025136328125000005,
  "aqi": 0.0047941165625,
  "bids_meta": {
    "AcquisitionDateTime": "20181101152808.520000",
    "ConversionSoftware": "dicm2nii.m 20210821",
    "DeviceSerialNumber": "166054",
    "EchoTime": 0.03,
    "EffectiveEchoSpacing": 0.00050999592,
    "FlipAngle": 75,
    "ImageType": [
      "ORIGINAL",
      "PRIMARY",
      "M",
      "MB",
      "ND",
      "MOSAIC"
    ],
    "InstitutionAddress": "Street StreetNo,City,District,IL,ZIP",
    "InstitutionName": "Weizmann Institute",
    "MRAcquisitionType": "2D",
    "Manufacturer": "SIEMENS",
    "Modality": "MR",
    "ParallelAcquisitionTechnique": "none",
    "ParallelReductionFactorInPlane": 1,
    "PatientAge": "030Y",
    "PatientPosition": "HFS",
    "PatientSex": "M",
    "PatientSize": 1.69,
    "PatientWeight": 73,
    "PhaseEncodingDirection": "j-",
    "RepetitionTime": 2,
    "ScanOptions": "FS",
    "ScanningSequence": "EP",
    "SequenceName": "epfid2d1_96",
    "SequenceVariant": "SK\\SS",
    "SeriesDescription": "EPI_PSAP_iso2.5",
    "SeriesNumber": 17,
    "SliceThickness": 2.5,
    "SliceTiming": [
      0,
      0.9175,
      1.8375,
      0.7775,
      1.6975,
      0.635,
      1.555,
      0.495,
      1.4125,
      0.3525,
      1.2725,
      0.2125,
      1.13,
      0.07,
      0.99,
      1.9075,
      0.8475,
      1.7675,
      0.7075,
      1.625,
      0.565,
      1.485,
      0.4225,
      1.3425,
      0.2825,
      1.2025,
      0.14,
      1.06,
      0,
      0.9175,
      1.8375,
      0.7775,
      1.6975,
      0.635,
      1.555,
      0.495,
      1.4125,
      0.3525,
      1.2725,
      0.2125,
      1.13,
      0.07,
      0.99,
      1.9075,
      0.8475,
      1.7675,
      0.7075,
      1.625,
      0.565,
      1.485,
      0.4225,
      1.3425,
      0.2825,
      1.2025,
      0.14,
      1.06
    ],
    "SoftwareVersion": "syngo MR E11",
    "TaskName": "PSAP",
    "TotalReadoutTime": 0.048449612,
    "dataset": "ds003791",
    "modality": "bold",
    "run_id": 4,
    "subject_id": "14",
    "task_id": "PSAP"
  },
  "dummy_trs": 0,
  "dvars_nstd": 40.87429731756862,
  "dvars_std": 1.430872173294117,
  "dvars_vstd": 1.0116902352549018,
  "efc": 0.5145441496178021,
  "fber": 512.9019775390625,
  "fd_mean": 0.11646392262822619,
  "fd_num": 25,
  "fd_perc": 9.765625,
  "fwhm_avg": 2.852489333333333,
  "fwhm_x": 2.555124,
  "fwhm_y": 3.0370239999999997,
  "fwhm_z": 2.9653199999999997,
  "gcor": 0.0138881,
  "gsr_x": -0.029032718390226364,
  "gsr_y": 0.07394713908433914,
  "provenance": {
    "md5sum": "c9461d69fe3eeb1f77681ab424da514b",
    "settings": {
      "fd_thres": 0.2,
      "testing": false
    },
    "software": "mriqc",
    "version": "22.0.6",
    "webapi_port": null,
    "webapi_url": "https://mriqc.nimh.nih.gov/api/v1"
  },
  "size_t": 256,
  "size_x": 96,
  "size_y": 96,
  "size_z": 56,
  "snr": 2.4759716918227244,
  "spacing_tr": 2.0,
  "spacing_x": 2.5,
  "spacing_y": 2.5,
  "spacing_z": 2.5,
  "summary_bg_k": 25.27264565059136,
  "summary_bg_mad": 47.28690278944625,
  "summary_bg_mean": 480.3912048339844,
  "summary_bg_median": 228.015625,
  "summary_bg_n": 356394.0,
  "summary_bg_p05": 190.78125,
  "summary_bg_p95": 1800.6498046875,
  "summary_bg_stdv": 696.7940063476562,
  "summary_fg_k": 0.9752955159102257,
  "summary_fg_mad": 1871.8084665229867,
  "summary_fg_mean": 5666.48095703125,
  "summary_fg_median": 5299.13671875,
  "summary_fg_n": 84392.0,
  "summary_fg_p05": 2841.4755859375,
  "summary_fg_p95": 9757.874804687495,
  "summary_fg_stdv": 2140.21240234375,
  "tsnr": 61.80670291185379
}