{
  "aor": 0.003602459677419355,
  "aqi": 0.004898650685483871,
  "bids_meta": {
    "AcquisitionDateTime": "20181128113950.535000",
    "ConversionSoftware": "dicm2nii.m 20210821",
    "DeviceSerialNumber": "166054",
    "EchoTime": 0.03,
    "EffectiveEchoSpacing": 0.00050999592,
    "FlipAngle": 75,
    "ImageType": [
      "ORIGINAL",
      "PRIMARY",
      "M",
      "MB",
      "ND",
      "MOSAIC"
    ],
    "InstitutionAddress": "Street StreetNo,City,District,IL,ZIP",
    "InstitutionName": "Weizmann Institute",
    "MRAcquisitionType": "2D",
    "Manufacturer": "SIEMENS",
    "Modality": "MR",
    "ParallelAcquisitionTechnique": "none",
    "ParallelReductionFactorInPlane": 1,
    "PatientAge": "024Y",
    "PatientPosition": "HFS",
    "PatientSex": "F",
    "PatientSize": 1.6,
    "PatientWeight": 50,
    "PhaseEncodingDirection": "j-",
    "RepetitionTime": 2,
    "ScanOptions": "FS",
    "ScanningSequence": "EP",
    "SequenceName": "epfid2d1_96",
    "SequenceVariant": "SK\\SS",
    "SeriesDescription": "EPI_PSAP_iso2.5",
    "SeriesNumber": 6,
    "SliceThickness": 2.5,
    "SliceTiming": [
      0,
      0.9175,
      1.8375,
      0.7775,
      1.695,
      0.635,
      1.555,
      0.495,
      1.4125,
      0.3525,
      1.2725,
      0.2125,
      1.13,
      0.07,
      0.99,
      1.9075,
      0.8475,
      1.7675,
      0.705,
      1.625,
      0.565,
      1.485,
      0.4225,
      1.3425,
      0.2825,
      1.2,
      0.14,
      1.06,
      0,
      0.9175,
      1.8375,
      0.7775,
      1.695,
      0.635,
      1.555,
      0.495,
      1.4125,
      0.3525,
      1.2725,
      0.2125,
      1.13,
      0.07,
      0.99,
      1.9075,
      0.8475,
      1.7675,
      0.705,
      1.625,
      0.565,
      1.485,
      0.4225,
      1.3425,
      0.2825,
      1.2,
      0.14,
      1.06
    ],
    "SoftwareVersion": "syngo MR E11",
    "TaskName": "PSAP",
    "TotalReadoutTime": 0.048449612,
    "dataset": "ds003791",
    "modality": "bold",
    "run_id": 1,
    "subject_id": "29",
    "task_id": "PSAP"
  },
  "dummy_trs": 5,
  "dvars_nstd": 30.444123125222678,
  "dvars_std": 1.2098778992307697,
  "dvars_vstd": 0.9811060565182188,
  "efc": 0.4679960756206479,
  "fber": 867.09130859375,
  "fd_mean": 0.21944499531769604,
  "fd_num": 110,
  "fd_perc": 44.354838709677416,
  "fwhm_avg": 3.0544173333333333,
  "fwhm_x": 2.832152,
  "fwhm_y": 3.1600639999999998,
  "fwhm_z": 3.171036,
  "gcor": 0.0120758,
  "gsr_x": -0.025789305567741394,
  "gsr_y": 0.049712009727954865,
  "provenance": {
    "md5sum": "75eedc82e1f3d0fd8455aa1dbf968d1b",
    "settings": {
      "fd_thres": 0.2,
      "testing": false
    },
    "software": "mriqc",
    "version": "22.0.6",
    "webapi_port": null,
    "webapi_url": "https://mriqc.nimh.nih.gov/api/v1"
  },
  "size_t": 248,
  "size_x": 96,
  "size_y": 96,
  "size_z": 56,
  "snr": 2.4938174074671005,
  "spacing_tr": 2.0,
  "spacing_x": 2.5,
  "spacing_y": 2.5,
  "spacing_z": 2.5,
  "summary_bg_k": 42.236426009525864,
  "summary_bg_mad": 42.579975561865794,
  "summary_bg_mean": 437.50244140625,
  "summary_bg_median": 221.30039978027344,
  "summary_bg_n": 371800.0,
  "summary_bg_p05": 186.9556427001953,
  "summary_bg_p95": 1526.4195129394532,
  "summary_bg_stdv": 663.5908813476562,
  "summary_fg_k": 1.1289168522188104,
  "summary_fg_mad": 2391.669758973042,
  "summary_fg_mean": 7039.2783203125,
  "summary_fg_median": 6545.93505859375,
  "summary_fg_n": 76003.0,
  "summary_fg_p05": 3751.4514404296874,
  "summary_fg_p95": 12178.621874999999,
  "summary_fg_stdv": 2624.84814453125,
  "tsnr": 57.92509402218275
}