{
  "aor": 0.0019563333333333334,
  "aqi": 0.0058339418518518526,
  "bids_meta": {
    "AcquisitionDateTime": "20181128120321.522500",
    "ConversionSoftware": "dicm2nii.m 20210821",
    "DeviceSerialNumber": "166054",
    "EchoTime": 0.03,
    "EffectiveEchoSpacing": 0.00050999592,
    "FlipAngle": 75,
    "ImageType": [
      "ORIGINAL",
      "PRIMARY",
      "M",
      "MB",
      "ND",
      "MOSAIC"
    ],
    "InstitutionAddress": "Street StreetNo,City,District,IL,ZIP",
    "InstitutionName": "Weizmann Institute",
    "MRAcquisitionType": "2D",
    "Manufacturer": "SIEMENS",
    "Modality": "MR",
    "ParallelAcquisitionTechnique": "none",
    "ParallelReductionFactorInPlane": 1,
    "PatientAge": "024Y",
    "PatientPosition": "HFS",
    "PatientSex": "F",
    "PatientSize": 1.6,
    "PatientWeight": 50,
    "PhaseEncodingDirection": "j-",
    "RepetitionTime": 2,
    "ScanOptions": "FS",
    "ScanningSequence": "EP",
    "SequenceName": "epfid2d1_96",
    "SequenceVariant": "SK\\SS",
    "SeriesDescription": "EPI_PSAP_iso2.5",
    "SeriesNumber": 12,
    "SliceThickness": 2.5,
    "SliceTiming": [
      0,
      0.92,
      1.8375,
      0.7775,
      1.6975,
      0.635,
      1.555,
      0.495,
      1.415,
      0.3525,
      1.2725,
      0.2125,
      1.13,
      0.07,
      0.99,
      1.91,
      0.8475,
      1.7675,
      0.7075,
      1.625,
      0.565,
      1.485,
      0.425,
      1.3425,
      0.2825,
      1.2025,
      0.14,
      1.06,
      0,
      0.92,
      1.8375,
      0.7775,
      1.6975,
      0.635,
      1.555,
      0.495,
      1.415,
      0.3525,
      1.2725,
      0.2125,
      1.13,
      0.07,
      0.99,
      1.91,
      0.8475,
      1.7675,
      0.7075,
      1.625,
      0.565,
      1.485,
      0.425,
      1.3425,
      0.2825,
      1.2025,
      0.14,
      1.06
    ],
    "SoftwareVersion": "syngo MR E11",
    "TaskName": "PSAP",
    "TotalReadoutTime": 0.048449612,
    "dataset": "ds003791",
    "modality": "bold",
    "run_id": 2,
    "subject_id": "29",
    "task_id": "PSAP"
  },
  "dummy_trs": 0,
  "dvars_nstd": 29.715153456802977,
  "dvars_std": 1.208941632602231,
  "dvars_vstd": 0.9785104705947956,
  "efc": 0.466995108443276,
  "fber": 873.605224609375,
  "fd_mean": 0.2506346696399824,
  "fd_num": 149,
  "fd_perc": 55.18518518518518,
  "fwhm_avg": 3.114030666666667,
  "fwhm_x": 2.8936479999999998,
  "fwhm_y": 3.226332,
  "fwhm_z": 3.222112,
  "gcor": 0.023603,
  "gsr_x": -0.027655180543661118,
  "gsr_y": 0.0472782626748085,
  "provenance": {
    "md5sum": "dc7865830160956cd46fe8c924666184",
    "settings": {
      "fd_thres": 0.2,
      "testing": false
    },
    "software": "mriqc",
    "version": "22.0.6",
    "webapi_port": null,
    "webapi_url": "https://mriqc.nimh.nih.gov/api/v1"
  },
  "size_t": 270,
  "size_x": 96,
  "size_y": 96,
  "size_z": 56,
  "snr": 2.4176420694784313,
  "spacing_tr": 2.0,
  "spacing_x": 2.5,
  "spacing_y": 2.5,
  "spacing_z": 2.5,
  "summary_bg_k": 35.02004203652386,
  "summary_bg_mad": 45.89476880628922,
  "summary_bg_mean": 456.4236755371094,
  "summary_bg_median": 225.870361328125,
  "summary_bg_n": 372265.0,
  "summary_bg_p05": 190.0111083984375,
  "summary_bg_p95": 1645.5637207031243,
  "summary_bg_stdv": 691.6881103515625,
  "summary_fg_k": 1.3191950537013657,
  "summary_fg_mad": 2528.6707462999607,
  "summary_fg_mean": 7256.53369140625,
  "summary_fg_median": 6717.8330078125,
  "summary_fg_n": 75593.0,
  "summary_fg_p05": 3801.328759765625,
  "summary_fg_p95": 12668.353710937497,
  "summary_fg_stdv": 2778.653076171875,
  "tsnr": 52.79785286029801
}