{
  "aor": 0.002546,
  "aqi": 0.00425919505882353,
  "bids_meta": {
    "AcquisitionDateTime": "20181104143725.515000",
    "ConversionSoftware": "dicm2nii.m 20210821",
    "DeviceSerialNumber": "166054",
    "EchoTime": 0.03,
    "EffectiveEchoSpacing": 0.00050999592,
    "FlipAngle": 75,
    "ImageType": [
      "ORIGINAL",
      "PRIMARY",
      "M",
      "MB",
      "ND",
      "MOSAIC"
    ],
    "InstitutionAddress": "Street StreetNo,City,District,IL,ZIP",
    "InstitutionName": "Weizmann Institute",
    "MRAcquisitionType": "2D",
    "Manufacturer": "SIEMENS",
    "Modality": "MR",
    "ParallelAcquisitionTechnique": "none",
    "ParallelReductionFactorInPlane": 1,
    "PatientAge": "031Y",
    "PatientPosition": "HFS",
    "PatientSex": "M",
    "PatientSize": 1.73,
    "PatientWeight": 59,
    "PhaseEncodingDirection": "j-",
    "RepetitionTime": 2,
    "ScanOptions": "FS",
    "ScanningSequence": "EP",
    "SequenceName": "epfid2d1_96",
    "SequenceVariant": "SK\\SS",
    "SeriesDescription": "EPI_PSAP_iso2.5",
    "SeriesNumber": 13,
    "SliceThickness": 2.5,
    "SliceTiming": [
      0,
      0.92,
      1.84,
      0.7775,
      1.6975,
      0.6375,
      1.555,
      0.495,
      1.415,
      0.355,
      1.2725,
      0.2125,
      1.1325,
      0.07,
      0.99,
      1.91,
      0.85,
      1.7675,
      0.7075,
      1.6275,
      0.565,
      1.485,
      0.425,
      1.345,
      0.2825,
      1.2025,
      0.1425,
      1.06,
      0,
      0.92,
      1.84,
      0.7775,
      1.6975,
      0.6375,
      1.555,
      0.495,
      1.415,
      0.355,
      1.2725,
      0.2125,
      1.1325,
      0.07,
      0.99,
      1.91,
      0.85,
      1.7675,
      0.7075,
      1.6275,
      0.565,
      1.485,
      0.425,
      1.345,
      0.2825,
      1.2025,
      0.1425,
      1.06
    ],
    "SoftwareVersion": "syngo MR E11",
    "TaskName": "PSAP",
    "TotalReadoutTime": 0.048449612,
    "dataset": "ds003791",
    "modality": "bold",
    "run_id": 3,
    "subject_id": "01",
    "task_id": "PSAP"
  },
  "dummy_trs": 0,
  "dvars_nstd": 27.354727009212603,
  "dvars_std": 1.1992243225196861,
  "dvars_vstd": 1.0055631240551184,
  "efc": 0.5159746046734682,
  "fber": 557.1802368164062,
  "fd_mean": 0.11671653580310412,
  "fd_num": 17,
  "fd_perc": 6.666666666666667,
  "fwhm_avg": 2.9059493333333335,
  "fwhm_x": 2.699668,
  "fwhm_y": 2.9676400000000003,
  "fwhm_z": 3.0505400000000003,
  "gcor": 0.0122878,
  "gsr_x": -0.03360726311802864,
  "gsr_y": 0.09218709915876389,
  "provenance": {
    "md5sum": "73a9df2d7c62bdb55aea57db63fb3aab",
    "settings": {
      "fd_thres": 0.2,
      "testing": false
    },
    "software": "mriqc",
    "version": "22.0.6",
    "webapi_port": null,
    "webapi_url": "https://mriqc.nimh.nih.gov/api/v1"
  },
  "size_t": 255,
  "size_x": 96,
  "size_y": 96,
  "size_z": 56,
  "snr": 2.4690363472782226,
  "spacing_tr": 2.0,
  "spacing_x": 2.5,
  "spacing_y": 2.5,
  "spacing_z": 2.5,
  "summary_bg_k": 44.302363181234654,
  "summary_bg_mad": 47.73978691133748,
  "summary_bg_mean": 504.5788269042969,
  "summary_bg_median": 230.4235382080078,
  "summary_bg_n": 354615.0,
  "summary_bg_p05": 192.35687255859375,
  "summary_bg_p95": 1902.36407470703,
  "summary_bg_stdv": 797.199462890625,
  "summary_fg_k": 1.2754111637091485,
  "summary_fg_mad": 1999.5826439983607,
  "summary_fg_mean": 5887.83447265625,
  "summary_fg_median": 5514.908203125,
  "summary_fg_n": 88940.0,
  "summary_fg_p05": 3037.939599609375,
  "summary_fg_p95": 10212.39453125,
  "summary_fg_stdv": 2233.615234375,
  "tsnr": 60.71864157076925
}