{
  "aor": 0.001675450980392157,
  "aqi": 0.004336762392156863,
  "bids_meta": {
    "AcquisitionDateTime": "20181104141040.025000",
    "ConversionSoftware": "dicm2nii.m 20210821",
    "DeviceSerialNumber": "166054",
    "EchoTime": 0.03,
    "EffectiveEchoSpacing": 0.00050999592,
    "FlipAngle": 75,
    "ImageType": [
      "ORIGINAL",
      "PRIMARY",
      "M",
      "MB",
      "ND",
      "MOSAIC"
    ],
    "InstitutionAddress": "Street StreetNo,City,District,IL,ZIP",
    "InstitutionName": "Weizmann Institute",
    "MRAcquisitionType": "2D",
    "Manufacturer": "SIEMENS",
    "Modality": "MR",
    "ParallelAcquisitionTechnique": "none",
    "ParallelReductionFactorInPlane": 1,
    "PatientAge": "031Y",
    "PatientPosition": "HFS",
    "PatientSex": "M",
    "PatientSize": 1.73,
    "PatientWeight": 59,
    "PhaseEncodingDirection": "j-",
    "RepetitionTime": 2,
    "ScanOptions": "FS",
    "ScanningSequence": "EP",
    "SequenceName": "epfid2d1_96",
    "SequenceVariant": "SK\\SS",
    "SeriesDescription": "EPI_PSAP_iso2.5",
    "SeriesNumber": 6,
    "SliceThickness": 2.5,
    "SliceTiming": [
      0,
      0.9175,
      1.8375,
      0.7775,
      1.6975,
      0.635,
      1.555,
      0.495,
      1.4125,
      0.3525,
      1.2725,
      0.2125,
      1.13,
      0.07,
      0.99,
      1.9075,
      0.8475,
      1.7675,
      0.7075,
      1.625,
      0.565,
      1.485,
      0.4225,
      1.3425,
      0.2825,
      1.2025,
      0.14,
      1.06,
      0,
      0.9175,
      1.8375,
      0.7775,
      1.6975,
      0.635,
      1.555,
      0.495,
      1.4125,
      0.3525,
      1.2725,
      0.2125,
      1.13,
      0.07,
      0.99,
      1.9075,
      0.8475,
      1.7675,
      0.7075,
      1.625,
      0.565,
      1.485,
      0.4225,
      1.3425,
      0.2825,
      1.2025,
      0.14,
      1.06
    ],
    "SoftwareVersion": "syngo MR E11",
    "TaskName": "PSAP",
    "TotalReadoutTime": 0.048449612,
    "dataset": "ds003791",
    "modality": "bold",
    "run_id": 1,
    "subject_id": "01",
    "task_id": "PSAP"
  },
  "dummy_trs": 1,
  "dvars_nstd": 26.585704728464577,
  "dvars_std": 1.1720975055118115,
  "dvars_vstd": 0.9901663216141733,
  "efc": 0.514735590015911,
  "fber": 556.7943725585938,
  "fd_mean": 0.08874939921535524,
  "fd_num": 8,
  "fd_perc": 3.1372549019607843,
  "fwhm_avg": 2.9128813333333334,
  "fwhm_x": 2.709488,
  "fwhm_y": 2.977684,
  "fwhm_z": 3.051472,
  "gcor": 0.0157844,
  "gsr_x": -0.03423957899212837,
  "gsr_y": 0.09619585424661636,
  "provenance": {
    "md5sum": "a7e537c9b2a715e40a1a51017001b304",
    "settings": {
      "fd_thres": 0.2,
      "testing": false
    },
    "software": "mriqc",
    "version": "22.0.6",
    "webapi_port": null,
    "webapi_url": "https://mriqc.nimh.nih.gov/api/v1"
  },
  "size_t": 255,
  "size_x": 96,
  "size_y": 96,
  "size_z": 56,
  "snr": 2.4609598195442146,
  "spacing_tr": 2.0,
  "spacing_x": 2.5,
  "spacing_y": 2.5,
  "spacing_z": 2.5,
  "summary_bg_k": 45.50194947061133,
  "summary_bg_mad": 49.81544359087403,
  "summary_bg_mean": 499.0351257324219,
  "summary_bg_median": 230.15687561035156,
  "summary_bg_n": 354770.0,
  "summary_bg_p05": 190.03138732910156,
  "summary_bg_p95": 1868.434265136718,
  "summary_bg_stdv": 786.0980224609375,
  "summary_fg_k": 1.3401771617697742,
  "summary_fg_mad": 1988.5239372161873,
  "summary_fg_mean": 5895.791015625,
  "summary_fg_median": 5511.025390625,
  "summary_fg_n": 89122.0,
  "summary_fg_p05": 3043.4267578125,
  "summary_fg_p95": 10240.641748046874,
  "summary_fg_stdv": 2239.367919921875,
  "tsnr": 60.019577647559345
}