{
  "aor": 0.0010531620553359685,
  "aqi": 0.0032308807905138347,
  "bids_meta": {
    "AcquisitionDateTime": "20190127123442.825000",
    "ConversionSoftware": "dicm2nii.m 20210821",
    "DeviceSerialNumber": "166054",
    "EchoTime": 0.03,
    "EffectiveEchoSpacing": 0.00050999592,
    "FlipAngle": 75,
    "ImageType": [
      "ORIGINAL",
      "PRIMARY",
      "M",
      "MB",
      "ND",
      "MOSAIC"
    ],
    "InstitutionAddress": "Street StreetNo,City,District,IL,ZIP",
    "InstitutionName": "Weizmann Institute",
    "MRAcquisitionType": "2D",
    "Manufacturer": "SIEMENS",
    "Modality": "MR",
    "ParallelAcquisitionTechnique": "none",
    "ParallelReductionFactorInPlane": 1,
    "PatientAge": "036Y",
    "PatientPosition": "HFS",
    "PatientSex": "F",
    "PatientSize": 1.72,
    "PatientWeight": 70,
    "PhaseEncodingDirection": "j-",
    "RepetitionTime": 2,
    "ScanOptions": "FS",
    "ScanningSequence": "EP",
    "SequenceName": "epfid2d1_96",
    "SequenceVariant": "SK\\SS",
    "SeriesDescription": "EPI_PSAP_iso2.5",
    "SeriesNumber": 6,
    "SliceThickness": 2.5,
    "SliceTiming": [
      0,
      0.92,
      1.84,
      0.7775,
      1.6975,
      0.6375,
      1.5575,
      0.495,
      1.415,
      0.355,
      1.2725,
      0.2125,
      1.1325,
      0.0725,
      0.99,
      1.91,
      0.85,
      1.7675,
      0.7075,
      1.6275,
      0.5675,
      1.485,
      0.425,
      1.345,
      0.285,
      1.2025,
      0.1425,
      1.0625,
      0,
      0.92,
      1.84,
      0.7775,
      1.6975,
      0.6375,
      1.5575,
      0.495,
      1.415,
      0.355,
      1.2725,
      0.2125,
      1.1325,
      0.0725,
      0.99,
      1.91,
      0.85,
      1.7675,
      0.7075,
      1.6275,
      0.5675,
      1.485,
      0.425,
      1.345,
      0.285,
      1.2025,
      0.1425,
      1.0625
    ],
    "SoftwareVersion": "syngo MR E11",
    "TaskName": "PSAP",
    "TotalReadoutTime": 0.048449612,
    "dataset": "ds003791",
    "modality": "bold",
    "run_id": 1,
    "subject_id": "08",
    "task_id": "PSAP"
  },
  "dummy_trs": 0,
  "dvars_nstd": 27.429797785555543,
  "dvars_std": 1.202957694920636,
  "dvars_vstd": 0.9941026388095241,
  "efc": 0.47956594788583595,
  "fber": 659.0470581054688,
  "fd_mean": 0.23715439161027096,
  "fd_num": 158,
  "fd_perc": 62.45059288537549,
  "fwhm_avg": 2.841070666666667,
  "fwhm_x": 2.56574,
  "fwhm_y": 3.04368,
  "fwhm_z": 2.913792,
  "gcor": 0.0161071,
  "gsr_x": -0.02568945661187172,
  "gsr_y": 0.04948364570736885,
  "provenance": {
    "md5sum": "a9ff8a7c297940f76ba4e11089c193ae",
    "settings": {
      "fd_thres": 0.2,
      "testing": false
    },
    "software": "mriqc",
    "version": "22.0.6",
    "webapi_port": null,
    "webapi_url": "https://mriqc.nimh.nih.gov/api/v1"
  },
  "size_t": 253,
  "size_x": 96,
  "size_y": 96,
  "size_z": 56,
  "snr": 2.827152430671191,
  "spacing_tr": 2.0,
  "spacing_x": 2.5,
  "spacing_y": 2.5,
  "spacing_z": 2.5,
  "summary_bg_k": 32.4015733641982,
  "summary_bg_mad": 36.66657896915925,
  "summary_bg_mean": 385.81939697265625,
  "summary_bg_median": 212.00001525878906,
  "summary_bg_n": 375914.0,
  "summary_bg_p05": 181.69428024291992,
  "summary_bg_p95": 1291.1915832519526,
  "summary_bg_stdv": 508.1384582519531,
  "summary_fg_k": 1.0433711579163525,
  "summary_fg_mad": 1741.5892260627477,
  "summary_fg_mean": 5831.587890625,
  "summary_fg_median": 5564.4072265625,
  "summary_fg_n": 69955.0,
  "summary_fg_p05": 3133.74365234375,
  "summary_fg_p95": 9515.076367187503,
  "summary_fg_stdv": 1968.18798828125,
  "tsnr": 66.5086298303213
}