{
  "aor": 0.0022683529411764705,
  "aqi": 0.006684074470588235,
  "bids_meta": {
    "AcquisitionDateTime": "20181231142250.017500",
    "ConversionSoftware": "dicm2nii.m 20210821",
    "DeviceSerialNumber": "166054",
    "EchoTime": 0.03,
    "EffectiveEchoSpacing": 0.00050999592,
    "FlipAngle": 75,
    "ImageType": [
      "ORIGINAL",
      "PRIMARY",
      "M",
      "MB",
      "ND",
      "MOSAIC"
    ],
    "InstitutionAddress": "Street StreetNo,City,District,IL,ZIP",
    "InstitutionName": "Weizmann Institute",
    "MRAcquisitionType": "2D",
    "Manufacturer": "SIEMENS",
    "Modality": "MR",
    "ParallelAcquisitionTechnique": "none",
    "ParallelReductionFactorInPlane": 1,
    "PatientAge": "027Y",
    "PatientPosition": "HFS",
    "PatientSex": "M",
    "PatientSize": 1.87,
    "PatientWeight": 105,
    "PhaseEncodingDirection": "j-",
    "RepetitionTime": 2,
    "ScanOptions": "FS",
    "ScanningSequence": "EP",
    "SequenceName": "epfid2d1_96",
    "SequenceVariant": "SK\\SS",
    "SeriesDescription": "EPI_PSAP_iso2.5",
    "SeriesNumber": 6,
    "SliceThickness": 2.5,
    "SliceTiming": [
      0,
      0.9175,
      1.8375,
      0.7775,
      1.6975,
      0.635,
      1.555,
      0.495,
      1.4125,
      0.3525,
      1.2725,
      0.2125,
      1.13,
      0.07,
      0.99,
      1.9075,
      0.8475,
      1.7675,
      0.7075,
      1.625,
      0.565,
      1.485,
      0.4225,
      1.3425,
      0.2825,
      1.2025,
      0.14,
      1.06,
      0,
      0.9175,
      1.8375,
      0.7775,
      1.6975,
      0.635,
      1.555,
      0.495,
      1.4125,
      0.3525,
      1.2725,
      0.2125,
      1.13,
      0.07,
      0.99,
      1.9075,
      0.8475,
      1.7675,
      0.7075,
      1.625,
      0.565,
      1.485,
      0.4225,
      1.3425,
      0.2825,
      1.2025,
      0.14,
      1.06
    ],
    "SoftwareVersion": "syngo MR E11",
    "TaskName": "PSAP",
    "TotalReadoutTime": 0.048449612,
    "dataset": "ds003791",
    "modality": "bold",
    "run_id": 1,
    "subject_id": "45",
    "task_id": "PSAP"
  },
  "dummy_trs": 0,
  "dvars_nstd": 39.10426226881892,
  "dvars_std": 1.2251349992125988,
  "dvars_vstd": 1.007979198897638,
  "efc": 0.521409238463558,
  "fber": 398.1394348144531,
  "fd_mean": 0.2643408782399293,
  "fd_num": 142,
  "fd_perc": 55.68627450980392,
  "fwhm_avg": 3.0643093333333336,
  "fwhm_x": 2.722524,
  "fwhm_y": 3.1083600000000002,
  "fwhm_z": 3.362044,
  "gcor": 0.0246507,
  "gsr_x": -0.02828964777290821,
  "gsr_y": 0.10618259757757187,
  "provenance": {
    "md5sum": "cd7e12ccdc6bc06d80ac8323548f7ca1",
    "settings": {
      "fd_thres": 0.2,
      "testing": false
    },
    "software": "mriqc",
    "version": "22.0.6",
    "webapi_port": null,
    "webapi_url": "https://mriqc.nimh.nih.gov/api/v1"
  },
  "size_t": 255,
  "size_x": 96,
  "size_y": 96,
  "size_z": 56,
  "snr": 2.0440024483561103,
  "spacing_tr": 2.0,
  "spacing_x": 2.5,
  "spacing_y": 2.5,
  "spacing_z": 2.5,
  "summary_bg_k": 46.54974906433338,
  "summary_bg_mad": 70.22303239211926,
  "summary_bg_mean": 510.25323486328125,
  "summary_bg_median": 237.88629150390625,
  "summary_bg_n": 350629.0,
  "summary_bg_p05": 182.99609375,
  "summary_bg_p95": 1820.9554199218744,
  "summary_bg_stdv": 802.987060546875,
  "summary_fg_k": 3.6841322590144543,
  "summary_fg_mad": 1737.993662308469,
  "summary_fg_mean": 5306.44775390625,
  "summary_fg_median": 4787.60595703125,
  "summary_fg_n": 92954.0,
  "summary_fg_p05": 2607.9398559570313,
  "summary_fg_p95": 9975.469287109374,
  "summary_fg_stdv": 2342.257568359375,
  "tsnr": 45.77427109470591
}