{
  "aor": 0.009480392156862746,
  "aqi": 0.01175204211764706,
  "bids_meta": {
    "AcquisitionDateTime": "20181101122030.512500",
    "ConversionSoftware": "dicm2nii.m 20210821",
    "DeviceSerialNumber": "166054",
    "EchoTime": 0.03,
    "EffectiveEchoSpacing": 0.00050999592,
    "FlipAngle": 75,
    "ImageType": [
      "ORIGINAL",
      "PRIMARY",
      "M",
      "MB",
      "ND",
      "MOSAIC"
    ],
    "InstitutionAddress": "Street StreetNo,City,District,IL,ZIP",
    "InstitutionName": "Weizmann Institute",
    "MRAcquisitionType": "2D",
    "Manufacturer": "SIEMENS",
    "Modality": "MR",
    "ParallelAcquisitionTechnique": "none",
    "ParallelReductionFactorInPlane": 1,
    "PatientAge": "020Y",
    "PatientPosition": "HFS",
    "PatientSex": "M",
    "PatientSize": 1.78,
    "PatientWeight": 70,
    "PhaseEncodingDirection": "j-",
    "RepetitionTime": 2,
    "ScanOptions": "FS",
    "ScanningSequence": "EP",
    "SequenceName": "epfid2d1_96",
    "SequenceVariant": "SK\\SS",
    "SeriesDescription": "EPI_PSAP_iso2.5",
    "SeriesNumber": 14,
    "SliceThickness": 2.5,
    "SliceTiming": [
      0,
      0.92,
      1.84,
      0.78,
      1.6975,
      0.6375,
      1.5575,
      0.495,
      1.415,
      0.355,
      1.275,
      0.2125,
      1.1325,
      0.0725,
      0.99,
      1.91,
      0.85,
      1.77,
      0.7075,
      1.6275,
      0.5675,
      1.485,
      0.425,
      1.345,
      0.285,
      1.2025,
      0.1425,
      1.0625,
      0,
      0.92,
      1.84,
      0.78,
      1.6975,
      0.6375,
      1.5575,
      0.495,
      1.415,
      0.355,
      1.275,
      0.2125,
      1.1325,
      0.0725,
      0.99,
      1.91,
      0.85,
      1.77,
      0.7075,
      1.6275,
      0.5675,
      1.485,
      0.425,
      1.345,
      0.285,
      1.2025,
      0.1425,
      1.0625
    ],
    "SoftwareVersion": "syngo MR E11",
    "TaskName": "PSAP",
    "TotalReadoutTime": 0.048449612,
    "dataset": "ds003791",
    "modality": "bold",
    "run_id": 2,
    "subject_id": "10",
    "task_id": "PSAP"
  },
  "dummy_trs": 0,
  "dvars_nstd": 42.33813756649606,
  "dvars_std": 1.0172926956692914,
  "dvars_vstd": 0.9335419908267717,
  "efc": 0.49766148336245425,
  "fber": 536.1808471679688,
  "fd_mean": 0.31562695535851204,
  "fd_num": 97,
  "fd_perc": 38.03921568627451,
  "fwhm_avg": 2.9377920000000004,
  "fwhm_x": 2.6197120000000003,
  "fwhm_y": 3.021292,
  "fwhm_z": 3.172372,
  "gcor": 0.0747545,
  "gsr_x": -0.026143446564674377,
  "gsr_y": 0.0800091102719307,
  "provenance": {
    "md5sum": "452f1824ff386d4a1c39ad837f0c185b",
    "settings": {
      "fd_thres": 0.2,
      "testing": false
    },
    "software": "mriqc",
    "version": "22.0.6",
    "webapi_port": null,
    "webapi_url": "https://mriqc.nimh.nih.gov/api/v1"
  },
  "size_t": 255,
  "size_x": 96,
  "size_y": 96,
  "size_z": 56,
  "snr": 2.2974388477585763,
  "spacing_tr": 2.0,
  "spacing_x": 2.5,
  "spacing_y": 2.5,
  "spacing_z": 2.5,
  "summary_bg_k": 22.89813214342315,
  "summary_bg_mad": 66.75489107735068,
  "summary_bg_mean": 569.5911254882812,
  "summary_bg_median": 251.37451171875,
  "summary_bg_n": 370668.0,
  "summary_bg_p05": 198.02354431152344,
  "summary_bg_p95": 2322.627404785153,
  "summary_bg_stdv": 910.7625122070312,
  "summary_fg_k": 0.5282843980822456,
  "summary_fg_mad": 2476.2975333605045,
  "summary_fg_mean": 6356.18603515625,
  "summary_fg_median": 5908.458984375,
  "summary_fg_n": 75484.0,
  "summary_fg_p05": 2998.52529296875,
  "summary_fg_p95": 11130.67612304687,
  "summary_fg_stdv": 2571.741943359375,
  "tsnr": 29.417421694961376
}