{
  "aor": 0.012740195312500001,
  "aqi": 0.014599789609375,
  "bids_meta": {
    "AcquisitionDateTime": "20181101124753.557500",
    "ConversionSoftware": "dicm2nii.m 20210821",
    "DeviceSerialNumber": "166054",
    "EchoTime": 0.03,
    "EffectiveEchoSpacing": 0.00050999592,
    "FlipAngle": 75,
    "ImageType": [
      "ORIGINAL",
      "PRIMARY",
      "M",
      "MB",
      "ND",
      "MOSAIC"
    ],
    "InstitutionAddress": "Street StreetNo,City,District,IL,ZIP",
    "InstitutionName": "Weizmann Institute",
    "MRAcquisitionType": "2D",
    "Manufacturer": "SIEMENS",
    "Modality": "MR",
    "ParallelAcquisitionTechnique": "none",
    "ParallelReductionFactorInPlane": 1,
    "PatientAge": "020Y",
    "PatientPosition": "HFS",
    "PatientSex": "M",
    "PatientSize": 1.78,
    "PatientWeight": 70,
    "PhaseEncodingDirection": "j-",
    "RepetitionTime": 2,
    "ScanOptions": "FS",
    "ScanningSequence": "EP",
    "SequenceName": "epfid2d1_96",
    "SequenceVariant": "SK\\SS",
    "SeriesDescription": "EPI_PSAP_iso2.5",
    "SeriesNumber": 21,
    "SliceThickness": 2.5,
    "SliceTiming": [
      0,
      0.9175,
      1.8375,
      0.7775,
      1.6975,
      0.635,
      1.555,
      0.495,
      1.4125,
      0.3525,
      1.2725,
      0.2125,
      1.13,
      0.07,
      0.99,
      1.9075,
      0.8475,
      1.7675,
      0.7075,
      1.625,
      0.565,
      1.485,
      0.4225,
      1.3425,
      0.2825,
      1.2025,
      0.14,
      1.06,
      0,
      0.9175,
      1.8375,
      0.7775,
      1.6975,
      0.635,
      1.555,
      0.495,
      1.4125,
      0.3525,
      1.2725,
      0.2125,
      1.13,
      0.07,
      0.99,
      1.9075,
      0.8475,
      1.7675,
      0.7075,
      1.625,
      0.565,
      1.485,
      0.4225,
      1.3425,
      0.2825,
      1.2025,
      0.14,
      1.06
    ],
    "SoftwareVersion": "syngo MR E11",
    "TaskName": "PSAP",
    "TotalReadoutTime": 0.048449612,
    "dataset": "ds003791",
    "modality": "bold",
    "run_id": 4,
    "subject_id": "10",
    "task_id": "PSAP"
  },
  "dummy_trs": 0,
  "dvars_nstd": 46.48060908592161,
  "dvars_std": 1.0440364123137265,
  "dvars_vstd": 0.9496437123137257,
  "efc": 0.5280348847169155,
  "fber": 516.16015625,
  "fd_mean": 0.3094680591926327,
  "fd_num": 75,
  "fd_perc": 29.296875,
  "fwhm_avg": 2.9197586666666666,
  "fwhm_x": 2.588708,
  "fwhm_y": 2.986924,
  "fwhm_z": 3.183644,
  "gcor": 0.0541993,
  "gsr_x": -0.03976975753903389,
  "gsr_y": 0.10200779885053635,
  "provenance": {
    "md5sum": "893ab6f7829a894680592c23333bb554",
    "settings": {
      "fd_thres": 0.2,
      "testing": false
    },
    "software": "mriqc",
    "version": "22.0.6",
    "webapi_port": null,
    "webapi_url": "https://mriqc.nimh.nih.gov/api/v1"
  },
  "size_t": 256,
  "size_x": 96,
  "size_y": 96,
  "size_z": 56,
  "snr": 2.3252570060620084,
  "spacing_tr": 2.0,
  "spacing_x": 2.5,
  "spacing_y": 2.5,
  "spacing_z": 2.5,
  "summary_bg_k": 23.596194377244423,
  "summary_bg_mad": 62.32720732639566,
  "summary_bg_mean": 606.1275634765625,
  "summary_bg_median": 248.87890625,
  "summary_bg_n": 347479.0,
  "summary_bg_p05": 199.609375,
  "summary_bg_p95": 2643.5699218749983,
  "summary_bg_stdv": 1032.50244140625,
  "summary_fg_k": 0.6811737362207482,
  "summary_fg_mad": 2296.041191952566,
  "summary_fg_mean": 6259.30078125,
  "summary_fg_median": 5817.28515625,
  "summary_fg_n": 92537.0,
  "summary_fg_p05": 3054.12265625,
  "summary_fg_p95": 10997.973437499999,
  "summary_fg_stdv": 2501.76806640625,
  "tsnr": 29.27665378479287
}