{
  "aor": 0.0030548648648648646,
  "aqi": 0.0054064215057915066,
  "bids_meta": {
    "AcquisitionDateTime": "20181205132343.572500",
    "ConversionSoftware": "dicm2nii.m 20210821",
    "DeviceSerialNumber": "166054",
    "EchoTime": 0.03,
    "EffectiveEchoSpacing": 0.00050999592,
    "FlipAngle": 75,
    "ImageType": [
      "ORIGINAL",
      "PRIMARY",
      "M",
      "MB",
      "ND",
      "MOSAIC"
    ],
    "InstitutionAddress": "Street StreetNo,City,District,IL,ZIP",
    "InstitutionName": "Weizmann Institute",
    "MRAcquisitionType": "2D",
    "Manufacturer": "SIEMENS",
    "Modality": "MR",
    "ParallelAcquisitionTechnique": "none",
    "ParallelReductionFactorInPlane": 1,
    "PatientAge": "025Y",
    "PatientPosition": "HFS",
    "PatientSex": "M",
    "PatientSize": 1.73,
    "PatientWeight": 74,
    "PhaseEncodingDirection": "j-",
    "RepetitionTime": 2,
    "ScanOptions": "FS",
    "ScanningSequence": "EP",
    "SequenceName": "epfid2d1_96",
    "SequenceVariant": "SK\\SS",
    "SeriesDescription": "EPI_PSAP_iso2.5",
    "SeriesNumber": 13,
    "SliceThickness": 2.5,
    "SliceTiming": [
      0,
      0.92,
      1.84,
      0.7775,
      1.6975,
      0.6375,
      1.5575,
      0.495,
      1.415,
      0.355,
      1.2725,
      0.2125,
      1.1325,
      0.0725,
      0.99,
      1.91,
      0.85,
      1.7675,
      0.7075,
      1.6275,
      0.5675,
      1.485,
      0.425,
      1.345,
      0.2825,
      1.2025,
      0.1425,
      1.0625,
      0,
      0.92,
      1.84,
      0.7775,
      1.6975,
      0.6375,
      1.5575,
      0.495,
      1.415,
      0.355,
      1.2725,
      0.2125,
      1.1325,
      0.0725,
      0.99,
      1.91,
      0.85,
      1.7675,
      0.7075,
      1.6275,
      0.5675,
      1.485,
      0.425,
      1.345,
      0.2825,
      1.2025,
      0.1425,
      1.0625
    ],
    "SoftwareVersion": "syngo MR E11",
    "TaskName": "PSAP",
    "TotalReadoutTime": 0.048449612,
    "dataset": "ds003791",
    "modality": "bold",
    "run_id": 3,
    "subject_id": "12",
    "task_id": "PSAP"
  },
  "dummy_trs": 0,
  "dvars_nstd": 31.916759409728673,
  "dvars_std": 1.3343700277519372,
  "dvars_vstd": 1.0185991829069772,
  "efc": 0.5156102220317779,
  "fber": 522.0012817382812,
  "fd_mean": 0.16203135253021,
  "fd_num": 70,
  "fd_perc": 27.027027027027028,
  "fwhm_avg": 2.9580439999999997,
  "fwhm_x": 2.704956,
  "fwhm_y": 3.03262,
  "fwhm_z": 3.1365559999999997,
  "gcor": 0.0174201,
  "gsr_x": -0.043063122779130936,
  "gsr_y": 0.08034590631723404,
  "provenance": {
    "md5sum": "2dddea9955e31560cef475f67fa1fae3",
    "settings": {
      "fd_thres": 0.2,
      "testing": false
    },
    "software": "mriqc",
    "version": "22.0.6",
    "webapi_port": null,
    "webapi_url": "https://mriqc.nimh.nih.gov/api/v1"
  },
  "size_t": 259,
  "size_x": 96,
  "size_y": 96,
  "size_z": 56,
  "snr": 2.394488205208555,
  "spacing_tr": 2.0,
  "spacing_x": 2.5,
  "spacing_y": 2.5,
  "spacing_z": 2.5,
  "summary_bg_k": 27.003852053111448,
  "summary_bg_mad": 56.05268434187385,
  "summary_bg_mean": 532.2036743164062,
  "summary_bg_median": 233.104248046875,
  "summary_bg_n": 358131.0,
  "summary_bg_p05": 188.04246520996094,
  "summary_bg_p95": 2106.1119384765625,
  "summary_bg_stdv": 878.9428100585938,
  "summary_fg_k": 1.3781390961803597,
  "summary_fg_mad": 1953.3139443438404,
  "summary_fg_mean": 5806.94091796875,
  "summary_fg_median": 5430.5927734375,
  "summary_fg_n": 84662.0,
  "summary_fg_p05": 2864.7200927734375,
  "summary_fg_p95": 10231.462548828125,
  "summary_fg_stdv": 2267.942138671875,
  "tsnr": 55.577424839604646
}