{
  "aor": 0.002984223107569721,
  "aqi": 0.010754217928286854,
  "bids_meta": {
    "AcquisitionDateTime": "20190122121755.132500",
    "ConversionSoftware": "dicm2nii.m 20210821",
    "DeviceSerialNumber": "166054",
    "EchoTime": 0.03,
    "EffectiveEchoSpacing": 0.00050999592,
    "FlipAngle": 75,
    "ImageType": [
      "ORIGINAL",
      "PRIMARY",
      "M",
      "MB",
      "ND",
      "MOSAIC"
    ],
    "InstitutionAddress": "Street StreetNo,City,District,IL,ZIP",
    "InstitutionName": "Weizmann Institute",
    "MRAcquisitionType": "2D",
    "Manufacturer": "SIEMENS",
    "Modality": "MR",
    "ParallelAcquisitionTechnique": "none",
    "ParallelReductionFactorInPlane": 1,
    "PatientAge": "021Y",
    "PatientPosition": "HFS",
    "PatientSex": "F",
    "PatientSize": 1.72,
    "PatientWeight": 74,
    "PhaseEncodingDirection": "j-",
    "RepetitionTime": 2,
    "ScanOptions": "FS",
    "ScanningSequence": "EP",
    "SequenceName": "epfid2d1_96",
    "SequenceVariant": "SK\\SS",
    "SeriesDescription": "EPI_PSAP_iso2.5",
    "SeriesNumber": 6,
    "SliceThickness": 2.5,
    "SliceTiming": [
      0,
      0.9175,
      1.8375,
      0.7775,
      1.695,
      0.635,
      1.555,
      0.495,
      1.4125,
      0.3525,
      1.2725,
      0.2125,
      1.13,
      0.07,
      0.99,
      1.9075,
      0.8475,
      1.7675,
      0.7075,
      1.625,
      0.565,
      1.485,
      0.4225,
      1.3425,
      0.2825,
      1.2,
      0.14,
      1.06,
      0,
      0.9175,
      1.8375,
      0.7775,
      1.695,
      0.635,
      1.555,
      0.495,
      1.4125,
      0.3525,
      1.2725,
      0.2125,
      1.13,
      0.07,
      0.99,
      1.9075,
      0.8475,
      1.7675,
      0.7075,
      1.625,
      0.565,
      1.485,
      0.4225,
      1.3425,
      0.2825,
      1.2,
      0.14,
      1.06
    ],
    "SoftwareVersion": "syngo MR E11",
    "TaskName": "PSAP",
    "TotalReadoutTime": 0.048449612,
    "dataset": "ds003791",
    "modality": "bold",
    "run_id": 1,
    "subject_id": "33",
    "task_id": "PSAP"
  },
  "dummy_trs": 0,
  "dvars_nstd": 33.116245094119996,
  "dvars_std": 1.1191491614799998,
  "dvars_vstd": 0.9493421873200003,
  "efc": 0.4926570091713538,
  "fber": 661.5174560546875,
  "fd_mean": 0.25705532875466347,
  "fd_num": 102,
  "fd_perc": 40.63745019920319,
  "fwhm_avg": 2.9353959999999995,
  "fwhm_x": 2.75676,
  "fwhm_y": 3.024152,
  "fwhm_z": 3.025276,
  "gcor": 0.0236456,
  "gsr_x": -0.014182315208017826,
  "gsr_y": 0.0384332500398159,
  "provenance": {
    "md5sum": "96ab25543802d9ba4f7e3699d5dcc920",
    "settings": {
      "fd_thres": 0.2,
      "testing": false
    },
    "software": "mriqc",
    "version": "22.0.6",
    "webapi_port": null,
    "webapi_url": "https://mriqc.nimh.nih.gov/api/v1"
  },
  "size_t": 251,
  "size_x": 96,
  "size_y": 96,
  "size_z": 56,
  "snr": 2.779245290692139,
  "spacing_tr": 2.0,
  "spacing_x": 2.5,
  "spacing_y": 2.5,
  "spacing_z": 2.5,
  "summary_bg_k": 28.108492819559668,
  "summary_bg_mad": 54.442806731502515,
  "summary_bg_mean": 456.9873046875,
  "summary_bg_median": 226.78884887695312,
  "summary_bg_n": 369757.0,
  "summary_bg_p05": 184.2661407470703,
  "summary_bg_p95": 1644.854223632814,
  "summary_bg_stdv": 653.0193481445312,
  "summary_fg_k": 0.7127505017281077,
  "summary_fg_mad": 1983.0600992063382,
  "summary_fg_mean": 6241.5625,
  "summary_fg_median": 5908.177734375,
  "summary_fg_n": 75822.0,
  "summary_fg_p05": 3462.930859375,
  "summary_fg_p95": 10340.155322265622,
  "summary_fg_stdv": 2125.806884765625,
  "tsnr": 39.28091529710218
}