{
  "aor": 0.0031461867704280157,
  "aqi": 0.008459111789883268,
  "bids_meta": {
    "AcquisitionDateTime": "20190122122848.550000",
    "ConversionSoftware": "dicm2nii.m 20210821",
    "DeviceSerialNumber": "166054",
    "EchoTime": 0.03,
    "EffectiveEchoSpacing": 0.00050999592,
    "FlipAngle": 75,
    "ImageType": [
      "ORIGINAL",
      "PRIMARY",
      "M",
      "MB",
      "ND",
      "MOSAIC"
    ],
    "InstitutionAddress": "Street StreetNo,City,District,IL,ZIP",
    "InstitutionName": "Weizmann Institute",
    "MRAcquisitionType": "2D",
    "Manufacturer": "SIEMENS",
    "Modality": "MR",
    "ParallelAcquisitionTechnique": "none",
    "ParallelReductionFactorInPlane": 1,
    "PatientAge": "021Y",
    "PatientPosition": "HFS",
    "PatientSex": "F",
    "PatientSize": 1.72,
    "PatientWeight": 74,
    "PhaseEncodingDirection": "j-",
    "RepetitionTime": 2,
    "ScanOptions": "FS",
    "ScanningSequence": "EP",
    "SequenceName": "epfid2d1_96",
    "SequenceVariant": "SK\\SS",
    "SeriesDescription": "EPI_PSAP_iso2.5",
    "SeriesNumber": 10,
    "SliceThickness": 2.5,
    "SliceTiming": [
      0,
      0.92,
      1.84,
      0.7775,
      1.6975,
      0.6375,
      1.555,
      0.495,
      1.415,
      0.355,
      1.2725,
      0.2125,
      1.1325,
      0.07,
      0.99,
      1.91,
      0.85,
      1.7675,
      0.7075,
      1.6275,
      0.565,
      1.485,
      0.425,
      1.345,
      0.2825,
      1.2025,
      0.1425,
      1.06,
      0,
      0.92,
      1.84,
      0.7775,
      1.6975,
      0.6375,
      1.555,
      0.495,
      1.415,
      0.355,
      1.2725,
      0.2125,
      1.1325,
      0.07,
      0.99,
      1.91,
      0.85,
      1.7675,
      0.7075,
      1.6275,
      0.565,
      1.485,
      0.425,
      1.345,
      0.2825,
      1.2025,
      0.1425,
      1.06
    ],
    "SoftwareVersion": "syngo MR E11",
    "TaskName": "PSAP",
    "TotalReadoutTime": 0.048449612,
    "dataset": "ds003791",
    "modality": "bold",
    "run_id": 2,
    "subject_id": "33",
    "task_id": "PSAP"
  },
  "dummy_trs": 0,
  "dvars_nstd": 32.465481810624986,
  "dvars_std": 1.1919037319140622,
  "dvars_vstd": 0.9777451658984379,
  "efc": 0.4918560080778364,
  "fber": 662.9284057617188,
  "fd_mean": 0.21694384581403808,
  "fd_num": 106,
  "fd_perc": 41.24513618677043,
  "fwhm_avg": 2.8943600000000003,
  "fwhm_x": 2.69862,
  "fwhm_y": 2.986572,
  "fwhm_z": 2.997888,
  "gcor": 0.0189185,
  "gsr_x": -0.013698762282729149,
  "gsr_y": 0.03671076148748398,
  "provenance": {
    "md5sum": "82c7ea77fd811211db58b4dabd3c5add",
    "settings": {
      "fd_thres": 0.2,
      "testing": false
    },
    "software": "mriqc",
    "version": "22.0.6",
    "webapi_port": null,
    "webapi_url": "https://mriqc.nimh.nih.gov/api/v1"
  },
  "size_t": 257,
  "size_x": 96,
  "size_y": 96,
  "size_z": 56,
  "snr": 2.804151091424995,
  "spacing_tr": 2.0,
  "spacing_x": 2.5,
  "spacing_y": 2.5,
  "spacing_z": 2.5,
  "summary_bg_k": 29.515391224665493,
  "summary_bg_mad": 55.288941499821405,
  "summary_bg_mean": 453.7042236328125,
  "summary_bg_median": 228.02723693847656,
  "summary_bg_n": 369944.0,
  "summary_bg_p05": 184.49415588378906,
  "summary_bg_p95": 1628.5330810546875,
  "summary_bg_stdv": 644.7954711914062,
  "summary_fg_k": 0.6598137841852671,
  "summary_fg_mad": 2000.526644629675,
  "summary_fg_mean": 6281.97705078125,
  "summary_fg_median": 5959.16943359375,
  "summary_fg_n": 75230.0,
  "summary_fg_p05": 3487.8436157226565,
  "summary_fg_p95": 10353.398095703125,
  "summary_fg_stdv": 2125.110107421875,
  "tsnr": 45.20580375054851
}