{
  "bids_meta": {
    "AcquisitionDateTime": "20180827160055.947500",
    "ConversionSoftware": "dicm2nii.m 20210821",
    "DeviceSerialNumber": "166054",
    "EchoTime": 0.00229,
    "FlipAngle": 8,
    "ImageType": [
      "ORIGINAL",
      "PRIMARY",
      "M",
      "ND",
      "NORM"
    ],
    "InstitutionAddress": "Street StreetNo,City,District,IL,ZIP",
    "InstitutionName": "Weizmann Institute",
    "InversionTime": 0.9,
    "MRAcquisitionType": "3D",
    "Manufacturer": "SIEMENS",
    "Modality": "MR",
    "ParallelAcquisitionTechnique": "GRAPPA",
    "ParallelReductionFactorInPlane": 2,
    "PatientAge": "030Y",
    "PatientPosition": "HFS",
    "PatientSex": "M",
    "PatientSize": 1.83,
    "PatientWeight": 74,
    "PhaseEncodingDirection": "j-",
    "RepetitionTime": 2.3,
    "ScanOptions": "IR\\WE",
    "ScanningSequence": "GR\\IR",
    "SequenceName": "*tfl3d1_16ns",
    "SequenceVariant": "SK\\SP\\MP",
    "SeriesDescription": "t1_mprage_sag_p2_iso_water_exc",
    "SeriesNumber": 13,
    "SliceThickness": 0.94,
    "SoftwareVersion": "syngo MR E11",
    "dataset": "ds003791",
    "modality": "T1w",
    "subject_id": "49"
  },
  "cjv": 0.32225804807491676,
  "cnr": 4.061178541798045,
  "efc": 0.611404560168431,
  "fber": 27719.06856261917,
  "fwhm_avg": 4.551845261432039,
  "fwhm_x": 4.43408511762945,
  "fwhm_y": 4.663466666666666,
  "fwhm_z": 4.557984,
  "icvs_csf": 0.2629192821195657,
  "icvs_gm": 0.4119309728259032,
  "icvs_wm": 0.32514974505453115,
  "inu_med": 0.46328872442245483,
  "inu_range": 0.14114162325859075,
  "provenance": {
    "md5sum": "13ec1cfce33b3590c8f0ce551cbc0905",
    "settings": {
      "testing": false
    },
    "software": "mriqc",
    "version": "22.0.6",
    "warnings": {
      "large_rot_frame": true,
      "small_air_mask": false
    },
    "webapi_port": null,
    "webapi_url": "https://mriqc.nimh.nih.gov/api/v1"
  },
  "qi_1": 0.0,
  "qi_2": 0.008670748134332997,
  "rpve_csf": 15.988343816805008,
  "rpve_gm": 10.052758776716084,
  "rpve_wm": 14.959253090987051,
  "size_x": 176,
  "size_y": 256,
  "size_z": 256,
  "snr_csf": 2.5318338041153483,
  "snr_gm": 11.41371856133204,
  "snr_total": 13.525839417737622,
  "snr_wm": 26.631965887765478,
  "snrd_csf": 24.862157134287852,
  "snrd_gm": 76.1945060990316,
  "snrd_total": 69.69536586868574,
  "snrd_wm": 108.02943437273778,
  "spacing_x": 0.9399999976158142,
  "spacing_y": 0.9375,
  "spacing_z": 0.9375,
  "summary_bg_k": 254.81669930122206,
  "summary_bg_mad": 0.0,
  "summary_bg_mean": 2.9513553166631303,
  "summary_bg_median": 0.0,
  "summary_bg_n": 2549357.0,
  "summary_bg_p05": 0.0,
  "summary_bg_p95": 13.687790632247925,
  "summary_bg_stdv": 6.06455492931566,
  "summary_csf_k": 1.607889985537474,
  "summary_csf_mad": 71.24938134187695,
  "summary_csf_mean": 242.9099665689053,
  "summary_csf_median": 230.14736717753112,
  "summary_csf_n": 92389.0,
  "summary_csf_p05": 115.89708974398673,
  "summary_csf_p95": 418.55980523042365,
  "summary_csf_stdv": 90.90095932268845,
  "summary_gm_k": 0.26965020729958944,
  "summary_gm_mad": 59.104960757124445,
  "summary_gm_mean": 704.4886879784301,
  "summary_gm_median": 705.327573845163,
  "summary_gm_n": 51125.0,
  "summary_gm_p05": 600.0812961868942,
  "summary_gm_p95": 805.1201224233955,
  "summary_gm_stdv": 61.79587064042122,
  "summary_wm_k": 0.4348825222307786,
  "summary_wm_mad": 35.86250569544407,
  "summary_wm_mean": 998.3070567914068,
  "summary_wm_median": 1000.0214287228882,
  "summary_wm_n": 253397.0,
  "summary_wm_p05": 934.5339054167271,
  "summary_wm_p95": 1057.6598595883697,
  "summary_wm_stdv": 37.549592084365905,
  "tpm_overlap_csf": 0.1571199027315291,
  "tpm_overlap_gm": 0.45330660542449336,
  "tpm_overlap_wm": 0.5036574775795045,
  "wm2max": 0.9132600246098557
}