{
  "aor": 0.002289606299212598,
  "aqi": 0.004519273070866143,
  "bids_meta": {
    "AcquisitionDateTime": "20181127164625.520000",
    "ConversionSoftware": "dicm2nii.m 20210821",
    "DeviceSerialNumber": "166054",
    "EchoTime": 0.03,
    "EffectiveEchoSpacing": 0.00050999592,
    "FlipAngle": 75,
    "ImageType": [
      "ORIGINAL",
      "PRIMARY",
      "M",
      "MB",
      "ND",
      "MOSAIC"
    ],
    "InstitutionAddress": "Street StreetNo,City,District,IL,ZIP",
    "InstitutionName": "Weizmann Institute",
    "MRAcquisitionType": "2D",
    "Manufacturer": "SIEMENS",
    "Modality": "MR",
    "ParallelAcquisitionTechnique": "none",
    "ParallelReductionFactorInPlane": 1,
    "PatientAge": "034Y",
    "PatientPosition": "HFS",
    "PatientSex": "M",
    "PatientSize": 1.8,
    "PatientWeight": 83,
    "PhaseEncodingDirection": "j-",
    "RepetitionTime": 2,
    "ScanOptions": "FS",
    "ScanningSequence": "EP",
    "SequenceName": "epfid2d1_96",
    "SequenceVariant": "SK\\SS",
    "SeriesDescription": "EPI_PSAP_iso2.5",
    "SeriesNumber": 17,
    "SliceThickness": 2.5,
    "SliceTiming": [
      0,
      0.92,
      1.8375,
      0.7775,
      1.6975,
      0.6375,
      1.555,
      0.495,
      1.415,
      0.3525,
      1.2725,
      0.2125,
      1.1325,
      0.07,
      0.99,
      1.91,
      0.8475,
      1.7675,
      0.7075,
      1.6275,
      0.565,
      1.485,
      0.425,
      1.3425,
      0.2825,
      1.2025,
      0.1425,
      1.06,
      0,
      0.92,
      1.8375,
      0.7775,
      1.6975,
      0.6375,
      1.555,
      0.495,
      1.415,
      0.3525,
      1.2725,
      0.2125,
      1.1325,
      0.07,
      0.99,
      1.91,
      0.8475,
      1.7675,
      0.7075,
      1.6275,
      0.565,
      1.485,
      0.425,
      1.3425,
      0.2825,
      1.2025,
      0.1425,
      1.06
    ],
    "SoftwareVersion": "syngo MR E11",
    "TaskName": "PSAP",
    "TotalReadoutTime": 0.048449612,
    "dataset": "ds003791",
    "modality": "bold",
    "run_id": 4,
    "subject_id": "46",
    "task_id": "PSAP"
  },
  "dummy_trs": 0,
  "dvars_nstd": 34.71901535537547,
  "dvars_std": 1.4099676786956519,
  "dvars_vstd": 1.0099001273913042,
  "efc": 0.5221863159661646,
  "fber": 516.6162109375,
  "fd_mean": 0.09705903456323363,
  "fd_num": 18,
  "fd_perc": 7.086614173228346,
  "fwhm_avg": 2.9392413333333334,
  "fwhm_x": 2.642848,
  "fwhm_y": 3.045108,
  "fwhm_z": 3.129768,
  "gcor": 0.0185332,
  "gsr_x": -0.027981674298644066,
  "gsr_y": 0.06637446582317352,
  "provenance": {
    "md5sum": "b22ef3196e808bfff7fe023f61199022",
    "settings": {
      "fd_thres": 0.2,
      "testing": false
    },
    "software": "mriqc",
    "version": "22.0.6",
    "webapi_port": null,
    "webapi_url": "https://mriqc.nimh.nih.gov/api/v1"
  },
  "size_t": 254,
  "size_x": 96,
  "size_y": 96,
  "size_z": 56,
  "snr": 2.383282493825958,
  "spacing_tr": 2.0,
  "spacing_x": 2.5,
  "spacing_y": 2.5,
  "spacing_z": 2.5,
  "summary_bg_k": 21.37918802440637,
  "summary_bg_mad": 52.97092767967739,
  "summary_bg_mean": 511.77093505859375,
  "summary_bg_median": 236.23228454589844,
  "summary_bg_n": 351432.0,
  "summary_bg_p05": 195.02755737304688,
  "summary_bg_p95": 2048.0145629882813,
  "summary_bg_stdv": 748.6686401367188,
  "summary_fg_k": 1.1532806685493169,
  "summary_fg_mad": 2012.1333640482785,
  "summary_fg_mean": 5841.37646484375,
  "summary_fg_median": 5477.03564453125,
  "summary_fg_n": 88952.0,
  "summary_fg_p05": 2811.860205078125,
  "summary_fg_p95": 10314.84775390625,
  "summary_fg_stdv": 2298.093017578125,
  "tsnr": 59.176248653791845
}