{
  "aor": 0.0038072265624999996,
  "aqi": 0.0054302104296875,
  "bids_meta": {
    "AcquisitionDateTime": "20181127163344.532500",
    "ConversionSoftware": "dicm2nii.m 20210821",
    "DeviceSerialNumber": "166054",
    "EchoTime": 0.03,
    "EffectiveEchoSpacing": 0.00050999592,
    "FlipAngle": 75,
    "ImageType": [
      "ORIGINAL",
      "PRIMARY",
      "M",
      "MB",
      "ND",
      "MOSAIC"
    ],
    "InstitutionAddress": "Street StreetNo,City,District,IL,ZIP",
    "InstitutionName": "Weizmann Institute",
    "MRAcquisitionType": "2D",
    "Manufacturer": "SIEMENS",
    "Modality": "MR",
    "ParallelAcquisitionTechnique": "none",
    "ParallelReductionFactorInPlane": 1,
    "PatientAge": "034Y",
    "PatientPosition": "HFS",
    "PatientSex": "M",
    "PatientSize": 1.8,
    "PatientWeight": 83,
    "PhaseEncodingDirection": "j-",
    "RepetitionTime": 2,
    "ScanOptions": "FS",
    "ScanningSequence": "EP",
    "SequenceName": "epfid2d1_96",
    "SequenceVariant": "SK\\SS",
    "SeriesDescription": "EPI_PSAP_iso2.5",
    "SeriesNumber": 13,
    "SliceThickness": 2.5,
    "SliceTiming": [
      0,
      0.92,
      1.84,
      0.7775,
      1.6975,
      0.6375,
      1.5575,
      0.495,
      1.415,
      0.355,
      1.2725,
      0.2125,
      1.1325,
      0.0725,
      0.99,
      1.91,
      0.85,
      1.7675,
      0.7075,
      1.6275,
      0.5675,
      1.485,
      0.425,
      1.345,
      0.2825,
      1.2025,
      0.1425,
      1.0625,
      0,
      0.92,
      1.84,
      0.7775,
      1.6975,
      0.6375,
      1.5575,
      0.495,
      1.415,
      0.355,
      1.2725,
      0.2125,
      1.1325,
      0.0725,
      0.99,
      1.91,
      0.85,
      1.7675,
      0.7075,
      1.6275,
      0.5675,
      1.485,
      0.425,
      1.345,
      0.2825,
      1.2025,
      0.1425,
      1.0625
    ],
    "SoftwareVersion": "syngo MR E11",
    "TaskName": "PSAP",
    "TotalReadoutTime": 0.048449612,
    "dataset": "ds003791",
    "modality": "bold",
    "run_id": 3,
    "subject_id": "46",
    "task_id": "PSAP"
  },
  "dummy_trs": 0,
  "dvars_nstd": 30.444685730470585,
  "dvars_std": 1.3118748489411765,
  "dvars_vstd": 1.0113972743921567,
  "efc": 0.5220577072884608,
  "fber": 518.2183227539062,
  "fd_mean": 0.0926158293939339,
  "fd_num": 18,
  "fd_perc": 7.03125,
  "fwhm_avg": 2.9578546666666665,
  "fwhm_x": 2.653832,
  "fwhm_y": 3.056556,
  "fwhm_z": 3.163176,
  "gcor": 0.0146574,
  "gsr_x": -0.02955564856529236,
  "gsr_y": 0.07550341635942459,
  "provenance": {
    "md5sum": "3d60a4b7a5e061cbfc274105b04d64bd",
    "settings": {
      "fd_thres": 0.2,
      "testing": false
    },
    "software": "mriqc",
    "version": "22.0.6",
    "webapi_port": null,
    "webapi_url": "https://mriqc.nimh.nih.gov/api/v1"
  },
  "size_t": 256,
  "size_x": 96,
  "size_y": 96,
  "size_z": 56,
  "snr": 2.382105581424842,
  "spacing_tr": 2.0,
  "spacing_x": 2.5,
  "spacing_y": 2.5,
  "spacing_z": 2.5,
  "summary_bg_k": 21.153737009902414,
  "summary_bg_mad": 54.55512850907332,
  "summary_bg_mean": 522.7117309570312,
  "summary_bg_median": 236.046875,
  "summary_bg_n": 353313.0,
  "summary_bg_p05": 193.953125,
  "summary_bg_p95": 2100.264843749997,
  "summary_bg_stdv": 774.9191284179688,
  "summary_fg_k": 1.1447624451792349,
  "summary_fg_mad": 2008.0457110078528,
  "summary_fg_mean": 5829.79638671875,
  "summary_fg_median": 5467.548828125,
  "summary_fg_n": 88532.0,
  "summary_fg_p05": 2819.6775390625003,
  "summary_fg_p95": 10309.495507812497,
  "summary_fg_stdv": 2295.245849609375,
  "tsnr": 53.61966300057247
}