{
  "aor": 0.001194136546184739,
  "aqi": 0.0034588671485943777,
  "bids_meta": {
    "AcquisitionDateTime": "20190130142252.552500",
    "ConversionSoftware": "dicm2nii.m 20210821",
    "DeviceSerialNumber": "166054",
    "EchoTime": 0.03,
    "EffectiveEchoSpacing": 0.00050999592,
    "FlipAngle": 75,
    "ImageType": [
      "ORIGINAL",
      "PRIMARY",
      "M",
      "MB",
      "ND",
      "MOSAIC"
    ],
    "InstitutionAddress": "Street StreetNo,City,District,IL,ZIP",
    "InstitutionName": "Weizmann Institute",
    "MRAcquisitionType": "2D",
    "Manufacturer": "SIEMENS",
    "Modality": "MR",
    "ParallelAcquisitionTechnique": "none",
    "ParallelReductionFactorInPlane": 1,
    "PatientAge": "027Y",
    "PatientPosition": "HFS",
    "PatientSex": "F",
    "PatientSize": 1.68,
    "PatientWeight": 55,
    "PhaseEncodingDirection": "j-",
    "RepetitionTime": 2,
    "ScanOptions": "FS",
    "ScanningSequence": "EP",
    "SequenceName": "epfid2d1_96",
    "SequenceVariant": "SK\\SS",
    "SeriesDescription": "EPI_PSAP_iso2.5",
    "SeriesNumber": 17,
    "SliceThickness": 2.5,
    "SliceTiming": [
      0,
      0.92,
      1.8375,
      0.7775,
      1.6975,
      0.6375,
      1.555,
      0.495,
      1.415,
      0.355,
      1.2725,
      0.2125,
      1.1325,
      0.07,
      0.99,
      1.91,
      0.8475,
      1.7675,
      0.7075,
      1.6275,
      0.565,
      1.485,
      0.425,
      1.3425,
      0.2825,
      1.2025,
      0.1425,
      1.06,
      0,
      0.92,
      1.8375,
      0.7775,
      1.6975,
      0.6375,
      1.555,
      0.495,
      1.415,
      0.355,
      1.2725,
      0.2125,
      1.1325,
      0.07,
      0.99,
      1.91,
      0.8475,
      1.7675,
      0.7075,
      1.6275,
      0.565,
      1.485,
      0.425,
      1.3425,
      0.2825,
      1.2025,
      0.1425,
      1.06
    ],
    "SoftwareVersion": "syngo MR E11",
    "TaskName": "PSAP",
    "TotalReadoutTime": 0.048449612,
    "dataset": "ds003791",
    "modality": "bold",
    "run_id": 4,
    "subject_id": "25",
    "task_id": "PSAP"
  },
  "dummy_trs": 0,
  "dvars_nstd": 27.662024590322567,
  "dvars_std": 1.2886253518548394,
  "dvars_vstd": 0.9998535361290317,
  "efc": 0.4827524875218324,
  "fber": 661.6062622070312,
  "fd_mean": 0.12012832524168225,
  "fd_num": 19,
  "fd_perc": 7.6305220883534135,
  "fwhm_avg": 2.649312,
  "fwhm_x": 2.509512,
  "fwhm_y": 2.777752,
  "fwhm_z": 2.660672,
  "gcor": 0.0269192,
  "gsr_x": -0.03393159434199333,
  "gsr_y": 0.03989563509821892,
  "provenance": {
    "md5sum": "90eb0c3e1d969043054d70cf6a52b525",
    "settings": {
      "fd_thres": 0.2,
      "testing": false
    },
    "software": "mriqc",
    "version": "22.0.6",
    "webapi_port": null,
    "webapi_url": "https://mriqc.nimh.nih.gov/api/v1"
  },
  "size_t": 249,
  "size_x": 96,
  "size_y": 96,
  "size_z": 56,
  "snr": 2.7619844313202613,
  "spacing_tr": 2.0,
  "spacing_x": 2.5,
  "spacing_y": 2.5,
  "spacing_z": 2.5,
  "summary_bg_k": 29.240817616765895,
  "summary_bg_mad": 53.89764455710145,
  "summary_bg_mean": 471.1359558105469,
  "summary_bg_median": 229.28111267089844,
  "summary_bg_n": 379289.0,
  "summary_bg_p05": 188.919677734375,
  "summary_bg_p95": 1690.452929687496,
  "summary_bg_stdv": 689.8604125976562,
  "summary_fg_k": 1.183721299858929,
  "summary_fg_mad": 1996.880586976597,
  "summary_fg_mean": 6291.986328125,
  "summary_fg_median": 5968.73046875,
  "summary_fg_n": 69400.0,
  "summary_fg_p05": 3442.9238037109376,
  "summary_fg_p95": 10258.952587890626,
  "summary_fg_stdv": 2161.01416015625,
  "tsnr": 73.87816629651934
}