{
  "aor": 0.004386653386454184,
  "aqi": 0.0032129434262948204,
  "bids_meta": {
    "AcquisitionDateTime": "20190130141207.540000",
    "ConversionSoftware": "dicm2nii.m 20210821",
    "DeviceSerialNumber": "166054",
    "EchoTime": 0.03,
    "EffectiveEchoSpacing": 0.00050999592,
    "FlipAngle": 75,
    "ImageType": [
      "ORIGINAL",
      "PRIMARY",
      "M",
      "MB",
      "ND",
      "MOSAIC"
    ],
    "InstitutionAddress": "Street StreetNo,City,District,IL,ZIP",
    "InstitutionName": "Weizmann Institute",
    "MRAcquisitionType": "2D",
    "Manufacturer": "SIEMENS",
    "Modality": "MR",
    "ParallelAcquisitionTechnique": "none",
    "ParallelReductionFactorInPlane": 1,
    "PatientAge": "027Y",
    "PatientPosition": "HFS",
    "PatientSex": "F",
    "PatientSize": 1.68,
    "PatientWeight": 55,
    "PhaseEncodingDirection": "j-",
    "RepetitionTime": 2,
    "ScanOptions": "FS",
    "ScanningSequence": "EP",
    "SequenceName": "epfid2d1_96",
    "SequenceVariant": "SK\\SS",
    "SeriesDescription": "EPI_PSAP_iso2.5",
    "SeriesNumber": 13,
    "SliceThickness": 2.5,
    "SliceTiming": [
      0,
      0.9175,
      1.8375,
      0.7775,
      1.695,
      0.635,
      1.555,
      0.495,
      1.4125,
      0.3525,
      1.2725,
      0.21,
      1.13,
      0.07,
      0.99,
      1.9075,
      0.8475,
      1.7675,
      0.705,
      1.625,
      0.565,
      1.485,
      0.4225,
      1.3425,
      0.2825,
      1.2,
      0.14,
      1.06,
      0,
      0.9175,
      1.8375,
      0.7775,
      1.695,
      0.635,
      1.555,
      0.495,
      1.4125,
      0.3525,
      1.2725,
      0.21,
      1.13,
      0.07,
      0.99,
      1.9075,
      0.8475,
      1.7675,
      0.705,
      1.625,
      0.565,
      1.485,
      0.4225,
      1.3425,
      0.2825,
      1.2,
      0.14,
      1.06
    ],
    "SoftwareVersion": "syngo MR E11",
    "TaskName": "PSAP",
    "TotalReadoutTime": 0.048449612,
    "dataset": "ds003791",
    "modality": "bold",
    "run_id": 3,
    "subject_id": "25",
    "task_id": "PSAP"
  },
  "dummy_trs": 0,
  "dvars_nstd": 27.523369827319993,
  "dvars_std": 1.3411814785599998,
  "dvars_vstd": 1.0512924678399997,
  "efc": 0.48237270697497703,
  "fber": 664.866455078125,
  "fd_mean": 0.12704999711856046,
  "fd_num": 25,
  "fd_perc": 9.9601593625498,
  "fwhm_avg": 2.649386666666667,
  "fwhm_x": 2.50938,
  "fwhm_y": 2.77838,
  "fwhm_z": 2.6604,
  "gcor": 0.02705,
  "gsr_x": -0.03351094573736191,
  "gsr_y": 0.03828859329223633,
  "provenance": {
    "md5sum": "56de31d85a10f8f10ea68e7c52f0e06b",
    "settings": {
      "fd_thres": 0.2,
      "testing": false
    },
    "software": "mriqc",
    "version": "22.0.6",
    "webapi_port": null,
    "webapi_url": "https://mriqc.nimh.nih.gov/api/v1"
  },
  "size_t": 251,
  "size_x": 96,
  "size_y": 96,
  "size_z": 56,
  "snr": 2.7591454048921387,
  "spacing_tr": 2.0,
  "spacing_x": 2.5,
  "spacing_y": 2.5,
  "spacing_z": 2.5,
  "summary_bg_k": 28.87588633600088,
  "summary_bg_mad": 53.52724285233473,
  "summary_bg_mean": 466.3987121582031,
  "summary_bg_median": 228.51394653320312,
  "summary_bg_n": 379131.0,
  "summary_bg_p05": 188.58566284179688,
  "summary_bg_p95": 1668.010009765625,
  "summary_bg_stdv": 677.3252563476562,
  "summary_fg_k": 1.1813502398814792,
  "summary_fg_mad": 1989.04987008325,
  "summary_fg_mean": 6281.09326171875,
  "summary_fg_median": 5957.15966796875,
  "summary_fg_n": 69571.0,
  "summary_fg_p05": 3434.2152099609375,
  "summary_fg_p95": 10251.76904296875,
  "summary_fg_stdv": 2159.044189453125,
  "tsnr": 71.29447651328519
}