{
  "aor": 0.004475912698412699,
  "aqi": 0.0042600362301587315,
  "bids_meta": {
    "AcquisitionDateTime": "20190130134640.435000",
    "ConversionSoftware": "dicm2nii.m 20210821",
    "DeviceSerialNumber": "166054",
    "EchoTime": 0.03,
    "EffectiveEchoSpacing": 0.00050999592,
    "FlipAngle": 75,
    "ImageType": [
      "ORIGINAL",
      "PRIMARY",
      "M",
      "MB",
      "ND",
      "MOSAIC"
    ],
    "InstitutionAddress": "Street StreetNo,City,District,IL,ZIP",
    "InstitutionName": "Weizmann Institute",
    "MRAcquisitionType": "2D",
    "Manufacturer": "SIEMENS",
    "Modality": "MR",
    "ParallelAcquisitionTechnique": "none",
    "ParallelReductionFactorInPlane": 1,
    "PatientAge": "027Y",
    "PatientPosition": "HFS",
    "PatientSex": "F",
    "PatientSize": 1.68,
    "PatientWeight": 55,
    "PhaseEncodingDirection": "j-",
    "RepetitionTime": 2,
    "ScanOptions": "FS",
    "ScanningSequence": "EP",
    "SequenceName": "epfid2d1_96",
    "SequenceVariant": "SK\\SS",
    "SeriesDescription": "EPI_PSAP_iso2.5",
    "SeriesNumber": 6,
    "SliceThickness": 2.5,
    "SliceTiming": [
      0,
      0.92,
      1.8375,
      0.7775,
      1.6975,
      0.635,
      1.555,
      0.495,
      1.415,
      0.3525,
      1.2725,
      0.2125,
      1.13,
      0.07,
      0.99,
      1.91,
      0.8475,
      1.7675,
      0.7075,
      1.625,
      0.565,
      1.485,
      0.425,
      1.3425,
      0.2825,
      1.2025,
      0.14,
      1.06,
      0,
      0.92,
      1.8375,
      0.7775,
      1.6975,
      0.635,
      1.555,
      0.495,
      1.415,
      0.3525,
      1.2725,
      0.2125,
      1.13,
      0.07,
      0.99,
      1.91,
      0.8475,
      1.7675,
      0.7075,
      1.625,
      0.565,
      1.485,
      0.425,
      1.3425,
      0.2825,
      1.2025,
      0.14,
      1.06
    ],
    "SoftwareVersion": "syngo MR E11",
    "TaskName": "PSAP",
    "TotalReadoutTime": 0.048449612,
    "dataset": "ds003791",
    "modality": "bold",
    "run_id": 1,
    "subject_id": "25",
    "task_id": "PSAP"
  },
  "dummy_trs": 0,
  "dvars_nstd": 29.822802729601584,
  "dvars_std": 1.2597005930677296,
  "dvars_vstd": 0.9948626470119519,
  "efc": 0.4810610431407015,
  "fber": 667.0221557617188,
  "fd_mean": 0.16556958071092515,
  "fd_num": 60,
  "fd_perc": 23.80952380952381,
  "fwhm_avg": 2.6572066666666667,
  "fwhm_x": 2.513952,
  "fwhm_y": 2.791356,
  "fwhm_z": 2.666312,
  "gcor": 0.0199427,
  "gsr_x": -0.028303615748882294,
  "gsr_y": 0.035700757056474686,
  "provenance": {
    "md5sum": "2bdfa76c2752e2de5408c0e40226bed2",
    "settings": {
      "fd_thres": 0.2,
      "testing": false
    },
    "software": "mriqc",
    "version": "22.0.6",
    "webapi_port": null,
    "webapi_url": "https://mriqc.nimh.nih.gov/api/v1"
  },
  "size_t": 252,
  "size_x": 96,
  "size_y": 96,
  "size_z": 56,
  "snr": 2.721738222803493,
  "spacing_tr": 2.0,
  "spacing_x": 2.5,
  "spacing_y": 2.5,
  "spacing_z": 2.5,
  "summary_bg_k": 28.0700017578816,
  "summary_bg_mad": 52.78535355250452,
  "summary_bg_mean": 439.1158752441406,
  "summary_bg_median": 224.9365234375,
  "summary_bg_n": 375784.0,
  "summary_bg_p05": 183.61111450195312,
  "summary_bg_p95": 1521.6231079101544,
  "summary_bg_stdv": 598.2367553710938,
  "summary_fg_k": 1.2864612810245388,
  "summary_fg_mad": 1980.7127663481815,
  "summary_fg_mean": 6240.27880859375,
  "summary_fg_median": 5910.6923828125,
  "summary_fg_n": 70706.0,
  "summary_fg_p05": 3383.1589965820312,
  "summary_fg_p95": 10256.1416015625,
  "summary_fg_stdv": 2171.6455078125,
  "tsnr": 57.28432732494548
}