{
  "aor": 0.0010765737051792827,
  "aqi": 0.0025272424302788844,
  "bids_meta": {
    "AcquisitionDateTime": "20181216121348.527500",
    "ConversionSoftware": "dicm2nii.m 20210821",
    "DeviceSerialNumber": "166054",
    "EchoTime": 0.03,
    "EffectiveEchoSpacing": 0.00050999592,
    "FlipAngle": 75,
    "ImageType": [
      "ORIGINAL",
      "PRIMARY",
      "M",
      "MB",
      "ND",
      "MOSAIC"
    ],
    "InstitutionAddress": "Street StreetNo,City,District,IL,ZIP",
    "InstitutionName": "Weizmann Institute",
    "MRAcquisitionType": "2D",
    "Manufacturer": "SIEMENS",
    "Modality": "MR",
    "ParallelAcquisitionTechnique": "none",
    "ParallelReductionFactorInPlane": 1,
    "PatientAge": "028Y",
    "PatientPosition": "HFS",
    "PatientSex": "M",
    "PatientSize": 1.7,
    "PatientWeight": 65,
    "PhaseEncodingDirection": "j-",
    "RepetitionTime": 2,
    "ScanOptions": "FS",
    "ScanningSequence": "EP",
    "SequenceName": "epfid2d1_96",
    "SequenceVariant": "SK\\SS",
    "SeriesDescription": "EPI_PSAP_iso2.5",
    "SeriesNumber": 10,
    "SliceThickness": 2.5,
    "SliceTiming": [
      0,
      0.92,
      1.8375,
      0.7775,
      1.6975,
      0.6375,
      1.555,
      0.495,
      1.415,
      0.3525,
      1.2725,
      0.2125,
      1.1325,
      0.07,
      0.99,
      1.91,
      0.8475,
      1.7675,
      0.7075,
      1.6275,
      0.565,
      1.485,
      0.425,
      1.3425,
      0.2825,
      1.2025,
      0.1425,
      1.06,
      0,
      0.92,
      1.8375,
      0.7775,
      1.6975,
      0.6375,
      1.555,
      0.495,
      1.415,
      0.3525,
      1.2725,
      0.2125,
      1.1325,
      0.07,
      0.99,
      1.91,
      0.8475,
      1.7675,
      0.7075,
      1.6275,
      0.565,
      1.485,
      0.425,
      1.3425,
      0.2825,
      1.2025,
      0.1425,
      1.06
    ],
    "SoftwareVersion": "syngo MR E11",
    "TaskName": "PSAP",
    "TotalReadoutTime": 0.048449612,
    "dataset": "ds003791",
    "modality": "bold",
    "run_id": 2,
    "subject_id": "23",
    "task_id": "PSAP"
  },
  "dummy_trs": 0,
  "dvars_nstd": 26.166476158240005,
  "dvars_std": 1.2691011962,
  "dvars_vstd": 0.9986318253599998,
  "efc": 0.4862109190268838,
  "fber": 592.4676513671875,
  "fd_mean": 0.08489616092199699,
  "fd_num": 8,
  "fd_perc": 3.187250996015936,
  "fwhm_avg": 2.926854666666667,
  "fwhm_x": 2.696308,
  "fwhm_y": 3.019472,
  "fwhm_z": 3.064784,
  "gcor": 0.0247101,
  "gsr_x": -0.020754266530275345,
  "gsr_y": 0.07021615654230118,
  "provenance": {
    "md5sum": "20e3552873b791b4d3bd1fcf1d990482",
    "settings": {
      "fd_thres": 0.2,
      "testing": false
    },
    "software": "mriqc",
    "version": "22.0.6",
    "webapi_port": null,
    "webapi_url": "https://mriqc.nimh.nih.gov/api/v1"
  },
  "size_t": 251,
  "size_x": 96,
  "size_y": 96,
  "size_z": 56,
  "snr": 2.353602263448615,
  "spacing_tr": 2.0,
  "spacing_x": 2.5,
  "spacing_y": 2.5,
  "spacing_z": 2.5,
  "summary_bg_k": 22.408497314007317,
  "summary_bg_mad": 53.728087311805744,
  "summary_bg_mean": 509.9512023925781,
  "summary_bg_median": 232.3705291748047,
  "summary_bg_n": 376017.0,
  "summary_bg_p05": 191.286865234375,
  "summary_bg_p95": 1975.7291503906254,
  "summary_bg_stdv": 754.8919067382812,
  "summary_fg_k": 1.5329559090044196,
  "summary_fg_mad": 2089.3854095767356,
  "summary_fg_mean": 6212.798828125,
  "summary_fg_median": 5726.3232421875,
  "summary_fg_n": 70628.0,
  "summary_fg_p05": 3194.4112426757815,
  "summary_fg_p95": 11010.226757812496,
  "summary_fg_stdv": 2432.986572265625,
  "tsnr": 71.36244462500326
}