{
  "aor": 0.0012314000000000001,
  "aqi": 0.00226887472,
  "bids_meta": {
    "AcquisitionDateTime": "20181216124118.482500",
    "ConversionSoftware": "dicm2nii.m 20210821",
    "DeviceSerialNumber": "166054",
    "EchoTime": 0.03,
    "EffectiveEchoSpacing": 0.00050999592,
    "FlipAngle": 75,
    "ImageType": [
      "ORIGINAL",
      "PRIMARY",
      "M",
      "MB",
      "ND",
      "MOSAIC"
    ],
    "InstitutionAddress": "Street StreetNo,City,District,IL,ZIP",
    "InstitutionName": "Weizmann Institute",
    "MRAcquisitionType": "2D",
    "Manufacturer": "SIEMENS",
    "Modality": "MR",
    "ParallelAcquisitionTechnique": "none",
    "ParallelReductionFactorInPlane": 1,
    "PatientAge": "028Y",
    "PatientPosition": "HFS",
    "PatientSex": "M",
    "PatientSize": 1.7,
    "PatientWeight": 65,
    "PhaseEncodingDirection": "j-",
    "RepetitionTime": 2,
    "ScanOptions": "FS",
    "ScanningSequence": "EP",
    "SequenceName": "epfid2d1_96",
    "SequenceVariant": "SK\\SS",
    "SeriesDescription": "EPI_PSAP_iso2.5",
    "SeriesNumber": 17,
    "SliceThickness": 2.5,
    "SliceTiming": [
      0,
      0.92,
      1.84,
      0.78,
      1.6975,
      0.6375,
      1.5575,
      0.495,
      1.415,
      0.355,
      1.275,
      0.2125,
      1.1325,
      0.0725,
      0.99,
      1.91,
      0.85,
      1.77,
      0.7075,
      1.6275,
      0.5675,
      1.485,
      0.425,
      1.345,
      0.285,
      1.2025,
      0.1425,
      1.0625,
      0,
      0.92,
      1.84,
      0.78,
      1.6975,
      0.6375,
      1.5575,
      0.495,
      1.415,
      0.355,
      1.275,
      0.2125,
      1.1325,
      0.0725,
      0.99,
      1.91,
      0.85,
      1.77,
      0.7075,
      1.6275,
      0.5675,
      1.485,
      0.425,
      1.345,
      0.285,
      1.2025,
      0.1425,
      1.0625
    ],
    "SoftwareVersion": "syngo MR E11",
    "TaskName": "PSAP",
    "TotalReadoutTime": 0.048449612,
    "dataset": "ds003791",
    "modality": "bold",
    "run_id": 4,
    "subject_id": "23",
    "task_id": "PSAP"
  },
  "dummy_trs": 1,
  "dvars_nstd": 25.523502510481936,
  "dvars_std": 1.2725709215662642,
  "dvars_vstd": 1.0166303642168675,
  "efc": 0.4879534658516664,
  "fber": 581.287841796875,
  "fd_mean": 0.08708101161159879,
  "fd_num": 6,
  "fd_perc": 2.4,
  "fwhm_avg": 2.8957306666666667,
  "fwhm_x": 2.679216,
  "fwhm_y": 2.992064,
  "fwhm_z": 3.015912,
  "gcor": 0.0337409,
  "gsr_x": -0.022020814940333366,
  "gsr_y": 0.07051842659711838,
  "provenance": {
    "md5sum": "e8f5a5523827c5e1e8a68a5a357faa9c",
    "settings": {
      "fd_thres": 0.2,
      "testing": false
    },
    "software": "mriqc",
    "version": "22.0.6",
    "webapi_port": null,
    "webapi_url": "https://mriqc.nimh.nih.gov/api/v1"
  },
  "size_t": 250,
  "size_x": 96,
  "size_y": 96,
  "size_z": 56,
  "snr": 2.3431763826007184,
  "spacing_tr": 2.0,
  "spacing_x": 2.5,
  "spacing_y": 2.5,
  "spacing_z": 2.5,
  "summary_bg_k": 22.02345688302769,
  "summary_bg_mad": 54.53013040953339,
  "summary_bg_mean": 518.3383178710938,
  "summary_bg_median": 234.46400451660156,
  "summary_bg_n": 375695.0,
  "summary_bg_p05": 192.8280029296875,
  "summary_bg_p95": 2024.7072998046867,
  "summary_bg_stdv": 771.396728515625,
  "summary_fg_k": 1.475139559300338,
  "summary_fg_mad": 2089.01331116838,
  "summary_fg_mean": 6198.3466796875,
  "summary_fg_median": 5719.98046875,
  "summary_fg_n": 70864.0,
  "summary_fg_p05": 3150.068737792969,
  "summary_fg_p95": 10983.136962890625,
  "summary_fg_stdv": 2441.105224609375,
  "tsnr": 78.19961203075945
}