{
  "aor": 0.001873110236220472,
  "aqi": 0.002838403779527559,
  "bids_meta": {
    "AcquisitionDateTime": "20181216122939.587500",
    "ConversionSoftware": "dicm2nii.m 20210821",
    "DeviceSerialNumber": "166054",
    "EchoTime": 0.03,
    "EffectiveEchoSpacing": 0.00050999592,
    "FlipAngle": 75,
    "ImageType": [
      "ORIGINAL",
      "PRIMARY",
      "M",
      "MB",
      "ND",
      "MOSAIC"
    ],
    "InstitutionAddress": "Street StreetNo,City,District,IL,ZIP",
    "InstitutionName": "Weizmann Institute",
    "MRAcquisitionType": "2D",
    "Manufacturer": "SIEMENS",
    "Modality": "MR",
    "ParallelAcquisitionTechnique": "none",
    "ParallelReductionFactorInPlane": 1,
    "PatientAge": "028Y",
    "PatientPosition": "HFS",
    "PatientSex": "M",
    "PatientSize": 1.7,
    "PatientWeight": 65,
    "PhaseEncodingDirection": "j-",
    "RepetitionTime": 2,
    "ScanOptions": "FS",
    "ScanningSequence": "EP",
    "SequenceName": "epfid2d1_96",
    "SequenceVariant": "SK\\SS",
    "SeriesDescription": "EPI_PSAP_iso2.5",
    "SeriesNumber": 13,
    "SliceThickness": 2.5,
    "SliceTiming": [
      0,
      0.92,
      1.8375,
      0.7775,
      1.6975,
      0.6375,
      1.555,
      0.495,
      1.415,
      0.355,
      1.2725,
      0.2125,
      1.1325,
      0.07,
      0.99,
      1.91,
      0.85,
      1.7675,
      0.7075,
      1.6275,
      0.565,
      1.485,
      0.425,
      1.3425,
      0.2825,
      1.2025,
      0.1425,
      1.06,
      0,
      0.92,
      1.8375,
      0.7775,
      1.6975,
      0.6375,
      1.555,
      0.495,
      1.415,
      0.355,
      1.2725,
      0.2125,
      1.1325,
      0.07,
      0.99,
      1.91,
      0.85,
      1.7675,
      0.7075,
      1.6275,
      0.565,
      1.485,
      0.425,
      1.3425,
      0.2825,
      1.2025,
      0.1425,
      1.06
    ],
    "SoftwareVersion": "syngo MR E11",
    "TaskName": "PSAP",
    "TotalReadoutTime": 0.048449612,
    "dataset": "ds003791",
    "modality": "bold",
    "run_id": 3,
    "subject_id": "23",
    "task_id": "PSAP"
  },
  "dummy_trs": 0,
  "dvars_nstd": 26.268728075059304,
  "dvars_std": 1.2857269232015818,
  "dvars_vstd": 1.0233975949011855,
  "efc": 0.4871889960297989,
  "fber": 583.6029663085938,
  "fd_mean": 0.0975378129882552,
  "fd_num": 16,
  "fd_perc": 6.299212598425197,
  "fwhm_avg": 2.9101040000000005,
  "fwhm_x": 2.70986,
  "fwhm_y": 3.0065560000000002,
  "fwhm_z": 3.013896,
  "gcor": 0.0354926,
  "gsr_x": -0.021038630977272987,
  "gsr_y": 0.07094545662403107,
  "provenance": {
    "md5sum": "50ae9a59395df88ae356d832237f935e",
    "settings": {
      "fd_thres": 0.2,
      "testing": false
    },
    "software": "mriqc",
    "version": "22.0.6",
    "webapi_port": null,
    "webapi_url": "https://mriqc.nimh.nih.gov/api/v1"
  },
  "size_t": 254,
  "size_x": 96,
  "size_y": 96,
  "size_z": 56,
  "snr": 2.3522076511583814,
  "spacing_tr": 2.0,
  "spacing_x": 2.5,
  "spacing_y": 2.5,
  "spacing_z": 2.5,
  "summary_bg_k": 22.353612249606712,
  "summary_bg_mad": 56.782493112152636,
  "summary_bg_mean": 516.7947387695312,
  "summary_bg_median": 234.53543090820312,
  "summary_bg_n": 375769.0,
  "summary_bg_p05": 190.7244110107422,
  "summary_bg_p95": 2004.292895507812,
  "summary_bg_stdv": 768.976806640625,
  "summary_fg_k": 1.4894479296584455,
  "summary_fg_mad": 2086.7220826422226,
  "summary_fg_mean": 6216.80078125,
  "summary_fg_median": 5738.1162109375,
  "summary_fg_n": 70668.0,
  "summary_fg_p05": 3182.001733398438,
  "summary_fg_p95": 11007.578710937498,
  "summary_fg_stdv": 2439.442626953125,
  "tsnr": 70.37099449336529
}