{
  "bids_meta": {
    "AcquisitionDateTime": "20190102122427.005000",
    "ConversionSoftware": "dicm2nii.m 20210821",
    "DeviceSerialNumber": "166054",
    "EchoTime": 0.00229,
    "FlipAngle": 8,
    "ImageType": [
      "ORIGINAL",
      "PRIMARY",
      "M",
      "ND",
      "NORM"
    ],
    "InstitutionAddress": "Street StreetNo,City,District,IL,ZIP",
    "InstitutionName": "Weizmann Institute",
    "InversionTime": 0.9,
    "MRAcquisitionType": "3D",
    "Manufacturer": "SIEMENS",
    "Modality": "MR",
    "ParallelAcquisitionTechnique": "GRAPPA",
    "ParallelReductionFactorInPlane": 2,
    "PatientAge": "019Y",
    "PatientPosition": "HFS",
    "PatientSex": "M",
    "PatientSize": 1.84,
    "PatientWeight": 70,
    "PhaseEncodingDirection": "j-",
    "RepetitionTime": 2.3,
    "ScanOptions": "IR\\WE",
    "ScanningSequence": "GR\\IR",
    "SequenceName": "*tfl3d1_16ns",
    "SequenceVariant": "SK\\SP\\MP",
    "SeriesDescription": "t1_mprage_sag_p2_iso_water_exc",
    "SeriesNumber": 11,
    "SliceThickness": 0.94,
    "SoftwareVersion": "syngo MR E11",
    "dataset": "ds003791",
    "modality": "T1w",
    "subject_id": "48"
  },
  "cjv": 0.33085284539635157,
  "cnr": 4.125463306586265,
  "efc": 0.6207205276078013,
  "fber": 7282.193031061856,
  "fwhm_avg": 4.700715852570828,
  "fwhm_x": 4.57867022437915,
  "fwhm_y": 4.860554666666667,
  "fwhm_z": 4.662922666666666,
  "icvs_csf": 0.20178445167365902,
  "icvs_gm": 0.4402882192387291,
  "icvs_wm": 0.35792732908761193,
  "inu_med": 0.5015717148780823,
  "inu_range": 0.20002686977386475,
  "provenance": {
    "md5sum": "1b4773286f8a19a11bbb86e52f245fbd",
    "settings": {
      "testing": false
    },
    "software": "mriqc",
    "version": "22.0.6",
    "warnings": {
      "large_rot_frame": true,
      "small_air_mask": false
    },
    "webapi_port": null,
    "webapi_url": "https://mriqc.nimh.nih.gov/api/v1"
  },
  "qi_1": 7.082700742423465e-05,
  "qi_2": 0.018083626213947115,
  "rpve_csf": 20.016511372378588,
  "rpve_gm": 9.876782437282554,
  "rpve_wm": 14.071044218285854,
  "size_x": 176,
  "size_y": 256,
  "size_z": 256,
  "snr_csf": 2.6072134168560193,
  "snr_gm": 12.240391499166805,
  "snr_total": 12.456309309929225,
  "snr_wm": 22.521323013764846,
  "snrd_csf": 33.11854835279469,
  "snrd_gm": 79.40293768607089,
  "snrd_total": 75.42410421706994,
  "snrd_wm": 113.75082661234427,
  "spacing_x": 0.9399999976158142,
  "spacing_y": 0.9375,
  "spacing_z": 0.9375,
  "summary_bg_k": 23.121344280736164,
  "summary_bg_mad": 5.759685774645578,
  "summary_bg_mean": 7.138211526850844,
  "summary_bg_median": 3.8848490193486214,
  "summary_bg_n": 2088558.0,
  "summary_bg_p05": 0.0,
  "summary_bg_p95": 26.546468298882246,
  "summary_bg_stdv": 11.55958109775521,
  "summary_csf_k": 0.011865304176841285,
  "summary_csf_mad": 108.08641093124956,
  "summary_csf_mean": 294.39151407066015,
  "summary_csf_median": 291.16445342451334,
  "summary_csf_n": 47292.0,
  "summary_csf_p05": 107.04626764180139,
  "summary_csf_p95": 481.4946622064336,
  "summary_csf_stdv": 111.6753132508599,
  "summary_gm_k": 0.054643183110097304,
  "summary_gm_mad": 56.85843649329609,
  "summary_gm_mean": 696.9550998529432,
  "summary_gm_median": 698.0774853229523,
  "summary_gm_n": 65053.0,
  "summary_gm_p05": 601.7282490674406,
  "summary_gm_p95": 788.3504192661494,
  "summary_gm_stdv": 57.03021181127635,
  "summary_wm_k": 0.5576005884026785,
  "summary_wm_mad": 43.0499590592099,
  "summary_wm_mean": 1000.5091446072634,
  "summary_wm_median": 1000.0497879423201,
  "summary_wm_n": 268459.0,
  "summary_wm_p05": 929.5995451491326,
  "summary_wm_p95": 1073.3638617433608,
  "summary_wm_stdv": 44.40449278911551,
  "tpm_overlap_csf": 0.16282480468893265,
  "tpm_overlap_gm": 0.47375427546850774,
  "tpm_overlap_wm": 0.5148529244076259,
  "wm2max": 0.869785575048733
}