{
  "aor": 0.00862048,
  "aqi": 0.0063567236,
  "bids_meta": {
    "AcquisitionDateTime": "20181101120952.667500",
    "ConversionSoftware": "dicm2nii.m 20210821",
    "DeviceSerialNumber": "166054",
    "EchoTime": 0.03,
    "EffectiveEchoSpacing": 0.00050999592,
    "FlipAngle": 75,
    "ImageType": [
      "ORIGINAL",
      "PRIMARY",
      "M",
      "MB",
      "ND",
      "MOSAIC"
    ],
    "InstitutionAddress": "Street StreetNo,City,District,IL,ZIP",
    "InstitutionName": "Weizmann Institute",
    "MRAcquisitionType": "2D",
    "Manufacturer": "SIEMENS",
    "Modality": "MR",
    "ParallelAcquisitionTechnique": "none",
    "ParallelReductionFactorInPlane": 1,
    "PatientAge": "020Y",
    "PatientPosition": "HFS",
    "PatientSex": "M",
    "PatientSize": 1.78,
    "PatientWeight": 70,
    "PhaseEncodingDirection": "j-",
    "RepetitionTime": 2,
    "ScanOptions": "FS",
    "ScanningSequence": "EP",
    "SequenceName": "epfid2d1_96",
    "SequenceVariant": "SK\\SS",
    "SeriesDescription": "EPI_PSAP_iso2.5",
    "SeriesNumber": 12,
    "SliceThickness": 2.5,
    "SliceTiming": [
      0,
      0.92,
      1.84,
      0.7775,
      1.6975,
      0.6375,
      1.555,
      0.495,
      1.415,
      0.355,
      1.2725,
      0.2125,
      1.1325,
      0.0725,
      0.99,
      1.91,
      0.85,
      1.7675,
      0.7075,
      1.6275,
      0.5675,
      1.485,
      0.425,
      1.345,
      0.2825,
      1.2025,
      0.1425,
      1.06,
      0,
      0.92,
      1.84,
      0.7775,
      1.6975,
      0.6375,
      1.555,
      0.495,
      1.415,
      0.355,
      1.2725,
      0.2125,
      1.1325,
      0.0725,
      0.99,
      1.91,
      0.85,
      1.7675,
      0.7075,
      1.6275,
      0.5675,
      1.485,
      0.425,
      1.345,
      0.2825,
      1.2025,
      0.1425,
      1.06
    ],
    "SoftwareVersion": "syngo MR E11",
    "TaskName": "PSAP",
    "TotalReadoutTime": 0.048449612,
    "dataset": "ds003791",
    "modality": "bold",
    "run_id": 1,
    "subject_id": "10",
    "task_id": "PSAP"
  },
  "dummy_trs": 0,
  "dvars_nstd": 33.85806318855422,
  "dvars_std": 1.1992281908835345,
  "dvars_vstd": 1.0367628187148592,
  "efc": 0.5248363574500523,
  "fber": 531.60107421875,
  "fd_mean": 0.1636366697295881,
  "fd_num": 43,
  "fd_perc": 17.2,
  "fwhm_avg": 2.928792,
  "fwhm_x": 2.60418,
  "fwhm_y": 3.0054279999999998,
  "fwhm_z": 3.176768,
  "gcor": 0.029025,
  "gsr_x": -0.04083626717329025,
  "gsr_y": 0.09907510876655579,
  "provenance": {
    "md5sum": "47a955cc0457afbf9a49a164656f1a46",
    "settings": {
      "fd_thres": 0.2,
      "testing": false
    },
    "software": "mriqc",
    "version": "22.0.6",
    "webapi_port": null,
    "webapi_url": "https://mriqc.nimh.nih.gov/api/v1"
  },
  "size_t": 250,
  "size_x": 96,
  "size_y": 96,
  "size_z": 56,
  "snr": 2.2612247683335522,
  "spacing_tr": 2.0,
  "spacing_x": 2.5,
  "spacing_y": 2.5,
  "spacing_z": 2.5,
  "summary_bg_k": 23.96299868229855,
  "summary_bg_mad": 60.21736772522577,
  "summary_bg_mean": 606.1423950195312,
  "summary_bg_median": 250.72801208496094,
  "summary_bg_n": 347175.0,
  "summary_bg_p05": 203.8880157470703,
  "summary_bg_p95": 2626.2953124999995,
  "summary_bg_stdv": 1016.6873779296875,
  "summary_fg_k": 0.749432225916788,
  "summary_fg_mad": 2409.2582860730477,
  "summary_fg_mean": 6442.80810546875,
  "summary_fg_median": 5963.31640625,
  "summary_fg_n": 92531.0,
  "summary_fg_p05": 3075.4261474609375,
  "summary_fg_p95": 11412.27490234375,
  "summary_fg_stdv": 2637.192138671875,
  "tsnr": 49.138290882110596
}