{
  "aor": 0.014960276679841898,
  "aqi": 0.010201434387351778,
  "bids_meta": {
    "AcquisitionDateTime": "20181101123616.572500",
    "ConversionSoftware": "dicm2nii.m 20210821",
    "DeviceSerialNumber": "166054",
    "EchoTime": 0.03,
    "EffectiveEchoSpacing": 0.00050999592,
    "FlipAngle": 75,
    "ImageType": [
      "ORIGINAL",
      "PRIMARY",
      "M",
      "MB",
      "ND",
      "MOSAIC"
    ],
    "InstitutionAddress": "Street StreetNo,City,District,IL,ZIP",
    "InstitutionName": "Weizmann Institute",
    "MRAcquisitionType": "2D",
    "Manufacturer": "SIEMENS",
    "Modality": "MR",
    "ParallelAcquisitionTechnique": "none",
    "ParallelReductionFactorInPlane": 1,
    "PatientAge": "020Y",
    "PatientPosition": "HFS",
    "PatientSex": "M",
    "PatientSize": 1.78,
    "PatientWeight": 70,
    "PhaseEncodingDirection": "j-",
    "RepetitionTime": 2,
    "ScanOptions": "FS",
    "ScanningSequence": "EP",
    "SequenceName": "epfid2d1_96",
    "SequenceVariant": "SK\\SS",
    "SeriesDescription": "EPI_PSAP_iso2.5",
    "SeriesNumber": 17,
    "SliceThickness": 2.5,
    "SliceTiming": [
      0,
      0.9175,
      1.8375,
      0.7775,
      1.695,
      0.635,
      1.555,
      0.495,
      1.4125,
      0.3525,
      1.2725,
      0.21,
      1.13,
      0.07,
      0.99,
      1.9075,
      0.8475,
      1.7675,
      0.705,
      1.625,
      0.565,
      1.485,
      0.4225,
      1.3425,
      0.2825,
      1.2,
      0.14,
      1.06,
      0,
      0.9175,
      1.8375,
      0.7775,
      1.695,
      0.635,
      1.555,
      0.495,
      1.4125,
      0.3525,
      1.2725,
      0.21,
      1.13,
      0.07,
      0.99,
      1.9075,
      0.8475,
      1.7675,
      0.705,
      1.625,
      0.565,
      1.485,
      0.4225,
      1.3425,
      0.2825,
      1.2,
      0.14,
      1.06
    ],
    "SoftwareVersion": "syngo MR E11",
    "TaskName": "PSAP",
    "TotalReadoutTime": 0.048449612,
    "dataset": "ds003791",
    "modality": "bold",
    "run_id": 3,
    "subject_id": "10",
    "task_id": "PSAP"
  },
  "dummy_trs": 0,
  "dvars_nstd": 38.51308057416666,
  "dvars_std": 1.114618678412698,
  "dvars_vstd": 1.0176648699206352,
  "efc": 0.5276803195315384,
  "fber": 521.9259643554688,
  "fd_mean": 0.21656045690896938,
  "fd_num": 47,
  "fd_perc": 18.57707509881423,
  "fwhm_avg": 2.93852,
  "fwhm_x": 2.613624,
  "fwhm_y": 3.029816,
  "fwhm_z": 3.17212,
  "gcor": 0.0752532,
  "gsr_x": -0.04204420745372772,
  "gsr_y": 0.10501411557197571,
  "provenance": {
    "md5sum": "62f885db4c111586edf1d9bd50811e9a",
    "settings": {
      "fd_thres": 0.2,
      "testing": false
    },
    "software": "mriqc",
    "version": "22.0.6",
    "webapi_port": null,
    "webapi_url": "https://mriqc.nimh.nih.gov/api/v1"
  },
  "size_t": 253,
  "size_x": 96,
  "size_y": 96,
  "size_z": 56,
  "snr": 2.292728832097512,
  "spacing_tr": 2.0,
  "spacing_x": 2.5,
  "spacing_y": 2.5,
  "spacing_z": 2.5,
  "summary_bg_k": 22.306355165832272,
  "summary_bg_mad": 61.870794061039966,
  "summary_bg_mean": 626.77734375,
  "summary_bg_median": 251.40711975097656,
  "summary_bg_n": 348496.0,
  "summary_bg_p05": 203.23716735839844,
  "summary_bg_p95": 2750.1157836914062,
  "summary_bg_stdv": 1063.5572509765625,
  "summary_fg_k": 0.7228633405265832,
  "summary_fg_mad": 2349.5234608484434,
  "summary_fg_mean": 6362.28466796875,
  "summary_fg_median": 5895.59326171875,
  "summary_fg_n": 92280.0,
  "summary_fg_p05": 3074.8737670898436,
  "summary_fg_p95": 11214.880712890626,
  "summary_fg_stdv": 2571.416748046875,
  "tsnr": 36.12985221191775
}