{
  "aor": 0.0011841666666666667,
  "aqi": 0.0030357825396825394,
  "bids_meta": {
    "AcquisitionDateTime": "20181031124302.520000",
    "ConversionSoftware": "dicm2nii.m 20210821",
    "DeviceSerialNumber": "166054",
    "EchoTime": 0.03,
    "EffectiveEchoSpacing": 0.00050999592,
    "FlipAngle": 75,
    "ImageType": [
      "ORIGINAL",
      "PRIMARY",
      "M",
      "MB",
      "ND",
      "MOSAIC"
    ],
    "InstitutionAddress": "Street StreetNo,City,District,IL,ZIP",
    "InstitutionName": "Weizmann Institute",
    "MRAcquisitionType": "2D",
    "Manufacturer": "SIEMENS",
    "Modality": "MR",
    "ParallelAcquisitionTechnique": "none",
    "ParallelReductionFactorInPlane": 1,
    "PatientAge": "027Y",
    "PatientPosition": "HFS",
    "PatientSex": "F",
    "PatientSize": 1.71,
    "PatientWeight": 54,
    "PhaseEncodingDirection": "j-",
    "RepetitionTime": 2,
    "ScanOptions": "FS",
    "ScanningSequence": "EP",
    "SequenceName": "epfid2d1_96",
    "SequenceVariant": "SK\\SS",
    "SeriesDescription": "EPI_PSAP_iso2.5",
    "SeriesNumber": 21,
    "SliceThickness": 2.5,
    "SliceTiming": [
      0,
      0.92,
      1.8375,
      0.7775,
      1.6975,
      0.635,
      1.555,
      0.495,
      1.4125,
      0.3525,
      1.2725,
      0.2125,
      1.13,
      0.07,
      0.99,
      1.9075,
      0.8475,
      1.7675,
      0.7075,
      1.625,
      0.565,
      1.485,
      0.425,
      1.3425,
      0.2825,
      1.2025,
      0.14,
      1.06,
      0,
      0.92,
      1.8375,
      0.7775,
      1.6975,
      0.635,
      1.555,
      0.495,
      1.4125,
      0.3525,
      1.2725,
      0.2125,
      1.13,
      0.07,
      0.99,
      1.9075,
      0.8475,
      1.7675,
      0.7075,
      1.625,
      0.565,
      1.485,
      0.425,
      1.3425,
      0.2825,
      1.2025,
      0.14,
      1.06
    ],
    "SoftwareVersion": "syngo MR E11",
    "TaskName": "PSAP",
    "TotalReadoutTime": 0.048449612,
    "dataset": "ds003791",
    "modality": "bold",
    "run_id": 4,
    "subject_id": "26",
    "task_id": "PSAP"
  },
  "dummy_trs": 1,
  "dvars_nstd": 28.691984769322712,
  "dvars_std": 1.2712355462151386,
  "dvars_vstd": 0.9828572146215134,
  "efc": 0.45541040665197263,
  "fber": 737.5549926757812,
  "fd_mean": 0.1482967714216575,
  "fd_num": 53,
  "fd_perc": 21.03174603174603,
  "fwhm_avg": 2.960988,
  "fwhm_x": 2.8390519999999997,
  "fwhm_y": 3.015868,
  "fwhm_z": 3.028044,
  "gcor": 0.00652919,
  "gsr_x": -0.028803054243326187,
  "gsr_y": 0.05562019348144531,
  "provenance": {
    "md5sum": "2162359e3973cddcaa3ab3b271384ce2",
    "settings": {
      "fd_thres": 0.2,
      "testing": false
    },
    "software": "mriqc",
    "version": "22.0.6",
    "webapi_port": null,
    "webapi_url": "https://mriqc.nimh.nih.gov/api/v1"
  },
  "size_t": 252,
  "size_x": 96,
  "size_y": 96,
  "size_z": 56,
  "snr": 2.2762897155677733,
  "spacing_tr": 2.0,
  "spacing_x": 2.5,
  "spacing_y": 2.5,
  "spacing_z": 2.5,
  "summary_bg_k": 36.56248300011856,
  "summary_bg_mad": 41.71289215990531,
  "summary_bg_mean": 421.2528076171875,
  "summary_bg_median": 217.4365234375,
  "summary_bg_n": 381766.0,
  "summary_bg_p05": 181.17063903808594,
  "summary_bg_p95": 1469.4197387695312,
  "summary_bg_stdv": 640.9620971679688,
  "summary_fg_k": 2.9030483352026017,
  "summary_fg_mad": 2058.8961437878233,
  "summary_fg_mean": 6517.2509765625,
  "summary_fg_median": 5962.70458984375,
  "summary_fg_n": 67358.0,
  "summary_fg_p05": 3479.9392944335937,
  "summary_fg_p95": 11691.044189453123,
  "summary_fg_stdv": 2619.464599609375,
  "tsnr": 72.063497453928
}