{
  "aor": 0.005450791366906475,
  "aqi": 0.0060621939208633105,
  "bids_meta": {
    "AcquisitionDateTime": "20181031120503.042500",
    "ConversionSoftware": "dicm2nii.m 20210821",
    "DeviceSerialNumber": "166054",
    "EchoTime": 0.03,
    "EffectiveEchoSpacing": 0.00050999592,
    "FlipAngle": 75,
    "ImageType": [
      "ORIGINAL",
      "PRIMARY",
      "M",
      "MB",
      "ND",
      "MOSAIC"
    ],
    "InstitutionAddress": "Street StreetNo,City,District,IL,ZIP",
    "InstitutionName": "Weizmann Institute",
    "MRAcquisitionType": "2D",
    "Manufacturer": "SIEMENS",
    "Modality": "MR",
    "ParallelAcquisitionTechnique": "none",
    "ParallelReductionFactorInPlane": 1,
    "PatientAge": "027Y",
    "PatientPosition": "HFS",
    "PatientSex": "F",
    "PatientSize": 1.71,
    "PatientWeight": 54,
    "PhaseEncodingDirection": "j-",
    "RepetitionTime": 2,
    "ScanOptions": "FS",
    "ScanningSequence": "EP",
    "SequenceName": "epfid2d1_96",
    "SequenceVariant": "SK\\SS",
    "SeriesDescription": "EPI_PSAP_iso2.5",
    "SeriesNumber": 10,
    "SliceThickness": 2.5,
    "SliceTiming": [
      0,
      0.92,
      1.8375,
      0.7775,
      1.6975,
      0.635,
      1.555,
      0.495,
      1.415,
      0.3525,
      1.2725,
      0.2125,
      1.13,
      0.07,
      0.99,
      1.9075,
      0.8475,
      1.7675,
      0.7075,
      1.625,
      0.565,
      1.485,
      0.425,
      1.3425,
      0.2825,
      1.2025,
      0.14,
      1.06,
      0,
      0.92,
      1.8375,
      0.7775,
      1.6975,
      0.635,
      1.555,
      0.495,
      1.415,
      0.3525,
      1.2725,
      0.2125,
      1.13,
      0.07,
      0.99,
      1.9075,
      0.8475,
      1.7675,
      0.7075,
      1.625,
      0.565,
      1.485,
      0.425,
      1.3425,
      0.2825,
      1.2025,
      0.14,
      1.06
    ],
    "SoftwareVersion": "syngo MR E11",
    "TaskName": "PSAP",
    "TotalReadoutTime": 0.048449612,
    "dataset": "ds003791",
    "modality": "bold",
    "run_id": 1,
    "subject_id": "26",
    "task_id": "PSAP"
  },
  "dummy_trs": 0,
  "dvars_nstd": 26.49263979631768,
  "dvars_std": 1.1911533074729252,
  "dvars_vstd": 1.0073910555595658,
  "efc": 0.45328683918058976,
  "fber": 737.9267578125,
  "fd_mean": 0.17237774640726872,
  "fd_num": 79,
  "fd_perc": 28.41726618705036,
  "fwhm_avg": 2.9071133333333337,
  "fwhm_x": 2.78056,
  "fwhm_y": 2.976204,
  "fwhm_z": 2.964576,
  "gcor": 0.00966254,
  "gsr_x": -0.02712666243314743,
  "gsr_y": 0.05463075637817383,
  "provenance": {
    "md5sum": "b9b0fa32336f26ddaa0de44be4680fc8",
    "settings": {
      "fd_thres": 0.2,
      "testing": false
    },
    "software": "mriqc",
    "version": "22.0.6",
    "webapi_port": null,
    "webapi_url": "https://mriqc.nimh.nih.gov/api/v1"
  },
  "size_t": 278,
  "size_x": 96,
  "size_y": 96,
  "size_z": 56,
  "snr": 2.2891770380196403,
  "spacing_tr": 2.0,
  "spacing_x": 2.5,
  "spacing_y": 2.5,
  "spacing_z": 2.5,
  "summary_bg_k": 36.08529453505683,
  "summary_bg_mad": 47.1286116559794,
  "summary_bg_mean": 412.2738037109375,
  "summary_bg_median": 217.3813018798828,
  "summary_bg_n": 381850.0,
  "summary_bg_p05": 172.06475830078125,
  "summary_bg_p95": 1425.030096435546,
  "summary_bg_stdv": 619.6539306640625,
  "summary_fg_k": 2.786548939626586,
  "summary_fg_mad": 2052.0336790757515,
  "summary_fg_mean": 6513.17236328125,
  "summary_fg_median": 5958.65478515625,
  "summary_fg_n": 67223.0,
  "summary_fg_p05": 3484.473876953125,
  "summary_fg_p95": 11671.193749999999,
  "summary_fg_stdv": 2602.94873046875,
  "tsnr": 51.79047398199327
}