{
  "aor": 0.00070004,
  "aqi": 0.00447960396,
  "bids_meta": {
    "AcquisitionDateTime": "20181031121645.595000",
    "ConversionSoftware": "dicm2nii.m 20210821",
    "DeviceSerialNumber": "166054",
    "EchoTime": 0.03,
    "EffectiveEchoSpacing": 0.00050999592,
    "FlipAngle": 75,
    "ImageType": [
      "ORIGINAL",
      "PRIMARY",
      "M",
      "MB",
      "ND",
      "MOSAIC"
    ],
    "InstitutionAddress": "Street StreetNo,City,District,IL,ZIP",
    "InstitutionName": "Weizmann Institute",
    "MRAcquisitionType": "2D",
    "Manufacturer": "SIEMENS",
    "Modality": "MR",
    "ParallelAcquisitionTechnique": "none",
    "ParallelReductionFactorInPlane": 1,
    "PatientAge": "027Y",
    "PatientPosition": "HFS",
    "PatientSex": "F",
    "PatientSize": 1.71,
    "PatientWeight": 54,
    "PhaseEncodingDirection": "j-",
    "RepetitionTime": 2,
    "ScanOptions": "FS",
    "ScanningSequence": "EP",
    "SequenceName": "epfid2d1_96",
    "SequenceVariant": "SK\\SS",
    "SeriesDescription": "EPI_PSAP_iso2.5",
    "SeriesNumber": 14,
    "SliceThickness": 2.5,
    "SliceTiming": [
      0,
      0.92,
      1.8375,
      0.7775,
      1.6975,
      0.635,
      1.555,
      0.495,
      1.415,
      0.3525,
      1.2725,
      0.2125,
      1.13,
      0.07,
      0.99,
      1.91,
      0.8475,
      1.7675,
      0.7075,
      1.625,
      0.565,
      1.485,
      0.425,
      1.3425,
      0.2825,
      1.2025,
      0.14,
      1.06,
      0,
      0.92,
      1.8375,
      0.7775,
      1.6975,
      0.635,
      1.555,
      0.495,
      1.415,
      0.3525,
      1.2725,
      0.2125,
      1.13,
      0.07,
      0.99,
      1.91,
      0.8475,
      1.7675,
      0.7075,
      1.625,
      0.565,
      1.485,
      0.425,
      1.3425,
      0.2825,
      1.2025,
      0.14,
      1.06
    ],
    "SoftwareVersion": "syngo MR E11",
    "TaskName": "PSAP",
    "TotalReadoutTime": 0.048449612,
    "dataset": "ds003791",
    "modality": "bold",
    "run_id": 2,
    "subject_id": "26",
    "task_id": "PSAP"
  },
  "dummy_trs": 0,
  "dvars_nstd": 24.651651543654616,
  "dvars_std": 1.1342418040963858,
  "dvars_vstd": 0.95539522935743,
  "efc": 0.45478746321348434,
  "fber": 747.6185913085938,
  "fd_mean": 0.143028644117088,
  "fd_num": 38,
  "fd_perc": 15.2,
  "fwhm_avg": 2.928424,
  "fwhm_x": 2.796768,
  "fwhm_y": 2.9924720000000002,
  "fwhm_z": 2.996032,
  "gcor": 0.0100423,
  "gsr_x": -0.02755127288401127,
  "gsr_y": 0.0537821389734745,
  "provenance": {
    "md5sum": "5284f2046b47575e920910d14fadada9",
    "settings": {
      "fd_thres": 0.2,
      "testing": false
    },
    "software": "mriqc",
    "version": "22.0.6",
    "webapi_port": null,
    "webapi_url": "https://mriqc.nimh.nih.gov/api/v1"
  },
  "size_t": 250,
  "size_x": 96,
  "size_y": 96,
  "size_z": 56,
  "snr": 2.3097135805258326,
  "spacing_tr": 2.0,
  "spacing_x": 2.5,
  "spacing_y": 2.5,
  "spacing_z": 2.5,
  "summary_bg_k": 36.844767119147114,
  "summary_bg_mad": 38.927221585291264,
  "summary_bg_mean": 412.5950927734375,
  "summary_bg_median": 215.00001525878906,
  "summary_bg_n": 381718.0,
  "summary_bg_p05": 181.416015625,
  "summary_bg_p95": 1416.9689086914052,
  "summary_bg_stdv": 623.262939453125,
  "summary_fg_k": 2.6932144860572826,
  "summary_fg_mad": 2028.5741051046123,
  "summary_fg_mean": 6485.72705078125,
  "summary_fg_median": 5939.5205078125,
  "summary_fg_n": 67335.0,
  "summary_fg_p05": 3497.2906005859377,
  "summary_fg_p95": 11605.771972656246,
  "summary_fg_stdv": 2571.520751953125,
  "tsnr": 61.78372740908526
}