{
  "aor": 0.003246377358490566,
  "aqi": 0.004443943283018868,
  "bids_meta": {
    "AcquisitionDateTime": "20180902120511.557500",
    "ConversionSoftware": "dicm2nii.m 20210821",
    "DeviceSerialNumber": "166054",
    "EchoTime": 0.03,
    "EffectiveEchoSpacing": 0.00050999592,
    "FlipAngle": 75,
    "ImageType": [
      "ORIGINAL",
      "PRIMARY",
      "M",
      "MB",
      "ND",
      "MOSAIC"
    ],
    "InstitutionAddress": "Street StreetNo,City,District,IL,ZIP",
    "InstitutionName": "Weizmann Institute",
    "MRAcquisitionType": "2D",
    "Manufacturer": "SIEMENS",
    "Modality": "MR",
    "ParallelAcquisitionTechnique": "none",
    "ParallelReductionFactorInPlane": 1,
    "PatientAge": "036Y",
    "PatientPosition": "HFS",
    "PatientSex": "M",
    "PatientSize": 1.76,
    "PatientWeight": 71,
    "PhaseEncodingDirection": "j-",
    "RepetitionTime": 2,
    "ScanOptions": "FS",
    "ScanningSequence": "EP",
    "SequenceName": "epfid2d1_96",
    "SequenceVariant": "SK\\SS",
    "SeriesDescription": "EPI_PSAP_iso2.5",
    "SeriesNumber": 8,
    "SliceThickness": 2.5,
    "SliceTiming": [
      0,
      0.9175,
      1.8375,
      0.7775,
      1.695,
      0.635,
      1.555,
      0.495,
      1.4125,
      0.3525,
      1.2725,
      0.21,
      1.13,
      0.07,
      0.99,
      1.9075,
      0.8475,
      1.7675,
      0.705,
      1.625,
      0.565,
      1.485,
      0.4225,
      1.3425,
      0.2825,
      1.2,
      0.14,
      1.06,
      0,
      0.9175,
      1.8375,
      0.7775,
      1.695,
      0.635,
      1.555,
      0.495,
      1.4125,
      0.3525,
      1.2725,
      0.21,
      1.13,
      0.07,
      0.99,
      1.9075,
      0.8475,
      1.7675,
      0.705,
      1.625,
      0.565,
      1.485,
      0.4225,
      1.3425,
      0.2825,
      1.2,
      0.14,
      1.06
    ],
    "SoftwareVersion": "syngo MR E11",
    "TaskName": "PSAP",
    "TotalReadoutTime": 0.048449612,
    "dataset": "ds003791",
    "modality": "bold",
    "run_id": 2,
    "subject_id": "44",
    "task_id": "PSAP"
  },
  "dummy_trs": 1,
  "dvars_nstd": 28.767581975265156,
  "dvars_std": 1.2182964598863641,
  "dvars_vstd": 0.996628433030303,
  "efc": 0.4919426600475067,
  "fber": 612.3790893554688,
  "fd_mean": 0.1728580431254217,
  "fd_num": 77,
  "fd_perc": 29.056603773584907,
  "fwhm_avg": 3.225866666666667,
  "fwhm_x": 3.005648,
  "fwhm_y": 3.3156120000000002,
  "fwhm_z": 3.3563400000000003,
  "gcor": 0.0290698,
  "gsr_x": -0.04172266647219658,
  "gsr_y": 0.08658354729413986,
  "provenance": {
    "md5sum": "99c0ec807999e0985d4f5efd1f62e099",
    "settings": {
      "fd_thres": 0.2,
      "testing": false
    },
    "software": "mriqc",
    "version": "22.0.6",
    "webapi_port": null,
    "webapi_url": "https://mriqc.nimh.nih.gov/api/v1"
  },
  "size_t": 265,
  "size_x": 96,
  "size_y": 96,
  "size_z": 56,
  "snr": 2.02157041771377,
  "spacing_tr": 2.0,
  "spacing_x": 2.5,
  "spacing_y": 2.5,
  "spacing_z": 2.5,
  "summary_bg_k": 27.630495088344066,
  "summary_bg_mad": 71.85865465160954,
  "summary_bg_mean": 575.8090209960938,
  "summary_bg_median": 250.5962371826172,
  "summary_bg_n": 362805.0,
  "summary_bg_p05": 196.0301971435547,
  "summary_bg_p95": 2249.168408203124,
  "summary_bg_stdv": 886.2459106445312,
  "summary_fg_k": 1.8608512341401777,
  "summary_fg_mad": 2662.3894492232153,
  "summary_fg_mean": 6968.7119140625,
  "summary_fg_median": 6291.29052734375,
  "summary_fg_n": 82723.0,
  "summary_fg_p05": 3227.1133300781253,
  "summary_fg_p95": 13041.039746093742,
  "summary_fg_stdv": 3112.06201171875,
  "tsnr": 57.96721266768873
}