{
  "aor": 0.0013569291338582676,
  "aqi": 0.0030715611023622046,
  "bids_meta": {
    "AcquisitionDateTime": "20180902123318.872500",
    "ConversionSoftware": "dicm2nii.m 20210821",
    "DeviceSerialNumber": "166054",
    "EchoTime": 0.03,
    "EffectiveEchoSpacing": 0.00050999592,
    "FlipAngle": 75,
    "ImageType": [
      "ORIGINAL",
      "PRIMARY",
      "M",
      "MB",
      "ND",
      "MOSAIC"
    ],
    "InstitutionAddress": "Street StreetNo,City,District,IL,ZIP",
    "InstitutionName": "Weizmann Institute",
    "MRAcquisitionType": "2D",
    "Manufacturer": "SIEMENS",
    "Modality": "MR",
    "ParallelAcquisitionTechnique": "none",
    "ParallelReductionFactorInPlane": 1,
    "PatientAge": "036Y",
    "PatientPosition": "HFS",
    "PatientSex": "M",
    "PatientSize": 1.76,
    "PatientWeight": 71,
    "PhaseEncodingDirection": "j-",
    "RepetitionTime": 2,
    "ScanOptions": "FS",
    "ScanningSequence": "EP",
    "SequenceName": "epfid2d1_96",
    "SequenceVariant": "SK\\SS",
    "SeriesDescription": "EPI_PSAP_iso2.5",
    "SeriesNumber": 13,
    "SliceThickness": 2.5,
    "SliceTiming": [
      0,
      0.92,
      1.8375,
      0.7775,
      1.6975,
      0.635,
      1.555,
      0.495,
      1.415,
      0.3525,
      1.2725,
      0.2125,
      1.13,
      0.07,
      0.99,
      1.91,
      0.8475,
      1.7675,
      0.7075,
      1.625,
      0.565,
      1.485,
      0.425,
      1.3425,
      0.2825,
      1.2025,
      0.14,
      1.06,
      0,
      0.92,
      1.8375,
      0.7775,
      1.6975,
      0.635,
      1.555,
      0.495,
      1.415,
      0.3525,
      1.2725,
      0.2125,
      1.13,
      0.07,
      0.99,
      1.91,
      0.8475,
      1.7675,
      0.7075,
      1.625,
      0.565,
      1.485,
      0.425,
      1.3425,
      0.2825,
      1.2025,
      0.14,
      1.06
    ],
    "SoftwareVersion": "syngo MR E11",
    "TaskName": "PSAP",
    "TotalReadoutTime": 0.048449612,
    "dataset": "ds003791",
    "modality": "bold",
    "run_id": 4,
    "subject_id": "44",
    "task_id": "PSAP"
  },
  "dummy_trs": 0,
  "dvars_nstd": 28.575823071225308,
  "dvars_std": 1.2817552126086948,
  "dvars_vstd": 1.0048138131620552,
  "efc": 0.490673779654428,
  "fber": 614.5556030273438,
  "fd_mean": 0.1456766066203181,
  "fd_num": 45,
  "fd_perc": 17.716535433070867,
  "fwhm_avg": 3.2762506666666673,
  "fwhm_x": 3.041844,
  "fwhm_y": 3.341232,
  "fwhm_z": 3.445676,
  "gcor": 0.0180648,
  "gsr_x": -0.041505079716444016,
  "gsr_y": 0.08499079942703247,
  "provenance": {
    "md5sum": "ddbf2ffa94013801b4465a4b9833a635",
    "settings": {
      "fd_thres": 0.2,
      "testing": false
    },
    "software": "mriqc",
    "version": "22.0.6",
    "webapi_port": null,
    "webapi_url": "https://mriqc.nimh.nih.gov/api/v1"
  },
  "size_t": 254,
  "size_x": 96,
  "size_y": 96,
  "size_z": 56,
  "snr": 2.0110083196690978,
  "spacing_tr": 2.0,
  "spacing_x": 2.5,
  "spacing_y": 2.5,
  "spacing_z": 2.5,
  "summary_bg_k": 27.984866036284274,
  "summary_bg_mad": 72.81971280966854,
  "summary_bg_mean": 583.9304809570312,
  "summary_bg_median": 253.8956756591797,
  "summary_bg_n": 363080.0,
  "summary_bg_p05": 199.18504333496094,
  "summary_bg_p95": 2292.901806640625,
  "summary_bg_stdv": 900.974365234375,
  "summary_fg_k": 1.7865509644923154,
  "summary_fg_mad": 2737.95221141335,
  "summary_fg_mean": 7101.89404296875,
  "summary_fg_median": 6416.3505859375,
  "summary_fg_n": 82202.0,
  "summary_fg_p05": 3246.1641357421877,
  "summary_fg_p95": 13315.40439453125,
  "summary_fg_stdv": 3190.59423828125,
  "tsnr": 71.12260941648856
}