{
  "aor": 0.0010773705179282869,
  "aqi": 0.003854029282868526,
  "bids_meta": {
    "AcquisitionDateTime": "20180902114652.942500",
    "ConversionSoftware": "dicm2nii.m 20210821",
    "DeviceSerialNumber": "166054",
    "EchoTime": 0.03,
    "EffectiveEchoSpacing": 0.00050999592,
    "FlipAngle": 75,
    "ImageType": [
      "ORIGINAL",
      "PRIMARY",
      "M",
      "MB",
      "ND",
      "MOSAIC"
    ],
    "InstitutionAddress": "Street StreetNo,City,District,IL,ZIP",
    "InstitutionName": "Weizmann Institute",
    "MRAcquisitionType": "2D",
    "Manufacturer": "SIEMENS",
    "Modality": "MR",
    "ParallelAcquisitionTechnique": "none",
    "ParallelReductionFactorInPlane": 1,
    "PatientAge": "036Y",
    "PatientPosition": "HFS",
    "PatientSex": "M",
    "PatientSize": 1.76,
    "PatientWeight": 71,
    "PhaseEncodingDirection": "j-",
    "RepetitionTime": 2,
    "ScanOptions": "FS",
    "ScanningSequence": "EP",
    "SequenceName": "epfid2d1_96",
    "SequenceVariant": "SK\\SS",
    "SeriesDescription": "EPI_PSAP_iso2.5",
    "SeriesNumber": 6,
    "SliceThickness": 2.5,
    "SliceTiming": [
      0,
      0.92,
      1.84,
      0.78,
      1.6975,
      0.6375,
      1.5575,
      0.495,
      1.415,
      0.355,
      1.275,
      0.2125,
      1.1325,
      0.0725,
      0.99,
      1.91,
      0.85,
      1.77,
      0.7075,
      1.6275,
      0.5675,
      1.485,
      0.425,
      1.345,
      0.285,
      1.2025,
      0.1425,
      1.0625,
      0,
      0.92,
      1.84,
      0.78,
      1.6975,
      0.6375,
      1.5575,
      0.495,
      1.415,
      0.355,
      1.275,
      0.2125,
      1.1325,
      0.0725,
      0.99,
      1.91,
      0.85,
      1.77,
      0.7075,
      1.6275,
      0.5675,
      1.485,
      0.425,
      1.345,
      0.285,
      1.2025,
      0.1425,
      1.0625
    ],
    "SoftwareVersion": "syngo MR E11",
    "TaskName": "PSAP",
    "TotalReadoutTime": 0.048449612,
    "dataset": "ds003791",
    "modality": "bold",
    "run_id": 1,
    "subject_id": "44",
    "task_id": "PSAP"
  },
  "dummy_trs": 0,
  "dvars_nstd": 29.349762939559987,
  "dvars_std": 1.2514389644,
  "dvars_vstd": 0.9842764466799996,
  "efc": 0.4903867482343216,
  "fber": 617.798583984375,
  "fd_mean": 0.172013359755681,
  "fd_num": 74,
  "fd_perc": 29.48207171314741,
  "fwhm_avg": 3.2132893333333334,
  "fwhm_x": 2.980248,
  "fwhm_y": 3.2534520000000002,
  "fwhm_z": 3.406168,
  "gcor": 0.021485,
  "gsr_x": -0.039783064275979996,
  "gsr_y": 0.08768074959516525,
  "provenance": {
    "md5sum": "12e2cf505b04342f805d4f77c76e772b",
    "settings": {
      "fd_thres": 0.2,
      "testing": false
    },
    "software": "mriqc",
    "version": "22.0.6",
    "webapi_port": null,
    "webapi_url": "https://mriqc.nimh.nih.gov/api/v1"
  },
  "size_t": 251,
  "size_x": 96,
  "size_y": 96,
  "size_z": 56,
  "snr": 2.0162740072500807,
  "spacing_tr": 2.0,
  "spacing_x": 2.5,
  "spacing_y": 2.5,
  "spacing_z": 2.5,
  "summary_bg_k": 27.728891101136774,
  "summary_bg_mad": 64.96277619019756,
  "summary_bg_mean": 552.2420654296875,
  "summary_bg_median": 243.8645477294922,
  "summary_bg_n": 362487.0,
  "summary_bg_p05": 194.74900817871094,
  "summary_bg_p95": 2129.6431396484386,
  "summary_bg_stdv": 852.337646484375,
  "summary_fg_k": 1.9270226490459432,
  "summary_fg_mad": 2550.1851287861755,
  "summary_fg_mean": 6806.0078125,
  "summary_fg_median": 6133.3544921875,
  "summary_fg_n": 82876.0,
  "summary_fg_p05": 3176.0628662109375,
  "summary_fg_p95": 12790.237548828125,
  "summary_fg_stdv": 3041.90673828125,
  "tsnr": 64.54721041955054
}