{
  "aor": 0.003442352941176471,
  "aqi": 0.005860824,
  "bids_meta": {
    "AcquisitionDateTime": "20190117142426.495000",
    "ConversionSoftware": "dicm2nii.m 20210821",
    "DeviceSerialNumber": "166054",
    "EchoTime": 0.03,
    "EffectiveEchoSpacing": 0.00050999592,
    "FlipAngle": 75,
    "ImageType": [
      "ORIGINAL",
      "PRIMARY",
      "M",
      "MB",
      "ND",
      "MOSAIC"
    ],
    "InstitutionAddress": "Street StreetNo,City,District,IL,ZIP",
    "InstitutionName": "Weizmann Institute",
    "MRAcquisitionType": "2D",
    "Manufacturer": "SIEMENS",
    "Modality": "MR",
    "ParallelAcquisitionTechnique": "none",
    "ParallelReductionFactorInPlane": 1,
    "PatientAge": "030Y",
    "PatientPosition": "HFS",
    "PatientSex": "F",
    "PatientSize": 1.65,
    "PatientWeight": 52,
    "PhaseEncodingDirection": "j-",
    "RepetitionTime": 2,
    "ScanOptions": "FS",
    "ScanningSequence": "EP",
    "SequenceName": "epfid2d1_96",
    "SequenceVariant": "SK\\SS",
    "SeriesDescription": "EPI_PSAP_iso2.5",
    "SeriesNumber": 13,
    "SliceThickness": 2.5,
    "SliceTiming": [
      0,
      0.92,
      1.8375,
      0.7775,
      1.6975,
      0.635,
      1.555,
      0.495,
      1.415,
      0.3525,
      1.2725,
      0.2125,
      1.13,
      0.07,
      0.99,
      1.91,
      0.8475,
      1.7675,
      0.7075,
      1.625,
      0.565,
      1.485,
      0.425,
      1.3425,
      0.2825,
      1.2025,
      0.14,
      1.06,
      0,
      0.92,
      1.8375,
      0.7775,
      1.6975,
      0.635,
      1.555,
      0.495,
      1.415,
      0.3525,
      1.2725,
      0.2125,
      1.13,
      0.07,
      0.99,
      1.91,
      0.8475,
      1.7675,
      0.7075,
      1.625,
      0.565,
      1.485,
      0.425,
      1.3425,
      0.2825,
      1.2025,
      0.14,
      1.06
    ],
    "SoftwareVersion": "syngo MR E11",
    "TaskName": "PSAP",
    "TotalReadoutTime": 0.048449612,
    "dataset": "ds003791",
    "modality": "bold",
    "run_id": 3,
    "subject_id": "40",
    "task_id": "PSAP"
  },
  "dummy_trs": 0,
  "dvars_nstd": 28.3890232776378,
  "dvars_std": 1.2717780488976382,
  "dvars_vstd": 0.9855651883464569,
  "efc": 0.4803882373583063,
  "fber": 698.2141723632812,
  "fd_mean": 0.1216941314721389,
  "fd_num": 22,
  "fd_perc": 8.627450980392156,
  "fwhm_avg": 2.9396453333333334,
  "fwhm_x": 2.7659320000000003,
  "fwhm_y": 3.030908,
  "fwhm_z": 3.0220960000000003,
  "gcor": 0.0145417,
  "gsr_x": -0.03929266706109047,
  "gsr_y": 0.05423898249864578,
  "provenance": {
    "md5sum": "ed60c6de529099cc3823fc10e0ee1426",
    "settings": {
      "fd_thres": 0.2,
      "testing": false
    },
    "software": "mriqc",
    "version": "22.0.6",
    "webapi_port": null,
    "webapi_url": "https://mriqc.nimh.nih.gov/api/v1"
  },
  "size_t": 255,
  "size_x": 96,
  "size_y": 96,
  "size_z": 56,
  "snr": 2.4154354798701427,
  "spacing_tr": 2.0,
  "spacing_x": 2.5,
  "spacing_y": 2.5,
  "spacing_z": 2.5,
  "summary_bg_k": 29.682030227159864,
  "summary_bg_mad": 52.5858777672617,
  "summary_bg_mean": 494.28302001953125,
  "summary_bg_median": 229.64120483398438,
  "summary_bg_n": 373602.0,
  "summary_bg_p05": 189.0274658203125,
  "summary_bg_p95": 1860.9485107421876,
  "summary_bg_stdv": 777.405029296875,
  "summary_fg_k": 1.0570624098444252,
  "summary_fg_mad": 2378.4313084018445,
  "summary_fg_mean": 6675.4326171875,
  "summary_fg_median": 6196.94921875,
  "summary_fg_n": 72465.0,
  "summary_fg_p05": 3452.8606445312503,
  "summary_fg_p95": 11565.106054687501,
  "summary_fg_stdv": 2565.544189453125,
  "tsnr": 58.63143113348633
}