{
  "bids_meta": {
    "AcquisitionDateTime": "20180826151404.962500",
    "ConversionSoftware": "dicm2nii.m 20210821",
    "DeviceSerialNumber": "166054",
    "EchoTime": 0.00229,
    "FlipAngle": 8,
    "ImageType": [
      "ORIGINAL",
      "PRIMARY",
      "M",
      "ND",
      "NORM"
    ],
    "InstitutionAddress": "Street StreetNo,City,District,IL,ZIP",
    "InstitutionName": "Weizmann Institute",
    "InversionTime": 0.9,
    "MRAcquisitionType": "3D",
    "Manufacturer": "SIEMENS",
    "Modality": "MR",
    "ParallelAcquisitionTechnique": "GRAPPA",
    "ParallelReductionFactorInPlane": 2,
    "PatientAge": "025Y",
    "PatientPosition": "HFS",
    "PatientSex": "M",
    "PatientSize": 1.92,
    "PatientWeight": 88,
    "PhaseEncodingDirection": "j-",
    "RepetitionTime": 2.3,
    "ScanOptions": "IR\\WE",
    "ScanningSequence": "GR\\IR",
    "SequenceName": "*tfl3d1_16ns",
    "SequenceVariant": "SK\\SP\\MP",
    "SeriesDescription": "t1_mprage_sag_p2_iso_water_exc",
    "SeriesNumber": 11,
    "SliceThickness": 0.94,
    "SoftwareVersion": "syngo MR E11",
    "dataset": "ds003791",
    "modality": "T1w",
    "subject_id": "15"
  },
  "cjv": 0.33429038939625555,
  "cnr": 4.010848464681324,
  "efc": 0.6570786910532797,
  "fber": 9551.543823999998,
  "fwhm_avg": 4.560504456659365,
  "fwhm_x": 4.5243827033114306,
  "fwhm_y": 4.661098666666667,
  "fwhm_z": 4.496032,
  "icvs_csf": 0.2188688243398117,
  "icvs_gm": 0.4245782239500566,
  "icvs_wm": 0.3565529517101317,
  "inu_med": 0.47241856157779694,
  "inu_range": 0.16240937262773514,
  "provenance": {
    "md5sum": "9698943e171daa90492eca3052716b92",
    "settings": {
      "testing": false
    },
    "software": "mriqc",
    "version": "22.0.6",
    "warnings": {
      "large_rot_frame": true,
      "small_air_mask": false
    },
    "webapi_port": null,
    "webapi_url": "https://mriqc.nimh.nih.gov/api/v1"
  },
  "qi_1": 1.4354426242541219e-05,
  "qi_2": 0.015003223879040996,
  "rpve_csf": 18.169142162362597,
  "rpve_gm": 9.628106341417745,
  "rpve_wm": 13.481226837271734,
  "size_x": 176,
  "size_y": 256,
  "size_z": 256,
  "snr_csf": 2.086548195815254,
  "snr_gm": 10.66223337754157,
  "snr_total": 12.065172053133715,
  "snr_wm": 23.44673458604432,
  "snrd_csf": 30.758750067214727,
  "snrd_gm": 98.66655511816015,
  "snrd_total": 91.08759580550306,
  "snrd_wm": 143.83748223113432,
  "spacing_x": 0.940000057220459,
  "spacing_y": 0.9375,
  "spacing_z": 0.9375,
  "summary_bg_k": 32.968291377704354,
  "summary_bg_mad": 4.554894519512361,
  "summary_bg_mean": 6.544218328853392,
  "summary_bg_median": 3.072229666635394,
  "summary_bg_n": 1617446.0,
  "summary_bg_p05": 0.0,
  "summary_bg_p95": 27.628582876175642,
  "summary_bg_stdv": 13.138318431003857,
  "summary_csf_k": 0.5558393361206693,
  "summary_csf_mad": 93.70978794689067,
  "summary_csf_mean": 221.5385393944363,
  "summary_csf_median": 213.85296574607491,
  "summary_csf_n": 66193.0,
  "summary_csf_p05": 66.57929885946214,
  "summary_csf_p95": 411.3951848983762,
  "summary_csf_stdv": 102.49049161404075,
  "summary_gm_k": 0.0146527104495906,
  "summary_gm_mad": 65.07447205149478,
  "summary_gm_mean": 686.1371560873173,
  "summary_gm_median": 685.988064724952,
  "summary_gm_n": 63169.0,
  "summary_gm_p05": 581.0166370943189,
  "summary_gm_p95": 791.7672954007983,
  "summary_gm_stdv": 64.3376120770603,
  "summary_wm_k": 1.0551087699127288,
  "summary_wm_mad": 39.91106876188104,
  "summary_wm_mean": 1000.1603609368832,
  "summary_wm_median": 1000.0429826751351,
  "summary_wm_n": 268477.0,
  "summary_wm_p05": 932.0457316618413,
  "summary_wm_p95": 1068.9855351243168,
  "summary_wm_stdv": 42.65161600932095,
  "tpm_overlap_csf": 0.1658606591475904,
  "tpm_overlap_gm": 0.4674656259609333,
  "tpm_overlap_wm": 0.49862099067466753,
  "wm2max": 0.8859704219722492
}