{
  "aor": 0.010053399209486167,
  "aqi": 0.006885088656126482,
  "bids_meta": {
    "AcquisitionDateTime": "20181127141429.015000",
    "ConversionSoftware": "dicm2nii.m 20210821",
    "DeviceSerialNumber": "166054",
    "EchoTime": 0.03,
    "EffectiveEchoSpacing": 0.00050999592,
    "FlipAngle": 75,
    "ImageType": [
      "ORIGINAL",
      "PRIMARY",
      "M",
      "MB",
      "ND",
      "MOSAIC"
    ],
    "InstitutionAddress": "Street StreetNo,City,District,IL,ZIP",
    "InstitutionName": "Weizmann Institute",
    "MRAcquisitionType": "2D",
    "Manufacturer": "SIEMENS",
    "Modality": "MR",
    "ParallelAcquisitionTechnique": "none",
    "ParallelReductionFactorInPlane": 1,
    "PatientAge": "030Y",
    "PatientPosition": "HFS",
    "PatientSex": "F",
    "PatientSize": 1.7,
    "PatientWeight": 80,
    "PhaseEncodingDirection": "j-",
    "RepetitionTime": 2,
    "ScanOptions": "FS",
    "ScanningSequence": "EP",
    "SequenceName": "epfid2d1_96",
    "SequenceVariant": "SK\\SS",
    "SeriesDescription": "EPI_PSAP_iso2.5",
    "SeriesNumber": 10,
    "SliceThickness": 2.5,
    "SliceTiming": [
      0,
      0.92,
      1.84,
      0.7775,
      1.6975,
      0.6375,
      1.555,
      0.495,
      1.415,
      0.355,
      1.2725,
      0.2125,
      1.1325,
      0.07,
      0.99,
      1.91,
      0.85,
      1.7675,
      0.7075,
      1.6275,
      0.565,
      1.485,
      0.425,
      1.345,
      0.2825,
      1.2025,
      0.1425,
      1.06,
      0,
      0.92,
      1.84,
      0.7775,
      1.6975,
      0.6375,
      1.555,
      0.495,
      1.415,
      0.355,
      1.2725,
      0.2125,
      1.1325,
      0.07,
      0.99,
      1.91,
      0.85,
      1.7675,
      0.7075,
      1.6275,
      0.565,
      1.485,
      0.425,
      1.345,
      0.2825,
      1.2025,
      0.1425,
      1.06
    ],
    "SoftwareVersion": "syngo MR E11",
    "TaskName": "PSAP",
    "TotalReadoutTime": 0.048449612,
    "dataset": "ds003791",
    "modality": "bold",
    "run_id": 1,
    "subject_id": "47",
    "task_id": "PSAP"
  },
  "dummy_trs": 0,
  "dvars_nstd": 33.84450833761904,
  "dvars_std": 1.216341418134921,
  "dvars_vstd": 1.0486668532142853,
  "efc": 0.49997054908733524,
  "fber": 527.1761474609375,
  "fd_mean": 0.25306540573442005,
  "fd_num": 99,
  "fd_perc": 39.130434782608695,
  "fwhm_avg": 2.7307706666666665,
  "fwhm_x": 2.4967960000000002,
  "fwhm_y": 2.838044,
  "fwhm_z": 2.857472,
  "gcor": 0.0215728,
  "gsr_x": -0.03174633905291557,
  "gsr_y": 0.059719789773225784,
  "provenance": {
    "md5sum": "0d5a3f8eccb5a5d5d31283720de3d5d5",
    "settings": {
      "fd_thres": 0.2,
      "testing": false
    },
    "software": "mriqc",
    "version": "22.0.6",
    "webapi_port": null,
    "webapi_url": "https://mriqc.nimh.nih.gov/api/v1"
  },
  "size_t": 253,
  "size_x": 96,
  "size_y": 96,
  "size_z": 56,
  "snr": 2.610862691803646,
  "spacing_tr": 2.0,
  "spacing_x": 2.5,
  "spacing_y": 2.5,
  "spacing_z": 2.5,
  "summary_bg_k": 29.071460334133405,
  "summary_bg_mad": 64.6601973835491,
  "summary_bg_mean": 426.855712890625,
  "summary_bg_median": 231.09091186523438,
  "summary_bg_n": 365433.0,
  "summary_bg_p05": 176.74703979492188,
  "summary_bg_p95": 1390.4126953124999,
  "summary_bg_stdv": 530.9232788085938,
  "summary_fg_k": 1.4976768011633217,
  "summary_fg_mad": 1794.689985501031,
  "summary_fg_mean": 5727.85400390625,
  "summary_fg_median": 5386.5458984375,
  "summary_fg_n": 79146.0,
  "summary_fg_p05": 3045.0445556640625,
  "summary_fg_p95": 9653.505126953125,
  "summary_fg_stdv": 2063.11572265625,
  "tsnr": 41.65661653038114
}