{
  "aor": 0.003556600790513834,
  "aqi": 0.0055179192490118585,
  "bids_meta": {
    "AcquisitionDateTime": "20180827154222.622500",
    "ConversionSoftware": "dicm2nii.m 20210821",
    "DeviceSerialNumber": "166054",
    "EchoTime": 0.03,
    "EffectiveEchoSpacing": 0.00050999592,
    "FlipAngle": 75,
    "ImageType": [
      "ORIGINAL",
      "PRIMARY",
      "M",
      "MB",
      "ND",
      "MOSAIC"
    ],
    "InstitutionAddress": "Street StreetNo,City,District,IL,ZIP",
    "InstitutionName": "Weizmann Institute",
    "MRAcquisitionType": "2D",
    "Manufacturer": "SIEMENS",
    "Modality": "MR",
    "ParallelAcquisitionTechnique": "none",
    "ParallelReductionFactorInPlane": 1,
    "PatientAge": "030Y",
    "PatientPosition": "HFS",
    "PatientSex": "M",
    "PatientSize": 1.83,
    "PatientWeight": 74,
    "PhaseEncodingDirection": "j-",
    "RepetitionTime": 2,
    "ScanOptions": "FS",
    "ScanningSequence": "EP",
    "SequenceName": "epfid2d1_96",
    "SequenceVariant": "SK\\SS",
    "SeriesDescription": "EPI_PSAP_iso2.5",
    "SeriesNumber": 10,
    "SliceThickness": 2.5,
    "SliceTiming": [
      0,
      0.92,
      1.84,
      0.7775,
      1.6975,
      0.6375,
      1.555,
      0.495,
      1.415,
      0.355,
      1.2725,
      0.2125,
      1.1325,
      0.07,
      0.99,
      1.91,
      0.85,
      1.7675,
      0.7075,
      1.6275,
      0.565,
      1.485,
      0.425,
      1.345,
      0.2825,
      1.2025,
      0.1425,
      1.06,
      0,
      0.92,
      1.84,
      0.7775,
      1.6975,
      0.6375,
      1.555,
      0.495,
      1.415,
      0.355,
      1.2725,
      0.2125,
      1.1325,
      0.07,
      0.99,
      1.91,
      0.85,
      1.7675,
      0.7075,
      1.6275,
      0.565,
      1.485,
      0.425,
      1.345,
      0.2825,
      1.2025,
      0.1425,
      1.06
    ],
    "SoftwareVersion": "syngo MR E11",
    "TaskName": "PSAP",
    "TotalReadoutTime": 0.048449612,
    "dataset": "ds003791",
    "modality": "bold",
    "run_id": 1,
    "subject_id": "49",
    "task_id": "PSAP"
  },
  "dummy_trs": 0,
  "dvars_nstd": 41.60351620051588,
  "dvars_std": 1.4335887157936504,
  "dvars_vstd": 0.9965727457539683,
  "efc": 0.5164690944467208,
  "fber": 468.7066955566406,
  "fd_mean": 0.1831945588469152,
  "fd_num": 70,
  "fd_perc": 27.66798418972332,
  "fwhm_avg": 2.9647373333333333,
  "fwhm_x": 2.70458,
  "fwhm_y": 2.9823560000000002,
  "fwhm_z": 3.2072760000000002,
  "gcor": 0.0327861,
  "gsr_x": -0.03593229502439499,
  "gsr_y": 0.09908705204725266,
  "provenance": {
    "md5sum": "2d846de40407a0b6411a4968ba05c864",
    "settings": {
      "fd_thres": 0.2,
      "testing": false
    },
    "software": "mriqc",
    "version": "22.0.6",
    "webapi_port": null,
    "webapi_url": "https://mriqc.nimh.nih.gov/api/v1"
  },
  "size_t": 253,
  "size_x": 96,
  "size_y": 96,
  "size_z": 56,
  "snr": 2.048928412631227,
  "spacing_tr": 2.0,
  "spacing_x": 2.5,
  "spacing_y": 2.5,
  "spacing_z": 2.5,
  "summary_bg_k": 21.99889612691992,
  "summary_bg_mad": 63.37099675143884,
  "summary_bg_mean": 585.4421997070312,
  "summary_bg_median": 243.15811157226562,
  "summary_bg_n": 353125.0,
  "summary_bg_p05": 192.37234191894532,
  "summary_bg_p95": 2426.470458984375,
  "summary_bg_stdv": 971.5903930664062,
  "summary_fg_k": 2.5844972450708656,
  "summary_fg_mad": 2147.1833684753574,
  "summary_fg_mean": 5943.189453125,
  "summary_fg_median": 5396.5576171875,
  "summary_fg_n": 87501.0,
  "summary_fg_p05": 2791.936767578125,
  "summary_fg_p95": 11004.478515625,
  "summary_fg_stdv": 2633.828857421875,
  "tsnr": 54.56825326080434
}