{
  "aor": 0.006500581395348838,
  "aqi": 0.0061449162790697676,
  "bids_meta": {
    "AcquisitionDateTime": "20180827160734.520000",
    "ConversionSoftware": "dicm2nii.m 20210821",
    "DeviceSerialNumber": "166054",
    "EchoTime": 0.03,
    "EffectiveEchoSpacing": 0.00050999592,
    "FlipAngle": 75,
    "ImageType": [
      "ORIGINAL",
      "PRIMARY",
      "M",
      "MB",
      "ND",
      "MOSAIC"
    ],
    "InstitutionAddress": "Street StreetNo,City,District,IL,ZIP",
    "InstitutionName": "Weizmann Institute",
    "MRAcquisitionType": "2D",
    "Manufacturer": "SIEMENS",
    "Modality": "MR",
    "ParallelAcquisitionTechnique": "none",
    "ParallelReductionFactorInPlane": 1,
    "PatientAge": "030Y",
    "PatientPosition": "HFS",
    "PatientSex": "M",
    "PatientSize": 1.83,
    "PatientWeight": 74,
    "PhaseEncodingDirection": "j-",
    "RepetitionTime": 2,
    "ScanOptions": "FS",
    "ScanningSequence": "EP",
    "SequenceName": "epfid2d1_96",
    "SequenceVariant": "SK\\SS",
    "SeriesDescription": "EPI_PSAP_iso2.5",
    "SeriesNumber": 15,
    "SliceThickness": 2.5,
    "SliceTiming": [
      0,
      0.9175,
      1.8375,
      0.7775,
      1.6975,
      0.635,
      1.555,
      0.495,
      1.4125,
      0.3525,
      1.2725,
      0.2125,
      1.13,
      0.07,
      0.99,
      1.9075,
      0.8475,
      1.7675,
      0.7075,
      1.625,
      0.565,
      1.485,
      0.4225,
      1.3425,
      0.2825,
      1.2025,
      0.14,
      1.06,
      0,
      0.9175,
      1.8375,
      0.7775,
      1.6975,
      0.635,
      1.555,
      0.495,
      1.4125,
      0.3525,
      1.2725,
      0.2125,
      1.13,
      0.07,
      0.99,
      1.9075,
      0.8475,
      1.7675,
      0.7075,
      1.625,
      0.565,
      1.485,
      0.4225,
      1.3425,
      0.2825,
      1.2025,
      0.14,
      1.06
    ],
    "SoftwareVersion": "syngo MR E11",
    "TaskName": "PSAP",
    "TotalReadoutTime": 0.048449612,
    "dataset": "ds003791",
    "modality": "bold",
    "run_id": 3,
    "subject_id": "49",
    "task_id": "PSAP"
  },
  "dummy_trs": 0,
  "dvars_nstd": 44.00145584891048,
  "dvars_std": 1.4584544187937751,
  "dvars_vstd": 1.023842593307393,
  "efc": 0.5176155149899971,
  "fber": 457.0164489746094,
  "fd_mean": 0.21234965113849924,
  "fd_num": 63,
  "fd_perc": 24.41860465116279,
  "fwhm_avg": 2.949104,
  "fwhm_x": 2.70608,
  "fwhm_y": 2.99566,
  "fwhm_z": 3.145572,
  "gcor": 0.032325,
  "gsr_x": -0.03628125041723251,
  "gsr_y": 0.10044132173061371,
  "provenance": {
    "md5sum": "8f05c8211a6fe63e649c24a72b32ebc9",
    "settings": {
      "fd_thres": 0.2,
      "testing": false
    },
    "software": "mriqc",
    "version": "22.0.6",
    "webapi_port": null,
    "webapi_url": "https://mriqc.nimh.nih.gov/api/v1"
  },
  "size_t": 258,
  "size_x": 96,
  "size_y": 96,
  "size_z": 56,
  "snr": 2.040564477849257,
  "spacing_tr": 2.0,
  "spacing_x": 2.5,
  "spacing_y": 2.5,
  "spacing_z": 2.5,
  "summary_bg_k": 22.087581458822612,
  "summary_bg_mad": 68.68814908036771,
  "summary_bg_mean": 592.5357055664062,
  "summary_bg_median": 246.47674560546875,
  "summary_bg_n": 352239.0,
  "summary_bg_p05": 188.8061981201172,
  "summary_bg_p95": 2460.1892089843695,
  "summary_bg_stdv": 983.4027099609375,
  "summary_fg_k": 2.476177427744082,
  "summary_fg_mad": 2154.0943362873513,
  "summary_fg_mean": 5939.3017578125,
  "summary_fg_median": 5396.3447265625,
  "summary_fg_n": 88131.0,
  "summary_fg_p05": 2749.647216796875,
  "summary_fg_p95": 11013.755859375,
  "summary_fg_stdv": 2644.520263671875,
  "tsnr": 50.61072260607034
}