{
  "bids_meta": {
    "AcquisitionDateTime": "20181101122945.032500",
    "ConversionSoftware": "dicm2nii.m 20210821",
    "DeviceSerialNumber": "166054",
    "EchoTime": 0.00229,
    "FlipAngle": 8,
    "ImageType": [
      "ORIGINAL",
      "PRIMARY",
      "M",
      "ND",
      "NORM"
    ],
    "InstitutionAddress": "Street StreetNo,City,District,IL,ZIP",
    "InstitutionName": "Weizmann Institute",
    "InversionTime": 0.9,
    "MRAcquisitionType": "3D",
    "Manufacturer": "SIEMENS",
    "Modality": "MR",
    "ParallelAcquisitionTechnique": "GRAPPA",
    "ParallelReductionFactorInPlane": 2,
    "PatientAge": "020Y",
    "PatientPosition": "HFS",
    "PatientSex": "M",
    "PatientSize": 1.78,
    "PatientWeight": 70,
    "PhaseEncodingDirection": "j-",
    "RepetitionTime": 2.3,
    "ScanOptions": "IR\\WE",
    "ScanningSequence": "GR\\IR",
    "SequenceName": "*tfl3d1_16ns",
    "SequenceVariant": "SK\\SP\\MP",
    "SeriesDescription": "t1_mprage_sag_p2_iso_water_exc",
    "SeriesNumber": 15,
    "SliceThickness": 0.94,
    "SoftwareVersion": "syngo MR E11",
    "dataset": "ds003791",
    "modality": "T1w",
    "subject_id": "10"
  },
  "cjv": 0.32913995775227495,
  "cnr": 4.043433939367192,
  "efc": 0.6115244041685693,
  "fber": 22686.826901592773,
  "fwhm_avg": 4.45175400837441,
  "fwhm_x": 4.48063802512323,
  "fwhm_y": 4.366474666666666,
  "fwhm_z": 4.508149333333334,
  "icvs_csf": 0.23337356376537782,
  "icvs_gm": 0.42553877536390927,
  "icvs_wm": 0.3410876608707129,
  "inu_med": 0.4747800827026367,
  "inu_range": 0.17298532426357266,
  "provenance": {
    "md5sum": "ec266341c5c2bb07a0441e0248bdb2c4",
    "settings": {
      "testing": false
    },
    "software": "mriqc",
    "version": "22.0.6",
    "warnings": {
      "large_rot_frame": true,
      "small_air_mask": false
    },
    "webapi_port": null,
    "webapi_url": "https://mriqc.nimh.nih.gov/api/v1"
  },
  "qi_1": 0.0,
  "qi_2": 0.014302521024036443,
  "rpve_csf": 16.708196327712564,
  "rpve_gm": 9.341368419748907,
  "rpve_wm": 13.773395454611157,
  "size_x": 176,
  "size_y": 256,
  "size_z": 256,
  "snr_csf": 2.1055440054127144,
  "snr_gm": 10.976070271350375,
  "snr_total": 13.221018284643314,
  "snr_wm": 26.581440577166855,
  "snrd_csf": 28.569190768071277,
  "snrd_gm": 87.00435819801596,
  "snrd_total": 79.96181326705984,
  "snrd_wm": 124.31189083509229,
  "spacing_x": 0.940000057220459,
  "spacing_y": 0.9375,
  "spacing_z": 0.9375,
  "summary_bg_k": 11.995115039092669,
  "summary_bg_mad": 0.0,
  "summary_bg_mean": 2.8307506725549296,
  "summary_bg_median": 0.0,
  "summary_bg_n": 2748677.0,
  "summary_bg_p05": 0.0,
  "summary_bg_p95": 13.756734877824783,
  "summary_bg_stdv": 5.27034403808511,
  "summary_csf_k": 0.464066096563589,
  "summary_csf_mad": 108.097557941059,
  "summary_csf_mean": 241.48177724992604,
  "summary_csf_median": 229.82918402552605,
  "summary_csf_n": 55060.0,
  "summary_csf_p05": 83.38759485650809,
  "summary_csf_p95": 439.75810465570527,
  "summary_csf_stdv": 109.15330971275328,
  "summary_gm_k": -0.02892396965004629,
  "summary_gm_mad": 63.63478882568001,
  "summary_gm_mean": 698.6271678548467,
  "summary_gm_median": 699.9197426922619,
  "summary_gm_n": 49631.0,
  "summary_gm_p05": 591.9064460098743,
  "summary_gm_p95": 801.6393331680447,
  "summary_gm_stdv": 63.76714745058648,
  "summary_wm_k": 0.6440220653039703,
  "summary_wm_mad": 35.14870280221855,
  "summary_wm_mean": 999.80938560575,
  "summary_wm_median": 1000.0458419434726,
  "summary_wm_n": 262280.0,
  "summary_wm_p05": 938.2781023420393,
  "summary_wm_p95": 1061.7677257619798,
  "summary_wm_stdv": 37.62188631543449,
  "tpm_overlap_csf": 0.16065078518109524,
  "tpm_overlap_gm": 0.47382755762871653,
  "tpm_overlap_wm": 0.5149695023946741,
  "wm2max": 0.9034362766420183
}