{
  "aor": 0.0014398785425101216,
  "aqi": 0.002023106801619433,
  "bids_meta": {
    "AcquisitionDateTime": "20180828132045.530000",
    "ConversionSoftware": "dicm2nii.m 20210821",
    "DeviceSerialNumber": "166054",
    "EchoTime": 0.03,
    "EffectiveEchoSpacing": 0.00050999592,
    "FlipAngle": 75,
    "ImageType": [
      "ORIGINAL",
      "PRIMARY",
      "M",
      "MB",
      "ND",
      "MOSAIC"
    ],
    "InstitutionAddress": "Street StreetNo,City,District,IL,ZIP",
    "InstitutionName": "Weizmann Institute",
    "MRAcquisitionType": "2D",
    "Manufacturer": "SIEMENS",
    "Modality": "MR",
    "ParallelAcquisitionTechnique": "none",
    "ParallelReductionFactorInPlane": 1,
    "PatientAge": "029Y",
    "PatientPosition": "HFS",
    "PatientSex": "M",
    "PatientSize": 1.8,
    "PatientWeight": 75,
    "PhaseEncodingDirection": "j-",
    "RepetitionTime": 2,
    "ScanOptions": "FS",
    "ScanningSequence": "EP",
    "SequenceName": "epfid2d1_96",
    "SequenceVariant": "SK\\SS",
    "SeriesDescription": "EPI_PSAP_iso2.5",
    "SeriesNumber": 13,
    "SliceThickness": 2.5,
    "SliceTiming": [
      0,
      0.92,
      1.84,
      0.7775,
      1.6975,
      0.6375,
      1.5575,
      0.495,
      1.415,
      0.355,
      1.2725,
      0.2125,
      1.1325,
      0.0725,
      0.99,
      1.91,
      0.85,
      1.7675,
      0.7075,
      1.6275,
      0.5675,
      1.485,
      0.425,
      1.345,
      0.2825,
      1.2025,
      0.1425,
      1.0625,
      0,
      0.92,
      1.84,
      0.7775,
      1.6975,
      0.6375,
      1.5575,
      0.495,
      1.415,
      0.355,
      1.2725,
      0.2125,
      1.1325,
      0.0725,
      0.99,
      1.91,
      0.85,
      1.7675,
      0.7075,
      1.6275,
      0.5675,
      1.485,
      0.425,
      1.345,
      0.2825,
      1.2025,
      0.1425,
      1.0625
    ],
    "SoftwareVersion": "syngo MR E11",
    "TaskName": "PSAP",
    "TotalReadoutTime": 0.048449612,
    "dataset": "ds003791",
    "modality": "bold",
    "run_id": 4,
    "subject_id": "27",
    "task_id": "PSAP"
  },
  "dummy_trs": 0,
  "dvars_nstd": 25.685590527195124,
  "dvars_std": 1.2409365261382121,
  "dvars_vstd": 1.0053408537398372,
  "efc": 0.48012983157397654,
  "fber": 653.1976928710938,
  "fd_mean": 0.07308499707583965,
  "fd_num": 7,
  "fd_perc": 2.834008097165992,
  "fwhm_avg": 3.060264,
  "fwhm_x": 2.907056,
  "fwhm_y": 3.0971520000000003,
  "fwhm_z": 3.176584,
  "gcor": 0.0143055,
  "gsr_x": -0.045118749141693115,
  "gsr_y": 0.08244264870882034,
  "provenance": {
    "md5sum": "e193109dcfab2e594d51d126dcd6beeb",
    "settings": {
      "fd_thres": 0.2,
      "testing": false
    },
    "software": "mriqc",
    "version": "22.0.6",
    "webapi_port": null,
    "webapi_url": "https://mriqc.nimh.nih.gov/api/v1"
  },
  "size_t": 247,
  "size_x": 96,
  "size_y": 96,
  "size_z": 56,
  "snr": 1.915454345342122,
  "spacing_tr": 2.0,
  "spacing_x": 2.5,
  "spacing_y": 2.5,
  "spacing_z": 2.5,
  "summary_bg_k": 28.30244363485798,
  "summary_bg_mad": 58.46374538682123,
  "summary_bg_mean": 538.7106323242188,
  "summary_bg_median": 245.46963500976562,
  "summary_bg_n": 361325.0,
  "summary_bg_p05": 201.02024841308594,
  "summary_bg_p95": 2033.144213867187,
  "summary_bg_stdv": 839.2597045898438,
  "summary_fg_k": 2.4546293862979818,
  "summary_fg_mad": 2782.567824072774,
  "summary_fg_mean": 7190.09619140625,
  "summary_fg_median": 6406.5546875,
  "summary_fg_n": 82313.0,
  "summary_fg_p05": 3331.31904296875,
  "summary_fg_p95": 13774.080273437494,
  "summary_fg_stdv": 3344.6455078125,
  "tsnr": 79.51633293228224
}