{
  "aor": 0.0013957805907172994,
  "aqi": 0.0025537619831223625,
  "bids_meta": {
    "AcquisitionDateTime": "20180828125637.015000",
    "ConversionSoftware": "dicm2nii.m 20210821",
    "DeviceSerialNumber": "166054",
    "EchoTime": 0.03,
    "EffectiveEchoSpacing": 0.00050999592,
    "FlipAngle": 75,
    "ImageType": [
      "ORIGINAL",
      "PRIMARY",
      "M",
      "MB",
      "ND",
      "MOSAIC"
    ],
    "InstitutionAddress": "Street StreetNo,City,District,IL,ZIP",
    "InstitutionName": "Weizmann Institute",
    "MRAcquisitionType": "2D",
    "Manufacturer": "SIEMENS",
    "Modality": "MR",
    "ParallelAcquisitionTechnique": "none",
    "ParallelReductionFactorInPlane": 1,
    "PatientAge": "029Y",
    "PatientPosition": "HFS",
    "PatientSex": "M",
    "PatientSize": 1.8,
    "PatientWeight": 75,
    "PhaseEncodingDirection": "j-",
    "RepetitionTime": 2,
    "ScanOptions": "FS",
    "ScanningSequence": "EP",
    "SequenceName": "epfid2d1_96",
    "SequenceVariant": "SK\\SS",
    "SeriesDescription": "EPI_PSAP_iso2.5",
    "SeriesNumber": 8,
    "SliceThickness": 2.5,
    "SliceTiming": [
      0,
      0.92,
      1.84,
      0.7775,
      1.6975,
      0.6375,
      1.555,
      0.495,
      1.415,
      0.355,
      1.2725,
      0.2125,
      1.1325,
      0.07,
      0.99,
      1.91,
      0.85,
      1.7675,
      0.7075,
      1.6275,
      0.565,
      1.485,
      0.425,
      1.345,
      0.2825,
      1.2025,
      0.1425,
      1.06,
      0,
      0.92,
      1.84,
      0.7775,
      1.6975,
      0.6375,
      1.555,
      0.495,
      1.415,
      0.355,
      1.2725,
      0.2125,
      1.1325,
      0.07,
      0.99,
      1.91,
      0.85,
      1.7675,
      0.7075,
      1.6275,
      0.565,
      1.485,
      0.425,
      1.345,
      0.2825,
      1.2025,
      0.1425,
      1.06
    ],
    "SoftwareVersion": "syngo MR E11",
    "TaskName": "PSAP",
    "TotalReadoutTime": 0.048449612,
    "dataset": "ds003791",
    "modality": "bold",
    "run_id": 2,
    "subject_id": "27",
    "task_id": "PSAP"
  },
  "dummy_trs": 1,
  "dvars_nstd": 27.454684766779653,
  "dvars_std": 1.206980366525423,
  "dvars_vstd": 0.9806513913559318,
  "efc": 0.48417384851270306,
  "fber": 638.5117797851562,
  "fd_mean": 0.08257048998257745,
  "fd_num": 12,
  "fd_perc": 5.063291139240507,
  "fwhm_avg": 3.083142666666667,
  "fwhm_x": 2.901064,
  "fwhm_y": 3.161512,
  "fwhm_z": 3.186852,
  "gcor": 0.0106777,
  "gsr_x": -0.044806674122810364,
  "gsr_y": 0.0840989202260971,
  "provenance": {
    "md5sum": "902282a3874ba6bb8ac234bbd6001412",
    "settings": {
      "fd_thres": 0.2,
      "testing": false
    },
    "software": "mriqc",
    "version": "22.0.6",
    "webapi_port": null,
    "webapi_url": "https://mriqc.nimh.nih.gov/api/v1"
  },
  "size_t": 237,
  "size_x": 96,
  "size_y": 96,
  "size_z": 56,
  "snr": 1.912579112393882,
  "spacing_tr": 2.0,
  "spacing_x": 2.5,
  "spacing_y": 2.5,
  "spacing_z": 2.5,
  "summary_bg_k": 27.502133380422684,
  "summary_bg_mad": 56.38268187851541,
  "summary_bg_mean": 525.8087158203125,
  "summary_bg_median": 242.5379638671875,
  "summary_bg_n": 358148.0,
  "summary_bg_p05": 199.582275390625,
  "summary_bg_p95": 1968.5524414062495,
  "summary_bg_stdv": 803.8866577148438,
  "summary_fg_k": 2.4505021105141838,
  "summary_fg_mad": 2712.9492253670874,
  "summary_fg_mean": 7007.44775390625,
  "summary_fg_median": 6250.99560546875,
  "summary_fg_n": 85347.0,
  "summary_fg_p05": 3233.0669677734377,
  "summary_fg_p95": 13459.761328125,
  "summary_fg_stdv": 3268.340087890625,
  "tsnr": 68.8793708300218
}