{
  "aor": 0.0030016205533596844,
  "aqi": 0.003863913517786561,
  "bids_meta": {
    "AcquisitionDateTime": "20180828124527.972500",
    "ConversionSoftware": "dicm2nii.m 20210821",
    "DeviceSerialNumber": "166054",
    "EchoTime": 0.03,
    "EffectiveEchoSpacing": 0.00050999592,
    "FlipAngle": 75,
    "ImageType": [
      "ORIGINAL",
      "PRIMARY",
      "M",
      "MB",
      "ND",
      "MOSAIC"
    ],
    "InstitutionAddress": "Street StreetNo,City,District,IL,ZIP",
    "InstitutionName": "Weizmann Institute",
    "MRAcquisitionType": "2D",
    "Manufacturer": "SIEMENS",
    "Modality": "MR",
    "ParallelAcquisitionTechnique": "none",
    "ParallelReductionFactorInPlane": 1,
    "PatientAge": "029Y",
    "PatientPosition": "HFS",
    "PatientSex": "M",
    "PatientSize": 1.8,
    "PatientWeight": 75,
    "PhaseEncodingDirection": "j-",
    "RepetitionTime": 2,
    "ScanOptions": "FS",
    "ScanningSequence": "EP",
    "SequenceName": "epfid2d1_96",
    "SequenceVariant": "SK\\SS",
    "SeriesDescription": "EPI_PSAP_iso2.5",
    "SeriesNumber": 6,
    "SliceThickness": 2.5,
    "SliceTiming": [
      0,
      0.9175,
      1.8375,
      0.7775,
      1.695,
      0.635,
      1.555,
      0.495,
      1.4125,
      0.3525,
      1.2725,
      0.21,
      1.13,
      0.07,
      0.99,
      1.9075,
      0.8475,
      1.7675,
      0.705,
      1.625,
      0.565,
      1.485,
      0.4225,
      1.3425,
      0.2825,
      1.2,
      0.14,
      1.06,
      0,
      0.9175,
      1.8375,
      0.7775,
      1.695,
      0.635,
      1.555,
      0.495,
      1.4125,
      0.3525,
      1.2725,
      0.21,
      1.13,
      0.07,
      0.99,
      1.9075,
      0.8475,
      1.7675,
      0.705,
      1.625,
      0.565,
      1.485,
      0.4225,
      1.3425,
      0.2825,
      1.2,
      0.14,
      1.06
    ],
    "SoftwareVersion": "syngo MR E11",
    "TaskName": "PSAP",
    "TotalReadoutTime": 0.048449612,
    "dataset": "ds003791",
    "modality": "bold",
    "run_id": 1,
    "subject_id": "27",
    "task_id": "PSAP"
  },
  "dummy_trs": 0,
  "dvars_nstd": 32.225862933968244,
  "dvars_std": 1.2876465861904762,
  "dvars_vstd": 1.013737690952381,
  "efc": 0.48389224252898033,
  "fber": 641.5403442382812,
  "fd_mean": 0.12263087091047378,
  "fd_num": 24,
  "fd_perc": 9.486166007905139,
  "fwhm_avg": 3.07624,
  "fwhm_x": 2.90068,
  "fwhm_y": 3.1454999999999997,
  "fwhm_z": 3.18254,
  "gcor": 0.0188425,
  "gsr_x": -0.0447862409055233,
  "gsr_y": 0.08309615403413773,
  "provenance": {
    "md5sum": "6c3aefca42fbc17d377c8a4f0db4470e",
    "settings": {
      "fd_thres": 0.2,
      "testing": false
    },
    "software": "mriqc",
    "version": "22.0.6",
    "webapi_port": null,
    "webapi_url": "https://mriqc.nimh.nih.gov/api/v1"
  },
  "size_t": 253,
  "size_x": 96,
  "size_y": 96,
  "size_z": 56,
  "snr": 1.9135413193476924,
  "spacing_tr": 2.0,
  "spacing_x": 2.5,
  "spacing_y": 2.5,
  "spacing_z": 2.5,
  "summary_bg_k": 26.79446788296832,
  "summary_bg_mad": 56.491248285476594,
  "summary_bg_mean": 522.8639526367188,
  "summary_bg_median": 241.94862365722656,
  "summary_bg_n": 358477.0,
  "summary_bg_p05": 198.72727966308594,
  "summary_bg_p95": 1953.8577880859386,
  "summary_bg_stdv": 792.1787719726562,
  "summary_fg_k": 2.435200057963022,
  "summary_fg_mad": 2693.2497275301857,
  "summary_fg_mean": 6983.25830078125,
  "summary_fg_median": 6226.3046875,
  "summary_fg_n": 85379.0,
  "summary_fg_p05": 3225.0941162109375,
  "summary_fg_p95": 13395.715429687496,
  "summary_fg_stdv": 3253.79345703125,
  "tsnr": 62.65411994419992
}