{
  "bids_meta": {
    "AcquisitionDateTime": "20181118141313.980000",
    "ConversionSoftware": "dicm2nii.m 20210821",
    "DeviceSerialNumber": "166054",
    "EchoTime": 0.00229,
    "FlipAngle": 8,
    "ImageType": [
      "ORIGINAL",
      "PRIMARY",
      "M",
      "ND",
      "NORM"
    ],
    "InstitutionAddress": "Street StreetNo,City,District,IL,ZIP",
    "InstitutionName": "Weizmann Institute",
    "InversionTime": 0.9,
    "MRAcquisitionType": "3D",
    "Manufacturer": "SIEMENS",
    "Modality": "MR",
    "ParallelAcquisitionTechnique": "GRAPPA",
    "ParallelReductionFactorInPlane": 2,
    "PatientAge": "028Y",
    "PatientPosition": "HFS",
    "PatientSex": "M",
    "PatientSize": 1.75,
    "PatientWeight": 75,
    "PhaseEncodingDirection": "j-",
    "RepetitionTime": 2.3,
    "ScanOptions": "IR\\WE",
    "ScanningSequence": "GR\\IR",
    "SequenceName": "*tfl3d1_16ns",
    "SequenceVariant": "SK\\SP\\MP",
    "SeriesDescription": "t1_mprage_sag_p2_iso_water_exc",
    "SeriesNumber": 15,
    "SliceThickness": 0.94,
    "SoftwareVersion": "syngo MR E11",
    "dataset": "ds003791",
    "modality": "T1w",
    "subject_id": "03"
  },
  "cjv": 0.3031054829472589,
  "cnr": 4.4023608811276915,
  "efc": 0.6135024601297702,
  "fber": 17654.6087720601,
  "fwhm_avg": 4.573109932858326,
  "fwhm_x": 4.47132979857498,
  "fwhm_y": 4.696714666666667,
  "fwhm_z": 4.551285333333333,
  "icvs_csf": 0.2136954694348906,
  "icvs_gm": 0.4313511298677781,
  "icvs_wm": 0.3549534006973313,
  "inu_med": 0.4358668923377991,
  "inu_range": 0.13391414880752567,
  "provenance": {
    "md5sum": "1151a0686791732d83fae11cd7ba95f4",
    "settings": {
      "testing": false
    },
    "software": "mriqc",
    "version": "22.0.6",
    "warnings": {
      "large_rot_frame": true,
      "small_air_mask": false
    },
    "webapi_port": null,
    "webapi_url": "https://mriqc.nimh.nih.gov/api/v1"
  },
  "qi_1": 0.0,
  "qi_2": 0.013055500624746896,
  "rpve_csf": 17.893541414233248,
  "rpve_gm": 9.301910584042107,
  "rpve_wm": 13.357505968984642,
  "size_x": 176,
  "size_y": 256,
  "size_z": 256,
  "snr_csf": 2.2146028082925744,
  "snr_gm": 10.620079104623041,
  "snr_total": 13.56823571033523,
  "snr_wm": 27.870025218090074,
  "snrd_csf": 24.49160583888855,
  "snrd_gm": 79.74120992060973,
  "snrd_total": 74.00488507396464,
  "snrd_wm": 117.78183946239564,
  "spacing_x": 0.9399999976158142,
  "spacing_y": 0.9375,
  "spacing_z": 0.9375,
  "summary_bg_k": 10.786116339612002,
  "summary_bg_mad": 0.0,
  "summary_bg_mean": 3.318723794678649,
  "summary_bg_median": 0.0,
  "summary_bg_n": 2208998.0,
  "summary_bg_p05": 0.0,
  "summary_bg_p95": 14.176617443561554,
  "summary_bg_stdv": 5.562404555804005,
  "summary_csf_k": 1.2805735860899157,
  "summary_csf_mad": 78.88112119080951,
  "summary_csf_mean": 220.81264309775452,
  "summary_csf_median": 207.94481866247952,
  "summary_csf_n": 61846.0,
  "summary_csf_p05": 85.94574325159192,
  "summary_csf_p95": 397.1457019103691,
  "summary_csf_stdv": 93.89635772470677,
  "summary_gm_k": 0.05460845524706448,
  "summary_gm_mad": 63.461457135667125,
  "summary_gm_mean": 677.3284263430827,
  "summary_gm_median": 677.0389637146145,
  "summary_gm_n": 55749.0,
  "summary_gm_p05": 572.7184677943587,
  "summary_gm_p95": 782.6463252063841,
  "summary_gm_stdv": 63.75026822403011,
  "summary_wm_k": 0.5163630806895423,
  "summary_wm_mad": 34.43620714951676,
  "summary_wm_mean": 999.1041640926957,
  "summary_wm_median": 1000.0211260076612,
  "summary_wm_n": 281117.0,
  "summary_wm_p05": 938.9266555961221,
  "summary_wm_p95": 1055.5040186811239,
  "summary_wm_stdv": 35.8815372258988,
  "tpm_overlap_csf": 0.16998955004368707,
  "tpm_overlap_gm": 0.48062699991990765,
  "tpm_overlap_wm": 0.5270230936544226,
  "wm2max": 0.9169390873745091
}