{
  "aor": 0.00935711462450593,
  "aqi": 0.008184530434782608,
  "bids_meta": {
    "AcquisitionDateTime": "20181219141336.532500",
    "ConversionSoftware": "dicm2nii.m 20210821",
    "DeviceSerialNumber": "166054",
    "EchoTime": 0.03,
    "EffectiveEchoSpacing": 0.00050999592,
    "FlipAngle": 75,
    "ImageType": [
      "ORIGINAL",
      "PRIMARY",
      "M",
      "MB",
      "ND",
      "MOSAIC"
    ],
    "InstitutionAddress": "Street StreetNo,City,District,IL,ZIP",
    "InstitutionName": "Weizmann Institute",
    "MRAcquisitionType": "2D",
    "Manufacturer": "SIEMENS",
    "Modality": "MR",
    "ParallelAcquisitionTechnique": "none",
    "ParallelReductionFactorInPlane": 1,
    "PatientAge": "028Y",
    "PatientPosition": "HFS",
    "PatientSex": "F",
    "PatientSize": 1.53,
    "PatientWeight": 53,
    "PhaseEncodingDirection": "j-",
    "RepetitionTime": 2,
    "ScanOptions": "FS",
    "ScanningSequence": "EP",
    "SequenceName": "epfid2d1_96",
    "SequenceVariant": "SK\\SS",
    "SeriesDescription": "EPI_PSAP_iso2.5",
    "SeriesNumber": 13,
    "SliceThickness": 2.5,
    "SliceTiming": [
      0,
      0.92,
      1.84,
      0.7775,
      1.6975,
      0.6375,
      1.5575,
      0.495,
      1.415,
      0.355,
      1.2725,
      0.2125,
      1.1325,
      0.0725,
      0.99,
      1.91,
      0.85,
      1.7675,
      0.7075,
      1.6275,
      0.5675,
      1.485,
      0.425,
      1.345,
      0.2825,
      1.2025,
      0.1425,
      1.0625,
      0,
      0.92,
      1.84,
      0.7775,
      1.6975,
      0.6375,
      1.5575,
      0.495,
      1.415,
      0.355,
      1.2725,
      0.2125,
      1.1325,
      0.0725,
      0.99,
      1.91,
      0.85,
      1.7675,
      0.7075,
      1.6275,
      0.5675,
      1.485,
      0.425,
      1.345,
      0.2825,
      1.2025,
      0.1425,
      1.0625
    ],
    "SoftwareVersion": "syngo MR E11",
    "TaskName": "PSAP",
    "TotalReadoutTime": 0.048449612,
    "dataset": "ds003791",
    "modality": "bold",
    "run_id": 3,
    "subject_id": "11",
    "task_id": "PSAP"
  },
  "dummy_trs": 0,
  "dvars_nstd": 27.932332477579347,
  "dvars_std": 1.1863187644444448,
  "dvars_vstd": 1.008150617301588,
  "efc": 0.47920466549350765,
  "fber": 627.09130859375,
  "fd_mean": 0.14265084427528812,
  "fd_num": 40,
  "fd_perc": 15.810276679841897,
  "fwhm_avg": 2.8543773333333333,
  "fwhm_x": 2.6655,
  "fwhm_y": 2.877064,
  "fwhm_z": 3.020568,
  "gcor": 0.0202712,
  "gsr_x": -0.020513037219643593,
  "gsr_y": 0.04632400721311569,
  "provenance": {
    "md5sum": "ff65b77b2de66d053b782d3b2345acbd",
    "settings": {
      "fd_thres": 0.2,
      "testing": false
    },
    "software": "mriqc",
    "version": "22.0.6",
    "webapi_port": null,
    "webapi_url": "https://mriqc.nimh.nih.gov/api/v1"
  },
  "size_t": 253,
  "size_x": 96,
  "size_y": 96,
  "size_z": 56,
  "snr": 2.4541320284258856,
  "spacing_tr": 2.0,
  "spacing_x": 2.5,
  "spacing_y": 2.5,
  "spacing_z": 2.5,
  "summary_bg_k": 31.008816220959993,
  "summary_bg_mad": 41.26086770116567,
  "summary_bg_mean": 377.052734375,
  "summary_bg_median": 211.5652313232422,
  "summary_bg_n": 368485.0,
  "summary_bg_p05": 175.4308319091797,
  "summary_bg_p95": 1216.2917236328112,
  "summary_bg_stdv": 502.989990234375,
  "summary_fg_k": 1.6980547424493189,
  "summary_fg_mad": 1830.8494084561758,
  "summary_fg_mean": 5821.53076171875,
  "summary_fg_median": 5364.20166015625,
  "summary_fg_n": 77413.0,
  "summary_fg_p05": 3235.8990234375,
  "summary_fg_p95": 10177.708984374996,
  "summary_fg_stdv": 2185.76953125,
  "tsnr": 42.50385094503872
}