{
  "aor": 0.000925494071146245,
  "aqi": 0.0028036869565217387,
  "bids_meta": {
    "AcquisitionDateTime": "20180829151556.510000",
    "ConversionSoftware": "dicm2nii.m 20210821",
    "DeviceSerialNumber": "166054",
    "EchoTime": 0.03,
    "EffectiveEchoSpacing": 0.00050999592,
    "FlipAngle": 75,
    "ImageType": [
      "ORIGINAL",
      "PRIMARY",
      "M",
      "MB",
      "ND",
      "MOSAIC"
    ],
    "InstitutionAddress": "Street StreetNo,City,District,IL,ZIP",
    "InstitutionName": "Weizmann Institute",
    "MRAcquisitionType": "2D",
    "Manufacturer": "SIEMENS",
    "Modality": "MR",
    "ParallelAcquisitionTechnique": "none",
    "ParallelReductionFactorInPlane": 1,
    "PatientAge": "029Y",
    "PatientPosition": "HFS",
    "PatientSex": "M",
    "PatientSize": 1.75,
    "PatientWeight": 60,
    "PhaseEncodingDirection": "j-",
    "RepetitionTime": 2,
    "ScanOptions": "FS",
    "ScanningSequence": "EP",
    "SequenceName": "epfid2d1_96",
    "SequenceVariant": "SK\\SS",
    "SeriesDescription": "EPI_PSAP_iso2.5",
    "SeriesNumber": 13,
    "SliceThickness": 2.5,
    "SliceTiming": [
      0,
      0.92,
      1.84,
      0.7775,
      1.6975,
      0.6375,
      1.5575,
      0.495,
      1.415,
      0.355,
      1.2725,
      0.2125,
      1.1325,
      0.0725,
      0.99,
      1.91,
      0.85,
      1.7675,
      0.7075,
      1.6275,
      0.5675,
      1.485,
      0.425,
      1.345,
      0.2825,
      1.2025,
      0.1425,
      1.0625,
      0,
      0.92,
      1.84,
      0.7775,
      1.6975,
      0.6375,
      1.5575,
      0.495,
      1.415,
      0.355,
      1.2725,
      0.2125,
      1.1325,
      0.0725,
      0.99,
      1.91,
      0.85,
      1.7675,
      0.7075,
      1.6275,
      0.5675,
      1.485,
      0.425,
      1.345,
      0.2825,
      1.2025,
      0.1425,
      1.0625
    ],
    "SoftwareVersion": "syngo MR E11",
    "TaskName": "PSAP",
    "TotalReadoutTime": 0.048449612,
    "dataset": "ds003791",
    "modality": "bold",
    "run_id": 3,
    "subject_id": "38",
    "task_id": "PSAP"
  },
  "dummy_trs": 0,
  "dvars_nstd": 31.02338094547619,
  "dvars_std": 1.3208777034523818,
  "dvars_vstd": 0.9924395399999995,
  "efc": 0.47619835368709373,
  "fber": 729.4957885742188,
  "fd_mean": 0.13767589779352418,
  "fd_num": 43,
  "fd_perc": 16.99604743083004,
  "fwhm_avg": 3.143174666666667,
  "fwhm_x": 2.88528,
  "fwhm_y": 3.261436,
  "fwhm_z": 3.282808,
  "gcor": 0.0179279,
  "gsr_x": -0.027029119431972504,
  "gsr_y": 0.06426535546779633,
  "provenance": {
    "md5sum": "aa29227516119f619701056565a7b273",
    "settings": {
      "fd_thres": 0.2,
      "testing": false
    },
    "software": "mriqc",
    "version": "22.0.6",
    "webapi_port": null,
    "webapi_url": "https://mriqc.nimh.nih.gov/api/v1"
  },
  "size_t": 253,
  "size_x": 96,
  "size_y": 96,
  "size_z": 56,
  "snr": 2.2728460117634093,
  "spacing_tr": 2.0,
  "spacing_x": 2.5,
  "spacing_y": 2.5,
  "spacing_z": 2.5,
  "summary_bg_k": 29.97617551214823,
  "summary_bg_mad": 48.9903253243403,
  "summary_bg_mean": 478.25592041015625,
  "summary_bg_median": 232.09881591796875,
  "summary_bg_n": 368219.0,
  "summary_bg_p05": 193.2490234375,
  "summary_bg_p95": 1857.7569580078102,
  "summary_bg_stdv": 731.3226318359375,
  "summary_fg_k": 0.5408948622505667,
  "summary_fg_mad": 2643.995191523016,
  "summary_fg_mean": 6916.08251953125,
  "summary_fg_median": 6387.52197265625,
  "summary_fg_n": 76545.0,
  "summary_fg_p05": 3314.8325683593753,
  "summary_fg_p95": 12254.359375,
  "summary_fg_stdv": 2810.344482421875,
  "tsnr": 75.15008702990599
}