{
  "bids_meta": {
    "AcquisitionDateTime": "20190130121211.052500",
    "ConversionSoftware": "dicm2nii.m 20210821",
    "DeviceSerialNumber": "166054",
    "EchoTime": 0.00229,
    "FlipAngle": 8,
    "ImageType": [
      "ORIGINAL",
      "PRIMARY",
      "M",
      "ND",
      "NORM"
    ],
    "InstitutionAddress": "Street StreetNo,City,District,IL,ZIP",
    "InstitutionName": "Weizmann Institute",
    "InversionTime": 0.9,
    "MRAcquisitionType": "3D",
    "Manufacturer": "SIEMENS",
    "Modality": "MR",
    "ParallelAcquisitionTechnique": "GRAPPA",
    "ParallelReductionFactorInPlane": 2,
    "PatientAge": "024Y",
    "PatientPosition": "HFS",
    "PatientSex": "F",
    "PatientSize": 1.68,
    "PatientWeight": 61,
    "PhaseEncodingDirection": "j-",
    "RepetitionTime": 2.3,
    "ScanOptions": "IR\\WE",
    "ScanningSequence": "GR\\IR",
    "SequenceName": "*tfl3d1_16ns",
    "SequenceVariant": "SK\\SP\\MP",
    "SeriesDescription": "t1_mprage_sag_p2_iso_water_exc",
    "SeriesNumber": 11,
    "SliceThickness": 0.94,
    "SoftwareVersion": "syngo MR E11",
    "dataset": "ds003791",
    "modality": "T1w",
    "subject_id": "18"
  },
  "cjv": 0.32131159488615413,
  "cnr": 4.098837101625611,
  "efc": 0.5790772682695746,
  "fber": 20937.307845142437,
  "fwhm_avg": 4.48776187605696,
  "fwhm_x": 4.39589362817088,
  "fwhm_y": 4.537173333333333,
  "fwhm_z": 4.530218666666667,
  "icvs_csf": 0.24067650757214756,
  "icvs_gm": 0.4161147606052555,
  "icvs_wm": 0.3432087318225969,
  "inu_med": 0.4424831420183182,
  "inu_range": 0.13358774781227112,
  "provenance": {
    "md5sum": "a1c0ccad4ac57a577322a8787b84f092",
    "settings": {
      "testing": false
    },
    "software": "mriqc",
    "version": "22.0.6",
    "warnings": {
      "large_rot_frame": true,
      "small_air_mask": false
    },
    "webapi_port": null,
    "webapi_url": "https://mriqc.nimh.nih.gov/api/v1"
  },
  "qi_1": 0.0,
  "qi_2": 0.015276544606571718,
  "rpve_csf": 18.0744529448786,
  "rpve_gm": 10.446550784214054,
  "rpve_wm": 15.000268606221969,
  "size_x": 176,
  "size_y": 256,
  "size_z": 256,
  "snr_csf": 2.091919032583638,
  "snr_gm": 11.074169395733497,
  "snr_total": 14.260420816631742,
  "snr_wm": 29.615174021578085,
  "snrd_csf": 32.885045074161596,
  "snrd_gm": 113.64072538286221,
  "snrd_total": 102.65449464776499,
  "snrd_wm": 161.43771348627118,
  "spacing_x": 0.9399999976158142,
  "spacing_y": 0.9375,
  "spacing_z": 0.9375,
  "summary_bg_k": 6.560066077815165,
  "summary_bg_mad": 4.05821772961397,
  "summary_bg_mean": 4.1119639163991675,
  "summary_bg_median": 2.737226262688637,
  "summary_bg_n": 2498404.0,
  "summary_bg_p05": 0.0,
  "summary_bg_p95": 16.80022206157446,
  "summary_bg_stdv": 6.082087836468573,
  "summary_csf_k": 1.3994121112034268,
  "summary_csf_mad": 83.39931508105232,
  "summary_csf_mean": 222.35603073386997,
  "summary_csf_median": 203.70517186820507,
  "summary_csf_n": 75398.0,
  "summary_csf_p05": 98.40130064636469,
  "summary_csf_p95": 417.3109704684465,
  "summary_csf_stdv": 97.3765321816763,
  "summary_gm_k": 0.04471901812677981,
  "summary_gm_mad": 62.608301060493794,
  "summary_gm_mean": 703.1931822834573,
  "summary_gm_median": 703.9431888610125,
  "summary_gm_n": 51655.0,
  "summary_gm_p05": 596.8878895305097,
  "summary_gm_p95": 806.390823982656,
  "summary_gm_stdv": 63.56561379738111,
  "summary_wm_k": 0.3594630817561564,
  "summary_wm_mad": 32.52455658661631,
  "summary_wm_mean": 999.1254905508539,
  "summary_wm_median": 1000.0198296085,
  "summary_wm_n": 252758.0,
  "summary_wm_p05": 942.8752726316452,
  "summary_wm_p95": 1053.0585471913218,
  "summary_wm_stdv": 33.76707665678189,
  "tpm_overlap_csf": 0.1513493271191385,
  "tpm_overlap_gm": 0.46178759419089443,
  "tpm_overlap_wm": 0.5034863974585085,
  "wm2max": 0.9197329295656457
}