{
  "aor": 0.003753904382470119,
  "aqi": 0.006975208167330677,
  "bids_meta": {
    "AcquisitionDateTime": "20180828151429.950000",
    "ConversionSoftware": "dicm2nii.m 20210821",
    "DeviceSerialNumber": "166054",
    "EchoTime": 0.03,
    "EffectiveEchoSpacing": 0.00050999592,
    "FlipAngle": 75,
    "ImageType": [
      "ORIGINAL",
      "PRIMARY",
      "M",
      "MB",
      "ND",
      "MOSAIC"
    ],
    "InstitutionAddress": "Street StreetNo,City,District,IL,ZIP",
    "InstitutionName": "Weizmann Institute",
    "MRAcquisitionType": "2D",
    "Manufacturer": "SIEMENS",
    "Modality": "MR",
    "ParallelAcquisitionTechnique": "none",
    "ParallelReductionFactorInPlane": 1,
    "PatientAge": "023Y",
    "PatientPosition": "HFS",
    "PatientSex": "M",
    "PatientSize": 1.76,
    "PatientWeight": 72,
    "PhaseEncodingDirection": "j-",
    "RepetitionTime": 2,
    "ScanOptions": "FS",
    "ScanningSequence": "EP",
    "SequenceName": "epfid2d1_96",
    "SequenceVariant": "SK\\SS",
    "SeriesDescription": "EPI_PSAP_iso2.5",
    "SeriesNumber": 6,
    "SliceThickness": 2.5,
    "SliceTiming": [
      0,
      0.92,
      1.8375,
      0.7775,
      1.6975,
      0.635,
      1.555,
      0.495,
      1.415,
      0.3525,
      1.2725,
      0.2125,
      1.13,
      0.07,
      0.99,
      1.91,
      0.8475,
      1.7675,
      0.7075,
      1.625,
      0.565,
      1.485,
      0.425,
      1.3425,
      0.2825,
      1.2025,
      0.14,
      1.06,
      0,
      0.92,
      1.8375,
      0.7775,
      1.6975,
      0.635,
      1.555,
      0.495,
      1.415,
      0.3525,
      1.2725,
      0.2125,
      1.13,
      0.07,
      0.99,
      1.91,
      0.8475,
      1.7675,
      0.7075,
      1.625,
      0.565,
      1.485,
      0.425,
      1.3425,
      0.2825,
      1.2025,
      0.14,
      1.06
    ],
    "SoftwareVersion": "syngo MR E11",
    "TaskName": "PSAP",
    "TotalReadoutTime": 0.048449612,
    "dataset": "ds003791",
    "modality": "bold",
    "run_id": 1,
    "subject_id": "39",
    "task_id": "PSAP"
  },
  "dummy_trs": 0,
  "dvars_nstd": 30.017361495839996,
  "dvars_std": 1.29558505252,
  "dvars_vstd": 0.9972187045199996,
  "efc": 0.5049501696127163,
  "fber": 605.780517578125,
  "fd_mean": 0.1011197172717659,
  "fd_num": 8,
  "fd_perc": 3.187250996015936,
  "fwhm_avg": 3.1409040000000004,
  "fwhm_x": 2.860012,
  "fwhm_y": 3.29272,
  "fwhm_z": 3.2699800000000003,
  "gcor": 0.0176874,
  "gsr_x": -0.03522320091724396,
  "gsr_y": 0.08469600230455399,
  "provenance": {
    "md5sum": "d92aa302124fd52085a55c25eb4763d8",
    "settings": {
      "fd_thres": 0.2,
      "testing": false
    },
    "software": "mriqc",
    "version": "22.0.6",
    "webapi_port": null,
    "webapi_url": "https://mriqc.nimh.nih.gov/api/v1"
  },
  "size_t": 251,
  "size_x": 96,
  "size_y": 96,
  "size_z": 56,
  "snr": 2.1226376933843376,
  "spacing_tr": 2.0,
  "spacing_x": 2.5,
  "spacing_y": 2.5,
  "spacing_z": 2.5,
  "summary_bg_k": 25.369839228594074,
  "summary_bg_mad": 85.0044878295792,
  "summary_bg_mean": 643.1290893554688,
  "summary_bg_median": 272.9641418457031,
  "summary_bg_n": 353157.0,
  "summary_bg_p05": 204.78884887695312,
  "summary_bg_p95": 2613.547558593751,
  "summary_bg_stdv": 1048.190673828125,
  "summary_fg_k": 0.5200952722484682,
  "summary_fg_mad": 3103.446958910748,
  "summary_fg_mean": 7595.60498046875,
  "summary_fg_median": 6973.884765625,
  "summary_fg_n": 86091.0,
  "summary_fg_p05": 3425.5220947265625,
  "summary_fg_p95": 13844.29541015625,
  "summary_fg_stdv": 3285.46142578125,
  "tsnr": 53.38479352509603
}