{
  "aor": 0.0030954339622641506,
  "aqi": 0.007487287283018868,
  "bids_meta": {
    "AcquisitionDateTime": "20180828153232.535000",
    "ConversionSoftware": "dicm2nii.m 20210821",
    "DeviceSerialNumber": "166054",
    "EchoTime": 0.03,
    "EffectiveEchoSpacing": 0.00050999592,
    "FlipAngle": 75,
    "ImageType": [
      "ORIGINAL",
      "PRIMARY",
      "M",
      "MB",
      "ND",
      "MOSAIC"
    ],
    "InstitutionAddress": "Street StreetNo,City,District,IL,ZIP",
    "InstitutionName": "Weizmann Institute",
    "MRAcquisitionType": "2D",
    "Manufacturer": "SIEMENS",
    "Modality": "MR",
    "ParallelAcquisitionTechnique": "none",
    "ParallelReductionFactorInPlane": 1,
    "PatientAge": "023Y",
    "PatientPosition": "HFS",
    "PatientSex": "M",
    "PatientSize": 1.76,
    "PatientWeight": 72,
    "PhaseEncodingDirection": "j-",
    "RepetitionTime": 2,
    "ScanOptions": "FS",
    "ScanningSequence": "EP",
    "SequenceName": "epfid2d1_96",
    "SequenceVariant": "SK\\SS",
    "SeriesDescription": "EPI_PSAP_iso2.5",
    "SeriesNumber": 8,
    "SliceThickness": 2.5,
    "SliceTiming": [
      0,
      0.92,
      1.8375,
      0.7775,
      1.6975,
      0.6375,
      1.555,
      0.495,
      1.415,
      0.355,
      1.2725,
      0.2125,
      1.1325,
      0.07,
      0.99,
      1.91,
      0.8475,
      1.7675,
      0.7075,
      1.6275,
      0.565,
      1.485,
      0.425,
      1.3425,
      0.2825,
      1.2025,
      0.1425,
      1.06,
      0,
      0.92,
      1.8375,
      0.7775,
      1.6975,
      0.6375,
      1.555,
      0.495,
      1.415,
      0.355,
      1.2725,
      0.2125,
      1.1325,
      0.07,
      0.99,
      1.91,
      0.8475,
      1.7675,
      0.7075,
      1.6275,
      0.565,
      1.485,
      0.425,
      1.3425,
      0.2825,
      1.2025,
      0.1425,
      1.06
    ],
    "SoftwareVersion": "syngo MR E11",
    "TaskName": "PSAP",
    "TotalReadoutTime": 0.048449612,
    "dataset": "ds003791",
    "modality": "bold",
    "run_id": 2,
    "subject_id": "39",
    "task_id": "PSAP"
  },
  "dummy_trs": 0,
  "dvars_nstd": 34.30046486125002,
  "dvars_std": 1.304630344242425,
  "dvars_vstd": 0.9909432321590905,
  "efc": 0.5092491820614743,
  "fber": 585.1602172851562,
  "fd_mean": 0.13901763738542092,
  "fd_num": 49,
  "fd_perc": 18.49056603773585,
  "fwhm_avg": 3.1768959999999997,
  "fwhm_x": 2.8933,
  "fwhm_y": 3.354616,
  "fwhm_z": 3.282772,
  "gcor": 0.0477001,
  "gsr_x": -0.040143199265003204,
  "gsr_y": 0.09731804579496384,
  "provenance": {
    "md5sum": "486328292b03c1e9ba0e45b3bb5813bf",
    "settings": {
      "fd_thres": 0.2,
      "testing": false
    },
    "software": "mriqc",
    "version": "22.0.6",
    "webapi_port": null,
    "webapi_url": "https://mriqc.nimh.nih.gov/api/v1"
  },
  "size_t": 265,
  "size_x": 96,
  "size_y": 96,
  "size_z": 56,
  "snr": 2.0928407800380655,
  "spacing_tr": 2.0,
  "spacing_x": 2.5,
  "spacing_y": 2.5,
  "spacing_z": 2.5,
  "summary_bg_k": 25.152356231105,
  "summary_bg_mad": 78.07438120110486,
  "summary_bg_mean": 668.3226928710938,
  "summary_bg_median": 272.4452819824219,
  "summary_bg_n": 352996.0,
  "summary_bg_p05": 213.38113403320312,
  "summary_bg_p95": 2733.6395874023438,
  "summary_bg_stdv": 1103.585693359375,
  "summary_fg_k": 0.5012156363634843,
  "summary_fg_mad": 3082.9652580967495,
  "summary_fg_mean": 7456.93212890625,
  "summary_fg_median": 6832.22265625,
  "summary_fg_n": 87178.0,
  "summary_fg_p05": 3326.282019042969,
  "summary_fg_p95": 13673.109179687497,
  "summary_fg_stdv": 3264.550048828125,
  "tsnr": 54.21092985570431
}