{
  "aor": 0.00820124,
  "aqi": 0.00915245684,
  "bids_meta": {
    "AcquisitionDateTime": "20180828160012.525000",
    "ConversionSoftware": "dicm2nii.m 20210821",
    "DeviceSerialNumber": "166054",
    "EchoTime": 0.03,
    "EffectiveEchoSpacing": 0.00050999592,
    "FlipAngle": 75,
    "ImageType": [
      "ORIGINAL",
      "PRIMARY",
      "M",
      "MB",
      "ND",
      "MOSAIC"
    ],
    "InstitutionAddress": "Street StreetNo,City,District,IL,ZIP",
    "InstitutionName": "Weizmann Institute",
    "MRAcquisitionType": "2D",
    "Manufacturer": "SIEMENS",
    "Modality": "MR",
    "ParallelAcquisitionTechnique": "none",
    "ParallelReductionFactorInPlane": 1,
    "PatientAge": "023Y",
    "PatientPosition": "HFS",
    "PatientSex": "M",
    "PatientSize": 1.76,
    "PatientWeight": 72,
    "PhaseEncodingDirection": "j-",
    "RepetitionTime": 2,
    "ScanOptions": "FS",
    "ScanningSequence": "EP",
    "SequenceName": "epfid2d1_96",
    "SequenceVariant": "SK\\SS",
    "SeriesDescription": "EPI_PSAP_iso2.5",
    "SeriesNumber": 13,
    "SliceThickness": 2.5,
    "SliceTiming": [
      0,
      0.92,
      1.84,
      0.7775,
      1.6975,
      0.6375,
      1.555,
      0.495,
      1.415,
      0.355,
      1.2725,
      0.2125,
      1.1325,
      0.0725,
      0.99,
      1.91,
      0.85,
      1.7675,
      0.7075,
      1.6275,
      0.565,
      1.485,
      0.425,
      1.345,
      0.2825,
      1.2025,
      0.1425,
      1.06,
      0,
      0.92,
      1.84,
      0.7775,
      1.6975,
      0.6375,
      1.555,
      0.495,
      1.415,
      0.355,
      1.2725,
      0.2125,
      1.1325,
      0.0725,
      0.99,
      1.91,
      0.85,
      1.7675,
      0.7075,
      1.6275,
      0.565,
      1.485,
      0.425,
      1.345,
      0.2825,
      1.2025,
      0.1425,
      1.06
    ],
    "SoftwareVersion": "syngo MR E11",
    "TaskName": "PSAP",
    "TotalReadoutTime": 0.048449612,
    "dataset": "ds003791",
    "modality": "bold",
    "run_id": 4,
    "subject_id": "39",
    "task_id": "PSAP"
  },
  "dummy_trs": 0,
  "dvars_nstd": 38.41862105574297,
  "dvars_std": 1.2025879408433733,
  "dvars_vstd": 0.9855810829718883,
  "efc": 0.5095293929329842,
  "fber": 584.4157104492188,
  "fd_mean": 0.18820350890733395,
  "fd_num": 64,
  "fd_perc": 25.6,
  "fwhm_avg": 3.189676,
  "fwhm_x": 2.907524,
  "fwhm_y": 3.363164,
  "fwhm_z": 3.2983400000000005,
  "gcor": 0.0544407,
  "gsr_x": -0.0405115932226181,
  "gsr_y": 0.09518982470035553,
  "provenance": {
    "md5sum": "48d36b7e53913a41479e5e915365c1d3",
    "settings": {
      "fd_thres": 0.2,
      "testing": false
    },
    "software": "mriqc",
    "version": "22.0.6",
    "webapi_port": null,
    "webapi_url": "https://mriqc.nimh.nih.gov/api/v1"
  },
  "size_t": 250,
  "size_x": 96,
  "size_y": 96,
  "size_z": 56,
  "snr": 2.0913971125765736,
  "spacing_tr": 2.0,
  "spacing_x": 2.5,
  "spacing_y": 2.5,
  "spacing_z": 2.5,
  "summary_bg_k": 24.50122677658374,
  "summary_bg_mad": 77.96115451495342,
  "summary_bg_mean": 674.7527465820312,
  "summary_bg_median": 273.6520080566406,
  "summary_bg_n": 353066.0,
  "summary_bg_p05": 214.54000854492188,
  "summary_bg_p95": 2799.155029296875,
  "summary_bg_stdv": 1116.67333984375,
  "summary_fg_k": 0.48888911919641,
  "summary_fg_mad": 3122.431217005519,
  "summary_fg_mean": 7480.943359375,
  "summary_fg_median": 6863.3603515625,
  "summary_fg_n": 87101.0,
  "summary_fg_p05": 3311.920166015625,
  "summary_fg_p95": 13688.2646484375,
  "summary_fg_stdv": 3281.69189453125,
  "tsnr": 42.382935931906104
}