{
  "aor": 0.006267471264367817,
  "aqi": 0.009596636666666667,
  "bids_meta": {
    "AcquisitionDateTime": "20180828154915.507500",
    "ConversionSoftware": "dicm2nii.m 20210821",
    "DeviceSerialNumber": "166054",
    "EchoTime": 0.03,
    "EffectiveEchoSpacing": 0.00050999592,
    "FlipAngle": 75,
    "ImageType": [
      "ORIGINAL",
      "PRIMARY",
      "M",
      "MB",
      "ND",
      "MOSAIC"
    ],
    "InstitutionAddress": "Street StreetNo,City,District,IL,ZIP",
    "InstitutionName": "Weizmann Institute",
    "MRAcquisitionType": "2D",
    "Manufacturer": "SIEMENS",
    "Modality": "MR",
    "ParallelAcquisitionTechnique": "none",
    "ParallelReductionFactorInPlane": 1,
    "PatientAge": "023Y",
    "PatientPosition": "HFS",
    "PatientSex": "M",
    "PatientSize": 1.76,
    "PatientWeight": 72,
    "PhaseEncodingDirection": "j-",
    "RepetitionTime": 2,
    "ScanOptions": "FS",
    "ScanningSequence": "EP",
    "SequenceName": "epfid2d1_96",
    "SequenceVariant": "SK\\SS",
    "SeriesDescription": "EPI_PSAP_iso2.5",
    "SeriesNumber": 11,
    "SliceThickness": 2.5,
    "SliceTiming": [
      0,
      0.9175,
      1.8375,
      0.7775,
      1.6975,
      0.635,
      1.555,
      0.495,
      1.4125,
      0.3525,
      1.2725,
      0.2125,
      1.13,
      0.07,
      0.99,
      1.9075,
      0.8475,
      1.7675,
      0.7075,
      1.625,
      0.565,
      1.485,
      0.425,
      1.3425,
      0.2825,
      1.2025,
      0.14,
      1.06,
      0,
      0.9175,
      1.8375,
      0.7775,
      1.6975,
      0.635,
      1.555,
      0.495,
      1.4125,
      0.3525,
      1.2725,
      0.2125,
      1.13,
      0.07,
      0.99,
      1.9075,
      0.8475,
      1.7675,
      0.7075,
      1.625,
      0.565,
      1.485,
      0.425,
      1.3425,
      0.2825,
      1.2025,
      0.14,
      1.06
    ],
    "SoftwareVersion": "syngo MR E11",
    "TaskName": "PSAP",
    "TotalReadoutTime": 0.048449612,
    "dataset": "ds003791",
    "modality": "bold",
    "run_id": 3,
    "subject_id": "39",
    "task_id": "PSAP"
  },
  "dummy_trs": 0,
  "dvars_nstd": 39.228880654769235,
  "dvars_std": 1.2659880296538453,
  "dvars_vstd": 1.009607112769231,
  "efc": 0.5093898817116903,
  "fber": 582.5411376953125,
  "fd_mean": 0.2242688649141455,
  "fd_num": 84,
  "fd_perc": 32.18390804597701,
  "fwhm_avg": 3.1908333333333334,
  "fwhm_x": 2.921304,
  "fwhm_y": 3.37906,
  "fwhm_z": 3.2721359999999997,
  "gcor": 0.0409889,
  "gsr_x": -0.039310336112976074,
  "gsr_y": 0.0949254184961319,
  "provenance": {
    "md5sum": "aa13a66870e0aaa66684916200a5d41a",
    "settings": {
      "fd_thres": 0.2,
      "testing": false
    },
    "software": "mriqc",
    "version": "22.0.6",
    "webapi_port": null,
    "webapi_url": "https://mriqc.nimh.nih.gov/api/v1"
  },
  "size_t": 261,
  "size_x": 96,
  "size_y": 96,
  "size_z": 56,
  "snr": 2.1018774305284786,
  "spacing_tr": 2.0,
  "spacing_x": 2.5,
  "spacing_y": 2.5,
  "spacing_z": 2.5,
  "summary_bg_k": 24.414468301722486,
  "summary_bg_mad": 84.24701147944764,
  "summary_bg_mean": 675.9749755859375,
  "summary_bg_median": 274.9693298339844,
  "summary_bg_n": 353731.0,
  "summary_bg_p05": 208.80076599121094,
  "summary_bg_p95": 2788.733642578125,
  "summary_bg_stdv": 1115.44482421875,
  "summary_fg_k": 0.48869750983692084,
  "summary_fg_mad": 3106.1081140646675,
  "summary_fg_mean": 7475.93701171875,
  "summary_fg_median": 6858.490234375,
  "summary_fg_n": 86713.0,
  "summary_fg_p05": 3342.8657714843753,
  "summary_fg_p95": 13680.4375,
  "summary_fg_stdv": 3263.01171875,
  "tsnr": 43.61396204936318
}