{
  "bids_meta": {
    "AcquisitionDateTime": "20181211141706.967500",
    "ConversionSoftware": "dicm2nii.m 20210821",
    "DeviceSerialNumber": "166054",
    "EchoTime": 0.00229,
    "FlipAngle": 8,
    "ImageType": [
      "ORIGINAL",
      "PRIMARY",
      "M",
      "ND",
      "NORM"
    ],
    "InstitutionAddress": "Street StreetNo,City,District,IL,ZIP",
    "InstitutionName": "Weizmann Institute",
    "InversionTime": 0.9,
    "MRAcquisitionType": "3D",
    "Manufacturer": "SIEMENS",
    "Modality": "MR",
    "ParallelAcquisitionTechnique": "GRAPPA",
    "ParallelReductionFactorInPlane": 2,
    "PatientAge": "026Y",
    "PatientPosition": "HFS",
    "PatientSex": "M",
    "PatientSize": 1.73,
    "PatientWeight": 69,
    "PhaseEncodingDirection": "j-",
    "RepetitionTime": 2.3,
    "ScanOptions": "IR\\WE",
    "ScanningSequence": "GR\\IR",
    "SequenceName": "*tfl3d1_16ns",
    "SequenceVariant": "SK\\SP\\MP",
    "SeriesDescription": "t1_mprage_sag_p2_iso_water_exc",
    "SeriesNumber": 11,
    "SliceThickness": 0.94,
    "SoftwareVersion": "syngo MR E11",
    "dataset": "ds003791",
    "modality": "T1w",
    "subject_id": "04"
  },
  "cjv": 0.325642987278909,
  "cnr": 4.141773883137247,
  "efc": 0.6232396443766735,
  "fber": 18427.028885052438,
  "fwhm_avg": 4.897347540680943,
  "fwhm_x": 4.776021288709492,
  "fwhm_y": 4.999840000000001,
  "fwhm_z": 4.916181333333333,
  "icvs_csf": 0.21510795966797477,
  "icvs_gm": 0.4279160922309725,
  "icvs_wm": 0.35697594810105276,
  "inu_med": 0.44744300842285156,
  "inu_range": 0.15604542195796967,
  "provenance": {
    "md5sum": "b32a32e804d36472d9145d7db082c3f1",
    "settings": {
      "testing": false
    },
    "software": "mriqc",
    "version": "22.0.6",
    "warnings": {
      "large_rot_frame": true,
      "small_air_mask": false
    },
    "webapi_port": null,
    "webapi_url": "https://mriqc.nimh.nih.gov/api/v1"
  },
  "qi_1": 0.0,
  "qi_2": 0.015335380992409955,
  "rpve_csf": 19.90083429294152,
  "rpve_gm": 10.393043439962783,
  "rpve_wm": 14.805009240900173,
  "size_x": 176,
  "size_y": 256,
  "size_z": 256,
  "snr_csf": 2.377148965936202,
  "snr_gm": 11.422256196181708,
  "snr_total": 13.517553084569357,
  "snr_wm": 26.75325409159016,
  "snrd_csf": 29.065849037694544,
  "snrd_gm": 80.9259286633482,
  "snrd_total": 75.12609181408347,
  "snrd_wm": 115.38649774120763,
  "spacing_x": 0.9399999976158142,
  "spacing_y": 0.9375,
  "spacing_z": 0.9375,
  "summary_bg_k": 8.41539480568787,
  "summary_bg_mad": 0.0,
  "summary_bg_mean": 3.6422644178459542,
  "summary_bg_median": 0.0,
  "summary_bg_n": 2011359.0,
  "summary_bg_p05": 0.0,
  "summary_bg_p95": 14.955223724246025,
  "summary_bg_stdv": 5.67788253650139,
  "summary_csf_k": 0.41259068214850947,
  "summary_csf_mad": 102.5937971364505,
  "summary_csf_mean": 254.2406525482686,
  "summary_csf_median": 251.90552175045013,
  "summary_csf_n": 53943.0,
  "summary_csf_p05": 84.153688326478,
  "summary_csf_p95": 437.78806399554,
  "summary_csf_stdv": 105.96861636613711,
  "summary_gm_k": 0.05783107159166523,
  "summary_gm_mad": 61.641937842742095,
  "summary_gm_mean": 700.9173209376271,
  "summary_gm_median": 701.3622157275677,
  "summary_gm_n": 60020.0,
  "summary_gm_p05": 599.8533569276333,
  "summary_gm_p95": 801.0933361947536,
  "summary_gm_stdv": 61.40261266422409,
  "summary_wm_k": 0.8300060218854859,
  "summary_wm_mad": 35.614609731696525,
  "summary_wm_mean": 1000.4793695379967,
  "summary_wm_median": 1000.0222556293011,
  "summary_wm_n": 261992.0,
  "summary_wm_p05": 940.9346777945757,
  "summary_wm_p95": 1061.8653278797865,
  "summary_wm_stdv": 37.37939107168801,
  "tpm_overlap_csf": 0.15259156755927797,
  "tpm_overlap_gm": 0.482128164452456,
  "tpm_overlap_wm": 0.5118567518806032,
  "wm2max": 0.902331923084635
}