{
  "bids_meta": {
    "AcquisitionDateTime": "20181108130116.720000",
    "ConversionSoftware": "dicm2nii.m 20210821",
    "DeviceSerialNumber": "166054",
    "EchoTime": 0.00229,
    "FlipAngle": 8,
    "ImageType": [
      "ORIGINAL",
      "PRIMARY",
      "M",
      "ND",
      "NORM"
    ],
    "InstitutionAddress": "Street StreetNo,City,District,IL,ZIP",
    "InstitutionName": "Weizmann Institute",
    "InversionTime": 0.9,
    "MRAcquisitionType": "3D",
    "Manufacturer": "SIEMENS",
    "Modality": "MR",
    "ParallelAcquisitionTechnique": "GRAPPA",
    "ParallelReductionFactorInPlane": 2,
    "PatientAge": "033Y",
    "PatientPosition": "HFS",
    "PatientSex": "F",
    "PatientSize": 1.6,
    "PatientWeight": 50,
    "PhaseEncodingDirection": "j-",
    "RepetitionTime": 2.3,
    "ScanOptions": "IR\\WE",
    "ScanningSequence": "GR\\IR",
    "SequenceName": "*tfl3d1_16ns",
    "SequenceVariant": "SK\\SP\\MP",
    "SeriesDescription": "t1_mprage_sag_p2_iso_water_exc",
    "SeriesNumber": 11,
    "SliceThickness": 0.94,
    "SoftwareVersion": "syngo MR E11",
    "dataset": "ds003791",
    "modality": "T1w",
    "subject_id": "35"
  },
  "cjv": 0.30597240206121706,
  "cnr": 4.385972022766835,
  "efc": 0.5563776463771721,
  "fber": 20557.03452974291,
  "fwhm_avg": 4.329593043875168,
  "fwhm_x": 4.359829798292174,
  "fwhm_y": 4.247445333333333,
  "fwhm_z": 4.3815040000000005,
  "icvs_csf": 0.18316248327477794,
  "icvs_gm": 0.4624125013681687,
  "icvs_wm": 0.35442501535705334,
  "inu_med": 0.4813588708639145,
  "inu_range": 0.16537505984306333,
  "provenance": {
    "md5sum": "23357323735c074ac47042447ba9b2d7",
    "settings": {
      "testing": false
    },
    "software": "mriqc",
    "version": "22.0.6",
    "warnings": {
      "large_rot_frame": true,
      "small_air_mask": false
    },
    "webapi_port": null,
    "webapi_url": "https://mriqc.nimh.nih.gov/api/v1"
  },
  "qi_1": 0.0,
  "qi_2": 0.03129078208974075,
  "rpve_csf": 25.311914844710063,
  "rpve_gm": 11.051635342767767,
  "rpve_wm": 16.29317373073678,
  "size_x": 176,
  "size_y": 256,
  "size_z": 256,
  "snr_csf": 2.0371655233239294,
  "snr_gm": 11.595975701947575,
  "snr_total": 13.610495247619632,
  "snr_wm": 27.198344517587394,
  "snrd_csf": 31.680913235924976,
  "snrd_gm": 91.27120241778385,
  "snrd_total": 84.95831066754758,
  "snrd_wm": 131.9228163489339,
  "spacing_x": 0.9399999976158142,
  "spacing_y": 0.9375,
  "spacing_z": 0.9375,
  "summary_bg_k": 14.068126118594943,
  "summary_bg_mad": 0.0,
  "summary_bg_mean": 2.967721094139436,
  "summary_bg_median": 0.0,
  "summary_bg_n": 2619991.0,
  "summary_bg_p05": 0.0,
  "summary_bg_p95": 12.663713350892067,
  "summary_bg_stdv": 4.966177861094376,
  "summary_csf_k": 0.39106168716130796,
  "summary_csf_mad": 111.50927654888814,
  "summary_csf_mean": 253.63565341705768,
  "summary_csf_median": 240.15311915427446,
  "summary_csf_n": 29017.0,
  "summary_csf_p05": 82.4056236833334,
  "summary_csf_p95": 471.21532925665366,
  "summary_csf_stdv": 117.88388239634683,
  "summary_gm_k": -0.03381012596379085,
  "summary_gm_mad": 60.19858991667729,
  "summary_gm_mean": 692.2697369673529,
  "summary_gm_median": 691.8697004206479,
  "summary_gm_n": 58688.0,
  "summary_gm_p05": 595.4196334231644,
  "summary_gm_p95": 791.2172539234161,
  "summary_gm_stdv": 59.66413035912259,
  "summary_wm_k": 0.678865081870645,
  "summary_wm_mad": 34.088143119138344,
  "summary_wm_mean": 1000.3962089831475,
  "summary_wm_median": 1000.0240712091327,
  "summary_wm_n": 228901.0,
  "summary_wm_p05": 940.7742640674114,
  "summary_wm_p95": 1061.1036164015532,
  "summary_wm_stdv": 36.76774835163509,
  "tpm_overlap_csf": 0.14077427384613156,
  "tpm_overlap_gm": 0.4852778970053379,
  "tpm_overlap_wm": 0.5196709587639058,
  "wm2max": 0.8519041530404124
}