{
  "aor": 0.0014005833333333333,
  "aqi": 0.008884151250000001,
  "bids_meta": {
    "AcquisitionDateTime": "20180703130437.520000",
    "ConversionSoftware": "dicm2nii.m 20210821",
    "DeviceSerialNumber": "166054",
    "EchoTime": 0.03,
    "EffectiveEchoSpacing": 0.00050999592,
    "FlipAngle": 75,
    "ImageType": [
      "ORIGINAL",
      "PRIMARY",
      "M",
      "MB",
      "ND",
      "MOSAIC"
    ],
    "InstitutionAddress": "Street StreetNo,City,District,IL,ZIP",
    "InstitutionName": "Weizmann Institute",
    "MRAcquisitionType": "2D",
    "Manufacturer": "SIEMENS",
    "Modality": "MR",
    "ParallelAcquisitionTechnique": "none",
    "ParallelReductionFactorInPlane": 1,
    "PatientAge": "029Y",
    "PatientPosition": "HFS",
    "PatientSex": "F",
    "PatientSize": 1.73,
    "PatientWeight": 55,
    "PhaseEncodingDirection": "j-",
    "RepetitionTime": 2,
    "ScanOptions": "FS",
    "ScanningSequence": "EP",
    "SequenceName": "epfid2d1_96",
    "SequenceVariant": "SK\\SS",
    "SeriesDescription": "EPI_PSAP_iso2.5",
    "SeriesNumber": 21,
    "SliceThickness": 2.5,
    "SliceTiming": [
      0,
      0.92,
      1.84,
      0.7775,
      1.6975,
      0.6375,
      1.5575,
      0.495,
      1.415,
      0.355,
      1.2725,
      0.2125,
      1.1325,
      0.0725,
      0.99,
      1.91,
      0.85,
      1.7675,
      0.7075,
      1.6275,
      0.5675,
      1.485,
      0.425,
      1.345,
      0.2825,
      1.2025,
      0.1425,
      1.0625,
      0,
      0.92,
      1.84,
      0.7775,
      1.6975,
      0.6375,
      1.5575,
      0.495,
      1.415,
      0.355,
      1.2725,
      0.2125,
      1.1325,
      0.0725,
      0.99,
      1.91,
      0.85,
      1.7675,
      0.7075,
      1.6275,
      0.5675,
      1.485,
      0.425,
      1.345,
      0.2825,
      1.2025,
      0.1425,
      1.0625
    ],
    "SoftwareVersion": "syngo MR E11",
    "TaskName": "PSAP",
    "TotalReadoutTime": 0.048449612,
    "dataset": "ds003791",
    "modality": "bold",
    "run_id": 4,
    "subject_id": "43",
    "task_id": "PSAP"
  },
  "dummy_trs": 0,
  "dvars_nstd": 31.33418749556486,
  "dvars_std": 1.233077401464436,
  "dvars_vstd": 0.9483255806694562,
  "efc": 0.4902332858908984,
  "fber": 618.4721069335938,
  "fd_mean": 0.10228252614391575,
  "fd_num": 10,
  "fd_perc": 4.166666666666667,
  "fwhm_avg": 2.739792,
  "fwhm_x": 2.545604,
  "fwhm_y": 2.834784,
  "fwhm_z": 2.838988,
  "gcor": 0.00943888,
  "gsr_x": -0.010462031699717045,
  "gsr_y": 0.04202095791697502,
  "provenance": {
    "md5sum": "d9de762566d285e70ef25cf985722690",
    "settings": {
      "fd_thres": 0.2,
      "testing": false
    },
    "software": "mriqc",
    "version": "22.0.6",
    "webapi_port": null,
    "webapi_url": "https://mriqc.nimh.nih.gov/api/v1"
  },
  "size_t": 240,
  "size_x": 96,
  "size_y": 96,
  "size_z": 56,
  "snr": 2.502267695427031,
  "spacing_tr": 2.0,
  "spacing_x": 2.5,
  "spacing_y": 2.5,
  "spacing_z": 2.5,
  "summary_bg_k": 61.00742022480338,
  "summary_bg_mad": 58.79134491572412,
  "summary_bg_mean": 417.6595458984375,
  "summary_bg_median": 231.64584350585938,
  "summary_bg_n": 361747.0,
  "summary_bg_p05": 184.7791748046875,
  "summary_bg_p95": 1341.6629760742194,
  "summary_bg_stdv": 578.8663330078125,
  "summary_fg_k": 1.1897314457954256,
  "summary_fg_mad": 2079.955538239697,
  "summary_fg_mean": 6324.279296875,
  "summary_fg_median": 5881.05859375,
  "summary_fg_n": 81383.0,
  "summary_fg_p05": 3344.2743408203123,
  "summary_fg_p95": 10769.33359375,
  "summary_fg_stdv": 2350.277099609375,
  "tsnr": 53.35787651175633
}