{
  "bids_meta": {
    "AcquisitionDateTime": "20181022164126.957500",
    "ConversionSoftware": "dicm2nii.m 20210821",
    "DeviceSerialNumber": "166054",
    "EchoTime": 0.00229,
    "FlipAngle": 8,
    "ImageType": [
      "ORIGINAL",
      "PRIMARY",
      "M",
      "ND",
      "NORM"
    ],
    "InstitutionAddress": "Street StreetNo,City,District,IL,ZIP",
    "InstitutionName": "Weizmann Institute",
    "InversionTime": 0.9,
    "MRAcquisitionType": "3D",
    "Manufacturer": "SIEMENS",
    "Modality": "MR",
    "ParallelAcquisitionTechnique": "GRAPPA",
    "ParallelReductionFactorInPlane": 2,
    "PatientAge": "025Y",
    "PatientPosition": "HFS",
    "PatientSex": "F",
    "PatientSize": 1.65,
    "PatientWeight": 50,
    "PhaseEncodingDirection": "j-",
    "RepetitionTime": 2.3,
    "ScanOptions": "IR\\WE",
    "ScanningSequence": "GR\\IR",
    "SequenceName": "*tfl3d1_16ns",
    "SequenceVariant": "SK\\SP\\MP",
    "SeriesDescription": "t1_mprage_sag_p2_iso_water_exc",
    "SeriesNumber": 13,
    "SliceThickness": 0.94,
    "SoftwareVersion": "syngo MR E11",
    "dataset": "ds003791",
    "modality": "T1w",
    "subject_id": "22"
  },
  "cjv": 0.30087065529547585,
  "cnr": 4.498546841154975,
  "efc": 0.6009395288242863,
  "fber": 17263.611029618303,
  "fwhm_avg": 4.52719654273039,
  "fwhm_x": 4.403893628191171,
  "fwhm_y": 4.581856,
  "fwhm_z": 4.59584,
  "icvs_csf": 0.2044986211694785,
  "icvs_gm": 0.45228323883257765,
  "icvs_wm": 0.3432181399979438,
  "inu_med": 0.5168708264827728,
  "inu_range": 0.19257639348506927,
  "provenance": {
    "md5sum": "b1df4d22d5c5ece1a4816e44e10b9507",
    "settings": {
      "testing": false
    },
    "software": "mriqc",
    "version": "22.0.6",
    "warnings": {
      "large_rot_frame": true,
      "small_air_mask": false
    },
    "webapi_port": null,
    "webapi_url": "https://mriqc.nimh.nih.gov/api/v1"
  },
  "qi_1": 0.0,
  "qi_2": 0.0105884103777871,
  "rpve_csf": 22.882848,
  "rpve_gm": 11.14659373485085,
  "rpve_wm": 16.882883852448987,
  "size_x": 176,
  "size_y": 256,
  "size_z": 256,
  "snr_csf": 2.3398695354489636,
  "snr_gm": 11.489855804025174,
  "snr_total": 13.78374634189232,
  "snr_wm": 27.52151368620282,
  "snrd_csf": 27.15871419815104,
  "snrd_gm": 71.35913040151615,
  "snrd_total": 67.57713266147753,
  "snrd_wm": 104.2135533847654,
  "spacing_x": 0.9399999976158142,
  "spacing_y": 0.9375,
  "spacing_z": 0.9375,
  "summary_bg_k": 6.566347951076395,
  "summary_bg_mad": 0.0,
  "summary_bg_mean": 4.093912819027091,
  "summary_bg_median": 0.0,
  "summary_bg_n": 1796836.0,
  "summary_bg_p05": 0.0,
  "summary_bg_p95": 17.726545572280884,
  "summary_bg_stdv": 6.286784058064815,
  "summary_csf_k": 0.08915771496133695,
  "summary_csf_mad": 103.86903809559989,
  "summary_csf_mean": 264.7591948453774,
  "summary_csf_median": 260.61896646022797,
  "summary_csf_n": 31704.0,
  "summary_csf_p05": 81.59296447634698,
  "summary_csf_p95": 460.5644717127084,
  "summary_csf_stdv": 111.3800800809166,
  "summary_gm_k": -0.011843423659949615,
  "summary_gm_mad": 60.641135618205396,
  "summary_gm_mean": 684.0648948503109,
  "summary_gm_median": 684.7725808024406,
  "summary_gm_n": 59332.0,
  "summary_gm_p05": 586.0173173546791,
  "summary_gm_p95": 780.2101711034775,
  "summary_gm_stdv": 59.597511210984955,
  "summary_wm_k": 0.5626705653548476,
  "summary_wm_mad": 34.21610553235627,
  "summary_wm_mean": 999.9936882783995,
  "summary_wm_median": 1000.0483961105347,
  "summary_wm_n": 223249.0,
  "summary_wm_p05": 940.1704499602318,
  "summary_wm_p95": 1058.8947154283524,
  "summary_wm_stdv": 36.33688785254909,
  "tpm_overlap_csf": 0.15326309796411228,
  "tpm_overlap_gm": 0.4875712626674124,
  "tpm_overlap_wm": 0.5136254123836212,
  "wm2max": 0.9027237354085603
}