{
  "bids_meta": {
    "AcquisitionDateTime": "20190206165910.995000",
    "ConversionSoftware": "dicm2nii.m 20210821",
    "DeviceSerialNumber": "166054",
    "EchoTime": 0.00229,
    "FlipAngle": 8,
    "ImageType": [
      "ORIGINAL",
      "PRIMARY",
      "M",
      "ND",
      "NORM"
    ],
    "InstitutionAddress": "Street StreetNo,City,District,IL,ZIP",
    "InstitutionName": "Weizmann Institute",
    "InversionTime": 0.9,
    "MRAcquisitionType": "3D",
    "Manufacturer": "SIEMENS",
    "Modality": "MR",
    "ParallelAcquisitionTechnique": "GRAPPA",
    "ParallelReductionFactorInPlane": 2,
    "PatientAge": "028Y",
    "PatientPosition": "HFS",
    "PatientSex": "M",
    "PatientSize": 1.87,
    "PatientWeight": 60,
    "PhaseEncodingDirection": "j-",
    "RepetitionTime": 2.3,
    "ScanOptions": "IR\\WE",
    "ScanningSequence": "GR\\IR",
    "SequenceName": "*tfl3d1_16ns",
    "SequenceVariant": "SK\\SP\\MP",
    "SeriesDescription": "t1_mprage_sag_p2_iso_water_exc",
    "SeriesNumber": 11,
    "SliceThickness": 0.94,
    "SoftwareVersion": "syngo MR E11",
    "dataset": "ds003791",
    "modality": "T1w",
    "subject_id": "32"
  },
  "cjv": 0.32562398255693165,
  "cnr": 4.125596099348167,
  "efc": 0.5780732148686839,
  "fber": 33678.407999639654,
  "fwhm_avg": 4.458950216163347,
  "fwhm_x": 4.492903981823375,
  "fwhm_y": 4.3749226666666665,
  "fwhm_z": 4.509024,
  "icvs_csf": 0.21475864776171322,
  "icvs_gm": 0.4356290284659739,
  "icvs_wm": 0.3496123237723129,
  "inu_med": 0.4437200427055359,
  "inu_range": 0.1337682157754898,
  "provenance": {
    "md5sum": "20a83dc5d3fe9c876ae1fc31264125e0",
    "settings": {
      "testing": false
    },
    "software": "mriqc",
    "version": "22.0.6",
    "warnings": {
      "large_rot_frame": true,
      "small_air_mask": false
    },
    "webapi_port": null,
    "webapi_url": "https://mriqc.nimh.nih.gov/api/v1"
  },
  "qi_1": 0.0,
  "qi_2": 0.02564898955977036,
  "rpve_csf": 19.085634247016984,
  "rpve_gm": 9.94197127158666,
  "rpve_wm": 14.531389323096889,
  "size_x": 176,
  "size_y": 256,
  "size_z": 256,
  "snr_csf": 2.078138464711232,
  "snr_gm": 10.971652403078767,
  "snr_total": 13.035801302868572,
  "snr_wm": 26.057613040815713,
  "snrd_csf": 32.654812253292114,
  "snrd_gm": 95.16793422116358,
  "snrd_total": 88.31080963866079,
  "snrd_wm": 137.1096824415267,
  "spacing_x": 0.940000057220459,
  "spacing_y": 0.9375,
  "spacing_z": 0.9375,
  "summary_bg_k": 15.966371184608068,
  "summary_bg_mad": 0.0,
  "summary_bg_mean": 2.8158668042114936,
  "summary_bg_median": 0.0,
  "summary_bg_n": 3072897.0,
  "summary_bg_p05": 0.0,
  "summary_bg_p95": 12.520850041881204,
  "summary_bg_stdv": 4.778292807431975,
  "summary_csf_k": 0.46717895566997303,
  "summary_csf_mad": 102.70935379926492,
  "summary_csf_mean": 255.13990850679605,
  "summary_csf_median": 238.17063823342323,
  "summary_csf_n": 44930.0,
  "summary_csf_p05": 80.07537561776117,
  "summary_csf_p95": 466.6497584749013,
  "summary_csf_stdv": 114.60640943788225,
  "summary_gm_k": -0.047256465309813755,
  "summary_gm_mad": 64.04856381386651,
  "summary_gm_mean": 693.7347637568787,
  "summary_gm_median": 694.1153866387904,
  "summary_gm_n": 55995.0,
  "summary_gm_p05": 589.1218302842229,
  "summary_gm_p95": 797.0333956761285,
  "summary_gm_stdv": 63.263869752576184,
  "summary_wm_k": 0.6845743303603897,
  "summary_wm_mad": 35.56166592988873,
  "summary_wm_mean": 1000.45923092844,
  "summary_wm_median": 1000.0210787244141,
  "summary_wm_n": 263133.0,
  "summary_wm_p05": 938.9370666313916,
  "summary_wm_p95": 1064.5256265792996,
  "summary_wm_stdv": 38.37723650805637,
  "tpm_overlap_csf": 0.1572444575203298,
  "tpm_overlap_gm": 0.47636779633278936,
  "tpm_overlap_wm": 0.5224649823322236,
  "wm2max": 0.8916710595677385
}