{
  "bids_meta": {
    "AcquisitionDateTime": "20190117141816.972500",
    "ConversionSoftware": "dicm2nii.m 20210821",
    "DeviceSerialNumber": "166054",
    "EchoTime": 0.00229,
    "FlipAngle": 8,
    "ImageType": [
      "ORIGINAL",
      "PRIMARY",
      "M",
      "ND",
      "NORM"
    ],
    "InstitutionAddress": "Street StreetNo,City,District,IL,ZIP",
    "InstitutionName": "Weizmann Institute",
    "InversionTime": 0.9,
    "MRAcquisitionType": "3D",
    "Manufacturer": "SIEMENS",
    "Modality": "MR",
    "ParallelAcquisitionTechnique": "GRAPPA",
    "ParallelReductionFactorInPlane": 2,
    "PatientAge": "030Y",
    "PatientPosition": "HFS",
    "PatientSex": "F",
    "PatientSize": 1.65,
    "PatientWeight": 52,
    "PhaseEncodingDirection": "j-",
    "RepetitionTime": 2.3,
    "ScanOptions": "IR\\WE",
    "ScanningSequence": "GR\\IR",
    "SequenceName": "*tfl3d1_16ns",
    "SequenceVariant": "SK\\SP\\MP",
    "SeriesDescription": "t1_mprage_sag_p2_iso_water_exc",
    "SeriesNumber": 11,
    "SliceThickness": 0.94,
    "SoftwareVersion": "syngo MR E11",
    "dataset": "ds003791",
    "modality": "T1w",
    "subject_id": "40"
  },
  "cjv": 0.29265101483414147,
  "cnr": 4.499897744308789,
  "efc": 0.5630281760833452,
  "fber": 43963.605625,
  "fwhm_avg": 4.565532124962215,
  "fwhm_x": 4.5602550415533125,
  "fwhm_y": 4.483082666666666,
  "fwhm_z": 4.653258666666667,
  "icvs_csf": 0.23186478855360543,
  "icvs_gm": 0.42983637884492043,
  "icvs_wm": 0.33829883260147414,
  "inu_med": 0.450190931558609,
  "inu_range": 0.14283189177513123,
  "provenance": {
    "md5sum": "e7c15413037aeee6bcacac095b973ffd",
    "settings": {
      "testing": false
    },
    "software": "mriqc",
    "version": "22.0.6",
    "warnings": {
      "large_rot_frame": true,
      "small_air_mask": false
    },
    "webapi_port": null,
    "webapi_url": "https://mriqc.nimh.nih.gov/api/v1"
  },
  "qi_1": 0.021029962027577828,
  "qi_2": 0.01817971520288679,
  "rpve_csf": 20.392911307583596,
  "rpve_gm": 11.25115231552062,
  "rpve_wm": 16.57335007536809,
  "size_x": 176,
  "size_y": 256,
  "size_z": 256,
  "snr_csf": 2.0274671401183357,
  "snr_gm": 11.32283944419543,
  "snr_total": 14.515483721170314,
  "snr_wm": 30.19614457919718,
  "snrd_csf": 31.90883781710702,
  "snrd_gm": 96.98352827441923,
  "snrd_total": 89.95713772479364,
  "snrd_wm": 140.97904708285466,
  "spacing_x": 0.940000057220459,
  "spacing_y": 0.9375,
  "spacing_z": 0.9375,
  "summary_bg_k": 42.341248095227584,
  "summary_bg_mad": 0.0,
  "summary_bg_mean": 2.1563645012338704,
  "summary_bg_median": 0.0,
  "summary_bg_n": 2340607.0,
  "summary_bg_p05": 0.0,
  "summary_bg_p95": 10.931538417935371,
  "summary_bg_stdv": 4.647247161274331,
  "summary_csf_k": -0.0013301409233288375,
  "summary_csf_mad": 110.65333856745826,
  "summary_csf_mean": 239.29766903788902,
  "summary_csf_median": 226.3471484184265,
  "summary_csf_n": 58565.0,
  "summary_csf_p05": 71.56942505389452,
  "summary_csf_p95": 439.88510593771906,
  "summary_csf_stdv": 111.63940045564145,
  "summary_gm_k": 0.19231110146237151,
  "summary_gm_mad": 59.68034745252344,
  "summary_gm_mean": 686.6548997066542,
  "summary_gm_median": 687.958151102066,
  "summary_gm_n": 63551.0,
  "summary_gm_p05": 584.1728392988443,
  "summary_gm_p95": 783.1054041162133,
  "summary_gm_stdv": 60.757969926642026,
  "summary_wm_k": 0.44020163656282074,
  "summary_wm_mad": 31.651558073862272,
  "summary_wm_mean": 999.0217390339834,
  "summary_wm_median": 1000.0428557395935,
  "summary_wm_n": 231198.0,
  "summary_wm_p05": 943.348896689713,
  "summary_wm_p95": 1051.7211677506566,
  "summary_wm_stdv": 33.11815819311775,
  "tpm_overlap_csf": 0.14946098656274906,
  "tpm_overlap_gm": 0.4773977780941957,
  "tpm_overlap_wm": 0.5168056754239049,
  "wm2max": 0.9220948347935398
}