{
  "aor": 0.0011437698412698411,
  "aqi": 0.0025024940476190477,
  "bids_meta": {
    "AcquisitionDateTime": "20181219142451.687500",
    "ConversionSoftware": "dicm2nii.m 20210821",
    "DeviceSerialNumber": "166054",
    "EchoTime": 0.03,
    "EffectiveEchoSpacing": 0.00050999592,
    "FlipAngle": 75,
    "ImageType": [
      "ORIGINAL",
      "PRIMARY",
      "M",
      "MB",
      "ND",
      "MOSAIC"
    ],
    "InstitutionAddress": "Street StreetNo,City,District,IL,ZIP",
    "InstitutionName": "Weizmann Institute",
    "MRAcquisitionType": "2D",
    "Manufacturer": "SIEMENS",
    "Modality": "MR",
    "ParallelAcquisitionTechnique": "none",
    "ParallelReductionFactorInPlane": 1,
    "PatientAge": "028Y",
    "PatientPosition": "HFS",
    "PatientSex": "F",
    "PatientSize": 1.53,
    "PatientWeight": 53,
    "PhaseEncodingDirection": "j-",
    "RepetitionTime": 2,
    "ScanOptions": "FS",
    "ScanningSequence": "EP",
    "SequenceName": "epfid2d1_96",
    "SequenceVariant": "SK\\SS",
    "SeriesDescription": "EPI_PSAP_iso2.5",
    "SeriesNumber": 17,
    "SliceThickness": 2.5,
    "SliceTiming": [
      0,
      0.92,
      1.8375,
      0.7775,
      1.6975,
      0.635,
      1.555,
      0.495,
      1.4125,
      0.3525,
      1.2725,
      0.2125,
      1.13,
      0.07,
      0.99,
      1.9075,
      0.8475,
      1.7675,
      0.7075,
      1.625,
      0.565,
      1.485,
      0.425,
      1.3425,
      0.2825,
      1.2025,
      0.14,
      1.06,
      0,
      0.92,
      1.8375,
      0.7775,
      1.6975,
      0.635,
      1.555,
      0.495,
      1.4125,
      0.3525,
      1.2725,
      0.2125,
      1.13,
      0.07,
      0.99,
      1.9075,
      0.8475,
      1.7675,
      0.7075,
      1.625,
      0.565,
      1.485,
      0.425,
      1.3425,
      0.2825,
      1.2025,
      0.14,
      1.06
    ],
    "SoftwareVersion": "syngo MR E11",
    "TaskName": "PSAP",
    "TotalReadoutTime": 0.048449612,
    "dataset": "ds003791",
    "modality": "bold",
    "run_id": 4,
    "subject_id": "11",
    "task_id": "PSAP"
  },
  "dummy_trs": 0,
  "dvars_nstd": 28.38140977812748,
  "dvars_std": 1.2638490169721115,
  "dvars_vstd": 1.0008273403187247,
  "efc": 0.48044306010119253,
  "fber": 635.620361328125,
  "fd_mean": 0.10981320452887094,
  "fd_num": 8,
  "fd_perc": 3.1746031746031744,
  "fwhm_avg": 2.828670666666667,
  "fwhm_x": 2.645176,
  "fwhm_y": 2.844472,
  "fwhm_z": 2.9963640000000002,
  "gcor": 0.0211467,
  "gsr_x": -0.021599484607577324,
  "gsr_y": 0.04515551030635834,
  "provenance": {
    "md5sum": "d2ee24b3d728675f5cf2066ffa1df090",
    "settings": {
      "fd_thres": 0.2,
      "testing": false
    },
    "software": "mriqc",
    "version": "22.0.6",
    "webapi_port": null,
    "webapi_url": "https://mriqc.nimh.nih.gov/api/v1"
  },
  "size_t": 252,
  "size_x": 96,
  "size_y": 96,
  "size_z": 56,
  "snr": 2.446093043673826,
  "spacing_tr": 2.0,
  "spacing_x": 2.5,
  "spacing_y": 2.5,
  "spacing_z": 2.5,
  "summary_bg_k": 30.412719169966905,
  "summary_bg_mad": 36.488492960491094,
  "summary_bg_mean": 382.8834533691406,
  "summary_bg_median": 211.30160522460938,
  "summary_bg_n": 368365.0,
  "summary_bg_p05": 181.82937622070312,
  "summary_bg_p95": 1258.9612304687487,
  "summary_bg_stdv": 515.1797485351562,
  "summary_fg_k": 1.728997018464499,
  "summary_fg_mad": 1832.71424405914,
  "summary_fg_mean": 5835.61962890625,
  "summary_fg_median": 5375.98828125,
  "summary_fg_n": 77371.0,
  "summary_fg_p05": 3241.533935546875,
  "summary_fg_p95": 10224.30615234375,
  "summary_fg_stdv": 2197.771484375,
  "tsnr": 73.91365596838295
}