{
  "aor": 0.0014768,
  "aqi": 0.0049942697599999995,
  "bids_meta": {
    "AcquisitionDateTime": "20181219134411.975000",
    "ConversionSoftware": "dicm2nii.m 20210821",
    "DeviceSerialNumber": "166054",
    "EchoTime": 0.03,
    "EffectiveEchoSpacing": 0.00050999592,
    "FlipAngle": 75,
    "ImageType": [
      "ORIGINAL",
      "PRIMARY",
      "M",
      "MB",
      "ND",
      "MOSAIC"
    ],
    "InstitutionAddress": "Street StreetNo,City,District,IL,ZIP",
    "InstitutionName": "Weizmann Institute",
    "MRAcquisitionType": "2D",
    "Manufacturer": "SIEMENS",
    "Modality": "MR",
    "ParallelAcquisitionTechnique": "none",
    "ParallelReductionFactorInPlane": 1,
    "PatientAge": "028Y",
    "PatientPosition": "HFS",
    "PatientSex": "F",
    "PatientSize": 1.53,
    "PatientWeight": 53,
    "PhaseEncodingDirection": "j-",
    "RepetitionTime": 2,
    "ScanOptions": "FS",
    "ScanningSequence": "EP",
    "SequenceName": "epfid2d1_96",
    "SequenceVariant": "SK\\SS",
    "SeriesDescription": "EPI_PSAP_iso2.5",
    "SeriesNumber": 6,
    "SliceThickness": 2.5,
    "SliceTiming": [
      0,
      0.9175,
      1.8375,
      0.7775,
      1.6975,
      0.635,
      1.555,
      0.495,
      1.4125,
      0.3525,
      1.2725,
      0.2125,
      1.13,
      0.07,
      0.99,
      1.9075,
      0.8475,
      1.7675,
      0.7075,
      1.625,
      0.565,
      1.485,
      0.4225,
      1.3425,
      0.2825,
      1.2025,
      0.14,
      1.06,
      0,
      0.9175,
      1.8375,
      0.7775,
      1.6975,
      0.635,
      1.555,
      0.495,
      1.4125,
      0.3525,
      1.2725,
      0.2125,
      1.13,
      0.07,
      0.99,
      1.9075,
      0.8475,
      1.7675,
      0.7075,
      1.625,
      0.565,
      1.485,
      0.4225,
      1.3425,
      0.2825,
      1.2025,
      0.14,
      1.06
    ],
    "SoftwareVersion": "syngo MR E11",
    "TaskName": "PSAP",
    "TotalReadoutTime": 0.048449612,
    "dataset": "ds003791",
    "modality": "bold",
    "run_id": 1,
    "subject_id": "11",
    "task_id": "PSAP"
  },
  "dummy_trs": 0,
  "dvars_nstd": 30.17625719076305,
  "dvars_std": 1.197300030803213,
  "dvars_vstd": 0.9715749132128515,
  "efc": 0.4800949020978304,
  "fber": 626.1453247070312,
  "fd_mean": 0.16460109328728678,
  "fd_num": 65,
  "fd_perc": 26.0,
  "fwhm_avg": 2.884248,
  "fwhm_x": 2.680092,
  "fwhm_y": 2.894024,
  "fwhm_z": 3.078628,
  "gcor": 0.0292877,
  "gsr_x": -0.021415820345282555,
  "gsr_y": 0.04595591127872467,
  "provenance": {
    "md5sum": "2b9d75be65c0f2ae70c602fdce1e87d1",
    "settings": {
      "fd_thres": 0.2,
      "testing": false
    },
    "software": "mriqc",
    "version": "22.0.6",
    "webapi_port": null,
    "webapi_url": "https://mriqc.nimh.nih.gov/api/v1"
  },
  "size_t": 250,
  "size_x": 96,
  "size_y": 96,
  "size_z": 56,
  "snr": 2.423876186661749,
  "spacing_tr": 2.0,
  "spacing_x": 2.5,
  "spacing_y": 2.5,
  "spacing_z": 2.5,
  "summary_bg_k": 30.7179848969693,
  "summary_bg_mad": 43.33351555967163,
  "summary_bg_mean": 380.766845703125,
  "summary_bg_median": 213.08001708984375,
  "summary_bg_n": 367551.0,
  "summary_bg_p05": 176.17201232910156,
  "summary_bg_p95": 1243.0200805664062,
  "summary_bg_stdv": 505.37969970703125,
  "summary_fg_k": 1.8655775931277807,
  "summary_fg_mad": 1810.0260141621307,
  "summary_fg_mean": 5865.56640625,
  "summary_fg_median": 5380.1064453125,
  "summary_fg_n": 77912.0,
  "summary_fg_p05": 3283.144812011719,
  "summary_fg_p95": 10350.637353515624,
  "summary_fg_stdv": 2219.614990234375,
  "tsnr": 54.1701566549018
}