{
  "aor": 0.005097795275590552,
  "aqi": 0.00859720657480315,
  "bids_meta": {
    "AcquisitionDateTime": "20181022145522.530000",
    "ConversionSoftware": "dicm2nii.m 20210821",
    "DeviceSerialNumber": "166054",
    "EchoTime": 0.03,
    "EffectiveEchoSpacing": 0.00050999592,
    "FlipAngle": 75,
    "ImageType": [
      "ORIGINAL",
      "PRIMARY",
      "M",
      "MB",
      "ND",
      "MOSAIC"
    ],
    "InstitutionAddress": "Street StreetNo,City,District,IL,ZIP",
    "InstitutionName": "Weizmann Institute",
    "MRAcquisitionType": "2D",
    "Manufacturer": "SIEMENS",
    "Modality": "MR",
    "ParallelAcquisitionTechnique": "none",
    "ParallelReductionFactorInPlane": 1,
    "PatientAge": "025Y",
    "PatientPosition": "HFS",
    "PatientSex": "F",
    "PatientSize": 1.68,
    "PatientWeight": 54,
    "PhaseEncodingDirection": "j-",
    "RepetitionTime": 2,
    "ScanOptions": "FS",
    "ScanningSequence": "EP",
    "SequenceName": "epfid2d1_96",
    "SequenceVariant": "SK\\SS",
    "SeriesDescription": "EPI_PSAP_iso2.5",
    "SeriesNumber": 15,
    "SliceThickness": 2.5,
    "SliceTiming": [
      0,
      0.9175,
      1.8375,
      0.7775,
      1.695,
      0.635,
      1.555,
      0.495,
      1.4125,
      0.3525,
      1.2725,
      0.21,
      1.13,
      0.07,
      0.99,
      1.9075,
      0.8475,
      1.7675,
      0.705,
      1.625,
      0.565,
      1.485,
      0.4225,
      1.3425,
      0.2825,
      1.2,
      0.14,
      1.06,
      0,
      0.9175,
      1.8375,
      0.7775,
      1.695,
      0.635,
      1.555,
      0.495,
      1.4125,
      0.3525,
      1.2725,
      0.21,
      1.13,
      0.07,
      0.99,
      1.9075,
      0.8475,
      1.7675,
      0.705,
      1.625,
      0.565,
      1.485,
      0.4225,
      1.3425,
      0.2825,
      1.2,
      0.14,
      1.06
    ],
    "SoftwareVersion": "syngo MR E11",
    "TaskName": "PSAP",
    "TotalReadoutTime": 0.048449612,
    "dataset": "ds003791",
    "modality": "bold",
    "run_id": 4,
    "subject_id": "07",
    "task_id": "PSAP"
  },
  "dummy_trs": 0,
  "dvars_nstd": 43.18619961758894,
  "dvars_std": 1.1702532599999995,
  "dvars_vstd": 0.9743161079446644,
  "efc": 0.4635078446191573,
  "fber": 655.3984985351562,
  "fd_mean": 0.3652098844600045,
  "fd_num": 170,
  "fd_perc": 66.92913385826772,
  "fwhm_avg": 3.1112493333333333,
  "fwhm_x": 2.8703,
  "fwhm_y": 3.170776,
  "fwhm_z": 3.2926720000000005,
  "gcor": 0.025359,
  "gsr_x": -0.022485466673970222,
  "gsr_y": 0.046538129448890686,
  "provenance": {
    "md5sum": "5b0db8a579943ccd37f096ee28ec957e",
    "settings": {
      "fd_thres": 0.2,
      "testing": false
    },
    "software": "mriqc",
    "version": "22.0.6",
    "webapi_port": null,
    "webapi_url": "https://mriqc.nimh.nih.gov/api/v1"
  },
  "size_t": 254,
  "size_x": 96,
  "size_y": 96,
  "size_z": 56,
  "snr": 2.2092972491560223,
  "spacing_tr": 2.0,
  "spacing_x": 2.5,
  "spacing_y": 2.5,
  "spacing_z": 2.5,
  "summary_bg_k": 46.08270674466905,
  "summary_bg_mad": 41.20349649715368,
  "summary_bg_mean": 405.4671325683594,
  "summary_bg_median": 219.2559051513672,
  "summary_bg_n": 374928.0,
  "summary_bg_p05": 184.03936767578125,
  "summary_bg_p95": 1297.241510009763,
  "summary_bg_stdv": 591.1741943359375,
  "summary_fg_k": 1.9131452335553378,
  "summary_fg_mad": 2031.264217333112,
  "summary_fg_mean": 6235.255859375,
  "summary_fg_median": 5713.236328125,
  "summary_fg_n": 71365.0,
  "summary_fg_p05": 3060.403125,
  "summary_fg_p95": 11472.632226562502,
  "summary_fg_stdv": 2585.97900390625,
  "tsnr": 38.49009134224616
}