{
  "aor": 0.009366679841897234,
  "aqi": 0.010890051660079052,
  "bids_meta": {
    "AcquisitionDateTime": "20181022142711.512500",
    "ConversionSoftware": "dicm2nii.m 20210821",
    "DeviceSerialNumber": "166054",
    "EchoTime": 0.03,
    "EffectiveEchoSpacing": 0.00050999592,
    "FlipAngle": 75,
    "ImageType": [
      "ORIGINAL",
      "PRIMARY",
      "M",
      "MB",
      "ND",
      "MOSAIC"
    ],
    "InstitutionAddress": "Street StreetNo,City,District,IL,ZIP",
    "InstitutionName": "Weizmann Institute",
    "MRAcquisitionType": "2D",
    "Manufacturer": "SIEMENS",
    "Modality": "MR",
    "ParallelAcquisitionTechnique": "none",
    "ParallelReductionFactorInPlane": 1,
    "PatientAge": "025Y",
    "PatientPosition": "HFS",
    "PatientSex": "F",
    "PatientSize": 1.68,
    "PatientWeight": 54,
    "PhaseEncodingDirection": "j-",
    "RepetitionTime": 2,
    "ScanOptions": "FS",
    "ScanningSequence": "EP",
    "SequenceName": "epfid2d1_96",
    "SequenceVariant": "SK\\SS",
    "SeriesDescription": "EPI_PSAP_iso2.5",
    "SeriesNumber": 8,
    "SliceThickness": 2.5,
    "SliceTiming": [
      0,
      0.9175,
      1.8375,
      0.7775,
      1.695,
      0.635,
      1.555,
      0.495,
      1.4125,
      0.3525,
      1.2725,
      0.21,
      1.13,
      0.07,
      0.99,
      1.9075,
      0.8475,
      1.7675,
      0.705,
      1.625,
      0.565,
      1.485,
      0.4225,
      1.3425,
      0.2825,
      1.2,
      0.14,
      1.06,
      0,
      0.9175,
      1.8375,
      0.7775,
      1.695,
      0.635,
      1.555,
      0.495,
      1.4125,
      0.3525,
      1.2725,
      0.21,
      1.13,
      0.07,
      0.99,
      1.9075,
      0.8475,
      1.7675,
      0.705,
      1.625,
      0.565,
      1.485,
      0.4225,
      1.3425,
      0.2825,
      1.2,
      0.14,
      1.06
    ],
    "SoftwareVersion": "syngo MR E11",
    "TaskName": "PSAP",
    "TotalReadoutTime": 0.048449612,
    "dataset": "ds003791",
    "modality": "bold",
    "run_id": 2,
    "subject_id": "07",
    "task_id": "PSAP"
  },
  "dummy_trs": 0,
  "dvars_nstd": 51.265903525754,
  "dvars_std": 1.2038020822619049,
  "dvars_vstd": 1.0081360209920647,
  "efc": 0.4636643555411199,
  "fber": 644.5824584960938,
  "fd_mean": 0.4442441835301542,
  "fd_num": 168,
  "fd_perc": 66.40316205533597,
  "fwhm_avg": 3.115669333333333,
  "fwhm_x": 2.862304,
  "fwhm_y": 3.177588,
  "fwhm_z": 3.3071159999999997,
  "gcor": 0.0325022,
  "gsr_x": -0.022426415234804153,
  "gsr_y": 0.04821651801466942,
  "provenance": {
    "md5sum": "5f08c7706e7feb0d48e4b0084fc73bbd",
    "settings": {
      "fd_thres": 0.2,
      "testing": false
    },
    "software": "mriqc",
    "version": "22.0.6",
    "webapi_port": null,
    "webapi_url": "https://mriqc.nimh.nih.gov/api/v1"
  },
  "size_t": 253,
  "size_x": 96,
  "size_y": 96,
  "size_z": 56,
  "snr": 2.200917989581861,
  "spacing_tr": 2.0,
  "spacing_x": 2.5,
  "spacing_y": 2.5,
  "spacing_z": 2.5,
  "summary_bg_k": 48.11178673401441,
  "summary_bg_mad": 39.03404604323474,
  "summary_bg_mean": 397.0075988769531,
  "summary_bg_median": 217.26878356933594,
  "summary_bg_n": 374705.0,
  "summary_bg_p05": 185.52174377441406,
  "summary_bg_p95": 1248.0838623046873,
  "summary_bg_stdv": 572.9719848632812,
  "summary_fg_k": 1.9689621754096391,
  "summary_fg_mad": 1965.91316749368,
  "summary_fg_mean": 6121.77880859375,
  "summary_fg_median": 5595.802734375,
  "summary_fg_n": 71491.0,
  "summary_fg_p05": 3039.36962890625,
  "summary_fg_p95": 11312.43701171875,
  "summary_fg_stdv": 2542.468017578125,
  "tsnr": 32.86769997281954
}