{
  "bids_meta": {
    "AcquisitionDateTime": "20181104143053.965000",
    "ConversionSoftware": "dicm2nii.m 20210821",
    "DeviceSerialNumber": "166054",
    "EchoTime": 0.00229,
    "FlipAngle": 8,
    "ImageType": [
      "ORIGINAL",
      "PRIMARY",
      "M",
      "ND",
      "NORM"
    ],
    "InstitutionAddress": "Street StreetNo,City,District,IL,ZIP",
    "InstitutionName": "Weizmann Institute",
    "InversionTime": 0.9,
    "MRAcquisitionType": "3D",
    "Manufacturer": "SIEMENS",
    "Modality": "MR",
    "ParallelAcquisitionTechnique": "GRAPPA",
    "ParallelReductionFactorInPlane": 2,
    "PatientAge": "031Y",
    "PatientPosition": "HFS",
    "PatientSex": "M",
    "PatientSize": 1.73,
    "PatientWeight": 59,
    "PhaseEncodingDirection": "j-",
    "RepetitionTime": 2.3,
    "ScanOptions": "IR\\WE",
    "ScanningSequence": "GR\\IR",
    "SequenceName": "*tfl3d1_16ns",
    "SequenceVariant": "SK\\SP\\MP",
    "SeriesDescription": "t1_mprage_sag_p2_iso_water_exc",
    "SeriesNumber": 11,
    "SliceThickness": 0.94,
    "SoftwareVersion": "syngo MR E11",
    "dataset": "ds003791",
    "modality": "T1w",
    "subject_id": "01"
  },
  "cjv": 0.31536681498999625,
  "cnr": 4.321944829444617,
  "efc": 0.6150537872526983,
  "fber": 24263.318152734388,
  "fwhm_avg": 4.35370958279509,
  "fwhm_x": 4.256723415051935,
  "fwhm_y": 4.449952,
  "fwhm_z": 4.354453333333334,
  "icvs_csf": 0.21973339933687974,
  "icvs_gm": 0.4321670729371131,
  "icvs_wm": 0.34809952772600716,
  "inu_med": 0.44331398606300354,
  "inu_range": 0.13758552670478824,
  "provenance": {
    "md5sum": "d8f29699d26e5332638b9a4101ba788f",
    "settings": {
      "testing": false
    },
    "software": "mriqc",
    "version": "22.0.6",
    "warnings": {
      "large_rot_frame": true,
      "small_air_mask": false
    },
    "webapi_port": null,
    "webapi_url": "https://mriqc.nimh.nih.gov/api/v1"
  },
  "qi_1": 0.0,
  "qi_2": 0.01354487895658194,
  "rpve_csf": 17.337618541996108,
  "rpve_gm": 9.252990146595446,
  "rpve_wm": 13.586517312963464,
  "size_x": 176,
  "size_y": 256,
  "size_z": 256,
  "snr_csf": 2.2738779607149526,
  "snr_gm": 11.129446472005068,
  "snr_total": 13.799305203760808,
  "snr_wm": 27.994591178562402,
  "snrd_csf": 29.42713979515529,
  "snrd_gm": 90.32584936341736,
  "snrd_total": 83.55325572806566,
  "snrd_wm": 130.90677802562436,
  "spacing_x": 0.9399999976158142,
  "spacing_y": 0.9375,
  "spacing_z": 0.9375,
  "summary_bg_k": 13.164318446889961,
  "summary_bg_mad": 0.0,
  "summary_bg_mean": 2.704413789056391,
  "summary_bg_median": 0.0,
  "summary_bg_n": 2278216.0,
  "summary_bg_p05": 0.0,
  "summary_bg_p95": 13.070028834044933,
  "summary_bg_stdv": 5.00482239194188,
  "summary_csf_k": 1.3405323254635286,
  "summary_csf_mad": 70.44347067404406,
  "summary_csf_mean": 237.13567273666987,
  "summary_csf_median": 224.80449594557285,
  "summary_csf_n": 70804.0,
  "summary_csf_p05": 80.40044712089002,
  "summary_csf_p95": 431.7469852585344,
  "summary_csf_stdv": 98.86322498882149,
  "summary_gm_k": -0.020162271141126453,
  "summary_gm_mad": 62.5295717494982,
  "summary_gm_mean": 688.657510111976,
  "summary_gm_median": 690.0316231325269,
  "summary_gm_n": 65083.0,
  "summary_gm_p05": 584.3730707094073,
  "summary_gm_p95": 787.8437649682162,
  "summary_gm_stdv": 62.00005756633722,
  "summary_wm_k": 0.2627129968409019,
  "summary_wm_mad": 35.238019079665136,
  "summary_wm_mean": 999.4751926546501,
  "summary_wm_median": 1000.0439205020666,
  "summary_wm_n": 287724.0,
  "summary_wm_p05": 940.2512843906879,
  "summary_wm_p95": 1056.321927011013,
  "summary_wm_stdv": 35.722692868383845,
  "tpm_overlap_csf": 0.1695744792234379,
  "tpm_overlap_gm": 0.4608236685959861,
  "tpm_overlap_wm": 0.4983748020697925,
  "wm2max": 0.9010618689334344
}