{
  "aor": 0.000889294117647059,
  "aqi": 0.0030113857254901962,
  "bids_meta": {
    "AcquisitionDateTime": "20180829144908.515000",
    "ConversionSoftware": "dicm2nii.m 20210821",
    "DeviceSerialNumber": "166054",
    "EchoTime": 0.03,
    "EffectiveEchoSpacing": 0.00050999592,
    "FlipAngle": 75,
    "ImageType": [
      "ORIGINAL",
      "PRIMARY",
      "M",
      "MB",
      "ND",
      "MOSAIC"
    ],
    "InstitutionAddress": "Street StreetNo,City,District,IL,ZIP",
    "InstitutionName": "Weizmann Institute",
    "MRAcquisitionType": "2D",
    "Manufacturer": "SIEMENS",
    "Modality": "MR",
    "ParallelAcquisitionTechnique": "none",
    "ParallelReductionFactorInPlane": 1,
    "PatientAge": "029Y",
    "PatientPosition": "HFS",
    "PatientSex": "M",
    "PatientSize": 1.75,
    "PatientWeight": 60,
    "PhaseEncodingDirection": "j-",
    "RepetitionTime": 2,
    "ScanOptions": "FS",
    "ScanningSequence": "EP",
    "SequenceName": "epfid2d1_96",
    "SequenceVariant": "SK\\SS",
    "SeriesDescription": "EPI_PSAP_iso2.5",
    "SeriesNumber": 8,
    "SliceThickness": 2.5,
    "SliceTiming": [
      0,
      0.92,
      1.8375,
      0.7775,
      1.6975,
      0.635,
      1.555,
      0.495,
      1.415,
      0.3525,
      1.2725,
      0.2125,
      1.13,
      0.07,
      0.99,
      1.91,
      0.8475,
      1.7675,
      0.7075,
      1.625,
      0.565,
      1.485,
      0.425,
      1.3425,
      0.2825,
      1.2025,
      0.14,
      1.06,
      0,
      0.92,
      1.8375,
      0.7775,
      1.6975,
      0.635,
      1.555,
      0.495,
      1.415,
      0.3525,
      1.2725,
      0.2125,
      1.13,
      0.07,
      0.99,
      1.91,
      0.8475,
      1.7675,
      0.7075,
      1.625,
      0.565,
      1.485,
      0.425,
      1.3425,
      0.2825,
      1.2025,
      0.14,
      1.06
    ],
    "SoftwareVersion": "syngo MR E11",
    "TaskName": "PSAP",
    "TotalReadoutTime": 0.048449612,
    "dataset": "ds003791",
    "modality": "bold",
    "run_id": 1,
    "subject_id": "38",
    "task_id": "PSAP"
  },
  "dummy_trs": 0,
  "dvars_nstd": 32.16648329342519,
  "dvars_std": 1.2944994927165363,
  "dvars_vstd": 0.9894794611811027,
  "efc": 0.47471607279625816,
  "fber": 734.290283203125,
  "fd_mean": 0.2291713666270159,
  "fd_num": 140,
  "fd_perc": 54.90196078431372,
  "fwhm_avg": 3.126825333333333,
  "fwhm_x": 2.8742039999999998,
  "fwhm_y": 3.2619,
  "fwhm_z": 3.244372,
  "gcor": 0.0263881,
  "gsr_x": -0.02618708275258541,
  "gsr_y": 0.06349938362836838,
  "provenance": {
    "md5sum": "87a70d6ccd723d0d828f8a89b0029638",
    "settings": {
      "fd_thres": 0.2,
      "testing": false
    },
    "software": "mriqc",
    "version": "22.0.6",
    "webapi_port": null,
    "webapi_url": "https://mriqc.nimh.nih.gov/api/v1"
  },
  "size_t": 255,
  "size_x": 96,
  "size_y": 96,
  "size_z": 56,
  "snr": 2.2629939150981837,
  "spacing_tr": 2.0,
  "spacing_x": 2.5,
  "spacing_y": 2.5,
  "spacing_z": 2.5,
  "summary_bg_k": 31.645321014966058,
  "summary_bg_mad": 47.951999284852675,
  "summary_bg_mean": 465.83416748046875,
  "summary_bg_median": 230.12747192382812,
  "summary_bg_n": 367776.0,
  "summary_bg_p05": 192.01962280273438,
  "summary_bg_p95": 1779.1383666992188,
  "summary_bg_stdv": 706.2993774414062,
  "summary_fg_k": 0.5592274480048829,
  "summary_fg_mad": 2640.453379338426,
  "summary_fg_mean": 6892.3671875,
  "summary_fg_median": 6360.84765625,
  "summary_fg_n": 76866.0,
  "summary_fg_p05": 3286.98046875,
  "summary_fg_p95": 12236.0947265625,
  "summary_fg_stdv": 2810.79248046875,
  "tsnr": 70.75925691705197
}