{
  "aor": 0.0007734538152610441,
  "aqi": 0.002942158393574297,
  "bids_meta": {
    "AcquisitionDateTime": "20180829145952.265000",
    "ConversionSoftware": "dicm2nii.m 20210821",
    "DeviceSerialNumber": "166054",
    "EchoTime": 0.03,
    "EffectiveEchoSpacing": 0.00050999592,
    "FlipAngle": 75,
    "ImageType": [
      "ORIGINAL",
      "PRIMARY",
      "M",
      "MB",
      "ND",
      "MOSAIC"
    ],
    "InstitutionAddress": "Street StreetNo,City,District,IL,ZIP",
    "InstitutionName": "Weizmann Institute",
    "MRAcquisitionType": "2D",
    "Manufacturer": "SIEMENS",
    "Modality": "MR",
    "ParallelAcquisitionTechnique": "none",
    "ParallelReductionFactorInPlane": 1,
    "PatientAge": "029Y",
    "PatientPosition": "HFS",
    "PatientSex": "M",
    "PatientSize": 1.75,
    "PatientWeight": 60,
    "PhaseEncodingDirection": "j-",
    "RepetitionTime": 2,
    "ScanOptions": "FS",
    "ScanningSequence": "EP",
    "SequenceName": "epfid2d1_96",
    "SequenceVariant": "SK\\SS",
    "SeriesDescription": "EPI_PSAP_iso2.5",
    "SeriesNumber": 10,
    "SliceThickness": 2.5,
    "SliceTiming": [
      0,
      0.92,
      1.84,
      0.7775,
      1.6975,
      0.6375,
      1.555,
      0.495,
      1.415,
      0.355,
      1.2725,
      0.2125,
      1.1325,
      0.07,
      0.99,
      1.91,
      0.85,
      1.7675,
      0.7075,
      1.6275,
      0.565,
      1.485,
      0.425,
      1.345,
      0.2825,
      1.2025,
      0.1425,
      1.06,
      0,
      0.92,
      1.84,
      0.7775,
      1.6975,
      0.6375,
      1.555,
      0.495,
      1.415,
      0.355,
      1.2725,
      0.2125,
      1.1325,
      0.07,
      0.99,
      1.91,
      0.85,
      1.7675,
      0.7075,
      1.6275,
      0.565,
      1.485,
      0.425,
      1.345,
      0.2825,
      1.2025,
      0.1425,
      1.06
    ],
    "SoftwareVersion": "syngo MR E11",
    "TaskName": "PSAP",
    "TotalReadoutTime": 0.048449612,
    "dataset": "ds003791",
    "modality": "bold",
    "run_id": 2,
    "subject_id": "38",
    "task_id": "PSAP"
  },
  "dummy_trs": 0,
  "dvars_nstd": 30.856521044838715,
  "dvars_std": 1.3028645026209684,
  "dvars_vstd": 0.989406780564516,
  "efc": 0.4752712757861849,
  "fber": 732.7108764648438,
  "fd_mean": 0.17072854263920373,
  "fd_num": 87,
  "fd_perc": 34.93975903614458,
  "fwhm_avg": 3.1398093333333335,
  "fwhm_x": 2.891592,
  "fwhm_y": 3.255448,
  "fwhm_z": 3.2723880000000003,
  "gcor": 0.018606,
  "gsr_x": -0.025953736156225204,
  "gsr_y": 0.06312941014766693,
  "provenance": {
    "md5sum": "098040065ba35ebefd84238f9a52925a",
    "settings": {
      "fd_thres": 0.2,
      "testing": false
    },
    "software": "mriqc",
    "version": "22.0.6",
    "webapi_port": null,
    "webapi_url": "https://mriqc.nimh.nih.gov/api/v1"
  },
  "size_t": 249,
  "size_x": 96,
  "size_y": 96,
  "size_z": 56,
  "snr": 2.2604075180259873,
  "spacing_tr": 2.0,
  "spacing_x": 2.5,
  "spacing_y": 2.5,
  "spacing_z": 2.5,
  "summary_bg_k": 29.85317483308632,
  "summary_bg_mad": 48.40783567098821,
  "summary_bg_mean": 473.83697509765625,
  "summary_bg_median": 231.36544799804688,
  "summary_bg_n": 368214.0,
  "summary_bg_p05": 192.8915557861328,
  "summary_bg_p95": 1837.617431640621,
  "summary_bg_stdv": 722.8216552734375,
  "summary_fg_k": 0.5716412400007114,
  "summary_fg_mad": 2659.874527295926,
  "summary_fg_mean": 6922.12060546875,
  "summary_fg_median": 6387.52783203125,
  "summary_fg_n": 76648.0,
  "summary_fg_p05": 3304.6885375976562,
  "summary_fg_p95": 12290.424267578122,
  "summary_fg_stdv": 2825.811767578125,
  "tsnr": 74.14383762143552
}