{
  "bids_meta": {
    "AcquisitionDateTime": "20181211162239.950000",
    "ConversionSoftware": "dicm2nii.m 20210821",
    "DeviceSerialNumber": "166054",
    "EchoTime": 0.00229,
    "FlipAngle": 8,
    "ImageType": [
      "ORIGINAL",
      "PRIMARY",
      "M",
      "ND",
      "NORM"
    ],
    "InstitutionAddress": "Street StreetNo,City,District,IL,ZIP",
    "InstitutionName": "Weizmann Institute",
    "InversionTime": 0.9,
    "MRAcquisitionType": "3D",
    "Manufacturer": "SIEMENS",
    "Modality": "MR",
    "ParallelAcquisitionTechnique": "GRAPPA",
    "ParallelReductionFactorInPlane": 2,
    "PatientAge": "025Y",
    "PatientPosition": "HFS",
    "PatientSex": "F",
    "PatientSize": 1.56,
    "PatientWeight": 56,
    "PhaseEncodingDirection": "j-",
    "RepetitionTime": 2.3,
    "ScanOptions": "IR\\WE",
    "ScanningSequence": "GR\\IR",
    "SequenceName": "*tfl3d1_16ns",
    "SequenceVariant": "SK\\SP\\MP",
    "SeriesDescription": "t1_mprage_sag_p2_iso_water_exc",
    "SeriesNumber": 11,
    "SliceThickness": 0.94,
    "SoftwareVersion": "syngo MR E11",
    "dataset": "ds003791",
    "modality": "T1w",
    "subject_id": "20"
  },
  "cjv": 0.30990969610860414,
  "cnr": 4.305823883373305,
  "efc": 0.58738928833923,
  "fber": 14989.117587049317,
  "fwhm_avg": 4.443809147930337,
  "fwhm_x": 4.402712777124346,
  "fwhm_y": 4.5191360000000005,
  "fwhm_z": 4.4095786666666665,
  "icvs_csf": 0.24241369208517696,
  "icvs_gm": 0.4271842332289113,
  "icvs_wm": 0.33040207468591176,
  "inu_med": 0.4904792904853821,
  "inu_range": 0.14887942373752594,
  "provenance": {
    "md5sum": "f97b0a20340b57bda38c6cfa3ab297e1",
    "settings": {
      "testing": false
    },
    "software": "mriqc",
    "version": "22.0.6",
    "warnings": {
      "large_rot_frame": true,
      "small_air_mask": false
    },
    "webapi_port": null,
    "webapi_url": "https://mriqc.nimh.nih.gov/api/v1"
  },
  "qi_1": 0.0,
  "qi_2": 0.01042939194651769,
  "rpve_csf": 20.236396188562146,
  "rpve_gm": 11.584216944120454,
  "rpve_wm": 17.516713858497894,
  "size_x": 176,
  "size_y": 256,
  "size_z": 256,
  "snr_csf": 2.1736361537799382,
  "snr_gm": 10.580150013169055,
  "snr_total": 13.224318113426655,
  "snr_wm": 26.919168173330974,
  "snrd_csf": 23.897853145043047,
  "snrd_gm": 78.86136558271825,
  "snrd_total": 72.93425717190702,
  "snrd_wm": 116.04355278795978,
  "spacing_x": 0.9399999976158142,
  "spacing_y": 0.9375,
  "spacing_z": 0.9375,
  "summary_bg_k": 10.723440534475497,
  "summary_bg_mad": 0.0,
  "summary_bg_mean": 3.6626965070934805,
  "summary_bg_median": 0.0,
  "summary_bg_n": 2270159.0,
  "summary_bg_p05": 0.0,
  "summary_bg_p95": 12.265158906579018,
  "summary_bg_stdv": 5.645859241369146,
  "summary_csf_k": 1.0896516386543311,
  "summary_csf_mad": 85.31134195369873,
  "summary_csf_mean": 220.70740872039292,
  "summary_csf_median": 205.94782251119614,
  "summary_csf_n": 59897.0,
  "summary_csf_p05": 94.96037730574608,
  "summary_csf_p95": 404.8303792566059,
  "summary_csf_stdv": 94.74727541808826,
  "summary_gm_k": 0.016621476213571462,
  "summary_gm_mad": 64.1897717988178,
  "summary_gm_mean": 677.9142614517018,
  "summary_gm_median": 679.6144583970308,
  "summary_gm_n": 46501.0,
  "summary_gm_p05": 569.6064451187849,
  "summary_gm_p95": 780.1843094676733,
  "summary_gm_stdv": 64.23416964661587,
  "summary_wm_k": 0.5299281667601785,
  "summary_wm_mad": 35.11461038248954,
  "summary_wm_mean": 999.5841170256197,
  "summary_wm_median": 1000.0445173084736,
  "summary_wm_n": 208857.0,
  "summary_wm_p05": 937.7615506649017,
  "summary_wm_p95": 1059.4782274365425,
  "summary_wm_stdv": 37.14981520890003,
  "tpm_overlap_csf": 0.15748987408968254,
  "tpm_overlap_gm": 0.47105565081543094,
  "tpm_overlap_wm": 0.505687311242355,
  "wm2max": 0.9128332249674902
}