{
  "bids_meta": {
    "AcquisitionDateTime": "20181127143441.970000",
    "ConversionSoftware": "dicm2nii.m 20210821",
    "DeviceSerialNumber": "166054",
    "EchoTime": 0.00229,
    "FlipAngle": 8,
    "ImageType": [
      "ORIGINAL",
      "PRIMARY",
      "M",
      "ND",
      "NORM"
    ],
    "InstitutionAddress": "Street StreetNo,City,District,IL,ZIP",
    "InstitutionName": "Weizmann Institute",
    "InversionTime": 0.9,
    "MRAcquisitionType": "3D",
    "Manufacturer": "SIEMENS",
    "Modality": "MR",
    "ParallelAcquisitionTechnique": "GRAPPA",
    "ParallelReductionFactorInPlane": 2,
    "PatientAge": "030Y",
    "PatientPosition": "HFS",
    "PatientSex": "F",
    "PatientSize": 1.7,
    "PatientWeight": 80,
    "PhaseEncodingDirection": "j-",
    "RepetitionTime": 2.3,
    "ScanOptions": "IR\\WE",
    "ScanningSequence": "GR\\IR",
    "SequenceName": "*tfl3d1_16ns",
    "SequenceVariant": "SK\\SP\\MP",
    "SeriesDescription": "t1_mprage_sag_p2_iso_water_exc",
    "SeriesNumber": 15,
    "SliceThickness": 0.94,
    "SoftwareVersion": "syngo MR E11",
    "dataset": "ds003791",
    "modality": "T1w",
    "subject_id": "47"
  },
  "cjv": 0.30728544002818,
  "cnr": 4.361949926345574,
  "efc": 0.623719191481398,
  "fber": -1.0,
  "fwhm_avg": 4.649229790560845,
  "fwhm_x": 4.49638270501587,
  "fwhm_y": 4.7716693333333335,
  "fwhm_z": 4.679637333333333,
  "icvs_csf": 0.2385538927827629,
  "icvs_gm": 0.4299017316345089,
  "icvs_wm": 0.3315443755827282,
  "inu_med": 0.48970338702201843,
  "inu_range": 0.1723992854356765,
  "provenance": {
    "md5sum": "f7752788ca3c2d03e35c2c9445d6e078",
    "settings": {
      "testing": false
    },
    "software": "mriqc",
    "version": "22.0.6",
    "warnings": {
      "large_rot_frame": true,
      "small_air_mask": false
    },
    "webapi_port": null,
    "webapi_url": "https://mriqc.nimh.nih.gov/api/v1"
  },
  "qi_1": 0.019451989493342408,
  "qi_2": 0.010961467773236663,
  "rpve_csf": 18.67041122649306,
  "rpve_gm": 10.558797162983243,
  "rpve_wm": 15.791988927786372,
  "size_x": 176,
  "size_y": 256,
  "size_z": 256,
  "snr_csf": 2.358919567513051,
  "snr_gm": 12.428519117146344,
  "snr_total": 14.258969327967064,
  "snr_wm": 27.989469299241794,
  "snrd_csf": 26.430240510534368,
  "snrd_gm": 79.39991198175137,
  "snrd_total": 72.75723661545508,
  "snrd_wm": 112.44155735407948,
  "spacing_x": 0.940000057220459,
  "spacing_y": 0.9375,
  "spacing_z": 0.9375,
  "summary_bg_k": 23.008325690378143,
  "summary_bg_mad": 0.0,
  "summary_bg_mean": 2.583259131895743,
  "summary_bg_median": 0.0,
  "summary_bg_n": 2412351.0,
  "summary_bg_p05": 0.0,
  "summary_bg_p95": 12.610789127647877,
  "summary_bg_stdv": 5.826620933658898,
  "summary_csf_k": 1.0139424497224514,
  "summary_csf_mad": 83.7907930919872,
  "summary_csf_mean": 247.012552599296,
  "summary_csf_median": 235.06401512771845,
  "summary_csf_n": 71620.0,
  "summary_csf_p05": 104.36043497174978,
  "summary_csf_p95": 441.9260930512101,
  "summary_csf_stdv": 99.64832091317075,
  "summary_gm_k": 0.035257845081311245,
  "summary_gm_mad": 56.556757486338896,
  "summary_gm_mean": 705.4766414245773,
  "summary_gm_median": 706.1631582118571,
  "summary_gm_n": 54648.0,
  "summary_gm_p05": 611.2813315540552,
  "summary_gm_p95": 797.8991264104843,
  "summary_gm_stdv": 56.8174446618112,
  "summary_wm_k": 0.5914999970596915,
  "summary_wm_mad": 33.743436521071324,
  "summary_wm_mean": 999.444952960286,
  "summary_wm_median": 1000.0273712351918,
  "summary_wm_n": 227838.0,
  "summary_wm_p05": 940.0878254715353,
  "summary_wm_p95": 1056.9263764098287,
  "summary_wm_stdv": 35.728622287885614,
  "tpm_overlap_csf": 0.1645155285905317,
  "tpm_overlap_gm": 0.4706439617571431,
  "tpm_overlap_wm": 0.49571081275118406,
  "wm2max": 0.81406624161464
}