{
  "bids_meta": {
    "AcquisitionDateTime": "20190127125454.707500",
    "ConversionSoftware": "dicm2nii.m 20210821",
    "DeviceSerialNumber": "166054",
    "EchoTime": 0.00229,
    "FlipAngle": 8,
    "ImageType": [
      "ORIGINAL",
      "PRIMARY",
      "M",
      "ND",
      "NORM"
    ],
    "InstitutionAddress": "Street StreetNo,City,District,IL,ZIP",
    "InstitutionName": "Weizmann Institute",
    "InversionTime": 0.9,
    "MRAcquisitionType": "3D",
    "Manufacturer": "SIEMENS",
    "Modality": "MR",
    "ParallelAcquisitionTechnique": "GRAPPA",
    "ParallelReductionFactorInPlane": 2,
    "PatientAge": "036Y",
    "PatientPosition": "HFS",
    "PatientSex": "F",
    "PatientSize": 1.72,
    "PatientWeight": 70,
    "PhaseEncodingDirection": "j-",
    "RepetitionTime": 2.3,
    "ScanOptions": "IR\\WE",
    "ScanningSequence": "GR\\IR",
    "SequenceName": "*tfl3d1_16ns",
    "SequenceVariant": "SK\\SP\\MP",
    "SeriesDescription": "t1_mprage_sag_p2_iso_water_exc",
    "SeriesNumber": 11,
    "SliceThickness": 0.94,
    "SoftwareVersion": "syngo MR E11",
    "dataset": "ds003791",
    "modality": "T1w",
    "subject_id": "08"
  },
  "cjv": 0.310617048542633,
  "cnr": 4.275542651188707,
  "efc": 0.5869509689826518,
  "fber": 33534.765625,
  "fwhm_avg": 4.417782348852417,
  "fwhm_x": 4.374861713223918,
  "fwhm_y": 4.474325333333334,
  "fwhm_z": 4.40416,
  "icvs_csf": 0.19935369391574426,
  "icvs_gm": 0.45159914109591814,
  "icvs_wm": 0.3490471649883376,
  "inu_med": 0.4529246389865875,
  "inu_range": 0.14960488528013227,
  "provenance": {
    "md5sum": "4df53b9bb65534fca51db480d08f4655",
    "settings": {
      "testing": false
    },
    "software": "mriqc",
    "version": "22.0.6",
    "warnings": {
      "large_rot_frame": true,
      "small_air_mask": false
    },
    "webapi_port": null,
    "webapi_url": "https://mriqc.nimh.nih.gov/api/v1"
  },
  "qi_1": 0.0,
  "qi_2": 0.013076975588365743,
  "rpve_csf": 24.30759615364209,
  "rpve_gm": 11.440059820498275,
  "rpve_wm": 16.73243178893461,
  "size_x": 176,
  "size_y": 256,
  "size_z": 256,
  "snr_csf": 2.0964478735100056,
  "snr_gm": 10.954831469179279,
  "snr_total": 13.440195533899299,
  "snr_wm": 27.26930725900861,
  "snrd_csf": 32.713101021729166,
  "snrd_gm": 90.81051111205933,
  "snrd_total": 85.15581590525363,
  "snrd_wm": 131.9438355819724,
  "spacing_x": 0.9399999976158142,
  "spacing_y": 0.9375,
  "spacing_z": 0.9375,
  "summary_bg_k": 16.486850356258877,
  "summary_bg_mad": 0.0,
  "summary_bg_mean": 2.7226724187544034,
  "summary_bg_median": 0.0,
  "summary_bg_n": 2189603.0,
  "summary_bg_p05": 0.0,
  "summary_bg_p95": 12.839293785393238,
  "summary_bg_stdv": 4.965481281020279,
  "summary_csf_k": 0.01910318566813496,
  "summary_csf_mad": 109.98149266443288,
  "summary_csf_mean": 262.89521178281285,
  "summary_csf_median": 247.94270440097898,
  "summary_csf_n": 40106.0,
  "summary_csf_p05": 79.79319493472576,
  "summary_csf_p95": 473.2389195538126,
  "summary_csf_stdv": 118.26652902854397,
  "summary_gm_k": 0.015335486117555863,
  "summary_gm_mad": 62.60018168209335,
  "summary_gm_mean": 690.0095863568595,
  "summary_gm_median": 688.2809336297214,
  "summary_gm_n": 69328.0,
  "summary_gm_p05": 588.3240155689418,
  "summary_gm_p95": 795.1885197103953,
  "summary_gm_stdv": 62.82853110081834,
  "summary_wm_k": 0.5504172427707199,
  "summary_wm_mad": 34.238466715920445,
  "summary_wm_mean": 999.649163229231,
  "summary_wm_median": 1000.0431142710149,
  "summary_wm_n": 225503.0,
  "summary_wm_p05": 939.7027419675142,
  "summary_wm_p95": 1059.9310953505337,
  "summary_wm_stdv": 36.67276500312226,
  "tpm_overlap_csf": 0.1475055565883808,
  "tpm_overlap_gm": 0.4943511191882692,
  "tpm_overlap_wm": 0.5281048969422604,
  "wm2max": 0.903309918079041
}