{
  "bids_meta": {
    "AcquisitionDateTime": "20180828130503.970000",
    "ConversionSoftware": "dicm2nii.m 20210821",
    "DeviceSerialNumber": "166054",
    "EchoTime": 0.00229,
    "FlipAngle": 8,
    "ImageType": [
      "ORIGINAL",
      "PRIMARY",
      "M",
      "ND",
      "NORM"
    ],
    "InstitutionAddress": "Street StreetNo,City,District,IL,ZIP",
    "InstitutionName": "Weizmann Institute",
    "InversionTime": 0.9,
    "MRAcquisitionType": "3D",
    "Manufacturer": "SIEMENS",
    "Modality": "MR",
    "ParallelAcquisitionTechnique": "GRAPPA",
    "ParallelReductionFactorInPlane": 2,
    "PatientAge": "029Y",
    "PatientPosition": "HFS",
    "PatientSex": "M",
    "PatientSize": 1.8,
    "PatientWeight": 75,
    "PhaseEncodingDirection": "j-",
    "RepetitionTime": 2.3,
    "ScanOptions": "IR\\WE",
    "ScanningSequence": "GR\\IR",
    "SequenceName": "*tfl3d1_16ns",
    "SequenceVariant": "SK\\SP\\MP",
    "SeriesDescription": "t1_mprage_sag_p2_iso_water_exc",
    "SeriesNumber": 9,
    "SliceThickness": 0.94,
    "SoftwareVersion": "syngo MR E11",
    "dataset": "ds003791",
    "modality": "T1w",
    "subject_id": "27"
  },
  "cjv": 0.3211956597385495,
  "cnr": 4.092820898843773,
  "efc": 0.6145775996428173,
  "fber": 21753.631735583487,
  "fwhm_avg": 4.5039167129683575,
  "fwhm_x": 4.4337021389050735,
  "fwhm_y": 4.612746666666666,
  "fwhm_z": 4.465301333333333,
  "icvs_csf": 0.23656741547735266,
  "icvs_gm": 0.42523083556986785,
  "icvs_wm": 0.33820174895277944,
  "inu_med": 0.4662880301475525,
  "inu_range": 0.15206471681594846,
  "provenance": {
    "md5sum": "d0bbc08761e2ba520cddc8092c897b0d",
    "settings": {
      "testing": false
    },
    "software": "mriqc",
    "version": "22.0.6",
    "warnings": {
      "large_rot_frame": true,
      "small_air_mask": false
    },
    "webapi_port": null,
    "webapi_url": "https://mriqc.nimh.nih.gov/api/v1"
  },
  "qi_1": 0.0,
  "qi_2": 0.017283571856618832,
  "rpve_csf": 17.841785148228826,
  "rpve_gm": 10.159130105242788,
  "rpve_wm": 14.945431541673521,
  "size_x": 176,
  "size_y": 256,
  "size_z": 256,
  "snr_csf": 2.417443821294423,
  "snr_gm": 10.70320546231799,
  "snr_total": 13.629907690393592,
  "snr_wm": 27.76907378756836,
  "snrd_csf": 26.221220862963975,
  "snrd_gm": 84.55505243050776,
  "snrd_total": 77.46595742121548,
  "snrd_wm": 121.62159897017472,
  "spacing_x": 0.9399999976158142,
  "spacing_y": 0.9375,
  "spacing_z": 0.9375,
  "summary_bg_k": 11.218118162476113,
  "summary_bg_mad": 0.0,
  "summary_bg_mean": 3.0878268807495495,
  "summary_bg_median": 0.0,
  "summary_bg_n": 2053909.0,
  "summary_bg_p05": 0.0,
  "summary_bg_p95": 14.376780040562153,
  "summary_bg_stdv": 5.386921562956998,
  "summary_csf_k": 1.7135728342433847,
  "summary_csf_mad": 73.96589069923215,
  "summary_csf_mean": 228.14554195871366,
  "summary_csf_median": 215.60649060830474,
  "summary_csf_n": 76751.0,
  "summary_csf_p05": 107.0798853021115,
  "summary_csf_p95": 403.83832613937557,
  "summary_csf_stdv": 89.18721672880062,
  "summary_gm_k": 0.12228335635703269,
  "summary_gm_mad": 63.20782503794827,
  "summary_gm_mean": 695.3299150133081,
  "summary_gm_median": 695.2619869615883,
  "summary_gm_n": 55387.0,
  "summary_gm_p05": 588.3245131598785,
  "summary_gm_p95": 803.4201307667419,
  "summary_gm_stdv": 64.95770944326105,
  "summary_wm_k": 0.4440703463121305,
  "summary_wm_mad": 34.68722105741063,
  "summary_wm_mean": 999.3558845867884,
  "summary_wm_median": 1000.0452028214931,
  "summary_wm_n": 256578.0,
  "summary_wm_p05": 939.4411976505071,
  "summary_wm_p95": 1056.4446779806167,
  "summary_wm_stdv": 36.012841539355236,
  "tpm_overlap_csf": 0.16662215755133059,
  "tpm_overlap_gm": 0.4662584745259444,
  "tpm_overlap_wm": 0.5136237258701579,
  "wm2max": 0.9064118960824313
}