{
  "bids_meta": {
    "AcquisitionDateTime": "20181225134127.957500",
    "ConversionSoftware": "dicm2nii.m 20210821",
    "DeviceSerialNumber": "166054",
    "EchoTime": 0.00229,
    "FlipAngle": 8,
    "ImageType": [
      "ORIGINAL",
      "PRIMARY",
      "M",
      "ND",
      "NORM"
    ],
    "InstitutionAddress": "Street StreetNo,City,District,IL,ZIP",
    "InstitutionName": "Weizmann Institute",
    "InversionTime": 0.9,
    "MRAcquisitionType": "3D",
    "Manufacturer": "SIEMENS",
    "Modality": "MR",
    "ParallelAcquisitionTechnique": "GRAPPA",
    "ParallelReductionFactorInPlane": 2,
    "PatientAge": "019Y",
    "PatientPosition": "HFS",
    "PatientSex": "M",
    "PatientSize": 1.76,
    "PatientWeight": 72,
    "PhaseEncodingDirection": "j-",
    "RepetitionTime": 2.3,
    "ScanOptions": "IR\\WE",
    "ScanningSequence": "GR\\IR",
    "SequenceName": "*tfl3d1_16ns",
    "SequenceVariant": "SK\\SP\\MP",
    "SeriesDescription": "t1_mprage_sag_p2_iso_water_exc",
    "SeriesNumber": 11,
    "SliceThickness": 0.94,
    "SoftwareVersion": "syngo MR E11",
    "dataset": "ds003791",
    "modality": "T1w",
    "subject_id": "02"
  },
  "cjv": 0.306786188933627,
  "cnr": 4.343564385632851,
  "efc": 0.64923572391644,
  "fber": 18740.616956159898,
  "fwhm_avg": 4.299418171934731,
  "fwhm_x": 4.342457182470858,
  "fwhm_y": 4.197344,
  "fwhm_z": 4.358453333333333,
  "icvs_csf": 0.2039209179038329,
  "icvs_gm": 0.4528584750163457,
  "icvs_wm": 0.3432206070798214,
  "inu_med": 0.47720594704151154,
  "inu_range": 0.17715610116720198,
  "provenance": {
    "md5sum": "7fd7c4afb868e4c6e9de76c267eee5af",
    "settings": {
      "testing": false
    },
    "software": "mriqc",
    "version": "22.0.6",
    "warnings": {
      "large_rot_frame": true,
      "small_air_mask": false
    },
    "webapi_port": null,
    "webapi_url": "https://mriqc.nimh.nih.gov/api/v1"
  },
  "qi_1": 0.0,
  "qi_2": 0.02996728377124073,
  "rpve_csf": 17.51820223477237,
  "rpve_gm": 8.60297782411537,
  "rpve_wm": 13.115838928945854,
  "size_x": 176,
  "size_y": 256,
  "size_z": 256,
  "snr_csf": 2.180936898855589,
  "snr_gm": 11.246324619312,
  "snr_total": 13.084776910046559,
  "snr_wm": 25.827069211972088,
  "snrd_csf": 29.686523468697327,
  "snrd_gm": 87.03845915360121,
  "snrd_total": 81.22970023300866,
  "snrd_wm": 126.96411807672744,
  "spacing_x": 0.940000057220459,
  "spacing_y": 0.9375,
  "spacing_z": 0.9375,
  "summary_bg_k": 8.042852039459662,
  "summary_bg_mad": 0.0,
  "summary_bg_mean": 3.2458307978436314,
  "summary_bg_median": 0.0,
  "summary_bg_n": 1947223.0,
  "summary_bg_p05": 0.0,
  "summary_bg_p95": 13.906361162662506,
  "summary_bg_stdv": 5.160130374370686,
  "summary_csf_k": 1.2592360138235517,
  "summary_csf_mad": 88.47257135866649,
  "summary_csf_mean": 243.61499627687877,
  "summary_csf_median": 233.82356935180724,
  "summary_csf_n": 51987.0,
  "summary_csf_p05": 67.42755379527807,
  "summary_csf_p95": 438.5009610233828,
  "summary_csf_stdv": 107.21141019619529,
  "summary_gm_k": 0.15316997168125468,
  "summary_gm_mad": 59.20778443550467,
  "summary_gm_mean": 684.7023420034984,
  "summary_gm_median": 685.5515840929002,
  "summary_gm_n": 81673.0,
  "summary_gm_p05": 582.2831290774047,
  "summary_gm_p95": 784.4377055577933,
  "summary_gm_stdv": 60.95746035764631,
  "summary_wm_k": 0.5533898555500292,
  "summary_wm_mad": 37.267671875498074,
  "summary_wm_mean": 999.7776199944965,
  "summary_wm_median": 1000.0228992663324,
  "summary_wm_n": 287624.0,
  "summary_wm_p05": 936.36927572079,
  "summary_wm_p95": 1061.618015402928,
  "summary_wm_stdv": 38.71988542861039,
  "tpm_overlap_csf": 0.16860126764162556,
  "tpm_overlap_gm": 0.47233550612342906,
  "tpm_overlap_wm": 0.5005215034266891,
  "wm2max": 0.8722767536509457
}