{
  "bids_meta": {
    "AcquisitionDateTime": "20181022143835.972500",
    "ConversionSoftware": "dicm2nii.m 20210821",
    "DeviceSerialNumber": "166054",
    "EchoTime": 0.00229,
    "FlipAngle": 8,
    "ImageType": [
      "ORIGINAL",
      "PRIMARY",
      "M",
      "ND",
      "NORM"
    ],
    "InstitutionAddress": "Street StreetNo,City,District,IL,ZIP",
    "InstitutionName": "Weizmann Institute",
    "InversionTime": 0.9,
    "MRAcquisitionType": "3D",
    "Manufacturer": "SIEMENS",
    "Modality": "MR",
    "ParallelAcquisitionTechnique": "GRAPPA",
    "ParallelReductionFactorInPlane": 2,
    "PatientAge": "025Y",
    "PatientPosition": "HFS",
    "PatientSex": "F",
    "PatientSize": 1.68,
    "PatientWeight": 54,
    "PhaseEncodingDirection": "j-",
    "RepetitionTime": 2.3,
    "ScanOptions": "IR\\WE",
    "ScanningSequence": "GR\\IR",
    "SequenceName": "*tfl3d1_16ns",
    "SequenceVariant": "SK\\SP\\MP",
    "SeriesDescription": "t1_mprage_sag_p2_iso_water_exc",
    "SeriesNumber": 11,
    "SliceThickness": 0.94,
    "SoftwareVersion": "syngo MR E11",
    "dataset": "ds003791",
    "modality": "T1w",
    "subject_id": "07"
  },
  "cjv": 0.34763957403658136,
  "cnr": 3.839232209783105,
  "efc": 0.614739997689203,
  "fber": 4720.280986241184,
  "fwhm_avg": 4.667570396313356,
  "fwhm_x": 4.5873085222734,
  "fwhm_y": 4.742527999999999,
  "fwhm_z": 4.672874666666667,
  "icvs_csf": 0.22933379106708787,
  "icvs_gm": 0.4213971665293016,
  "icvs_wm": 0.3492690424036105,
  "inu_med": 0.5361499190330505,
  "inu_range": 0.19428803771734243,
  "provenance": {
    "md5sum": "85cf608d08e156e7de4367f78553c520",
    "settings": {
      "testing": false
    },
    "software": "mriqc",
    "version": "22.0.6",
    "warnings": {
      "large_rot_frame": true,
      "small_air_mask": false
    },
    "webapi_port": null,
    "webapi_url": "https://mriqc.nimh.nih.gov/api/v1"
  },
  "qi_1": 0.0,
  "qi_2": 0.015476448157311543,
  "rpve_csf": 20.91903330114418,
  "rpve_gm": 11.355164010420735,
  "rpve_wm": 15.835940788162063,
  "size_x": 176,
  "size_y": 256,
  "size_z": 256,
  "snr_csf": 2.2364362338120722,
  "snr_gm": 11.073960848700802,
  "snr_total": 10.984982933106851,
  "snr_wm": 19.64455171680768,
  "snrd_csf": 24.344765139044405,
  "snrd_gm": 70.7470368472183,
  "snrd_total": 66.02369907971631,
  "snrd_wm": 102.97929525288623,
  "spacing_x": 0.9399999976158142,
  "spacing_y": 0.9375,
  "spacing_z": 0.9375,
  "summary_bg_k": 10.615881119778416,
  "summary_bg_mad": 6.362109295367456,
  "summary_bg_mean": 9.771512557166014,
  "summary_bg_median": 4.291177509352565,
  "summary_bg_n": 1807883.0,
  "summary_bg_p05": 0.0,
  "summary_bg_p95": 37.99804333411157,
  "summary_bg_stdv": 14.376250478070519,
  "summary_csf_k": -0.0002323850947796302,
  "summary_csf_mad": 106.5076431778873,
  "summary_csf_mean": 242.63161124840957,
  "summary_csf_median": 236.41497646085918,
  "summary_csf_n": 58108.0,
  "summary_csf_p05": 78.10832430236042,
  "summary_csf_p95": 426.98327922075987,
  "summary_csf_stdv": 105.70967265046824,
  "summary_gm_k": 0.08214390447553521,
  "summary_gm_mad": 61.93991381344793,
  "summary_gm_mean": 685.8636288607519,
  "summary_gm_median": 687.0330831035972,
  "summary_gm_n": 36026.0,
  "summary_gm_p05": 582.8441825397313,
  "summary_gm_p95": 785.0575848878361,
  "summary_gm_stdv": 62.03955000242181,
  "summary_wm_k": 0.604872215600941,
  "summary_wm_mad": 46.8752301451426,
  "summary_wm_mean": 1000.8006128650062,
  "summary_wm_median": 1000.0444664023817,
  "summary_wm_n": 214488.0,
  "summary_wm_p05": 919.9128407873213,
  "summary_wm_p95": 1088.1803609468043,
  "summary_wm_stdv": 50.906844278235035,
  "tpm_overlap_csf": 0.15141723643910493,
  "tpm_overlap_gm": 0.48554651394298926,
  "tpm_overlap_wm": 0.5206591087216452,
  "wm2max": 0.875930333956449
}