{
  "aor": 0.006782142857142857,
  "aqi": 0.010027232142857143,
  "bids_meta": {
    "AcquisitionDateTime": "20181127144122.535000",
    "ConversionSoftware": "dicm2nii.m 20210821",
    "DeviceSerialNumber": "166054",
    "EchoTime": 0.03,
    "EffectiveEchoSpacing": 0.00050999592,
    "FlipAngle": 75,
    "ImageType": [
      "ORIGINAL",
      "PRIMARY",
      "M",
      "MB",
      "ND",
      "MOSAIC"
    ],
    "InstitutionAddress": "Street StreetNo,City,District,IL,ZIP",
    "InstitutionName": "Weizmann Institute",
    "MRAcquisitionType": "2D",
    "Manufacturer": "SIEMENS",
    "Modality": "MR",
    "ParallelAcquisitionTechnique": "none",
    "ParallelReductionFactorInPlane": 1,
    "PatientAge": "030Y",
    "PatientPosition": "HFS",
    "PatientSex": "F",
    "PatientSize": 1.7,
    "PatientWeight": 80,
    "PhaseEncodingDirection": "j-",
    "RepetitionTime": 2,
    "ScanOptions": "FS",
    "ScanningSequence": "EP",
    "SequenceName": "epfid2d1_96",
    "SequenceVariant": "SK\\SS",
    "SeriesDescription": "EPI_PSAP_iso2.5",
    "SeriesNumber": 17,
    "SliceThickness": 2.5,
    "SliceTiming": [
      0,
      0.9175,
      1.8375,
      0.7775,
      1.6975,
      0.635,
      1.555,
      0.495,
      1.4125,
      0.3525,
      1.2725,
      0.2125,
      1.13,
      0.07,
      0.99,
      1.9075,
      0.8475,
      1.7675,
      0.7075,
      1.625,
      0.565,
      1.485,
      0.4225,
      1.3425,
      0.2825,
      1.2025,
      0.14,
      1.06,
      0,
      0.9175,
      1.8375,
      0.7775,
      1.6975,
      0.635,
      1.555,
      0.495,
      1.4125,
      0.3525,
      1.2725,
      0.2125,
      1.13,
      0.07,
      0.99,
      1.9075,
      0.8475,
      1.7675,
      0.7075,
      1.625,
      0.565,
      1.485,
      0.4225,
      1.3425,
      0.2825,
      1.2025,
      0.14,
      1.06
    ],
    "SoftwareVersion": "syngo MR E11",
    "TaskName": "PSAP",
    "TotalReadoutTime": 0.048449612,
    "dataset": "ds003791",
    "modality": "bold",
    "run_id": 3,
    "subject_id": "47",
    "task_id": "PSAP"
  },
  "dummy_trs": 0,
  "dvars_nstd": 38.59058830717132,
  "dvars_std": 1.0968060942629478,
  "dvars_vstd": 0.9699513428286843,
  "efc": 0.49998863387528075,
  "fber": 539.0187377929688,
  "fd_mean": 0.36917841317363187,
  "fd_num": 152,
  "fd_perc": 60.317460317460316,
  "fwhm_avg": 2.7711253333333334,
  "fwhm_x": 2.543672,
  "fwhm_y": 2.8805319999999996,
  "fwhm_z": 2.889172,
  "gcor": 0.0245582,
  "gsr_x": -0.03428920730948448,
  "gsr_y": 0.0663079246878624,
  "provenance": {
    "md5sum": "28dc48a0011635b8eddcd0a0684f33eb",
    "settings": {
      "fd_thres": 0.2,
      "testing": false
    },
    "software": "mriqc",
    "version": "22.0.6",
    "webapi_port": null,
    "webapi_url": "https://mriqc.nimh.nih.gov/api/v1"
  },
  "size_t": 252,
  "size_x": 96,
  "size_y": 96,
  "size_z": 56,
  "snr": 2.5919342728620123,
  "spacing_tr": 2.0,
  "spacing_x": 2.5,
  "spacing_y": 2.5,
  "spacing_z": 2.5,
  "summary_bg_k": 28.08896938497049,
  "summary_bg_mad": 60.669007597818634,
  "summary_bg_mean": 440.9665832519531,
  "summary_bg_median": 231.6587371826172,
  "summary_bg_n": 367180.0,
  "summary_bg_p05": 183.80557250976562,
  "summary_bg_p95": 1448.2250671386712,
  "summary_bg_stdv": 565.1470947265625,
  "summary_fg_k": 1.4780304786411662,
  "summary_fg_mad": 1831.270009964453,
  "summary_fg_mean": 5780.5517578125,
  "summary_fg_median": 5436.68701171875,
  "summary_fg_n": 78488.0,
  "summary_fg_p05": 3032.0956176757813,
  "summary_fg_p95": 9767.0462890625,
  "summary_fg_stdv": 2097.527099609375,
  "tsnr": 34.34083000291139
}