{
  "aor": 0.008093466135458168,
  "aqi": 0.012115577370517928,
  "bids_meta": {
    "AcquisitionDateTime": "20181127142558.497500",
    "ConversionSoftware": "dicm2nii.m 20210821",
    "DeviceSerialNumber": "166054",
    "EchoTime": 0.03,
    "EffectiveEchoSpacing": 0.00050999592,
    "FlipAngle": 75,
    "ImageType": [
      "ORIGINAL",
      "PRIMARY",
      "M",
      "MB",
      "ND",
      "MOSAIC"
    ],
    "InstitutionAddress": "Street StreetNo,City,District,IL,ZIP",
    "InstitutionName": "Weizmann Institute",
    "MRAcquisitionType": "2D",
    "Manufacturer": "SIEMENS",
    "Modality": "MR",
    "ParallelAcquisitionTechnique": "none",
    "ParallelReductionFactorInPlane": 1,
    "PatientAge": "030Y",
    "PatientPosition": "HFS",
    "PatientSex": "F",
    "PatientSize": 1.7,
    "PatientWeight": 80,
    "PhaseEncodingDirection": "j-",
    "RepetitionTime": 2,
    "ScanOptions": "FS",
    "ScanningSequence": "EP",
    "SequenceName": "epfid2d1_96",
    "SequenceVariant": "SK\\SS",
    "SeriesDescription": "EPI_PSAP_iso2.5",
    "SeriesNumber": 14,
    "SliceThickness": 2.5,
    "SliceTiming": [
      0,
      0.92,
      1.8375,
      0.7775,
      1.6975,
      0.6375,
      1.555,
      0.495,
      1.415,
      0.3525,
      1.2725,
      0.2125,
      1.1325,
      0.07,
      0.99,
      1.91,
      0.8475,
      1.7675,
      0.7075,
      1.6275,
      0.565,
      1.485,
      0.425,
      1.3425,
      0.2825,
      1.2025,
      0.1425,
      1.06,
      0,
      0.92,
      1.8375,
      0.7775,
      1.6975,
      0.6375,
      1.555,
      0.495,
      1.415,
      0.3525,
      1.2725,
      0.2125,
      1.1325,
      0.07,
      0.99,
      1.91,
      0.8475,
      1.7675,
      0.7075,
      1.6275,
      0.565,
      1.485,
      0.425,
      1.3425,
      0.2825,
      1.2025,
      0.1425,
      1.06
    ],
    "SoftwareVersion": "syngo MR E11",
    "TaskName": "PSAP",
    "TotalReadoutTime": 0.048449612,
    "dataset": "ds003791",
    "modality": "bold",
    "run_id": 2,
    "subject_id": "47",
    "task_id": "PSAP"
  },
  "dummy_trs": 0,
  "dvars_nstd": 36.83848602288002,
  "dvars_std": 1.0633648240399995,
  "dvars_vstd": 0.9643804241600001,
  "efc": 0.5007423044952036,
  "fber": 531.2823486328125,
  "fd_mean": 0.359666287652081,
  "fd_num": 136,
  "fd_perc": 54.18326693227092,
  "fwhm_avg": 2.7891013333333334,
  "fwhm_x": 2.5487200000000003,
  "fwhm_y": 2.89268,
  "fwhm_z": 2.925904,
  "gcor": 0.0213016,
  "gsr_x": -0.03397822752594948,
  "gsr_y": 0.0666324645280838,
  "provenance": {
    "md5sum": "94fabd9d77fadf26ff7ead5847e4d22a",
    "settings": {
      "fd_thres": 0.2,
      "testing": false
    },
    "software": "mriqc",
    "version": "22.0.6",
    "webapi_port": null,
    "webapi_url": "https://mriqc.nimh.nih.gov/api/v1"
  },
  "size_t": 251,
  "size_x": 96,
  "size_y": 96,
  "size_z": 56,
  "snr": 2.5860265109764558,
  "spacing_tr": 2.0,
  "spacing_x": 2.5,
  "spacing_y": 2.5,
  "spacing_z": 2.5,
  "summary_bg_k": 28.642143378194255,
  "summary_bg_mad": 60.01290363143223,
  "summary_bg_mean": 441.4200744628906,
  "summary_bg_median": 232.17132568359375,
  "summary_bg_n": 367072.0,
  "summary_bg_p05": 186.39840698242188,
  "summary_bg_p95": 1440.5693664550781,
  "summary_bg_stdv": 562.2194213867188,
  "summary_fg_k": 1.4752547976059036,
  "summary_fg_mad": 1819.022977234195,
  "summary_fg_mean": 5759.32421875,
  "summary_fg_median": 5416.36083984375,
  "summary_fg_n": 78772.0,
  "summary_fg_p05": 3026.429089355469,
  "summary_fg_p95": 9754.143212890624,
  "summary_fg_stdv": 2094.458984375,
  "tsnr": 31.089088965556584
}