{
  "aor": 0.00453344,
  "aqi": 0.013694189919999999,
  "bids_meta": {
    "AcquisitionDateTime": "20181127145430.892500",
    "ConversionSoftware": "dicm2nii.m 20210821",
    "DeviceSerialNumber": "166054",
    "EchoTime": 0.03,
    "EffectiveEchoSpacing": 0.00050999592,
    "FlipAngle": 75,
    "ImageType": [
      "ORIGINAL",
      "PRIMARY",
      "M",
      "MB",
      "ND",
      "MOSAIC"
    ],
    "InstitutionAddress": "Street StreetNo,City,District,IL,ZIP",
    "InstitutionName": "Weizmann Institute",
    "MRAcquisitionType": "2D",
    "Manufacturer": "SIEMENS",
    "Modality": "MR",
    "ParallelAcquisitionTechnique": "none",
    "ParallelReductionFactorInPlane": 1,
    "PatientAge": "030Y",
    "PatientPosition": "HFS",
    "PatientSex": "F",
    "PatientSize": 1.7,
    "PatientWeight": 80,
    "PhaseEncodingDirection": "j-",
    "RepetitionTime": 2,
    "ScanOptions": "FS",
    "ScanningSequence": "EP",
    "SequenceName": "epfid2d1_96",
    "SequenceVariant": "SK\\SS",
    "SeriesDescription": "EPI_PSAP_iso2.5",
    "SeriesNumber": 21,
    "SliceThickness": 2.5,
    "SliceTiming": [
      0,
      0.92,
      1.84,
      0.7775,
      1.6975,
      0.6375,
      1.5575,
      0.495,
      1.415,
      0.355,
      1.2725,
      0.2125,
      1.1325,
      0.0725,
      0.99,
      1.91,
      0.85,
      1.7675,
      0.7075,
      1.6275,
      0.5675,
      1.485,
      0.425,
      1.345,
      0.2825,
      1.2025,
      0.1425,
      1.0625,
      0,
      0.92,
      1.84,
      0.7775,
      1.6975,
      0.6375,
      1.5575,
      0.495,
      1.415,
      0.355,
      1.2725,
      0.2125,
      1.1325,
      0.0725,
      0.99,
      1.91,
      0.85,
      1.7675,
      0.7075,
      1.6275,
      0.5675,
      1.485,
      0.425,
      1.345,
      0.2825,
      1.2025,
      0.1425,
      1.0625
    ],
    "SoftwareVersion": "syngo MR E11",
    "TaskName": "PSAP",
    "TotalReadoutTime": 0.048449612,
    "dataset": "ds003791",
    "modality": "bold",
    "run_id": 4,
    "subject_id": "47",
    "task_id": "PSAP"
  },
  "dummy_trs": 0,
  "dvars_nstd": 45.41962644269076,
  "dvars_std": 1.064920162891566,
  "dvars_vstd": 0.9388232741365453,
  "efc": 0.5025628225914427,
  "fber": 526.65380859375,
  "fd_mean": 0.4562286725223411,
  "fd_num": 185,
  "fd_perc": 74.0,
  "fwhm_avg": 2.8108093333333333,
  "fwhm_x": 2.5726839999999997,
  "fwhm_y": 2.924592,
  "fwhm_z": 2.935152,
  "gcor": 0.037823,
  "gsr_x": -0.03526515141129494,
  "gsr_y": 0.06651342660188675,
  "provenance": {
    "md5sum": "974083d972378310911ec2e6f15b80a5",
    "settings": {
      "fd_thres": 0.2,
      "testing": false
    },
    "software": "mriqc",
    "version": "22.0.6",
    "webapi_port": null,
    "webapi_url": "https://mriqc.nimh.nih.gov/api/v1"
  },
  "size_t": 250,
  "size_x": 96,
  "size_y": 96,
  "size_z": 56,
  "snr": 2.5729513549530387,
  "spacing_tr": 2.0,
  "spacing_x": 2.5,
  "spacing_y": 2.5,
  "spacing_z": 2.5,
  "summary_bg_k": 27.52112850846846,
  "summary_bg_mad": 60.41900397970485,
  "summary_bg_mean": 447.281005859375,
  "summary_bg_median": 233.52801513671875,
  "summary_bg_n": 366941.0,
  "summary_bg_p05": 188.46400451660156,
  "summary_bg_p95": 1466.3160400390625,
  "summary_bg_stdv": 564.3944702148438,
  "summary_fg_k": 1.4986574008480131,
  "summary_fg_mad": 1844.8675282604447,
  "summary_fg_mean": 5786.79345703125,
  "summary_fg_median": 5440.3642578125,
  "summary_fg_n": 78839.0,
  "summary_fg_p05": 3013.908935546875,
  "summary_fg_p95": 9810.278808593746,
  "summary_fg_stdv": 2114.431640625,
  "tsnr": 29.700664270785637
}