{
  "aor": 0.0006993172690763053,
  "aqi": 0.007198438192771084,
  "bids_meta": {
    "AcquisitionDateTime": "20181022162846.475000",
    "ConversionSoftware": "dicm2nii.m 20210821",
    "DeviceSerialNumber": "166054",
    "EchoTime": 0.03,
    "EffectiveEchoSpacing": 0.00050999592,
    "FlipAngle": 75,
    "ImageType": [
      "ORIGINAL",
      "PRIMARY",
      "M",
      "MB",
      "ND",
      "MOSAIC"
    ],
    "InstitutionAddress": "Street StreetNo,City,District,IL,ZIP",
    "InstitutionName": "Weizmann Institute",
    "MRAcquisitionType": "2D",
    "Manufacturer": "SIEMENS",
    "Modality": "MR",
    "ParallelAcquisitionTechnique": "none",
    "ParallelReductionFactorInPlane": 1,
    "PatientAge": "025Y",
    "PatientPosition": "HFS",
    "PatientSex": "F",
    "PatientSize": 1.65,
    "PatientWeight": 50,
    "PhaseEncodingDirection": "j-",
    "RepetitionTime": 2,
    "ScanOptions": "FS",
    "ScanningSequence": "EP",
    "SequenceName": "epfid2d1_96",
    "SequenceVariant": "SK\\SS",
    "SeriesDescription": "EPI_PSAP_iso2.5",
    "SeriesNumber": 10,
    "SliceThickness": 2.5,
    "SliceTiming": [
      0,
      0.9175,
      1.8375,
      0.7775,
      1.6975,
      0.635,
      1.555,
      0.495,
      1.4125,
      0.3525,
      1.2725,
      0.2125,
      1.13,
      0.07,
      0.99,
      1.9075,
      0.8475,
      1.7675,
      0.7075,
      1.625,
      0.565,
      1.485,
      0.4225,
      1.3425,
      0.2825,
      1.2025,
      0.14,
      1.06,
      0,
      0.9175,
      1.8375,
      0.7775,
      1.6975,
      0.635,
      1.555,
      0.495,
      1.4125,
      0.3525,
      1.2725,
      0.2125,
      1.13,
      0.07,
      0.99,
      1.9075,
      0.8475,
      1.7675,
      0.7075,
      1.625,
      0.565,
      1.485,
      0.4225,
      1.3425,
      0.2825,
      1.2025,
      0.14,
      1.06
    ],
    "SoftwareVersion": "syngo MR E11",
    "TaskName": "PSAP",
    "TotalReadoutTime": 0.048449612,
    "dataset": "ds003791",
    "modality": "bold",
    "run_id": 2,
    "subject_id": "22",
    "task_id": "PSAP"
  },
  "dummy_trs": 0,
  "dvars_nstd": 28.09018085088712,
  "dvars_std": 1.1055730974596774,
  "dvars_vstd": 0.9410345665322584,
  "efc": 0.4748676749900641,
  "fber": 648.042236328125,
  "fd_mean": 0.19860051049393462,
  "fd_num": 102,
  "fd_perc": 40.963855421686745,
  "fwhm_avg": 3.0520346666666662,
  "fwhm_x": 2.796484,
  "fwhm_y": 3.237224,
  "fwhm_z": 3.122396,
  "gcor": 0.0205657,
  "gsr_x": -0.02995876781642437,
  "gsr_y": 0.05880395695567131,
  "provenance": {
    "md5sum": "445ab5c7b14bfd1daccb0d6bfb2eb6e2",
    "settings": {
      "fd_thres": 0.2,
      "testing": false
    },
    "software": "mriqc",
    "version": "22.0.6",
    "webapi_port": null,
    "webapi_url": "https://mriqc.nimh.nih.gov/api/v1"
  },
  "size_t": 249,
  "size_x": 96,
  "size_y": 96,
  "size_z": 56,
  "snr": 2.5972053817042178,
  "spacing_tr": 2.0,
  "spacing_x": 2.5,
  "spacing_y": 2.5,
  "spacing_z": 2.5,
  "summary_bg_k": 30.149677421460005,
  "summary_bg_mad": 32.90006667264216,
  "summary_bg_mean": 396.1092224121094,
  "summary_bg_median": 211.4216766357422,
  "summary_bg_n": 377458.0,
  "summary_bg_p05": 184.19677734375,
  "summary_bg_p95": 1316.1283020019514,
  "summary_bg_stdv": 554.2716674804688,
  "summary_fg_k": 1.5980452419478794,
  "summary_fg_mad": 1754.8472226592867,
  "summary_fg_mean": 5844.8564453125,
  "summary_fg_median": 5457.7626953125,
  "summary_fg_n": 70555.0,
  "summary_fg_p05": 3239.1810302734375,
  "summary_fg_p95": 10066.121191406251,
  "summary_fg_stdv": 2101.38330078125,
  "tsnr": 46.7670506387949
}