{
  "aor": 0.0009172619047619048,
  "aqi": 0.009280729563492063,
  "bids_meta": {
    "AcquisitionDateTime": "20181022161951.555000",
    "ConversionSoftware": "dicm2nii.m 20210821",
    "DeviceSerialNumber": "166054",
    "EchoTime": 0.03,
    "EffectiveEchoSpacing": 0.00050999592,
    "FlipAngle": 75,
    "ImageType": [
      "ORIGINAL",
      "PRIMARY",
      "M",
      "MB",
      "ND",
      "MOSAIC"
    ],
    "InstitutionAddress": "Street StreetNo,City,District,IL,ZIP",
    "InstitutionName": "Weizmann Institute",
    "MRAcquisitionType": "2D",
    "Manufacturer": "SIEMENS",
    "Modality": "MR",
    "ParallelAcquisitionTechnique": "none",
    "ParallelReductionFactorInPlane": 1,
    "PatientAge": "025Y",
    "PatientPosition": "HFS",
    "PatientSex": "F",
    "PatientSize": 1.65,
    "PatientWeight": 50,
    "PhaseEncodingDirection": "j-",
    "RepetitionTime": 2,
    "ScanOptions": "FS",
    "ScanningSequence": "EP",
    "SequenceName": "epfid2d1_96",
    "SequenceVariant": "SK\\SS",
    "SeriesDescription": "EPI_PSAP_iso2.5",
    "SeriesNumber": 8,
    "SliceThickness": 2.5,
    "SliceTiming": [
      0,
      0.92,
      1.84,
      0.78,
      1.6975,
      0.6375,
      1.5575,
      0.495,
      1.415,
      0.355,
      1.275,
      0.2125,
      1.1325,
      0.0725,
      0.99,
      1.91,
      0.85,
      1.77,
      0.7075,
      1.6275,
      0.5675,
      1.485,
      0.425,
      1.345,
      0.285,
      1.2025,
      0.1425,
      1.0625,
      0,
      0.92,
      1.84,
      0.78,
      1.6975,
      0.6375,
      1.5575,
      0.495,
      1.415,
      0.355,
      1.275,
      0.2125,
      1.1325,
      0.0725,
      0.99,
      1.91,
      0.85,
      1.77,
      0.7075,
      1.6275,
      0.5675,
      1.485,
      0.425,
      1.345,
      0.285,
      1.2025,
      0.1425,
      1.0625
    ],
    "SoftwareVersion": "syngo MR E11",
    "TaskName": "PSAP",
    "TotalReadoutTime": 0.048449612,
    "dataset": "ds003791",
    "modality": "bold",
    "run_id": 1,
    "subject_id": "22",
    "task_id": "PSAP"
  },
  "dummy_trs": 0,
  "dvars_nstd": 31.013545230079686,
  "dvars_std": 1.0777438763346614,
  "dvars_vstd": 0.9230726641035852,
  "efc": 0.47323348188048636,
  "fber": 645.5776977539062,
  "fd_mean": 0.2516350213610255,
  "fd_num": 138,
  "fd_perc": 54.76190476190476,
  "fwhm_avg": 3.0426706666666665,
  "fwhm_x": 2.7890319999999997,
  "fwhm_y": 3.217416,
  "fwhm_z": 3.1215640000000002,
  "gcor": 0.0442413,
  "gsr_x": -0.028815625235438347,
  "gsr_y": 0.05897262319922447,
  "provenance": {
    "md5sum": "00622c05b15e2116b3c5349ab9aac42c",
    "settings": {
      "fd_thres": 0.2,
      "testing": false
    },
    "software": "mriqc",
    "version": "22.0.6",
    "webapi_port": null,
    "webapi_url": "https://mriqc.nimh.nih.gov/api/v1"
  },
  "size_t": 252,
  "size_x": 96,
  "size_y": 96,
  "size_z": 56,
  "snr": 2.6077671507296394,
  "spacing_tr": 2.0,
  "spacing_x": 2.5,
  "spacing_y": 2.5,
  "spacing_z": 2.5,
  "summary_bg_k": 30.753513767885188,
  "summary_bg_mad": 35.55892562103804,
  "summary_bg_mean": 391.2490234375,
  "summary_bg_median": 212.01588439941406,
  "summary_bg_n": 377595.0,
  "summary_bg_p05": 181.76588439941406,
  "summary_bg_p95": 1285.4890136718748,
  "summary_bg_stdv": 542.6397705078125,
  "summary_fg_k": 1.570618115315888,
  "summary_fg_mad": 1748.1353347350314,
  "summary_fg_mean": 5836.15087890625,
  "summary_fg_median": 5449.716796875,
  "summary_fg_n": 70554.0,
  "summary_fg_p05": 3240.607556152344,
  "summary_fg_p95": 10018.315527343746,
  "summary_fg_stdv": 2089.787109375,
  "tsnr": 39.47561581619084
}