{
  "aor": 0.008225629921259843,
  "aqi": 0.010166052440944881,
  "bids_meta": {
    "AcquisitionDateTime": "20181022141636.015000",
    "ConversionSoftware": "dicm2nii.m 20210821",
    "DeviceSerialNumber": "166054",
    "EchoTime": 0.03,
    "EffectiveEchoSpacing": 0.00050999592,
    "FlipAngle": 75,
    "ImageType": [
      "ORIGINAL",
      "PRIMARY",
      "M",
      "MB",
      "ND",
      "MOSAIC"
    ],
    "InstitutionAddress": "Street StreetNo,City,District,IL,ZIP",
    "InstitutionName": "Weizmann Institute",
    "MRAcquisitionType": "2D",
    "Manufacturer": "SIEMENS",
    "Modality": "MR",
    "ParallelAcquisitionTechnique": "none",
    "ParallelReductionFactorInPlane": 1,
    "PatientAge": "025Y",
    "PatientPosition": "HFS",
    "PatientSex": "F",
    "PatientSize": 1.68,
    "PatientWeight": 54,
    "PhaseEncodingDirection": "j-",
    "RepetitionTime": 2,
    "ScanOptions": "FS",
    "ScanningSequence": "EP",
    "SequenceName": "epfid2d1_96",
    "SequenceVariant": "SK\\SS",
    "SeriesDescription": "EPI_PSAP_iso2.5",
    "SeriesNumber": 6,
    "SliceThickness": 2.5,
    "SliceTiming": [
      0,
      0.92,
      1.84,
      0.7775,
      1.6975,
      0.6375,
      1.5575,
      0.495,
      1.415,
      0.355,
      1.2725,
      0.2125,
      1.1325,
      0.0725,
      0.99,
      1.91,
      0.85,
      1.7675,
      0.7075,
      1.6275,
      0.5675,
      1.485,
      0.425,
      1.345,
      0.2825,
      1.2025,
      0.1425,
      1.0625,
      0,
      0.92,
      1.84,
      0.7775,
      1.6975,
      0.6375,
      1.5575,
      0.495,
      1.415,
      0.355,
      1.2725,
      0.2125,
      1.1325,
      0.0725,
      0.99,
      1.91,
      0.85,
      1.7675,
      0.7075,
      1.6275,
      0.5675,
      1.485,
      0.425,
      1.345,
      0.2825,
      1.2025,
      0.1425,
      1.0625
    ],
    "SoftwareVersion": "syngo MR E11",
    "TaskName": "PSAP",
    "TotalReadoutTime": 0.048449612,
    "dataset": "ds003791",
    "modality": "bold",
    "run_id": 1,
    "subject_id": "07",
    "task_id": "PSAP"
  },
  "dummy_trs": 0,
  "dvars_nstd": 46.53704091399209,
  "dvars_std": 1.1920377441106722,
  "dvars_vstd": 0.9958766121739134,
  "efc": 0.4639036947918729,
  "fber": 646.3933715820312,
  "fd_mean": 0.36592777744150295,
  "fd_num": 153,
  "fd_perc": 60.23622047244095,
  "fwhm_avg": 3.1507280000000004,
  "fwhm_x": 2.8656680000000003,
  "fwhm_y": 3.1925920000000003,
  "fwhm_z": 3.3939239999999997,
  "gcor": 0.0244971,
  "gsr_x": -0.0224112868309021,
  "gsr_y": 0.04870275780558586,
  "provenance": {
    "md5sum": "1e3ecfa204f433906768aa7eb31568ad",
    "settings": {
      "fd_thres": 0.2,
      "testing": false
    },
    "software": "mriqc",
    "version": "22.0.6",
    "webapi_port": null,
    "webapi_url": "https://mriqc.nimh.nih.gov/api/v1"
  },
  "size_t": 254,
  "size_x": 96,
  "size_y": 96,
  "size_z": 56,
  "snr": 2.188965577608432,
  "spacing_tr": 2.0,
  "spacing_x": 2.5,
  "spacing_y": 2.5,
  "spacing_z": 2.5,
  "summary_bg_k": 47.97996663971779,
  "summary_bg_mad": 39.53701685506389,
  "summary_bg_mean": 397.6810607910156,
  "summary_bg_median": 217.33267211914062,
  "summary_bg_n": 374370.0,
  "summary_bg_p05": 185.71653747558594,
  "summary_bg_p95": 1250.6293090820309,
  "summary_bg_stdv": 570.2403564453125,
  "summary_fg_k": 2.0697529703361797,
  "summary_fg_mad": 1982.2920128030987,
  "summary_fg_mean": 6151.4013671875,
  "summary_fg_median": 5616.5,
  "summary_fg_n": 71661.0,
  "summary_fg_p05": 3060.775634765625,
  "summary_fg_p95": 11407.5390625,
  "summary_fg_stdv": 2565.805908203125,
  "tsnr": 35.09798765240703
}