{
  "aor": 0.006935408560311284,
  "aqi": 0.007892258482490273,
  "bids_meta": {
    "AcquisitionDateTime": "20181022144455.480000",
    "ConversionSoftware": "dicm2nii.m 20210821",
    "DeviceSerialNumber": "166054",
    "EchoTime": 0.03,
    "EffectiveEchoSpacing": 0.00050999592,
    "FlipAngle": 75,
    "ImageType": [
      "ORIGINAL",
      "PRIMARY",
      "M",
      "MB",
      "ND",
      "MOSAIC"
    ],
    "InstitutionAddress": "Street StreetNo,City,District,IL,ZIP",
    "InstitutionName": "Weizmann Institute",
    "MRAcquisitionType": "2D",
    "Manufacturer": "SIEMENS",
    "Modality": "MR",
    "ParallelAcquisitionTechnique": "none",
    "ParallelReductionFactorInPlane": 1,
    "PatientAge": "025Y",
    "PatientPosition": "HFS",
    "PatientSex": "F",
    "PatientSize": 1.68,
    "PatientWeight": 54,
    "PhaseEncodingDirection": "j-",
    "RepetitionTime": 2,
    "ScanOptions": "FS",
    "ScanningSequence": "EP",
    "SequenceName": "epfid2d1_96",
    "SequenceVariant": "SK\\SS",
    "SeriesDescription": "EPI_PSAP_iso2.5",
    "SeriesNumber": 13,
    "SliceThickness": 2.5,
    "SliceTiming": [
      0,
      0.9175,
      1.8375,
      0.7775,
      1.695,
      0.635,
      1.555,
      0.495,
      1.4125,
      0.3525,
      1.2725,
      0.21,
      1.13,
      0.07,
      0.99,
      1.9075,
      0.8475,
      1.7675,
      0.705,
      1.625,
      0.565,
      1.485,
      0.4225,
      1.3425,
      0.2825,
      1.2,
      0.14,
      1.06,
      0,
      0.9175,
      1.8375,
      0.7775,
      1.695,
      0.635,
      1.555,
      0.495,
      1.4125,
      0.3525,
      1.2725,
      0.21,
      1.13,
      0.07,
      0.99,
      1.9075,
      0.8475,
      1.7675,
      0.705,
      1.625,
      0.565,
      1.485,
      0.4225,
      1.3425,
      0.2825,
      1.2,
      0.14,
      1.06
    ],
    "SoftwareVersion": "syngo MR E11",
    "TaskName": "PSAP",
    "TotalReadoutTime": 0.048449612,
    "dataset": "ds003791",
    "modality": "bold",
    "run_id": 3,
    "subject_id": "07",
    "task_id": "PSAP"
  },
  "dummy_trs": 0,
  "dvars_nstd": 43.26082758589841,
  "dvars_std": 1.1795038671093743,
  "dvars_vstd": 0.9890303343750005,
  "efc": 0.4640968403271308,
  "fber": 642.9183349609375,
  "fd_mean": 0.33098791572580455,
  "fd_num": 145,
  "fd_perc": 56.42023346303502,
  "fwhm_avg": 3.1197413333333337,
  "fwhm_x": 2.885844,
  "fwhm_y": 3.18004,
  "fwhm_z": 3.2933399999999997,
  "gcor": 0.0302133,
  "gsr_x": -0.023197775706648827,
  "gsr_y": 0.04564668983221054,
  "provenance": {
    "md5sum": "df1e25076f2a88d96499666b8db6438c",
    "settings": {
      "fd_thres": 0.2,
      "testing": false
    },
    "software": "mriqc",
    "version": "22.0.6",
    "webapi_port": null,
    "webapi_url": "https://mriqc.nimh.nih.gov/api/v1"
  },
  "size_t": 257,
  "size_x": 96,
  "size_y": 96,
  "size_z": 56,
  "snr": 2.172381335219788,
  "spacing_tr": 2.0,
  "spacing_x": 2.5,
  "spacing_y": 2.5,
  "spacing_z": 2.5,
  "summary_bg_k": 42.656926125064764,
  "summary_bg_mad": 40.105254198271034,
  "summary_bg_mean": 402.68603515625,
  "summary_bg_median": 219.13229370117188,
  "summary_bg_n": 374478.0,
  "summary_bg_p05": 186.63035583496094,
  "summary_bg_p95": 1285.7497680664037,
  "summary_bg_stdv": 571.9320068359375,
  "summary_fg_k": 2.0635873408197014,
  "summary_fg_mad": 2024.1733536952884,
  "summary_fg_mean": 6179.71435546875,
  "summary_fg_median": 5648.533203125,
  "summary_fg_n": 71641.0,
  "summary_fg_p05": 3026.906494140625,
  "summary_fg_p95": 11469.2294921875,
  "summary_fg_stdv": 2600.13916015625,
  "tsnr": 38.654050558572635
}