{
  "bids_meta": {
    "AcquisitionDateTime": "20181231144407.710000",
    "ConversionSoftware": "dicm2nii.m 20210821",
    "DeviceSerialNumber": "166054",
    "EchoTime": 0.00229,
    "FlipAngle": 8,
    "ImageType": [
      "ORIGINAL",
      "PRIMARY",
      "M",
      "ND",
      "NORM"
    ],
    "InstitutionAddress": "Street StreetNo,City,District,IL,ZIP",
    "InstitutionName": "Weizmann Institute",
    "InversionTime": 0.9,
    "MRAcquisitionType": "3D",
    "Manufacturer": "SIEMENS",
    "Modality": "MR",
    "ParallelAcquisitionTechnique": "GRAPPA",
    "ParallelReductionFactorInPlane": 2,
    "PatientAge": "027Y",
    "PatientPosition": "HFS",
    "PatientSex": "M",
    "PatientSize": 1.87,
    "PatientWeight": 105,
    "PhaseEncodingDirection": "j-",
    "RepetitionTime": 2.3,
    "ScanOptions": "IR\\WE",
    "ScanningSequence": "GR\\IR",
    "SequenceName": "*tfl3d1_16ns",
    "SequenceVariant": "SK\\SP\\MP",
    "SeriesDescription": "t1_mprage_sag_p2_iso_water_exc",
    "SeriesNumber": 11,
    "SliceThickness": 0.94,
    "SoftwareVersion": "syngo MR E11",
    "dataset": "ds003791",
    "modality": "T1w",
    "subject_id": "45"
  },
  "cjv": 0.3322440271514785,
  "cnr": 4.0393538823619535,
  "efc": 0.667061138933871,
  "fber": 5135.1026587116485,
  "fwhm_avg": 4.25730371042474,
  "fwhm_x": 4.2213297979408875,
  "fwhm_y": 4.270079999999999,
  "fwhm_z": 4.2805013333333335,
  "icvs_csf": 0.22869396043063375,
  "icvs_gm": 0.43778847065457516,
  "icvs_wm": 0.33351756891479106,
  "inu_med": 0.4883808046579361,
  "inu_range": 0.15893711596727367,
  "provenance": {
    "md5sum": "0535d6c1ed78338803e1d37d14c36c99",
    "settings": {
      "testing": false
    },
    "software": "mriqc",
    "version": "22.0.6",
    "warnings": {
      "large_rot_frame": true,
      "small_air_mask": false
    },
    "webapi_port": null,
    "webapi_url": "https://mriqc.nimh.nih.gov/api/v1"
  },
  "qi_1": 0.0,
  "qi_2": 0.02028920522702515,
  "rpve_csf": 16.704947805763975,
  "rpve_gm": 9.163257856290091,
  "rpve_wm": 13.910935373756708,
  "size_x": 176,
  "size_y": 256,
  "size_z": 256,
  "snr_csf": 2.718824022618615,
  "snr_gm": 11.056173602079152,
  "snr_total": 12.794734556823592,
  "snr_wm": 24.609206045773007,
  "snrd_csf": 31.48753722977843,
  "snrd_gm": 87.55243240403996,
  "snrd_total": 81.62270879084421,
  "snrd_wm": 125.82815673871423,
  "spacing_x": 0.9399999976158142,
  "spacing_y": 0.9375,
  "spacing_z": 0.9375,
  "summary_bg_k": 8.448115531747668,
  "summary_bg_mad": 5.206708468634071,
  "summary_bg_mean": 5.403907514995158,
  "summary_bg_median": 3.5118714943528175,
  "summary_bg_n": 1827968.0,
  "summary_bg_p05": 0.0,
  "summary_bg_p95": 20.92041239887476,
  "summary_bg_stdv": 7.699057333371912,
  "summary_csf_k": 1.5486683533470877,
  "summary_csf_mad": 75.70490227400458,
  "summary_csf_mean": 263.04852642745504,
  "summary_csf_median": 250.24777550250292,
  "summary_csf_n": 64197.0,
  "summary_csf_p05": 136.38126723468304,
  "summary_csf_p95": 441.1556953623888,
  "summary_csf_stdv": 92.04193590749522,
  "summary_gm_k": 0.14915508182172266,
  "summary_gm_mad": 61.52221172140626,
  "summary_gm_mean": 695.821151012996,
  "summary_gm_median": 695.824550807476,
  "summary_gm_n": 51173.0,
  "summary_gm_p05": 592.1058429926634,
  "summary_gm_p95": 799.758710861206,
  "summary_gm_stdv": 62.93477084119813,
  "summary_wm_k": 0.40915381315104593,
  "summary_wm_mad": 39.54542996422687,
  "summary_wm_mean": 999.7391417554423,
  "summary_wm_median": 1000.0215669348836,
  "summary_wm_n": 266883.0,
  "summary_wm_p05": 933.0374658554792,
  "summary_wm_p95": 1064.5258127443492,
  "summary_wm_stdv": 40.63599985926211,
  "tpm_overlap_csf": 0.1784582162358434,
  "tpm_overlap_gm": 0.471963943126845,
  "tpm_overlap_wm": 0.507321274019146,
  "wm2max": 0.7805038003632205
}