{
  "aor": 0.0040278656126482215,
  "aqi": 0.0049203009486166,
  "bids_meta": {
    "AcquisitionDateTime": "20181127161726.545000",
    "ConversionSoftware": "dicm2nii.m 20210821",
    "DeviceSerialNumber": "166054",
    "EchoTime": 0.03,
    "EffectiveEchoSpacing": 0.00050999592,
    "FlipAngle": 75,
    "ImageType": [
      "ORIGINAL",
      "PRIMARY",
      "M",
      "MB",
      "ND",
      "MOSAIC"
    ],
    "InstitutionAddress": "Street StreetNo,City,District,IL,ZIP",
    "InstitutionName": "Weizmann Institute",
    "MRAcquisitionType": "2D",
    "Manufacturer": "SIEMENS",
    "Modality": "MR",
    "ParallelAcquisitionTechnique": "none",
    "ParallelReductionFactorInPlane": 1,
    "PatientAge": "034Y",
    "PatientPosition": "HFS",
    "PatientSex": "M",
    "PatientSize": 1.8,
    "PatientWeight": 83,
    "PhaseEncodingDirection": "j-",
    "RepetitionTime": 2,
    "ScanOptions": "FS",
    "ScanningSequence": "EP",
    "SequenceName": "epfid2d1_96",
    "SequenceVariant": "SK\\SS",
    "SeriesDescription": "EPI_PSAP_iso2.5",
    "SeriesNumber": 10,
    "SliceThickness": 2.5,
    "SliceTiming": [
      0,
      0.9175,
      1.8375,
      0.7775,
      1.6975,
      0.635,
      1.555,
      0.495,
      1.4125,
      0.3525,
      1.2725,
      0.2125,
      1.13,
      0.07,
      0.99,
      1.9075,
      0.8475,
      1.7675,
      0.7075,
      1.625,
      0.565,
      1.485,
      0.4225,
      1.3425,
      0.2825,
      1.2025,
      0.14,
      1.06,
      0,
      0.9175,
      1.8375,
      0.7775,
      1.6975,
      0.635,
      1.555,
      0.495,
      1.4125,
      0.3525,
      1.2725,
      0.2125,
      1.13,
      0.07,
      0.99,
      1.9075,
      0.8475,
      1.7675,
      0.7075,
      1.625,
      0.565,
      1.485,
      0.4225,
      1.3425,
      0.2825,
      1.2025,
      0.14,
      1.06
    ],
    "SoftwareVersion": "syngo MR E11",
    "TaskName": "PSAP",
    "TotalReadoutTime": 0.048449612,
    "dataset": "ds003791",
    "modality": "bold",
    "run_id": 2,
    "subject_id": "46",
    "task_id": "PSAP"
  },
  "dummy_trs": 0,
  "dvars_nstd": 32.98178447253969,
  "dvars_std": 1.3996470760317457,
  "dvars_vstd": 1.024472427380953,
  "efc": 0.5204446475453679,
  "fber": 524.4488525390625,
  "fd_mean": 0.07563016453532828,
  "fd_num": 4,
  "fd_perc": 1.5810276679841897,
  "fwhm_avg": 2.9597306666666667,
  "fwhm_x": 2.665888,
  "fwhm_y": 3.0749839999999997,
  "fwhm_z": 3.1383199999999998,
  "gcor": 0.0207961,
  "gsr_x": -0.026063935831189156,
  "gsr_y": 0.06751755625009537,
  "provenance": {
    "md5sum": "230cbf4eb677c2b1d6032d6b64d1146e",
    "settings": {
      "fd_thres": 0.2,
      "testing": false
    },
    "software": "mriqc",
    "version": "22.0.6",
    "webapi_port": null,
    "webapi_url": "https://mriqc.nimh.nih.gov/api/v1"
  },
  "size_t": 253,
  "size_x": 96,
  "size_y": 96,
  "size_z": 56,
  "snr": 2.3792157562832914,
  "spacing_tr": 2.0,
  "spacing_x": 2.5,
  "spacing_y": 2.5,
  "spacing_z": 2.5,
  "summary_bg_k": 21.657306696643488,
  "summary_bg_mad": 50.97105709376867,
  "summary_bg_mean": 497.814453125,
  "summary_bg_median": 232.55337524414062,
  "summary_bg_n": 351151.0,
  "summary_bg_p05": 191.8498077392578,
  "summary_bg_p95": 1958.4407958984375,
  "summary_bg_stdv": 718.3958740234375,
  "summary_fg_k": 1.195035537430063,
  "summary_fg_mad": 1989.7752448014835,
  "summary_fg_mean": 5807.61865234375,
  "summary_fg_median": 5447.50634765625,
  "summary_fg_n": 89347.0,
  "summary_fg_p05": 2799.0012451171874,
  "summary_fg_p95": 10293.0689453125,
  "summary_fg_stdv": 2289.60986328125,
  "tsnr": 55.11702694161795
}