{
  "aor": 0.001888174603174603,
  "aqi": 0.006625972896825397,
  "bids_meta": {
    "AcquisitionDateTime": "20181127160318.042500",
    "ConversionSoftware": "dicm2nii.m 20210821",
    "DeviceSerialNumber": "166054",
    "EchoTime": 0.03,
    "EffectiveEchoSpacing": 0.00050999592,
    "FlipAngle": 75,
    "ImageType": [
      "ORIGINAL",
      "PRIMARY",
      "M",
      "MB",
      "ND",
      "MOSAIC"
    ],
    "InstitutionAddress": "Street StreetNo,City,District,IL,ZIP",
    "InstitutionName": "Weizmann Institute",
    "MRAcquisitionType": "2D",
    "Manufacturer": "SIEMENS",
    "Modality": "MR",
    "ParallelAcquisitionTechnique": "none",
    "ParallelReductionFactorInPlane": 1,
    "PatientAge": "034Y",
    "PatientPosition": "HFS",
    "PatientSex": "M",
    "PatientSize": 1.8,
    "PatientWeight": 83,
    "PhaseEncodingDirection": "j-",
    "RepetitionTime": 2,
    "ScanOptions": "FS",
    "ScanningSequence": "EP",
    "SequenceName": "epfid2d1_96",
    "SequenceVariant": "SK\\SS",
    "SeriesDescription": "EPI_PSAP_iso2.5",
    "SeriesNumber": 6,
    "SliceThickness": 2.5,
    "SliceTiming": [
      0,
      0.92,
      1.84,
      0.78,
      1.6975,
      0.6375,
      1.5575,
      0.495,
      1.415,
      0.355,
      1.275,
      0.2125,
      1.1325,
      0.0725,
      0.99,
      1.91,
      0.85,
      1.77,
      0.7075,
      1.6275,
      0.5675,
      1.485,
      0.425,
      1.345,
      0.285,
      1.2025,
      0.1425,
      1.0625,
      0,
      0.92,
      1.84,
      0.78,
      1.6975,
      0.6375,
      1.5575,
      0.495,
      1.415,
      0.355,
      1.275,
      0.2125,
      1.1325,
      0.0725,
      0.99,
      1.91,
      0.85,
      1.77,
      0.7075,
      1.6275,
      0.5675,
      1.485,
      0.425,
      1.345,
      0.285,
      1.2025,
      0.1425,
      1.0625
    ],
    "SoftwareVersion": "syngo MR E11",
    "TaskName": "PSAP",
    "TotalReadoutTime": 0.048449612,
    "dataset": "ds003791",
    "modality": "bold",
    "run_id": 1,
    "subject_id": "46",
    "task_id": "PSAP"
  },
  "dummy_trs": 0,
  "dvars_nstd": 31.32808433749004,
  "dvars_std": 1.2352106874900404,
  "dvars_vstd": 0.9752149169721112,
  "efc": 0.5192796255059191,
  "fber": 527.1354370117188,
  "fd_mean": 0.11734144444127265,
  "fd_num": 31,
  "fd_perc": 12.301587301587302,
  "fwhm_avg": 2.9745293333333334,
  "fwhm_x": 2.657012,
  "fwhm_y": 3.091432,
  "fwhm_z": 3.175144,
  "gcor": 0.0106673,
  "gsr_x": -0.028281260281801224,
  "gsr_y": 0.07683354616165161,
  "provenance": {
    "md5sum": "d6937e121d487debd7e79d837282a045",
    "settings": {
      "fd_thres": 0.2,
      "testing": false
    },
    "software": "mriqc",
    "version": "22.0.6",
    "webapi_port": null,
    "webapi_url": "https://mriqc.nimh.nih.gov/api/v1"
  },
  "size_t": 252,
  "size_x": 96,
  "size_y": 96,
  "size_z": 56,
  "snr": 2.3751490814780567,
  "spacing_tr": 2.0,
  "spacing_x": 2.5,
  "spacing_y": 2.5,
  "spacing_z": 2.5,
  "summary_bg_k": 22.04012453966296,
  "summary_bg_mad": 54.026752388842965,
  "summary_bg_mean": 500.63214111328125,
  "summary_bg_median": 233.3611297607422,
  "summary_bg_n": 352964.0,
  "summary_bg_p05": 190.42462158203125,
  "summary_bg_p95": 1956.5969665527302,
  "summary_bg_stdv": 722.2192993164062,
  "summary_fg_k": 1.1934589593481073,
  "summary_fg_mad": 1992.476939859815,
  "summary_fg_mean": 5816.2861328125,
  "summary_fg_median": 5450.31005859375,
  "summary_fg_n": 88933.0,
  "summary_fg_p05": 2814.362109375,
  "summary_fg_p95": 10302.1767578125,
  "summary_fg_stdv": 2294.71044921875,
  "tsnr": 49.47182653006166
}