{
  "aor": 0.00257716,
  "aqi": 0.0056530522,
  "bids_meta": {
    "AcquisitionDateTime": "20181205133458.542500",
    "ConversionSoftware": "dicm2nii.m 20210821",
    "DeviceSerialNumber": "166054",
    "EchoTime": 0.03,
    "EffectiveEchoSpacing": 0.00050999592,
    "FlipAngle": 75,
    "ImageType": [
      "ORIGINAL",
      "PRIMARY",
      "M",
      "MB",
      "ND",
      "MOSAIC"
    ],
    "InstitutionAddress": "Street StreetNo,City,District,IL,ZIP",
    "InstitutionName": "Weizmann Institute",
    "MRAcquisitionType": "2D",
    "Manufacturer": "SIEMENS",
    "Modality": "MR",
    "ParallelAcquisitionTechnique": "none",
    "ParallelReductionFactorInPlane": 1,
    "PatientAge": "025Y",
    "PatientPosition": "HFS",
    "PatientSex": "M",
    "PatientSize": 1.73,
    "PatientWeight": 74,
    "PhaseEncodingDirection": "j-",
    "RepetitionTime": 2,
    "ScanOptions": "FS",
    "ScanningSequence": "EP",
    "SequenceName": "epfid2d1_96",
    "SequenceVariant": "SK\\SS",
    "SeriesDescription": "EPI_PSAP_iso2.5",
    "SeriesNumber": 17,
    "SliceThickness": 2.5,
    "SliceTiming": [
      0,
      0.92,
      1.84,
      0.7775,
      1.6975,
      0.6375,
      1.5575,
      0.495,
      1.415,
      0.355,
      1.2725,
      0.2125,
      1.1325,
      0.0725,
      0.99,
      1.91,
      0.85,
      1.7675,
      0.7075,
      1.6275,
      0.5675,
      1.485,
      0.425,
      1.345,
      0.2825,
      1.2025,
      0.1425,
      1.0625,
      0,
      0.92,
      1.84,
      0.7775,
      1.6975,
      0.6375,
      1.5575,
      0.495,
      1.415,
      0.355,
      1.2725,
      0.2125,
      1.1325,
      0.0725,
      0.99,
      1.91,
      0.85,
      1.7675,
      0.7075,
      1.6275,
      0.5675,
      1.485,
      0.425,
      1.345,
      0.2825,
      1.2025,
      0.1425,
      1.0625
    ],
    "SoftwareVersion": "syngo MR E11",
    "TaskName": "PSAP",
    "TotalReadoutTime": 0.048449612,
    "dataset": "ds003791",
    "modality": "bold",
    "run_id": 4,
    "subject_id": "12",
    "task_id": "PSAP"
  },
  "dummy_trs": 0,
  "dvars_nstd": 28.211171093012037,
  "dvars_std": 1.2310207603212848,
  "dvars_vstd": 1.0319044501606427,
  "efc": 0.5163863177887531,
  "fber": 525.1376342773438,
  "fd_mean": 0.14735425828202633,
  "fd_num": 41,
  "fd_perc": 16.4,
  "fwhm_avg": 2.9564679999999997,
  "fwhm_x": 2.694548,
  "fwhm_y": 3.032444,
  "fwhm_z": 3.1424119999999998,
  "gcor": 0.0201267,
  "gsr_x": -0.04717548191547394,
  "gsr_y": 0.09112980216741562,
  "provenance": {
    "md5sum": "42cbba919940fa90450205695133faa6",
    "settings": {
      "fd_thres": 0.2,
      "testing": false
    },
    "software": "mriqc",
    "version": "22.0.6",
    "webapi_port": null,
    "webapi_url": "https://mriqc.nimh.nih.gov/api/v1"
  },
  "size_t": 250,
  "size_x": 96,
  "size_y": 96,
  "size_z": 56,
  "snr": 2.3950208127510795,
  "spacing_tr": 2.0,
  "spacing_x": 2.5,
  "spacing_y": 2.5,
  "spacing_z": 2.5,
  "summary_bg_k": 25.665652230149,
  "summary_bg_mad": 54.00822438565454,
  "summary_bg_mean": 556.5458984375,
  "summary_bg_median": 233.83201599121094,
  "summary_bg_n": 360279.0,
  "summary_bg_p05": 192.28001403808594,
  "summary_bg_p95": 2245.3582031249994,
  "summary_bg_stdv": 939.1673583984375,
  "summary_fg_k": 1.3584965297482112,
  "summary_fg_mad": 1956.3826703224759,
  "summary_fg_mean": 5825.8349609375,
  "summary_fg_median": 5446.0361328125,
  "summary_fg_n": 83903.0,
  "summary_fg_p05": 2882.984619140625,
  "summary_fg_p95": 10269.16376953125,
  "summary_fg_stdv": 2273.8857421875,
  "tsnr": 59.865594612434506
}