{
  "aor": 0.00058672,
  "aqi": 0.0047305145199999996,
  "bids_meta": {
    "AcquisitionDateTime": "20181205125636.530000",
    "ConversionSoftware": "dicm2nii.m 20210821",
    "DeviceSerialNumber": "166054",
    "EchoTime": 0.03,
    "EffectiveEchoSpacing": 0.00050999592,
    "FlipAngle": 75,
    "ImageType": [
      "ORIGINAL",
      "PRIMARY",
      "M",
      "MB",
      "ND",
      "MOSAIC"
    ],
    "InstitutionAddress": "Street StreetNo,City,District,IL,ZIP",
    "InstitutionName": "Weizmann Institute",
    "MRAcquisitionType": "2D",
    "Manufacturer": "SIEMENS",
    "Modality": "MR",
    "ParallelAcquisitionTechnique": "none",
    "ParallelReductionFactorInPlane": 1,
    "PatientAge": "025Y",
    "PatientPosition": "HFS",
    "PatientSex": "M",
    "PatientSize": 1.73,
    "PatientWeight": 74,
    "PhaseEncodingDirection": "j-",
    "RepetitionTime": 2,
    "ScanOptions": "FS",
    "ScanningSequence": "EP",
    "SequenceName": "epfid2d1_96",
    "SequenceVariant": "SK\\SS",
    "SeriesDescription": "EPI_PSAP_iso2.5",
    "SeriesNumber": 6,
    "SliceThickness": 2.5,
    "SliceTiming": [
      0,
      0.92,
      1.84,
      0.78,
      1.6975,
      0.6375,
      1.5575,
      0.495,
      1.415,
      0.355,
      1.275,
      0.2125,
      1.1325,
      0.0725,
      0.99,
      1.91,
      0.85,
      1.77,
      0.7075,
      1.6275,
      0.5675,
      1.485,
      0.425,
      1.345,
      0.285,
      1.2025,
      0.1425,
      1.0625,
      0,
      0.92,
      1.84,
      0.78,
      1.6975,
      0.6375,
      1.5575,
      0.495,
      1.415,
      0.355,
      1.275,
      0.2125,
      1.1325,
      0.0725,
      0.99,
      1.91,
      0.85,
      1.77,
      0.7075,
      1.6275,
      0.5675,
      1.485,
      0.425,
      1.345,
      0.285,
      1.2025,
      0.1425,
      1.0625
    ],
    "SoftwareVersion": "syngo MR E11",
    "TaskName": "PSAP",
    "TotalReadoutTime": 0.048449612,
    "dataset": "ds003791",
    "modality": "bold",
    "run_id": 1,
    "subject_id": "12",
    "task_id": "PSAP"
  },
  "dummy_trs": 0,
  "dvars_nstd": 29.636666316706826,
  "dvars_std": 1.1946569022891564,
  "dvars_vstd": 0.976034625863454,
  "efc": 0.5143726541572562,
  "fber": 538.9758911132812,
  "fd_mean": 0.13811524486454557,
  "fd_num": 34,
  "fd_perc": 13.6,
  "fwhm_avg": 2.9538999999999995,
  "fwhm_x": 2.68014,
  "fwhm_y": 3.044572,
  "fwhm_z": 3.1369879999999997,
  "gcor": 0.0182261,
  "gsr_x": -0.04492805525660515,
  "gsr_y": 0.0898834764957428,
  "provenance": {
    "md5sum": "8d05bfb0b911c9231c10fc449934f560",
    "settings": {
      "fd_thres": 0.2,
      "testing": false
    },
    "software": "mriqc",
    "version": "22.0.6",
    "webapi_port": null,
    "webapi_url": "https://mriqc.nimh.nih.gov/api/v1"
  },
  "size_t": 250,
  "size_x": 96,
  "size_y": 96,
  "size_z": 56,
  "snr": 2.3899386899930843,
  "spacing_tr": 2.0,
  "spacing_x": 2.5,
  "spacing_y": 2.5,
  "spacing_z": 2.5,
  "summary_bg_k": 26.812861105248697,
  "summary_bg_mad": 49.79766213726464,
  "summary_bg_mean": 533.6972045898438,
  "summary_bg_median": 228.85601806640625,
  "summary_bg_n": 359901.0,
  "summary_bg_p05": 190.10400390625,
  "summary_bg_p95": 2115.60009765625,
  "summary_bg_stdv": 891.7017211914062,
  "summary_fg_k": 1.4417123527206224,
  "summary_fg_mad": 1920.4027812297284,
  "summary_fg_mean": 5768.05419921875,
  "summary_fg_median": 5385.5400390625,
  "summary_fg_n": 84132.0,
  "summary_fg_p05": 2867.744665527344,
  "summary_fg_p95": 10197.285595703124,
  "summary_fg_stdv": 2253.408447265625,
  "tsnr": 61.37998123001307
}