{
  "bids_meta": {
    "AcquisitionDateTime": "20190130140618.007500",
    "ConversionSoftware": "dicm2nii.m 20210821",
    "DeviceSerialNumber": "166054",
    "EchoTime": 0.00229,
    "FlipAngle": 8,
    "ImageType": [
      "ORIGINAL",
      "PRIMARY",
      "M",
      "ND",
      "NORM"
    ],
    "InstitutionAddress": "Street StreetNo,City,District,IL,ZIP",
    "InstitutionName": "Weizmann Institute",
    "InversionTime": 0.9,
    "MRAcquisitionType": "3D",
    "Manufacturer": "SIEMENS",
    "Modality": "MR",
    "ParallelAcquisitionTechnique": "GRAPPA",
    "ParallelReductionFactorInPlane": 2,
    "PatientAge": "027Y",
    "PatientPosition": "HFS",
    "PatientSex": "F",
    "PatientSize": 1.68,
    "PatientWeight": 55,
    "PhaseEncodingDirection": "j-",
    "RepetitionTime": 2.3,
    "ScanOptions": "IR\\WE",
    "ScanningSequence": "GR\\IR",
    "SequenceName": "*tfl3d1_16ns",
    "SequenceVariant": "SK\\SP\\MP",
    "SeriesDescription": "t1_mprage_sag_p2_iso_water_exc",
    "SeriesNumber": 11,
    "SliceThickness": 0.94,
    "SoftwareVersion": "syngo MR E11",
    "dataset": "ds003791",
    "modality": "T1w",
    "subject_id": "25"
  },
  "cjv": 0.3237670145671315,
  "cnr": 4.143039579509976,
  "efc": 0.5845948673893826,
  "fber": -1.0,
  "fwhm_avg": 4.558548958914709,
  "fwhm_x": 4.532425543410793,
  "fwhm_y": 4.605461333333333,
  "fwhm_z": 4.5377600000000005,
  "icvs_csf": 0.2678353537285525,
  "icvs_gm": 0.42652483441904393,
  "icvs_wm": 0.30563981185240363,
  "inu_med": 0.4777693450450897,
  "inu_range": 0.1409532487392426,
  "provenance": {
    "md5sum": "7f85b398bcd1fa8990895691451533c3",
    "settings": {
      "testing": false
    },
    "software": "mriqc",
    "version": "22.0.6",
    "warnings": {
      "large_rot_frame": true,
      "small_air_mask": false
    },
    "webapi_port": null,
    "webapi_url": "https://mriqc.nimh.nih.gov/api/v1"
  },
  "qi_1": 0.0,
  "qi_2": 0.01423754232381482,
  "rpve_csf": 18.46059401403963,
  "rpve_gm": 11.381000594876848,
  "rpve_wm": 18.05786106220218,
  "size_x": 176,
  "size_y": 256,
  "size_z": 256,
  "snr_csf": 2.0819122391136733,
  "snr_gm": 12.01318308868165,
  "snr_total": 13.570655686755254,
  "snr_wm": 26.616871732470436,
  "snrd_csf": 30.925593752246268,
  "snrd_gm": 95.27490849326124,
  "snrd_total": 86.8382762311523,
  "snrd_wm": 134.3143264479494,
  "spacing_x": 0.9399999976158142,
  "spacing_y": 0.9375,
  "spacing_z": 0.9375,
  "summary_bg_k": 15.270613829755373,
  "summary_bg_mad": 0.0,
  "summary_bg_mean": 2.769369664903411,
  "summary_bg_median": 0.0,
  "summary_bg_n": 2107228.0,
  "summary_bg_p05": 0.0,
  "summary_bg_p95": 12.472121715545654,
  "summary_bg_stdv": 4.877847251680828,
  "summary_csf_k": 0.3370265927893654,
  "summary_csf_mad": 93.6437791021695,
  "summary_csf_mean": 241.86488774310072,
  "summary_csf_median": 230.25788597762585,
  "summary_csf_n": 93902.0,
  "summary_csf_p05": 63.768052868545055,
  "summary_csf_p95": 445.48859752714634,
  "summary_csf_stdv": 110.59863888315111,
  "summary_gm_k": 0.026953162225523464,
  "summary_gm_mad": 58.86042817409249,
  "summary_gm_mean": 707.5869014139256,
  "summary_gm_median": 709.3735755607486,
  "summary_gm_n": 63768.0,
  "summary_gm_p05": 606.9549371674657,
  "summary_gm_p95": 801.2688612565398,
  "summary_gm_stdv": 59.049130289494265,
  "summary_wm_k": 0.5999924568842663,
  "summary_wm_mad": 35.24884108816665,
  "summary_wm_mean": 1000.1999237541014,
  "summary_wm_median": 1000.0433010980487,
  "summary_wm_n": 194240.0,
  "summary_wm_p05": 939.1984017565846,
  "summary_wm_p95": 1062.1224208176136,
  "summary_wm_stdv": 37.57168524159106,
  "tpm_overlap_csf": 0.1513091824471807,
  "tpm_overlap_gm": 0.4785235735654079,
  "tpm_overlap_wm": 0.5043032466537073,
  "wm2max": 0.8742881619518019
}