{
  "aor": 0.0010893846153846153,
  "aqi": 0.0019163813076923078,
  "bids_meta": {
    "AcquisitionDateTime": "20181118160101.537500",
    "ConversionSoftware": "dicm2nii.m 20210821",
    "DeviceSerialNumber": "166054",
    "EchoTime": 0.03,
    "EffectiveEchoSpacing": 0.00050999592,
    "FlipAngle": 75,
    "ImageType": [
      "ORIGINAL",
      "PRIMARY",
      "M",
      "MB",
      "ND",
      "MOSAIC"
    ],
    "InstitutionAddress": "Street StreetNo,City,District,IL,ZIP",
    "InstitutionName": "Weizmann Institute",
    "MRAcquisitionType": "2D",
    "Manufacturer": "SIEMENS",
    "Modality": "MR",
    "ParallelAcquisitionTechnique": "none",
    "ParallelReductionFactorInPlane": 1,
    "PatientAge": "024Y",
    "PatientPosition": "HFS",
    "PatientSex": "F",
    "PatientSize": 1.6,
    "PatientWeight": 58,
    "PhaseEncodingDirection": "j-",
    "RepetitionTime": 2,
    "ScanOptions": "FS",
    "ScanningSequence": "EP",
    "SequenceName": "epfid2d1_96",
    "SequenceVariant": "SK\\SS",
    "SeriesDescription": "EPI_PSAP_iso2.5",
    "SeriesNumber": 10,
    "SliceThickness": 2.5,
    "SliceTiming": [
      0,
      0.92,
      1.84,
      0.7775,
      1.6975,
      0.6375,
      1.555,
      0.495,
      1.415,
      0.355,
      1.2725,
      0.2125,
      1.1325,
      0.07,
      0.99,
      1.91,
      0.85,
      1.7675,
      0.7075,
      1.6275,
      0.565,
      1.485,
      0.425,
      1.345,
      0.2825,
      1.2025,
      0.1425,
      1.06,
      0,
      0.92,
      1.84,
      0.7775,
      1.6975,
      0.6375,
      1.555,
      0.495,
      1.415,
      0.355,
      1.2725,
      0.2125,
      1.1325,
      0.07,
      0.99,
      1.91,
      0.85,
      1.7675,
      0.7075,
      1.6275,
      0.565,
      1.485,
      0.425,
      1.345,
      0.2825,
      1.2025,
      0.1425,
      1.06
    ],
    "SoftwareVersion": "syngo MR E11",
    "TaskName": "PSAP",
    "TotalReadoutTime": 0.048449612,
    "dataset": "ds003791",
    "modality": "bold",
    "run_id": 2,
    "subject_id": "30",
    "task_id": "PSAP"
  },
  "dummy_trs": 0,
  "dvars_nstd": 26.390674384942102,
  "dvars_std": 1.2658726986486488,
  "dvars_vstd": 1.0049966559073369,
  "efc": 0.45323005294644086,
  "fber": 796.9341430664062,
  "fd_mean": 0.1351045210910098,
  "fd_num": 49,
  "fd_perc": 18.846153846153847,
  "fwhm_avg": 3.021098666666667,
  "fwhm_x": 2.864364,
  "fwhm_y": 3.1225359999999998,
  "fwhm_z": 3.076396,
  "gcor": 0.0136677,
  "gsr_x": -0.021261218935251236,
  "gsr_y": 0.04740425944328308,
  "provenance": {
    "md5sum": "79a4bbb6d27180623f1b37180f5afcf2",
    "settings": {
      "fd_thres": 0.2,
      "testing": false
    },
    "software": "mriqc",
    "version": "22.0.6",
    "webapi_port": null,
    "webapi_url": "https://mriqc.nimh.nih.gov/api/v1"
  },
  "size_t": 260,
  "size_x": 96,
  "size_y": 96,
  "size_z": 56,
  "snr": 2.1538323707674056,
  "spacing_tr": 2.0,
  "spacing_x": 2.5,
  "spacing_y": 2.5,
  "spacing_z": 2.5,
  "summary_bg_k": 34.09036989603871,
  "summary_bg_mad": 44.962780836382976,
  "summary_bg_mean": 460.81219482421875,
  "summary_bg_median": 232.53077697753906,
  "summary_bg_n": 378427.0,
  "summary_bg_p05": 197.67308044433594,
  "summary_bg_p95": 1624.876123046877,
  "summary_bg_stdv": 678.6555786132812,
  "summary_fg_k": 1.9747058950720895,
  "summary_fg_mad": 2642.6421722132563,
  "summary_fg_mean": 7308.03857421875,
  "summary_fg_median": 6641.79638671875,
  "summary_fg_n": 69477.0,
  "summary_fg_p05": 3682.21142578125,
  "summary_fg_p95": 13346.516601562496,
  "summary_fg_stdv": 3083.688720703125,
  "tsnr": 83.57272951165214
}