{
  "aor": 0.0010871317829457363,
  "aqi": 0.002429610968992248,
  "bids_meta": {
    "AcquisitionDateTime": "20180828131126.497500",
    "ConversionSoftware": "dicm2nii.m 20210821",
    "DeviceSerialNumber": "166054",
    "EchoTime": 0.03,
    "EffectiveEchoSpacing": 0.00050999592,
    "FlipAngle": 75,
    "ImageType": [
      "ORIGINAL",
      "PRIMARY",
      "M",
      "MB",
      "ND",
      "MOSAIC"
    ],
    "InstitutionAddress": "Street StreetNo,City,District,IL,ZIP",
    "InstitutionName": "Weizmann Institute",
    "MRAcquisitionType": "2D",
    "Manufacturer": "SIEMENS",
    "Modality": "MR",
    "ParallelAcquisitionTechnique": "none",
    "ParallelReductionFactorInPlane": 1,
    "PatientAge": "029Y",
    "PatientPosition": "HFS",
    "PatientSex": "M",
    "PatientSize": 1.8,
    "PatientWeight": 75,
    "PhaseEncodingDirection": "j-",
    "RepetitionTime": 2,
    "ScanOptions": "FS",
    "ScanningSequence": "EP",
    "SequenceName": "epfid2d1_96",
    "SequenceVariant": "SK\\SS",
    "SeriesDescription": "EPI_PSAP_iso2.5",
    "SeriesNumber": 11,
    "SliceThickness": 2.5,
    "SliceTiming": [
      0,
      0.92,
      1.8375,
      0.7775,
      1.6975,
      0.6375,
      1.555,
      0.495,
      1.415,
      0.355,
      1.2725,
      0.2125,
      1.1325,
      0.07,
      0.99,
      1.91,
      0.85,
      1.7675,
      0.7075,
      1.6275,
      0.565,
      1.485,
      0.425,
      1.3425,
      0.2825,
      1.2025,
      0.1425,
      1.06,
      0,
      0.92,
      1.8375,
      0.7775,
      1.6975,
      0.6375,
      1.555,
      0.495,
      1.415,
      0.355,
      1.2725,
      0.2125,
      1.1325,
      0.07,
      0.99,
      1.91,
      0.85,
      1.7675,
      0.7075,
      1.6275,
      0.565,
      1.485,
      0.425,
      1.3425,
      0.2825,
      1.2025,
      0.1425,
      1.06
    ],
    "SoftwareVersion": "syngo MR E11",
    "TaskName": "PSAP",
    "TotalReadoutTime": 0.048449612,
    "dataset": "ds003791",
    "modality": "bold",
    "run_id": 3,
    "subject_id": "27",
    "task_id": "PSAP"
  },
  "dummy_trs": 0,
  "dvars_nstd": 26.20199492953307,
  "dvars_std": 1.2344401124124509,
  "dvars_vstd": 0.9975941580933855,
  "efc": 0.4796240775613751,
  "fber": 653.2241821289062,
  "fd_mean": 0.07757656795496003,
  "fd_num": 6,
  "fd_perc": 2.3255813953488373,
  "fwhm_avg": 3.0484826666666667,
  "fwhm_x": 2.882764,
  "fwhm_y": 3.103432,
  "fwhm_z": 3.159252,
  "gcor": 0.0150081,
  "gsr_x": -0.04452012851834297,
  "gsr_y": 0.08220358192920685,
  "provenance": {
    "md5sum": "f26e4d2d6f73428e63e48b1ccacc7e9a",
    "settings": {
      "fd_thres": 0.2,
      "testing": false
    },
    "software": "mriqc",
    "version": "22.0.6",
    "webapi_port": null,
    "webapi_url": "https://mriqc.nimh.nih.gov/api/v1"
  },
  "size_t": 258,
  "size_x": 96,
  "size_y": 96,
  "size_z": 56,
  "snr": 1.9188617749344035,
  "spacing_tr": 2.0,
  "spacing_x": 2.5,
  "spacing_y": 2.5,
  "spacing_z": 2.5,
  "summary_bg_k": 28.422029597456962,
  "summary_bg_mad": 59.80977427779512,
  "summary_bg_mean": 533.7655639648438,
  "summary_bg_median": 244.99224853515625,
  "summary_bg_n": 361455.0,
  "summary_bg_p05": 199.04263305664062,
  "summary_bg_p95": 2013.1367797851549,
  "summary_bg_stdv": 829.1956787109375,
  "summary_fg_k": 2.407658353972381,
  "summary_fg_mad": 2763.064510416153,
  "summary_fg_mean": 7156.00244140625,
  "summary_fg_median": 6382.6240234375,
  "summary_fg_n": 82631.0,
  "summary_fg_p05": 3310.001953125,
  "summary_fg_p95": 13707.021484375,
  "summary_fg_stdv": 3326.235107421875,
  "tsnr": 72.99851085967384
}