{
  "aor": 0.0022113709677419355,
  "aqi": 0.00668884306451613,
  "bids_meta": {
    "AcquisitionDateTime": "20181128123056.462500",
    "ConversionSoftware": "dicm2nii.m 20210821",
    "DeviceSerialNumber": "166054",
    "EchoTime": 0.03,
    "EffectiveEchoSpacing": 0.00050999592,
    "FlipAngle": 75,
    "ImageType": [
      "ORIGINAL",
      "PRIMARY",
      "M",
      "MB",
      "ND",
      "MOSAIC"
    ],
    "InstitutionAddress": "Street StreetNo,City,District,IL,ZIP",
    "InstitutionName": "Weizmann Institute",
    "MRAcquisitionType": "2D",
    "Manufacturer": "SIEMENS",
    "Modality": "MR",
    "ParallelAcquisitionTechnique": "none",
    "ParallelReductionFactorInPlane": 1,
    "PatientAge": "024Y",
    "PatientPosition": "HFS",
    "PatientSex": "F",
    "PatientSize": 1.6,
    "PatientWeight": 50,
    "PhaseEncodingDirection": "j-",
    "RepetitionTime": 2,
    "ScanOptions": "FS",
    "ScanningSequence": "EP",
    "SequenceName": "epfid2d1_96",
    "SequenceVariant": "SK\\SS",
    "SeriesDescription": "EPI_PSAP_iso2.5",
    "SeriesNumber": 19,
    "SliceThickness": 2.5,
    "SliceTiming": [
      0,
      0.92,
      1.84,
      0.7775,
      1.6975,
      0.6375,
      1.555,
      0.495,
      1.415,
      0.355,
      1.2725,
      0.2125,
      1.1325,
      0.07,
      0.99,
      1.91,
      0.85,
      1.7675,
      0.7075,
      1.6275,
      0.565,
      1.485,
      0.425,
      1.345,
      0.2825,
      1.2025,
      0.1425,
      1.06,
      0,
      0.92,
      1.84,
      0.7775,
      1.6975,
      0.6375,
      1.555,
      0.495,
      1.415,
      0.355,
      1.2725,
      0.2125,
      1.1325,
      0.07,
      0.99,
      1.91,
      0.85,
      1.7675,
      0.7075,
      1.6275,
      0.565,
      1.485,
      0.425,
      1.345,
      0.2825,
      1.2025,
      0.1425,
      1.06
    ],
    "SoftwareVersion": "syngo MR E11",
    "TaskName": "PSAP",
    "TotalReadoutTime": 0.048449612,
    "dataset": "ds003791",
    "modality": "bold",
    "run_id": 4,
    "subject_id": "29",
    "task_id": "PSAP"
  },
  "dummy_trs": 0,
  "dvars_nstd": 29.965536488461538,
  "dvars_std": 1.151425674493927,
  "dvars_vstd": 0.9500129890283403,
  "efc": 0.4662764706411447,
  "fber": 879.285400390625,
  "fd_mean": 0.2688950243351931,
  "fd_num": 146,
  "fd_perc": 58.87096774193548,
  "fwhm_avg": 3.089261333333333,
  "fwhm_x": 2.880928,
  "fwhm_y": 3.1862719999999998,
  "fwhm_z": 3.200584,
  "gcor": 0.0131705,
  "gsr_x": -0.028479766100645065,
  "gsr_y": 0.04629397392272949,
  "provenance": {
    "md5sum": "738ffce9d8a96e167b54acbe1cebe9b8",
    "settings": {
      "fd_thres": 0.2,
      "testing": false
    },
    "software": "mriqc",
    "version": "22.0.6",
    "webapi_port": null,
    "webapi_url": "https://mriqc.nimh.nih.gov/api/v1"
  },
  "size_t": 248,
  "size_x": 96,
  "size_y": 96,
  "size_z": 56,
  "snr": 2.3991788703068995,
  "spacing_tr": 2.0,
  "spacing_x": 2.5,
  "spacing_y": 2.5,
  "spacing_z": 2.5,
  "summary_bg_k": 33.30515982614233,
  "summary_bg_mad": 46.91120736948283,
  "summary_bg_mean": 468.07196044921875,
  "summary_bg_median": 228.26612854003906,
  "summary_bg_n": 372904.0,
  "summary_bg_p05": 191.4354705810547,
  "summary_bg_p95": 1721.7283264160149,
  "summary_bg_stdv": 709.993408203125,
  "summary_fg_k": 1.2878319797190132,
  "summary_fg_mad": 2580.689959002674,
  "summary_fg_mean": 7361.9853515625,
  "summary_fg_median": 6811.52783203125,
  "summary_fg_n": 75307.0,
  "summary_fg_p05": 3824.0769775390627,
  "summary_fg_p95": 12876.233398437498,
  "summary_fg_stdv": 2839.089111328125,
  "tsnr": 51.10721855959855
}