{
  "aor": 0.006812208835341366,
  "aqi": 0.004529179959839358,
  "bids_meta": {
    "AcquisitionDateTime": "20181128122004.522500",
    "ConversionSoftware": "dicm2nii.m 20210821",
    "DeviceSerialNumber": "166054",
    "EchoTime": 0.03,
    "EffectiveEchoSpacing": 0.00050999592,
    "FlipAngle": 75,
    "ImageType": [
      "ORIGINAL",
      "PRIMARY",
      "M",
      "MB",
      "ND",
      "MOSAIC"
    ],
    "InstitutionAddress": "Street StreetNo,City,District,IL,ZIP",
    "InstitutionName": "Weizmann Institute",
    "MRAcquisitionType": "2D",
    "Manufacturer": "SIEMENS",
    "Modality": "MR",
    "ParallelAcquisitionTechnique": "none",
    "ParallelReductionFactorInPlane": 1,
    "PatientAge": "024Y",
    "PatientPosition": "HFS",
    "PatientSex": "F",
    "PatientSize": 1.6,
    "PatientWeight": 50,
    "PhaseEncodingDirection": "j-",
    "RepetitionTime": 2,
    "ScanOptions": "FS",
    "ScanningSequence": "EP",
    "SequenceName": "epfid2d1_96",
    "SequenceVariant": "SK\\SS",
    "SeriesDescription": "EPI_PSAP_iso2.5",
    "SeriesNumber": 15,
    "SliceThickness": 2.5,
    "SliceTiming": [
      0,
      0.9175,
      1.8375,
      0.7775,
      1.695,
      0.635,
      1.555,
      0.495,
      1.4125,
      0.3525,
      1.2725,
      0.21,
      1.13,
      0.07,
      0.99,
      1.9075,
      0.8475,
      1.7675,
      0.705,
      1.625,
      0.565,
      1.485,
      0.4225,
      1.3425,
      0.2825,
      1.2,
      0.14,
      1.06,
      0,
      0.9175,
      1.8375,
      0.7775,
      1.695,
      0.635,
      1.555,
      0.495,
      1.4125,
      0.3525,
      1.2725,
      0.21,
      1.13,
      0.07,
      0.99,
      1.9075,
      0.8475,
      1.7675,
      0.705,
      1.625,
      0.565,
      1.485,
      0.4225,
      1.3425,
      0.2825,
      1.2,
      0.14,
      1.06
    ],
    "SoftwareVersion": "syngo MR E11",
    "TaskName": "PSAP",
    "TotalReadoutTime": 0.048449612,
    "dataset": "ds003791",
    "modality": "bold",
    "run_id": 3,
    "subject_id": "29",
    "task_id": "PSAP"
  },
  "dummy_trs": 0,
  "dvars_nstd": 29.47005846431453,
  "dvars_std": 1.3130278672580644,
  "dvars_vstd": 1.0568969163306443,
  "efc": 0.46607113079172924,
  "fber": 861.4734497070312,
  "fd_mean": 0.2367490978696937,
  "fd_num": 142,
  "fd_perc": 57.028112449799195,
  "fwhm_avg": 3.0762133333333335,
  "fwhm_x": 2.860116,
  "fwhm_y": 3.18706,
  "fwhm_z": 3.181464,
  "gcor": 0.0124063,
  "gsr_x": -0.02804848738014698,
  "gsr_y": 0.04718547314405441,
  "provenance": {
    "md5sum": "eae26e75cacbff8315445b51396d20cd",
    "settings": {
      "fd_thres": 0.2,
      "testing": false
    },
    "software": "mriqc",
    "version": "22.0.6",
    "webapi_port": null,
    "webapi_url": "https://mriqc.nimh.nih.gov/api/v1"
  },
  "size_t": 249,
  "size_x": 96,
  "size_y": 96,
  "size_z": 56,
  "snr": 2.3888474057898854,
  "spacing_tr": 2.0,
  "spacing_x": 2.5,
  "spacing_y": 2.5,
  "spacing_z": 2.5,
  "summary_bg_k": 34.31743268718449,
  "summary_bg_mad": 54.68955267872604,
  "summary_bg_mean": 463.0688171386719,
  "summary_bg_median": 229.5823211669922,
  "summary_bg_n": 372430.0,
  "summary_bg_p05": 183.0762939453125,
  "summary_bg_p95": 1685.409521484373,
  "summary_bg_stdv": 703.2802124023438,
  "summary_fg_k": 1.4201779933534615,
  "summary_fg_mad": 2580.787689129382,
  "summary_fg_mean": 7340.0849609375,
  "summary_fg_median": 6786.783203125,
  "summary_fg_n": 75446.0,
  "summary_fg_p05": 3812.7367553710938,
  "summary_fg_p95": 12854.212158203125,
  "summary_fg_stdv": 2841.009521484375,
  "tsnr": 58.310952135478146
}