{
  "bids_meta": {
    "AcquisitionDateTime": "20181031122522.992500",
    "ConversionSoftware": "dicm2nii.m 20210821",
    "DeviceSerialNumber": "166054",
    "EchoTime": 0.00229,
    "FlipAngle": 8,
    "ImageType": [
      "ORIGINAL",
      "PRIMARY",
      "M",
      "ND",
      "NORM"
    ],
    "InstitutionAddress": "Street StreetNo,City,District,IL,ZIP",
    "InstitutionName": "Weizmann Institute",
    "InversionTime": 0.9,
    "MRAcquisitionType": "3D",
    "Manufacturer": "SIEMENS",
    "Modality": "MR",
    "ParallelAcquisitionTechnique": "GRAPPA",
    "ParallelReductionFactorInPlane": 2,
    "PatientAge": "027Y",
    "PatientPosition": "HFS",
    "PatientSex": "F",
    "PatientSize": 1.71,
    "PatientWeight": 54,
    "PhaseEncodingDirection": "j-",
    "RepetitionTime": 2.3,
    "ScanOptions": "IR\\WE",
    "ScanningSequence": "GR\\IR",
    "SequenceName": "*tfl3d1_16ns",
    "SequenceVariant": "SK\\SP\\MP",
    "SeriesDescription": "t1_mprage_sag_p2_iso_water_exc",
    "SeriesNumber": 15,
    "SliceThickness": 0.94,
    "SoftwareVersion": "syngo MR E11",
    "dataset": "ds003791",
    "modality": "T1w",
    "subject_id": "26"
  },
  "cjv": 0.3226681904859606,
  "cnr": 4.105954198963795,
  "efc": 0.5137582823196206,
  "fber": -1.0,
  "fwhm_avg": 4.14239621932321,
  "fwhm_x": 4.1041593246362975,
  "fwhm_y": 4.1661546666666665,
  "fwhm_z": 4.156874666666666,
  "icvs_csf": 0.24392992675297706,
  "icvs_gm": 0.4293767749610324,
  "icvs_wm": 0.3266932982859906,
  "inu_med": 0.4054803252220154,
  "inu_range": 0.11453842371702194,
  "provenance": {
    "md5sum": "5ce695b50d211b5b1c456f694a123a50",
    "settings": {
      "testing": false
    },
    "software": "mriqc",
    "version": "22.0.6",
    "warnings": {
      "large_rot_frame": true,
      "small_air_mask": false
    },
    "webapi_port": null,
    "webapi_url": "https://mriqc.nimh.nih.gov/api/v1"
  },
  "qi_1": 0.035136119185022574,
  "qi_2": 0.04114763925867748,
  "rpve_csf": 21.0257400564815,
  "rpve_gm": 12.109880713292343,
  "rpve_wm": 18.612760484749675,
  "size_x": 176,
  "size_y": 256,
  "size_z": 256,
  "snr_csf": 2.138652330079484,
  "snr_gm": 10.95443487771131,
  "snr_total": 14.387052529426825,
  "snr_wm": 30.068070380489676,
  "snrd_csf": 39.45014790348089,
  "snrd_gm": 121.67322798515505,
  "snrd_total": 111.41159029023085,
  "snrd_wm": 173.11139498205662,
  "spacing_x": 0.940000057220459,
  "spacing_y": 0.9375,
  "spacing_z": 0.9375,
  "summary_bg_k": 18.47749664951243,
  "summary_bg_mad": 0.0,
  "summary_bg_mean": 1.7473331776149008,
  "summary_bg_median": 0.0,
  "summary_bg_n": 3207030.0,
  "summary_bg_p05": 0.0,
  "summary_bg_p95": 8.682928547263145,
  "summary_bg_stdv": 3.784551566117991,
  "summary_csf_k": 0.8246355061787787,
  "summary_csf_mad": 95.05141018603595,
  "summary_csf_mean": 248.21640877791236,
  "summary_csf_median": 227.8931822925806,
  "summary_csf_n": 55212.0,
  "summary_csf_p05": 107.2283917747438,
  "summary_csf_p95": 452.17553698197,
  "summary_csf_stdv": 106.55828218398582,
  "summary_gm_k": 0.11722692290430059,
  "summary_gm_mad": 63.424694724736305,
  "summary_gm_mean": 701.0755116019568,
  "summary_gm_median": 702.8744022250175,
  "summary_gm_n": 47712.0,
  "summary_gm_p05": 592.7706326708197,
  "summary_gm_p95": 803.7195900976658,
  "summary_gm_stdv": 64.16278377019253,
  "summary_wm_k": 0.39438271206533004,
  "summary_wm_mad": 32.454490504961825,
  "summary_wm_mean": 999.4346206126932,
  "summary_wm_median": 1000.0192341506481,
  "summary_wm_n": 197024.0,
  "summary_wm_p05": 944.1096454560757,
  "summary_wm_p95": 1051.9627845287323,
  "summary_wm_stdv": 33.25842608728234,
  "tpm_overlap_csf": 0.15378144514696826,
  "tpm_overlap_gm": 0.46262284151759286,
  "tpm_overlap_wm": 0.5064607123202111,
  "wm2max": 0.9257173409374443
}