{
  "aor": 0.0011192460317460315,
  "aqi": 0.004026592142857143,
  "bids_meta": {
    "AcquisitionDateTime": "20190206170535.620000",
    "ConversionSoftware": "dicm2nii.m 20210821",
    "DeviceSerialNumber": "166054",
    "EchoTime": 0.03,
    "EffectiveEchoSpacing": 0.00050999592,
    "FlipAngle": 75,
    "ImageType": [
      "ORIGINAL",
      "PRIMARY",
      "M",
      "MB",
      "ND",
      "MOSAIC"
    ],
    "InstitutionAddress": "Street StreetNo,City,District,IL,ZIP",
    "InstitutionName": "Weizmann Institute",
    "MRAcquisitionType": "2D",
    "Manufacturer": "SIEMENS",
    "Modality": "MR",
    "ParallelAcquisitionTechnique": "none",
    "ParallelReductionFactorInPlane": 1,
    "PatientAge": "028Y",
    "PatientPosition": "HFS",
    "PatientSex": "M",
    "PatientSize": 1.87,
    "PatientWeight": 60,
    "PhaseEncodingDirection": "j-",
    "RepetitionTime": 2,
    "ScanOptions": "FS",
    "ScanningSequence": "EP",
    "SequenceName": "epfid2d1_96",
    "SequenceVariant": "SK\\SS",
    "SeriesDescription": "EPI_PSAP_iso2.5",
    "SeriesNumber": 13,
    "SliceThickness": 2.5,
    "SliceTiming": [
      0,
      0.9175,
      1.8375,
      0.7775,
      1.6975,
      0.635,
      1.555,
      0.495,
      1.4125,
      0.3525,
      1.2725,
      0.2125,
      1.13,
      0.07,
      0.99,
      1.9075,
      0.8475,
      1.7675,
      0.7075,
      1.625,
      0.565,
      1.485,
      0.4225,
      1.3425,
      0.2825,
      1.2025,
      0.14,
      1.06,
      0,
      0.9175,
      1.8375,
      0.7775,
      1.6975,
      0.635,
      1.555,
      0.495,
      1.4125,
      0.3525,
      1.2725,
      0.2125,
      1.13,
      0.07,
      0.99,
      1.9075,
      0.8475,
      1.7675,
      0.7075,
      1.625,
      0.565,
      1.485,
      0.4225,
      1.3425,
      0.2825,
      1.2025,
      0.14,
      1.06
    ],
    "SoftwareVersion": "syngo MR E11",
    "TaskName": "PSAP",
    "TotalReadoutTime": 0.048449612,
    "dataset": "ds003791",
    "modality": "bold",
    "run_id": 3,
    "subject_id": "32",
    "task_id": "PSAP"
  },
  "dummy_trs": 0,
  "dvars_nstd": 31.41653917306774,
  "dvars_std": 1.2960740999203182,
  "dvars_vstd": 0.990773517211155,
  "efc": 0.5056245255197925,
  "fber": 594.552001953125,
  "fd_mean": 0.20398359762286675,
  "fd_num": 129,
  "fd_perc": 51.19047619047619,
  "fwhm_avg": 2.7342573333333333,
  "fwhm_x": 2.508124,
  "fwhm_y": 2.813552,
  "fwhm_z": 2.8810960000000003,
  "gcor": 0.0198003,
  "gsr_x": -0.028107663616538048,
  "gsr_y": 0.06586607545614243,
  "provenance": {
    "md5sum": "6251ada64314df08af9458f5fbbd82b3",
    "settings": {
      "fd_thres": 0.2,
      "testing": false
    },
    "software": "mriqc",
    "version": "22.0.6",
    "webapi_port": null,
    "webapi_url": "https://mriqc.nimh.nih.gov/api/v1"
  },
  "size_t": 252,
  "size_x": 96,
  "size_y": 96,
  "size_z": 56,
  "snr": 2.6649439633243786,
  "spacing_tr": 2.0,
  "spacing_x": 2.5,
  "spacing_y": 2.5,
  "spacing_z": 2.5,
  "summary_bg_k": 29.76090727692023,
  "summary_bg_mad": 43.166084849540404,
  "summary_bg_mean": 448.1506042480469,
  "summary_bg_median": 217.71429443359375,
  "summary_bg_n": 362509.0,
  "summary_bg_p05": 183.1587371826172,
  "summary_bg_p95": 1685.588989257812,
  "summary_bg_stdv": 661.4287109375,
  "summary_fg_k": 0.9970055164914906,
  "summary_fg_mad": 1790.8835780474656,
  "summary_fg_mean": 5719.95556640625,
  "summary_fg_median": 5384.97265625,
  "summary_fg_n": 82209.0,
  "summary_fg_p05": 3108.615966796875,
  "summary_fg_p95": 9580.229492187496,
  "summary_fg_stdv": 2020.6578369140625,
  "tsnr": 63.7593693472445
}