{
  "aor": 0.00134144578313253,
  "aqi": 0.005793792570281124,
  "bids_meta": {
    "AcquisitionDateTime": "20190206163758.652500",
    "ConversionSoftware": "dicm2nii.m 20210821",
    "DeviceSerialNumber": "166054",
    "EchoTime": 0.03,
    "EffectiveEchoSpacing": 0.00050999592,
    "FlipAngle": 75,
    "ImageType": [
      "ORIGINAL",
      "PRIMARY",
      "M",
      "MB",
      "ND",
      "MOSAIC"
    ],
    "InstitutionAddress": "Street StreetNo,City,District,IL,ZIP",
    "InstitutionName": "Weizmann Institute",
    "MRAcquisitionType": "2D",
    "Manufacturer": "SIEMENS",
    "Modality": "MR",
    "ParallelAcquisitionTechnique": "none",
    "ParallelReductionFactorInPlane": 1,
    "PatientAge": "028Y",
    "PatientPosition": "HFS",
    "PatientSex": "M",
    "PatientSize": 1.87,
    "PatientWeight": 60,
    "PhaseEncodingDirection": "j-",
    "RepetitionTime": 2,
    "ScanOptions": "FS",
    "ScanningSequence": "EP",
    "SequenceName": "epfid2d1_96",
    "SequenceVariant": "SK\\SS",
    "SeriesDescription": "EPI_PSAP_iso2.5",
    "SeriesNumber": 6,
    "SliceThickness": 2.5,
    "SliceTiming": [
      0,
      0.9175,
      1.8375,
      0.7775,
      1.695,
      0.635,
      1.555,
      0.495,
      1.4125,
      0.3525,
      1.2725,
      0.21,
      1.13,
      0.07,
      0.99,
      1.9075,
      0.8475,
      1.7675,
      0.705,
      1.625,
      0.565,
      1.485,
      0.4225,
      1.3425,
      0.2825,
      1.2,
      0.14,
      1.06,
      0,
      0.9175,
      1.8375,
      0.7775,
      1.695,
      0.635,
      1.555,
      0.495,
      1.4125,
      0.3525,
      1.2725,
      0.21,
      1.13,
      0.07,
      0.99,
      1.9075,
      0.8475,
      1.7675,
      0.705,
      1.625,
      0.565,
      1.485,
      0.4225,
      1.3425,
      0.2825,
      1.2,
      0.14,
      1.06
    ],
    "SoftwareVersion": "syngo MR E11",
    "TaskName": "PSAP",
    "TotalReadoutTime": 0.048449612,
    "dataset": "ds003791",
    "modality": "bold",
    "run_id": 1,
    "subject_id": "32",
    "task_id": "PSAP"
  },
  "dummy_trs": 0,
  "dvars_nstd": 30.551742046008073,
  "dvars_std": 1.217517000241935,
  "dvars_vstd": 0.9578859270161293,
  "efc": 0.5030997341101332,
  "fber": 593.6592407226562,
  "fd_mean": 0.18189153445181735,
  "fd_num": 90,
  "fd_perc": 36.144578313253014,
  "fwhm_avg": 2.7178306666666665,
  "fwhm_x": 2.4805520000000003,
  "fwhm_y": 2.793548,
  "fwhm_z": 2.879392,
  "gcor": 0.0116333,
  "gsr_x": -0.027499722316861153,
  "gsr_y": 0.0655619353055954,
  "provenance": {
    "md5sum": "a02dd1ae2a3084aac878fefb62c5316a",
    "settings": {
      "fd_thres": 0.2,
      "testing": false
    },
    "software": "mriqc",
    "version": "22.0.6",
    "webapi_port": null,
    "webapi_url": "https://mriqc.nimh.nih.gov/api/v1"
  },
  "size_t": 249,
  "size_x": 96,
  "size_y": 96,
  "size_z": 56,
  "snr": 2.6834357414965573,
  "spacing_tr": 2.0,
  "spacing_x": 2.5,
  "spacing_y": 2.5,
  "spacing_z": 2.5,
  "summary_bg_k": 31.312874696430676,
  "summary_bg_mad": 46.11547600910509,
  "summary_bg_mean": 430.7225036621094,
  "summary_bg_median": 217.28512573242188,
  "summary_bg_n": 362669.0,
  "summary_bg_p05": 179.2248992919922,
  "summary_bg_p95": 1581.5790771484349,
  "summary_bg_stdv": 622.4009399414062,
  "summary_fg_k": 0.9861683504565986,
  "summary_fg_mad": 1776.5954335227366,
  "summary_fg_mean": 5702.96875,
  "summary_fg_median": 5366.9677734375,
  "summary_fg_n": 81958.0,
  "summary_fg_p05": 3114.907470703125,
  "summary_fg_p95": 9516.806103515624,
  "summary_fg_stdv": 2000.023681640625,
  "tsnr": 52.095410329289734
}