{
  "aor": 0.0007127450980392157,
  "aqi": 0.0036885602745098042,
  "bids_meta": {
    "AcquisitionDateTime": "20190206171624.545000",
    "ConversionSoftware": "dicm2nii.m 20210821",
    "DeviceSerialNumber": "166054",
    "EchoTime": 0.03,
    "EffectiveEchoSpacing": 0.00050999592,
    "FlipAngle": 75,
    "ImageType": [
      "ORIGINAL",
      "PRIMARY",
      "M",
      "MB",
      "ND",
      "MOSAIC"
    ],
    "InstitutionAddress": "Street StreetNo,City,District,IL,ZIP",
    "InstitutionName": "Weizmann Institute",
    "MRAcquisitionType": "2D",
    "Manufacturer": "SIEMENS",
    "Modality": "MR",
    "ParallelAcquisitionTechnique": "none",
    "ParallelReductionFactorInPlane": 1,
    "PatientAge": "028Y",
    "PatientPosition": "HFS",
    "PatientSex": "M",
    "PatientSize": 1.87,
    "PatientWeight": 60,
    "PhaseEncodingDirection": "j-",
    "RepetitionTime": 2,
    "ScanOptions": "FS",
    "ScanningSequence": "EP",
    "SequenceName": "epfid2d1_96",
    "SequenceVariant": "SK\\SS",
    "SeriesDescription": "EPI_PSAP_iso2.5",
    "SeriesNumber": 17,
    "SliceThickness": 2.5,
    "SliceTiming": [
      0,
      0.92,
      1.84,
      0.78,
      1.6975,
      0.6375,
      1.5575,
      0.495,
      1.415,
      0.355,
      1.275,
      0.2125,
      1.1325,
      0.0725,
      0.99,
      1.91,
      0.85,
      1.77,
      0.7075,
      1.6275,
      0.5675,
      1.485,
      0.425,
      1.345,
      0.285,
      1.2025,
      0.1425,
      1.0625,
      0,
      0.92,
      1.84,
      0.78,
      1.6975,
      0.6375,
      1.5575,
      0.495,
      1.415,
      0.355,
      1.275,
      0.2125,
      1.1325,
      0.0725,
      0.99,
      1.91,
      0.85,
      1.77,
      0.7075,
      1.6275,
      0.5675,
      1.485,
      0.425,
      1.345,
      0.285,
      1.2025,
      0.1425,
      1.0625
    ],
    "SoftwareVersion": "syngo MR E11",
    "TaskName": "PSAP",
    "TotalReadoutTime": 0.048449612,
    "dataset": "ds003791",
    "modality": "bold",
    "run_id": 4,
    "subject_id": "32",
    "task_id": "PSAP"
  },
  "dummy_trs": 0,
  "dvars_nstd": 31.7895325263386,
  "dvars_std": 1.3130586751968505,
  "dvars_vstd": 1.002543673661417,
  "efc": 0.5064528088076963,
  "fber": 587.7238159179688,
  "fd_mean": 0.19391687903020996,
  "fd_num": 120,
  "fd_perc": 47.05882352941177,
  "fwhm_avg": 2.724809333333333,
  "fwhm_x": 2.504152,
  "fwhm_y": 2.802412,
  "fwhm_z": 2.867864,
  "gcor": 0.0280772,
  "gsr_x": -0.02885350026190281,
  "gsr_y": 0.06449590623378754,
  "provenance": {
    "md5sum": "2e034b02efa2a906d3f1e8c30257f0d4",
    "settings": {
      "fd_thres": 0.2,
      "testing": false
    },
    "software": "mriqc",
    "version": "22.0.6",
    "webapi_port": null,
    "webapi_url": "https://mriqc.nimh.nih.gov/api/v1"
  },
  "size_t": 255,
  "size_x": 96,
  "size_y": 96,
  "size_z": 56,
  "snr": 2.661465465501611,
  "spacing_tr": 2.0,
  "spacing_x": 2.5,
  "spacing_y": 2.5,
  "spacing_z": 2.5,
  "summary_bg_k": 29.51671959975176,
  "summary_bg_mad": 43.44314523421506,
  "summary_bg_mean": 451.8412780761719,
  "summary_bg_median": 219.06668090820312,
  "summary_bg_n": 362567.0,
  "summary_bg_p05": 184.99334869384765,
  "summary_bg_p95": 1709.07420654297,
  "summary_bg_stdv": 668.249267578125,
  "summary_fg_k": 1.0300011138439142,
  "summary_fg_mad": 1795.117102351089,
  "summary_fg_mean": 5724.224609375,
  "summary_fg_median": 5384.1845703125,
  "summary_fg_n": 82111.0,
  "summary_fg_p05": 3111.0079345703125,
  "summary_fg_p95": 9583.99072265625,
  "summary_fg_stdv": 2023.002685546875,
  "tsnr": 68.36407234589569
}