{
  "aor": 0.0009056916996047431,
  "aqi": 0.0031441203162055334,
  "bids_meta": {
    "AcquisitionDateTime": "20190206164930.562500",
    "ConversionSoftware": "dicm2nii.m 20210821",
    "DeviceSerialNumber": "166054",
    "EchoTime": 0.03,
    "EffectiveEchoSpacing": 0.00050999592,
    "FlipAngle": 75,
    "ImageType": [
      "ORIGINAL",
      "PRIMARY",
      "M",
      "MB",
      "ND",
      "MOSAIC"
    ],
    "InstitutionAddress": "Street StreetNo,City,District,IL,ZIP",
    "InstitutionName": "Weizmann Institute",
    "MRAcquisitionType": "2D",
    "Manufacturer": "SIEMENS",
    "Modality": "MR",
    "ParallelAcquisitionTechnique": "none",
    "ParallelReductionFactorInPlane": 1,
    "PatientAge": "028Y",
    "PatientPosition": "HFS",
    "PatientSex": "M",
    "PatientSize": 1.87,
    "PatientWeight": 60,
    "PhaseEncodingDirection": "j-",
    "RepetitionTime": 2,
    "ScanOptions": "FS",
    "ScanningSequence": "EP",
    "SequenceName": "epfid2d1_96",
    "SequenceVariant": "SK\\SS",
    "SeriesDescription": "EPI_PSAP_iso2.5",
    "SeriesNumber": 10,
    "SliceThickness": 2.5,
    "SliceTiming": [
      0,
      0.92,
      1.84,
      0.7775,
      1.6975,
      0.6375,
      1.555,
      0.495,
      1.415,
      0.355,
      1.2725,
      0.2125,
      1.1325,
      0.07,
      0.99,
      1.91,
      0.85,
      1.7675,
      0.7075,
      1.6275,
      0.565,
      1.485,
      0.425,
      1.345,
      0.2825,
      1.2025,
      0.1425,
      1.06,
      0,
      0.92,
      1.84,
      0.7775,
      1.6975,
      0.6375,
      1.555,
      0.495,
      1.415,
      0.355,
      1.2725,
      0.2125,
      1.1325,
      0.07,
      0.99,
      1.91,
      0.85,
      1.7675,
      0.7075,
      1.6275,
      0.565,
      1.485,
      0.425,
      1.345,
      0.2825,
      1.2025,
      0.1425,
      1.06
    ],
    "SoftwareVersion": "syngo MR E11",
    "TaskName": "PSAP",
    "TotalReadoutTime": 0.048449612,
    "dataset": "ds003791",
    "modality": "bold",
    "run_id": 2,
    "subject_id": "32",
    "task_id": "PSAP"
  },
  "dummy_trs": 0,
  "dvars_nstd": 31.3727829343254,
  "dvars_std": 1.3252754248809524,
  "dvars_vstd": 1.0083797609920633,
  "efc": 0.5040104323602457,
  "fber": 588.7261962890625,
  "fd_mean": 0.2047258123429823,
  "fd_num": 128,
  "fd_perc": 50.59288537549407,
  "fwhm_avg": 2.7016240000000002,
  "fwhm_x": 2.4681360000000003,
  "fwhm_y": 2.7797,
  "fwhm_z": 2.857036,
  "gcor": 0.0215052,
  "gsr_x": -0.02785412408411503,
  "gsr_y": 0.06496922671794891,
  "provenance": {
    "md5sum": "27dd56d60ccb4cdae646c2d77d8bbc27",
    "settings": {
      "fd_thres": 0.2,
      "testing": false
    },
    "software": "mriqc",
    "version": "22.0.6",
    "webapi_port": null,
    "webapi_url": "https://mriqc.nimh.nih.gov/api/v1"
  },
  "size_t": 253,
  "size_x": 96,
  "size_y": 96,
  "size_z": 56,
  "snr": 2.6772535227514314,
  "spacing_tr": 2.0,
  "spacing_x": 2.5,
  "spacing_y": 2.5,
  "spacing_z": 2.5,
  "summary_bg_k": 31.53436814856694,
  "summary_bg_mad": 44.700764556861316,
  "summary_bg_mean": 435.9631652832031,
  "summary_bg_median": 217.5928955078125,
  "summary_bg_n": 362874.0,
  "summary_bg_p05": 181.14625549316406,
  "summary_bg_p95": 1626.2115295410129,
  "summary_bg_stdv": 636.5374145507812,
  "summary_fg_k": 1.0126242740450966,
  "summary_fg_mad": 1769.7760424591022,
  "summary_fg_mean": 5686.35595703125,
  "summary_fg_median": 5351.5732421875,
  "summary_fg_n": 81879.0,
  "summary_fg_p05": 3104.8554931640624,
  "summary_fg_p95": 9493.4052734375,
  "summary_fg_stdv": 1998.8919677734375,
  "tsnr": 72.32635927642696
}