{
  "aor": 0.002535807692307692,
  "aqi": 0.0026532633076923077,
  "bids_meta": {
    "AcquisitionDateTime": "20181113155420.015000",
    "ConversionSoftware": "dicm2nii.m 20210821",
    "DeviceSerialNumber": "166054",
    "EchoTime": 0.03,
    "EffectiveEchoSpacing": 0.00050999592,
    "FlipAngle": 75,
    "ImageType": [
      "ORIGINAL",
      "PRIMARY",
      "M",
      "MB",
      "ND",
      "MOSAIC"
    ],
    "InstitutionAddress": "Street StreetNo,City,District,IL,ZIP",
    "InstitutionName": "Weizmann Institute",
    "MRAcquisitionType": "2D",
    "Manufacturer": "SIEMENS",
    "Modality": "MR",
    "ParallelAcquisitionTechnique": "none",
    "ParallelReductionFactorInPlane": 1,
    "PatientAge": "023Y",
    "PatientPosition": "HFS",
    "PatientSex": "F",
    "PatientSize": 1.65,
    "PatientWeight": 64,
    "PhaseEncodingDirection": "j-",
    "RepetitionTime": 2,
    "ScanOptions": "FS",
    "ScanningSequence": "EP",
    "SequenceName": "epfid2d1_96",
    "SequenceVariant": "SK\\SS",
    "SeriesDescription": "EPI_PSAP_iso2.5",
    "SeriesNumber": 6,
    "SliceThickness": 2.5,
    "SliceTiming": [
      0,
      0.9175,
      1.8375,
      0.7775,
      1.695,
      0.635,
      1.555,
      0.495,
      1.4125,
      0.3525,
      1.2725,
      0.2125,
      1.13,
      0.07,
      0.99,
      1.9075,
      0.8475,
      1.7675,
      0.705,
      1.625,
      0.565,
      1.485,
      0.4225,
      1.3425,
      0.2825,
      1.2,
      0.14,
      1.06,
      0,
      0.9175,
      1.8375,
      0.7775,
      1.695,
      0.635,
      1.555,
      0.495,
      1.4125,
      0.3525,
      1.2725,
      0.2125,
      1.13,
      0.07,
      0.99,
      1.9075,
      0.8475,
      1.7675,
      0.705,
      1.625,
      0.565,
      1.485,
      0.4225,
      1.3425,
      0.2825,
      1.2,
      0.14,
      1.06
    ],
    "SoftwareVersion": "syngo MR E11",
    "TaskName": "PSAP",
    "TotalReadoutTime": 0.048449612,
    "dataset": "ds003791",
    "modality": "bold",
    "run_id": 1,
    "subject_id": "34",
    "task_id": "PSAP"
  },
  "dummy_trs": 0,
  "dvars_nstd": 24.059723835945952,
  "dvars_std": 1.215886873166024,
  "dvars_vstd": 1.0138301887258683,
  "efc": 0.48438874746431826,
  "fber": 687.262939453125,
  "fd_mean": 0.09278591613737262,
  "fd_num": 16,
  "fd_perc": 6.153846153846154,
  "fwhm_avg": 3.037001333333334,
  "fwhm_x": 2.80012,
  "fwhm_y": 3.115204,
  "fwhm_z": 3.1956800000000003,
  "gcor": 0.0104661,
  "gsr_x": -0.030870428308844566,
  "gsr_y": 0.05297701060771942,
  "provenance": {
    "md5sum": "077df6ae4f4aae1cfef36256cb5d67f7",
    "settings": {
      "fd_thres": 0.2,
      "testing": false
    },
    "software": "mriqc",
    "version": "22.0.6",
    "webapi_port": null,
    "webapi_url": "https://mriqc.nimh.nih.gov/api/v1"
  },
  "size_t": 260,
  "size_x": 96,
  "size_y": 96,
  "size_z": 56,
  "snr": 2.4757744819182346,
  "spacing_tr": 2.0,
  "spacing_x": 2.5,
  "spacing_y": 2.5,
  "spacing_z": 2.5,
  "summary_bg_k": 30.230732393195638,
  "summary_bg_mad": 35.11486435780797,
  "summary_bg_mean": 406.8998718261719,
  "summary_bg_median": 215.00384521484375,
  "summary_bg_n": 365045.0,
  "summary_bg_p05": 186.70384216308594,
  "summary_bg_p95": 1355.1323242187489,
  "summary_bg_stdv": 560.3267822265625,
  "summary_fg_k": 1.3728609678993253,
  "summary_fg_mad": 1994.467738737203,
  "summary_fg_mean": 6156.0751953125,
  "summary_fg_median": 5722.99609375,
  "summary_fg_n": 80714.0,
  "summary_fg_p05": 3273.7917602539064,
  "summary_fg_p95": 10736.128076171874,
  "summary_fg_stdv": 2311.583984375,
  "tsnr": 69.8399854679592
}