{
  "aor": 0.001273139534883721,
  "aqi": 0.00429708515503876,
  "bids_meta": {
    "AcquisitionDateTime": "20181113162157.522500",
    "ConversionSoftware": "dicm2nii.m 20210821",
    "DeviceSerialNumber": "166054",
    "EchoTime": 0.03,
    "EffectiveEchoSpacing": 0.00050999592,
    "FlipAngle": 75,
    "ImageType": [
      "ORIGINAL",
      "PRIMARY",
      "M",
      "MB",
      "ND",
      "MOSAIC"
    ],
    "InstitutionAddress": "Street StreetNo,City,District,IL,ZIP",
    "InstitutionName": "Weizmann Institute",
    "MRAcquisitionType": "2D",
    "Manufacturer": "SIEMENS",
    "Modality": "MR",
    "ParallelAcquisitionTechnique": "none",
    "ParallelReductionFactorInPlane": 1,
    "PatientAge": "023Y",
    "PatientPosition": "HFS",
    "PatientSex": "F",
    "PatientSize": 1.65,
    "PatientWeight": 64,
    "PhaseEncodingDirection": "j-",
    "RepetitionTime": 2,
    "ScanOptions": "FS",
    "ScanningSequence": "EP",
    "SequenceName": "epfid2d1_96",
    "SequenceVariant": "SK\\SS",
    "SeriesDescription": "EPI_PSAP_iso2.5",
    "SeriesNumber": 13,
    "SliceThickness": 2.5,
    "SliceTiming": [
      0,
      0.9175,
      1.8375,
      0.7775,
      1.6975,
      0.635,
      1.555,
      0.495,
      1.4125,
      0.3525,
      1.2725,
      0.2125,
      1.13,
      0.07,
      0.99,
      1.9075,
      0.8475,
      1.7675,
      0.7075,
      1.625,
      0.565,
      1.485,
      0.4225,
      1.3425,
      0.2825,
      1.2025,
      0.14,
      1.06,
      0,
      0.9175,
      1.8375,
      0.7775,
      1.6975,
      0.635,
      1.555,
      0.495,
      1.4125,
      0.3525,
      1.2725,
      0.2125,
      1.13,
      0.07,
      0.99,
      1.9075,
      0.8475,
      1.7675,
      0.7075,
      1.625,
      0.565,
      1.485,
      0.4225,
      1.3425,
      0.2825,
      1.2025,
      0.14,
      1.06
    ],
    "SoftwareVersion": "syngo MR E11",
    "TaskName": "PSAP",
    "TotalReadoutTime": 0.048449612,
    "dataset": "ds003791",
    "modality": "bold",
    "run_id": 3,
    "subject_id": "34",
    "task_id": "PSAP"
  },
  "dummy_trs": 2,
  "dvars_nstd": 25.148085560933872,
  "dvars_std": 1.1475178968482496,
  "dvars_vstd": 0.9649541799610898,
  "efc": 0.48606670576072414,
  "fber": 677.2008666992188,
  "fd_mean": 0.13527002309696437,
  "fd_num": 50,
  "fd_perc": 19.37984496124031,
  "fwhm_avg": 3.0439613333333333,
  "fwhm_x": 2.799184,
  "fwhm_y": 3.1270040000000003,
  "fwhm_z": 3.2056959999999997,
  "gcor": 0.0134104,
  "gsr_x": -0.03177556023001671,
  "gsr_y": 0.05362461879849434,
  "provenance": {
    "md5sum": "579b9b83acb712ad4a79ee695b60c560",
    "settings": {
      "fd_thres": 0.2,
      "testing": false
    },
    "software": "mriqc",
    "version": "22.0.6",
    "webapi_port": null,
    "webapi_url": "https://mriqc.nimh.nih.gov/api/v1"
  },
  "size_t": 258,
  "size_x": 96,
  "size_y": 96,
  "size_z": 56,
  "snr": 2.478940630380763,
  "spacing_tr": 2.0,
  "spacing_x": 2.5,
  "spacing_y": 2.5,
  "spacing_z": 2.5,
  "summary_bg_k": 29.449851476448067,
  "summary_bg_mad": 38.35226529587293,
  "summary_bg_mean": 414.05596923828125,
  "summary_bg_median": 217.36045837402344,
  "summary_bg_n": 364749.0,
  "summary_bg_p05": 186.8061981201172,
  "summary_bg_p95": 1401.847290039062,
  "summary_bg_stdv": 574.1832885742188,
  "summary_fg_k": 1.3555348130377132,
  "summary_fg_mad": 2003.7195240655728,
  "summary_fg_mean": 6172.3193359375,
  "summary_fg_median": 5737.67431640625,
  "summary_fg_n": 80808.0,
  "summary_fg_p05": 3273.559460449219,
  "summary_fg_p95": 10749.32587890625,
  "summary_fg_stdv": 2314.552734375,
  "tsnr": 59.181723130401224
}