{
  "aor": 0.0022634661354581673,
  "aqi": 0.0035705241832669323,
  "bids_meta": {
    "AcquisitionDateTime": "20181113160607.565000",
    "ConversionSoftware": "dicm2nii.m 20210821",
    "DeviceSerialNumber": "166054",
    "EchoTime": 0.03,
    "EffectiveEchoSpacing": 0.00050999592,
    "FlipAngle": 75,
    "ImageType": [
      "ORIGINAL",
      "PRIMARY",
      "M",
      "MB",
      "ND",
      "MOSAIC"
    ],
    "InstitutionAddress": "Street StreetNo,City,District,IL,ZIP",
    "InstitutionName": "Weizmann Institute",
    "MRAcquisitionType": "2D",
    "Manufacturer": "SIEMENS",
    "Modality": "MR",
    "ParallelAcquisitionTechnique": "none",
    "ParallelReductionFactorInPlane": 1,
    "PatientAge": "023Y",
    "PatientPosition": "HFS",
    "PatientSex": "F",
    "PatientSize": 1.65,
    "PatientWeight": 64,
    "PhaseEncodingDirection": "j-",
    "RepetitionTime": 2,
    "ScanOptions": "FS",
    "ScanningSequence": "EP",
    "SequenceName": "epfid2d1_96",
    "SequenceVariant": "SK\\SS",
    "SeriesDescription": "EPI_PSAP_iso2.5",
    "SeriesNumber": 10,
    "SliceThickness": 2.5,
    "SliceTiming": [
      0,
      0.92,
      1.8375,
      0.7775,
      1.6975,
      0.6375,
      1.555,
      0.495,
      1.415,
      0.3525,
      1.2725,
      0.2125,
      1.1325,
      0.07,
      0.99,
      1.91,
      0.8475,
      1.7675,
      0.7075,
      1.6275,
      0.565,
      1.485,
      0.425,
      1.3425,
      0.2825,
      1.2025,
      0.1425,
      1.06,
      0,
      0.92,
      1.8375,
      0.7775,
      1.6975,
      0.6375,
      1.555,
      0.495,
      1.415,
      0.3525,
      1.2725,
      0.2125,
      1.1325,
      0.07,
      0.99,
      1.91,
      0.8475,
      1.7675,
      0.7075,
      1.6275,
      0.565,
      1.485,
      0.425,
      1.3425,
      0.2825,
      1.2025,
      0.1425,
      1.06
    ],
    "SoftwareVersion": "syngo MR E11",
    "TaskName": "PSAP",
    "TotalReadoutTime": 0.048449612,
    "dataset": "ds003791",
    "modality": "bold",
    "run_id": 2,
    "subject_id": "34",
    "task_id": "PSAP"
  },
  "dummy_trs": 0,
  "dvars_nstd": 24.135557495080004,
  "dvars_std": 1.1576209137199995,
  "dvars_vstd": 0.98509990396,
  "efc": 0.48505586945621626,
  "fber": 680.53564453125,
  "fd_mean": 0.1155190779423927,
  "fd_num": 33,
  "fd_perc": 13.147410358565738,
  "fwhm_avg": 3.052336,
  "fwhm_x": 2.799156,
  "fwhm_y": 3.13814,
  "fwhm_z": 3.219712,
  "gcor": 0.0138531,
  "gsr_x": -0.03133448585867882,
  "gsr_y": 0.05301682651042938,
  "provenance": {
    "md5sum": "aee8a2d1104baa600638fdbf40047a4b",
    "settings": {
      "fd_thres": 0.2,
      "testing": false
    },
    "software": "mriqc",
    "version": "22.0.6",
    "webapi_port": null,
    "webapi_url": "https://mriqc.nimh.nih.gov/api/v1"
  },
  "size_t": 251,
  "size_x": 96,
  "size_y": 96,
  "size_z": 56,
  "snr": 2.476562654565336,
  "spacing_tr": 2.0,
  "spacing_x": 2.5,
  "spacing_y": 2.5,
  "spacing_z": 2.5,
  "summary_bg_k": 30.277951748476454,
  "summary_bg_mad": 36.73428875370495,
  "summary_bg_mean": 409.82818603515625,
  "summary_bg_median": 216.49801635742188,
  "summary_bg_n": 365012.0,
  "summary_bg_p05": 187.6533966064453,
  "summary_bg_p95": 1372.028973388672,
  "summary_bg_stdv": 566.5587158203125,
  "summary_fg_k": 1.3608448899483507,
  "summary_fg_mad": 2002.6292902076289,
  "summary_fg_mean": 6169.1298828125,
  "summary_fg_median": 5735.5859375,
  "summary_fg_n": 80735.0,
  "summary_fg_p05": 3272.3356689453126,
  "summary_fg_p95": 10761.96123046875,
  "summary_fg_stdv": 2315.931884765625,
  "tsnr": 62.35581572446972
}