{
  "bids_meta": {
    "AcquisitionDateTime": "20190113132201.715000",
    "ConversionSoftware": "dicm2nii.m 20210821",
    "DeviceSerialNumber": "166054",
    "EchoTime": 0.00229,
    "FlipAngle": 8,
    "ImageType": [
      "ORIGINAL",
      "PRIMARY",
      "M",
      "ND",
      "NORM"
    ],
    "InstitutionAddress": "Street StreetNo,City,District,IL,ZIP",
    "InstitutionName": "Weizmann Institute",
    "InversionTime": 0.9,
    "MRAcquisitionType": "3D",
    "Manufacturer": "SIEMENS",
    "Modality": "MR",
    "ParallelAcquisitionTechnique": "GRAPPA",
    "ParallelReductionFactorInPlane": 2,
    "PatientAge": "024Y",
    "PatientPosition": "HFS",
    "PatientSex": "F",
    "PatientSize": 1.61,
    "PatientWeight": 42,
    "PhaseEncodingDirection": "j-",
    "RepetitionTime": 2.3,
    "ScanOptions": "IR\\WE",
    "ScanningSequence": "GR\\IR",
    "SequenceName": "*tfl3d1_16ns",
    "SequenceVariant": "SK\\SP\\MP",
    "SeriesDescription": "t1_mprage_sag_p2_iso_water_exc",
    "SeriesNumber": 11,
    "SliceThickness": 0.94,
    "SoftwareVersion": "syngo MR E11",
    "dataset": "ds003791",
    "modality": "T1w",
    "subject_id": "06"
  },
  "cjv": 0.29810709353364334,
  "cnr": 4.444420152221705,
  "efc": 0.5986428389382774,
  "fber": 22003.32112667552,
  "fwhm_avg": 4.730133857465298,
  "fwhm_x": 4.77541490572923,
  "fwhm_y": 4.743306666666667,
  "fwhm_z": 4.671679999999999,
  "icvs_csf": 0.23245684840937833,
  "icvs_gm": 0.45386846277887977,
  "icvs_wm": 0.31367468881174193,
  "inu_med": 0.5252980589866638,
  "inu_range": 0.1876199066638946,
  "provenance": {
    "md5sum": "e373d53c8453a0a447805cfe37feec29",
    "settings": {
      "testing": false
    },
    "software": "mriqc",
    "version": "22.0.6",
    "warnings": {
      "large_rot_frame": true,
      "small_air_mask": false
    },
    "webapi_port": null,
    "webapi_url": "https://mriqc.nimh.nih.gov/api/v1"
  },
  "qi_1": 0.0,
  "qi_2": 0.00844864603713262,
  "rpve_csf": 21.360994233193825,
  "rpve_gm": 11.23569611373752,
  "rpve_wm": 17.773603938024532,
  "size_x": 176,
  "size_y": 256,
  "size_z": 256,
  "snr_csf": 1.9133113906991153,
  "snr_gm": 11.895038513054368,
  "snr_total": 12.92479861684726,
  "snr_wm": 24.966045946788295,
  "snrd_csf": 16.2484164929118,
  "snrd_gm": 63.29636650904005,
  "snrd_total": 57.25953882975541,
  "snrd_wm": 92.23383348731437,
  "spacing_x": 0.9399999976158142,
  "spacing_y": 0.9375,
  "spacing_z": 0.9375,
  "summary_bg_k": 8.7546460975659,
  "summary_bg_mad": 0.0,
  "summary_bg_mean": 4.548150636836025,
  "summary_bg_median": 0.0,
  "summary_bg_n": 2212737.0,
  "summary_bg_p05": 0.0,
  "summary_bg_p95": 19.45717988908291,
  "summary_bg_stdv": 7.103147524613515,
  "summary_csf_k": 1.700222907163738,
  "summary_csf_mad": 63.470349889458205,
  "summary_csf_mean": 203.03297114351753,
  "summary_csf_median": 176.16926702670753,
  "summary_csf_n": 81295.0,
  "summary_csf_p05": 98.01769603416324,
  "summary_csf_p95": 399.3887500241399,
  "summary_csf_stdv": 92.0750194460195,
  "summary_gm_k": 0.18225843359358374,
  "summary_gm_mad": 55.907517851347805,
  "summary_gm_mean": 687.3285752152639,
  "summary_gm_median": 686.2745362427086,
  "summary_gm_n": 64176.0,
  "summary_gm_p05": 593.7883614823222,
  "summary_gm_p95": 783.99090426974,
  "summary_gm_stdv": 57.69373412727114,
  "summary_wm_k": 0.4643966014389349,
  "summary_wm_mad": 37.62269608832138,
  "summary_wm_mean": 1000.253251404646,
  "summary_wm_median": 1000.0215619541705,
  "summary_wm_n": 193140.0,
  "summary_wm_p05": 935.4727981407195,
  "summary_wm_p95": 1067.239230973646,
  "summary_wm_stdv": 40.0551603257765,
  "tpm_overlap_csf": 0.15568362554900572,
  "tpm_overlap_gm": 0.48572008053065724,
  "tpm_overlap_wm": 0.5028542200206407,
  "wm2max": 0.8993979751834144
}