{
  "aor": 0.0035716535433070865,
  "aqi": 0.00470792968503937,
  "bids_meta": {
    "AcquisitionDateTime": "20181106162359.532500",
    "ConversionSoftware": "dicm2nii.m 20210821",
    "DeviceSerialNumber": "166054",
    "EchoTime": 0.03,
    "EffectiveEchoSpacing": 0.00050999592,
    "FlipAngle": 75,
    "ImageType": [
      "ORIGINAL",
      "PRIMARY",
      "M",
      "MB",
      "ND",
      "MOSAIC"
    ],
    "InstitutionAddress": "Street StreetNo,City,District,IL,ZIP",
    "InstitutionName": "Weizmann Institute",
    "MRAcquisitionType": "2D",
    "Manufacturer": "SIEMENS",
    "Modality": "MR",
    "ParallelAcquisitionTechnique": "none",
    "ParallelReductionFactorInPlane": 1,
    "PatientAge": "019Y",
    "PatientPosition": "HFS",
    "PatientSex": "F",
    "PatientSize": 1.57,
    "PatientWeight": 50,
    "PhaseEncodingDirection": "j-",
    "RepetitionTime": 2,
    "ScanOptions": "FS",
    "ScanningSequence": "EP",
    "SequenceName": "epfid2d1_96",
    "SequenceVariant": "SK\\SS",
    "SeriesDescription": "EPI_PSAP_iso2.5",
    "SeriesNumber": 17,
    "SliceThickness": 2.5,
    "SliceTiming": [
      0,
      0.92,
      1.84,
      0.7775,
      1.6975,
      0.6375,
      1.5575,
      0.495,
      1.415,
      0.355,
      1.2725,
      0.2125,
      1.1325,
      0.0725,
      0.99,
      1.91,
      0.85,
      1.7675,
      0.7075,
      1.6275,
      0.5675,
      1.485,
      0.425,
      1.345,
      0.2825,
      1.2025,
      0.1425,
      1.0625,
      0,
      0.92,
      1.84,
      0.7775,
      1.6975,
      0.6375,
      1.5575,
      0.495,
      1.415,
      0.355,
      1.2725,
      0.2125,
      1.1325,
      0.0725,
      0.99,
      1.91,
      0.85,
      1.7675,
      0.7075,
      1.6275,
      0.5675,
      1.485,
      0.425,
      1.345,
      0.2825,
      1.2025,
      0.1425,
      1.0625
    ],
    "SoftwareVersion": "syngo MR E11",
    "TaskName": "PSAP",
    "TotalReadoutTime": 0.048449612,
    "dataset": "ds003791",
    "modality": "bold",
    "run_id": 4,
    "subject_id": "37",
    "task_id": "PSAP"
  },
  "dummy_trs": 0,
  "dvars_nstd": 34.43743306905138,
  "dvars_std": 1.2828003666403158,
  "dvars_vstd": 1.019453886798419,
  "efc": 0.47791072475141877,
  "fber": 734.2325439453125,
  "fd_mean": 0.24119450904219095,
  "fd_num": 113,
  "fd_perc": 44.488188976377955,
  "fwhm_avg": 2.9488986666666666,
  "fwhm_x": 2.675028,
  "fwhm_y": 3.065068,
  "fwhm_z": 3.1066,
  "gcor": 0.030336,
  "gsr_x": -0.020637106150388718,
  "gsr_y": 0.041005685925483704,
  "provenance": {
    "md5sum": "dc6b93cd3bfd8d8d047a024ec73a4868",
    "settings": {
      "fd_thres": 0.2,
      "testing": false
    },
    "software": "mriqc",
    "version": "22.0.6",
    "webapi_port": null,
    "webapi_url": "https://mriqc.nimh.nih.gov/api/v1"
  },
  "size_t": 254,
  "size_x": 96,
  "size_y": 96,
  "size_z": 56,
  "snr": 2.5839530701784743,
  "spacing_tr": 2.0,
  "spacing_x": 2.5,
  "spacing_y": 2.5,
  "spacing_z": 2.5,
  "summary_bg_k": 42.938649573269075,
  "summary_bg_mad": 31.99851756511689,
  "summary_bg_mean": 357.77557373046875,
  "summary_bg_median": 212.51968383789062,
  "summary_bg_n": 363679.0,
  "summary_bg_p05": 186.1614227294922,
  "summary_bg_p95": 1083.5377929687486,
  "summary_bg_stdv": 437.75555419921875,
  "summary_fg_k": 1.4138780168261702,
  "summary_fg_mad": 1953.6114782851519,
  "summary_fg_mean": 6244.8369140625,
  "summary_fg_median": 5855.1396484375,
  "summary_fg_n": 80512.0,
  "summary_fg_p05": 3351.8951049804687,
  "summary_fg_p95": 10666.660742187494,
  "summary_fg_stdv": 2265.947998046875,
  "tsnr": 57.40541492239572
}