{
  "aor": 0.0036667424242424244,
  "aqi": 0.0050017128787878794,
  "bids_meta": {
    "AcquisitionDateTime": "20181106155705.515000",
    "ConversionSoftware": "dicm2nii.m 20210821",
    "DeviceSerialNumber": "166054",
    "EchoTime": 0.03,
    "EffectiveEchoSpacing": 0.00050999592,
    "FlipAngle": 75,
    "ImageType": [
      "ORIGINAL",
      "PRIMARY",
      "M",
      "MB",
      "ND",
      "MOSAIC"
    ],
    "InstitutionAddress": "Street StreetNo,City,District,IL,ZIP",
    "InstitutionName": "Weizmann Institute",
    "MRAcquisitionType": "2D",
    "Manufacturer": "SIEMENS",
    "Modality": "MR",
    "ParallelAcquisitionTechnique": "none",
    "ParallelReductionFactorInPlane": 1,
    "PatientAge": "019Y",
    "PatientPosition": "HFS",
    "PatientSex": "F",
    "PatientSize": 1.57,
    "PatientWeight": 50,
    "PhaseEncodingDirection": "j-",
    "RepetitionTime": 2,
    "ScanOptions": "FS",
    "ScanningSequence": "EP",
    "SequenceName": "epfid2d1_96",
    "SequenceVariant": "SK\\SS",
    "SeriesDescription": "EPI_PSAP_iso2.5",
    "SeriesNumber": 10,
    "SliceThickness": 2.5,
    "SliceTiming": [
      0,
      0.92,
      1.84,
      0.7775,
      1.6975,
      0.6375,
      1.555,
      0.495,
      1.415,
      0.355,
      1.2725,
      0.2125,
      1.1325,
      0.0725,
      0.99,
      1.91,
      0.85,
      1.7675,
      0.7075,
      1.6275,
      0.5675,
      1.485,
      0.425,
      1.345,
      0.2825,
      1.2025,
      0.1425,
      1.06,
      0,
      0.92,
      1.84,
      0.7775,
      1.6975,
      0.6375,
      1.555,
      0.495,
      1.415,
      0.355,
      1.2725,
      0.2125,
      1.1325,
      0.0725,
      0.99,
      1.91,
      0.85,
      1.7675,
      0.7075,
      1.6275,
      0.5675,
      1.485,
      0.425,
      1.345,
      0.2825,
      1.2025,
      0.1425,
      1.06
    ],
    "SoftwareVersion": "syngo MR E11",
    "TaskName": "PSAP",
    "TotalReadoutTime": 0.048449612,
    "dataset": "ds003791",
    "modality": "bold",
    "run_id": 2,
    "subject_id": "37",
    "task_id": "PSAP"
  },
  "dummy_trs": 0,
  "dvars_nstd": 33.04403878726235,
  "dvars_std": 1.2652375641825104,
  "dvars_vstd": 1.013186593460076,
  "efc": 0.47714356804677077,
  "fber": 731.9515991210938,
  "fd_mean": 0.21526681216200605,
  "fd_num": 115,
  "fd_perc": 43.56060606060606,
  "fwhm_avg": 2.946957333333333,
  "fwhm_x": 2.685316,
  "fwhm_y": 3.0521439999999997,
  "fwhm_z": 3.103412,
  "gcor": 0.0252686,
  "gsr_x": -0.019552607089281082,
  "gsr_y": 0.0403825081884861,
  "provenance": {
    "md5sum": "5d1eb61cce91a9056c7f5a37b7863495",
    "settings": {
      "fd_thres": 0.2,
      "testing": false
    },
    "software": "mriqc",
    "version": "22.0.6",
    "webapi_port": null,
    "webapi_url": "https://mriqc.nimh.nih.gov/api/v1"
  },
  "size_t": 264,
  "size_x": 96,
  "size_y": 96,
  "size_z": 56,
  "snr": 2.5921136561150337,
  "spacing_tr": 2.0,
  "spacing_x": 2.5,
  "spacing_y": 2.5,
  "spacing_z": 2.5,
  "summary_bg_k": 45.103707313369476,
  "summary_bg_mad": 30.853853456047887,
  "summary_bg_mean": 348.9864501953125,
  "summary_bg_median": 210.97349548339844,
  "summary_bg_n": 363504.0,
  "summary_bg_p05": 185.41723937988283,
  "summary_bg_p95": 1033.4759704589835,
  "summary_bg_stdv": 416.3684997558594,
  "summary_fg_k": 1.384760314045491,
  "summary_fg_mad": 1929.2249159640146,
  "summary_fg_mean": 6190.2978515625,
  "summary_fg_median": 5807.8583984375,
  "summary_fg_n": 80662.0,
  "summary_fg_p05": 3324.4877075195313,
  "summary_fg_p95": 10575.620263671875,
  "summary_fg_stdv": 2240.573974609375,
  "tsnr": 55.921355266007595
}