{
  "aor": 0.005186941176470589,
  "aqi": 0.006148106666666667,
  "bids_meta": {
    "AcquisitionDateTime": "20181106161255.532500",
    "ConversionSoftware": "dicm2nii.m 20210821",
    "DeviceSerialNumber": "166054",
    "EchoTime": 0.03,
    "EffectiveEchoSpacing": 0.00050999592,
    "FlipAngle": 75,
    "ImageType": [
      "ORIGINAL",
      "PRIMARY",
      "M",
      "MB",
      "ND",
      "MOSAIC"
    ],
    "InstitutionAddress": "Street StreetNo,City,District,IL,ZIP",
    "InstitutionName": "Weizmann Institute",
    "MRAcquisitionType": "2D",
    "Manufacturer": "SIEMENS",
    "Modality": "MR",
    "ParallelAcquisitionTechnique": "none",
    "ParallelReductionFactorInPlane": 1,
    "PatientAge": "019Y",
    "PatientPosition": "HFS",
    "PatientSex": "F",
    "PatientSize": 1.57,
    "PatientWeight": 50,
    "PhaseEncodingDirection": "j-",
    "RepetitionTime": 2,
    "ScanOptions": "FS",
    "ScanningSequence": "EP",
    "SequenceName": "epfid2d1_96",
    "SequenceVariant": "SK\\SS",
    "SeriesDescription": "EPI_PSAP_iso2.5",
    "SeriesNumber": 13,
    "SliceThickness": 2.5,
    "SliceTiming": [
      0,
      0.9175,
      1.8375,
      0.7775,
      1.695,
      0.635,
      1.555,
      0.4925,
      1.4125,
      0.3525,
      1.2725,
      0.21,
      1.13,
      0.07,
      0.9875,
      1.9075,
      0.8475,
      1.7675,
      0.705,
      1.625,
      0.565,
      1.4825,
      0.4225,
      1.3425,
      0.2825,
      1.2,
      0.14,
      1.06,
      0,
      0.9175,
      1.8375,
      0.7775,
      1.695,
      0.635,
      1.555,
      0.4925,
      1.4125,
      0.3525,
      1.2725,
      0.21,
      1.13,
      0.07,
      0.9875,
      1.9075,
      0.8475,
      1.7675,
      0.705,
      1.625,
      0.565,
      1.4825,
      0.4225,
      1.3425,
      0.2825,
      1.2,
      0.14,
      1.06
    ],
    "SoftwareVersion": "syngo MR E11",
    "TaskName": "PSAP",
    "TotalReadoutTime": 0.048449612,
    "dataset": "ds003791",
    "modality": "bold",
    "run_id": 3,
    "subject_id": "37",
    "task_id": "PSAP"
  },
  "dummy_trs": 0,
  "dvars_nstd": 35.40632787850396,
  "dvars_std": 1.2346990767322834,
  "dvars_vstd": 1.0110012037007874,
  "efc": 0.477538436473855,
  "fber": 715.3653564453125,
  "fd_mean": 0.2804307638648947,
  "fd_num": 124,
  "fd_perc": 48.627450980392155,
  "fwhm_avg": 2.9581986666666666,
  "fwhm_x": 2.679016,
  "fwhm_y": 3.082216,
  "fwhm_z": 3.113364,
  "gcor": 0.0261158,
  "gsr_x": -0.02030695602297783,
  "gsr_y": 0.040913745760917664,
  "provenance": {
    "md5sum": "9dc50795a0577ca1e8583ea73821f1e4",
    "settings": {
      "fd_thres": 0.2,
      "testing": false
    },
    "software": "mriqc",
    "version": "22.0.6",
    "webapi_port": null,
    "webapi_url": "https://mriqc.nimh.nih.gov/api/v1"
  },
  "size_t": 255,
  "size_x": 96,
  "size_y": 96,
  "size_z": 56,
  "snr": 2.5802562959132467,
  "spacing_tr": 2.0,
  "spacing_x": 2.5,
  "spacing_y": 2.5,
  "spacing_z": 2.5,
  "summary_bg_k": 42.453292485300615,
  "summary_bg_mad": 39.047676228730495,
  "summary_bg_mean": 353.62548828125,
  "summary_bg_median": 214.42745971679688,
  "summary_bg_n": 363418.0,
  "summary_bg_p05": 179.12491531372072,
  "summary_bg_p95": 1064.0818481445287,
  "summary_bg_stdv": 424.21380615234375,
  "summary_fg_k": 1.4125823020337087,
  "summary_fg_mad": 1952.2385509866187,
  "summary_fg_mean": 6222.1630859375,
  "summary_fg_median": 5838.53564453125,
  "summary_fg_n": 80770.0,
  "summary_fg_p05": 3339.4695922851565,
  "summary_fg_p95": 10656.677685546876,
  "summary_fg_stdv": 2262.759521484375,
  "tsnr": 48.86441111192107
}