{
  "aor": 0.0034274708171206235,
  "aqi": 0.008367459922178988,
  "bids_meta": {
    "AcquisitionDateTime": "20181106154529.057500",
    "ConversionSoftware": "dicm2nii.m 20210821",
    "DeviceSerialNumber": "166054",
    "EchoTime": 0.03,
    "EffectiveEchoSpacing": 0.00050999592,
    "FlipAngle": 75,
    "ImageType": [
      "ORIGINAL",
      "PRIMARY",
      "M",
      "MB",
      "ND",
      "MOSAIC"
    ],
    "InstitutionAddress": "Street StreetNo,City,District,IL,ZIP",
    "InstitutionName": "Weizmann Institute",
    "MRAcquisitionType": "2D",
    "Manufacturer": "SIEMENS",
    "Modality": "MR",
    "ParallelAcquisitionTechnique": "none",
    "ParallelReductionFactorInPlane": 1,
    "PatientAge": "019Y",
    "PatientPosition": "HFS",
    "PatientSex": "F",
    "PatientSize": 1.57,
    "PatientWeight": 50,
    "PhaseEncodingDirection": "j-",
    "RepetitionTime": 2,
    "ScanOptions": "FS",
    "ScanningSequence": "EP",
    "SequenceName": "epfid2d1_96",
    "SequenceVariant": "SK\\SS",
    "SeriesDescription": "EPI_PSAP_iso2.5",
    "SeriesNumber": 6,
    "SliceThickness": 2.5,
    "SliceTiming": [
      0,
      0.92,
      1.84,
      0.7775,
      1.6975,
      0.6375,
      1.555,
      0.495,
      1.415,
      0.355,
      1.2725,
      0.2125,
      1.1325,
      0.07,
      0.99,
      1.91,
      0.85,
      1.7675,
      0.7075,
      1.6275,
      0.565,
      1.485,
      0.425,
      1.345,
      0.2825,
      1.2025,
      0.1425,
      1.06,
      0,
      0.92,
      1.84,
      0.7775,
      1.6975,
      0.6375,
      1.555,
      0.495,
      1.415,
      0.355,
      1.2725,
      0.2125,
      1.1325,
      0.07,
      0.99,
      1.91,
      0.85,
      1.7675,
      0.7075,
      1.6275,
      0.565,
      1.485,
      0.425,
      1.345,
      0.2825,
      1.2025,
      0.1425,
      1.06
    ],
    "SoftwareVersion": "syngo MR E11",
    "TaskName": "PSAP",
    "TotalReadoutTime": 0.048449612,
    "dataset": "ds003791",
    "modality": "bold",
    "run_id": 1,
    "subject_id": "37",
    "task_id": "PSAP"
  },
  "dummy_trs": 0,
  "dvars_nstd": 32.15493819859375,
  "dvars_std": 1.1005247044921869,
  "dvars_vstd": 0.9241305211328126,
  "efc": 0.47624160216569483,
  "fber": 721.80615234375,
  "fd_mean": 0.23731344659936734,
  "fd_num": 114,
  "fd_perc": 44.3579766536965,
  "fwhm_avg": 2.958076,
  "fwhm_x": 2.679308,
  "fwhm_y": 3.06508,
  "fwhm_z": 3.12984,
  "gcor": 0.0335472,
  "gsr_x": -0.02065993659198284,
  "gsr_y": 0.04551699385046959,
  "provenance": {
    "md5sum": "51e87eca5a2cb4ebcf70d1de7429d650",
    "settings": {
      "fd_thres": 0.2,
      "testing": false
    },
    "software": "mriqc",
    "version": "22.0.6",
    "webapi_port": null,
    "webapi_url": "https://mriqc.nimh.nih.gov/api/v1"
  },
  "size_t": 257,
  "size_x": 96,
  "size_y": 96,
  "size_z": 56,
  "snr": 2.5939626864657037,
  "spacing_tr": 2.0,
  "spacing_x": 2.5,
  "spacing_y": 2.5,
  "spacing_z": 2.5,
  "summary_bg_k": 46.43041837680557,
  "summary_bg_mad": 40.56678019710729,
  "summary_bg_mean": 362.0792236328125,
  "summary_bg_median": 214.62257385253906,
  "summary_bg_n": 365419.0,
  "summary_bg_p05": 177.86731719970703,
  "summary_bg_p95": 1092.1459350585906,
  "summary_bg_stdv": 459.3269958496094,
  "summary_fg_k": 1.410731548159485,
  "summary_fg_mad": 1947.0374984285847,
  "summary_fg_mean": 6253.88427734375,
  "summary_fg_median": 5860.015625,
  "summary_fg_n": 79843.0,
  "summary_fg_p05": 3389.9952392578125,
  "summary_fg_p95": 10692.957324218745,
  "summary_fg_stdv": 2259.083740234375,
  "tsnr": 40.26912400522269
}