{
  "aor": 0.00277996062992126,
  "aqi": 0.005240818228346457,
  "bids_meta": {
    "AcquisitionDateTime": "20181204142437.542500",
    "ConversionSoftware": "dicm2nii.m 20210821",
    "DeviceSerialNumber": "166054",
    "EchoTime": 0.03,
    "EffectiveEchoSpacing": 0.00050999592,
    "FlipAngle": 75,
    "ImageType": [
      "ORIGINAL",
      "PRIMARY",
      "M",
      "MB",
      "ND",
      "MOSAIC"
    ],
    "InstitutionAddress": "Street StreetNo,City,District,IL,ZIP",
    "InstitutionName": "Weizmann Institute",
    "MRAcquisitionType": "2D",
    "Manufacturer": "SIEMENS",
    "Modality": "MR",
    "ParallelAcquisitionTechnique": "none",
    "ParallelReductionFactorInPlane": 1,
    "PatientAge": "029Y",
    "PatientPosition": "HFS",
    "PatientSex": "F",
    "PatientSize": 1.62,
    "PatientWeight": 64,
    "PhaseEncodingDirection": "j-",
    "RepetitionTime": 2,
    "ScanOptions": "FS",
    "ScanningSequence": "EP",
    "SequenceName": "epfid2d1_96",
    "SequenceVariant": "SK\\SS",
    "SeriesDescription": "EPI_PSAP_iso2.5",
    "SeriesNumber": 13,
    "SliceThickness": 2.5,
    "SliceTiming": [
      0,
      0.92,
      1.84,
      0.78,
      1.6975,
      0.6375,
      1.5575,
      0.495,
      1.415,
      0.355,
      1.275,
      0.2125,
      1.1325,
      0.0725,
      0.99,
      1.91,
      0.85,
      1.77,
      0.7075,
      1.6275,
      0.5675,
      1.485,
      0.425,
      1.345,
      0.285,
      1.2025,
      0.1425,
      1.0625,
      0,
      0.92,
      1.84,
      0.78,
      1.6975,
      0.6375,
      1.5575,
      0.495,
      1.415,
      0.355,
      1.275,
      0.2125,
      1.1325,
      0.0725,
      0.99,
      1.91,
      0.85,
      1.77,
      0.7075,
      1.6275,
      0.5675,
      1.485,
      0.425,
      1.345,
      0.285,
      1.2025,
      0.1425,
      1.0625
    ],
    "SoftwareVersion": "syngo MR E11",
    "TaskName": "PSAP",
    "TotalReadoutTime": 0.048449612,
    "dataset": "ds003791",
    "modality": "bold",
    "run_id": 3,
    "subject_id": "05",
    "task_id": "PSAP"
  },
  "dummy_trs": 0,
  "dvars_nstd": 36.17550583790512,
  "dvars_std": 1.214196685335968,
  "dvars_vstd": 0.9948507090909086,
  "efc": 0.48131050987270396,
  "fber": 588.5413208007812,
  "fd_mean": 0.19966876196346717,
  "fd_num": 87,
  "fd_perc": 34.25196850393701,
  "fwhm_avg": 2.9831280000000007,
  "fwhm_x": 2.7799240000000003,
  "fwhm_y": 3.09146,
  "fwhm_z": 3.0780000000000003,
  "gcor": 0.0202619,
  "gsr_x": -0.023823540657758713,
  "gsr_y": 0.05466945841908455,
  "provenance": {
    "md5sum": "6dd01180f4933bcb7e85889813352f85",
    "settings": {
      "fd_thres": 0.2,
      "testing": false
    },
    "software": "mriqc",
    "version": "22.0.6",
    "webapi_port": null,
    "webapi_url": "https://mriqc.nimh.nih.gov/api/v1"
  },
  "size_t": 254,
  "size_x": 96,
  "size_y": 96,
  "size_z": 56,
  "snr": 2.345823226211446,
  "spacing_tr": 2.0,
  "spacing_x": 2.5,
  "spacing_y": 2.5,
  "spacing_z": 2.5,
  "summary_bg_k": 32.26446052832937,
  "summary_bg_mad": 47.32653778527788,
  "summary_bg_mean": 410.43597412109375,
  "summary_bg_median": 221.6653594970703,
  "summary_bg_n": 370212.0,
  "summary_bg_p05": 184.96456909179688,
  "summary_bg_p95": 1329.3334777832033,
  "summary_bg_stdv": 532.7540893554688,
  "summary_fg_k": 1.56984032313329,
  "summary_fg_mad": 1904.5422675552952,
  "summary_fg_mean": 5928.7626953125,
  "summary_fg_median": 5482.0078125,
  "summary_fg_n": 74967.0,
  "summary_fg_p05": 3008.28740234375,
  "summary_fg_p95": 10593.577441406249,
  "summary_fg_stdv": 2336.9072265625,
  "tsnr": 51.944407680421136
}