{
  "aor": 0.0042924609375,
  "aqi": 0.0098301091015625,
  "bids_meta": {
    "AcquisitionDateTime": "20181204143612.532500",
    "ConversionSoftware": "dicm2nii.m 20210821",
    "DeviceSerialNumber": "166054",
    "EchoTime": 0.03,
    "EffectiveEchoSpacing": 0.00050999592,
    "FlipAngle": 75,
    "ImageType": [
      "ORIGINAL",
      "PRIMARY",
      "M",
      "MB",
      "ND",
      "MOSAIC"
    ],
    "InstitutionAddress": "Street StreetNo,City,District,IL,ZIP",
    "InstitutionName": "Weizmann Institute",
    "MRAcquisitionType": "2D",
    "Manufacturer": "SIEMENS",
    "Modality": "MR",
    "ParallelAcquisitionTechnique": "none",
    "ParallelReductionFactorInPlane": 1,
    "PatientAge": "029Y",
    "PatientPosition": "HFS",
    "PatientSex": "F",
    "PatientSize": 1.62,
    "PatientWeight": 64,
    "PhaseEncodingDirection": "j-",
    "RepetitionTime": 2,
    "ScanOptions": "FS",
    "ScanningSequence": "EP",
    "SequenceName": "epfid2d1_96",
    "SequenceVariant": "SK\\SS",
    "SeriesDescription": "EPI_PSAP_iso2.5",
    "SeriesNumber": 17,
    "SliceThickness": 2.5,
    "SliceTiming": [
      0,
      0.92,
      1.8375,
      0.7775,
      1.6975,
      0.635,
      1.555,
      0.495,
      1.415,
      0.3525,
      1.2725,
      0.2125,
      1.13,
      0.07,
      0.99,
      1.91,
      0.8475,
      1.7675,
      0.7075,
      1.625,
      0.565,
      1.485,
      0.425,
      1.3425,
      0.2825,
      1.2025,
      0.1425,
      1.06,
      0,
      0.92,
      1.8375,
      0.7775,
      1.6975,
      0.635,
      1.555,
      0.495,
      1.415,
      0.3525,
      1.2725,
      0.2125,
      1.13,
      0.07,
      0.99,
      1.91,
      0.8475,
      1.7675,
      0.7075,
      1.625,
      0.565,
      1.485,
      0.425,
      1.3425,
      0.2825,
      1.2025,
      0.1425,
      1.06
    ],
    "SoftwareVersion": "syngo MR E11",
    "TaskName": "PSAP",
    "TotalReadoutTime": 0.048449612,
    "dataset": "ds003791",
    "modality": "bold",
    "run_id": 4,
    "subject_id": "05",
    "task_id": "PSAP"
  },
  "dummy_trs": 0,
  "dvars_nstd": 39.32563845333333,
  "dvars_std": 1.0945098291764703,
  "dvars_vstd": 0.9400554117647063,
  "efc": 0.4816810930131185,
  "fber": 587.7886962890625,
  "fd_mean": 0.29546124222636894,
  "fd_num": 118,
  "fd_perc": 46.09375,
  "fwhm_avg": 3.000561333333333,
  "fwhm_x": 2.794712,
  "fwhm_y": 3.110252,
  "fwhm_z": 3.09672,
  "gcor": 0.0262872,
  "gsr_x": -0.022941993549466133,
  "gsr_y": 0.053986094892024994,
  "provenance": {
    "md5sum": "3671e7780cea366e1308a60fdea0012e",
    "settings": {
      "fd_thres": 0.2,
      "testing": false
    },
    "software": "mriqc",
    "version": "22.0.6",
    "webapi_port": null,
    "webapi_url": "https://mriqc.nimh.nih.gov/api/v1"
  },
  "size_t": 256,
  "size_x": 96,
  "size_y": 96,
  "size_z": 56,
  "snr": 2.356272369632158,
  "spacing_tr": 2.0,
  "spacing_x": 2.5,
  "spacing_y": 2.5,
  "spacing_z": 2.5,
  "summary_bg_k": 31.268607927353983,
  "summary_bg_mad": 50.0899476088084,
  "summary_bg_mean": 413.2601013183594,
  "summary_bg_median": 223.2265625,
  "summary_bg_n": 370406.0,
  "summary_bg_p05": 184.1171875,
  "summary_bg_p95": 1340.708984375,
  "summary_bg_stdv": 532.3232421875,
  "summary_fg_k": 1.5899293832130192,
  "summary_fg_mad": 1923.3636421055526,
  "summary_fg_mean": 5951.0078125,
  "summary_fg_median": 5511.5390625,
  "summary_fg_n": 74921.0,
  "summary_fg_p05": 3014.12890625,
  "summary_fg_p95": 10584.125,
  "summary_fg_stdv": 2339.076904296875,
  "tsnr": 35.07622624619398
}