{
  "aor": 0.0028529296875,
  "aqi": 0.00634847578125,
  "bids_meta": {
    "AcquisitionDateTime": "20181118140428.530000",
    "ConversionSoftware": "dicm2nii.m 20210821",
    "DeviceSerialNumber": "166054",
    "EchoTime": 0.03,
    "EffectiveEchoSpacing": 0.00050999592,
    "FlipAngle": 75,
    "ImageType": [
      "ORIGINAL",
      "PRIMARY",
      "M",
      "MB",
      "ND",
      "MOSAIC"
    ],
    "InstitutionAddress": "Street StreetNo,City,District,IL,ZIP",
    "InstitutionName": "Weizmann Institute",
    "MRAcquisitionType": "2D",
    "Manufacturer": "SIEMENS",
    "Modality": "MR",
    "ParallelAcquisitionTechnique": "none",
    "ParallelReductionFactorInPlane": 1,
    "PatientAge": "028Y",
    "PatientPosition": "HFS",
    "PatientSex": "M",
    "PatientSize": 1.75,
    "PatientWeight": 75,
    "PhaseEncodingDirection": "j-",
    "RepetitionTime": 2,
    "ScanOptions": "FS",
    "ScanningSequence": "EP",
    "SequenceName": "epfid2d1_96",
    "SequenceVariant": "SK\\SS",
    "SeriesDescription": "EPI_PSAP_iso2.5",
    "SeriesNumber": 14,
    "SliceThickness": 2.5,
    "SliceTiming": [
      0,
      0.92,
      1.84,
      0.78,
      1.6975,
      0.6375,
      1.5575,
      0.495,
      1.415,
      0.355,
      1.275,
      0.2125,
      1.1325,
      0.0725,
      0.99,
      1.91,
      0.85,
      1.77,
      0.7075,
      1.6275,
      0.5675,
      1.485,
      0.425,
      1.345,
      0.285,
      1.2025,
      0.1425,
      1.0625,
      0,
      0.92,
      1.84,
      0.78,
      1.6975,
      0.6375,
      1.5575,
      0.495,
      1.415,
      0.355,
      1.275,
      0.2125,
      1.1325,
      0.0725,
      0.99,
      1.91,
      0.85,
      1.77,
      0.7075,
      1.6275,
      0.5675,
      1.485,
      0.425,
      1.345,
      0.285,
      1.2025,
      0.1425,
      1.0625
    ],
    "SoftwareVersion": "syngo MR E11",
    "TaskName": "PSAP",
    "TotalReadoutTime": 0.048449612,
    "dataset": "ds003791",
    "modality": "bold",
    "run_id": 2,
    "subject_id": "03",
    "task_id": "PSAP"
  },
  "dummy_trs": 0,
  "dvars_nstd": 29.366138832352913,
  "dvars_std": 1.1579770155294111,
  "dvars_vstd": 0.9762155630196078,
  "efc": 0.5154415684664804,
  "fber": 500.2779541015625,
  "fd_mean": 0.15671831588005325,
  "fd_num": 65,
  "fd_perc": 25.390625,
  "fwhm_avg": 2.8545719999999997,
  "fwhm_x": 2.5976559999999997,
  "fwhm_y": 2.9415880000000003,
  "fwhm_z": 3.0244720000000003,
  "gcor": 0.00703701,
  "gsr_x": -0.03570974990725517,
  "gsr_y": 0.09145315736532211,
  "provenance": {
    "md5sum": "0b237ff9d5b45ca6b0582fb06dfaacd0",
    "settings": {
      "fd_thres": 0.2,
      "testing": false
    },
    "software": "mriqc",
    "version": "22.0.6",
    "webapi_port": null,
    "webapi_url": "https://mriqc.nimh.nih.gov/api/v1"
  },
  "size_t": 256,
  "size_x": 96,
  "size_y": 96,
  "size_z": 56,
  "snr": 2.271450332249371,
  "spacing_tr": 2.0,
  "spacing_x": 2.5,
  "spacing_y": 2.5,
  "spacing_z": 2.5,
  "summary_bg_k": 45.44787555905411,
  "summary_bg_mad": 48.839001986944304,
  "summary_bg_mean": 480.9983825683594,
  "summary_bg_median": 230.64453125,
  "summary_bg_n": 350957.0,
  "summary_bg_p05": 190.51953125,
  "summary_bg_p95": 1761.730468750001,
  "summary_bg_stdv": 781.09130859375,
  "summary_fg_k": 1.7126700867667086,
  "summary_fg_mad": 1937.7060811451192,
  "summary_fg_mean": 5663.55224609375,
  "summary_fg_median": 5240.962890625,
  "summary_fg_n": 91016.0,
  "summary_fg_p05": 2758.2880859375,
  "summary_fg_p95": 10149.560546875,
  "summary_fg_stdv": 2307.307373046875,
  "tsnr": 52.772096291417256
}