{
  "aor": 0.0009377734374999999,
  "aqi": 0.0057678825,
  "bids_meta": {
    "AcquisitionDateTime": "20181118135247.000000",
    "ConversionSoftware": "dicm2nii.m 20210821",
    "DeviceSerialNumber": "166054",
    "EchoTime": 0.03,
    "EffectiveEchoSpacing": 0.00050999592,
    "FlipAngle": 75,
    "ImageType": [
      "ORIGINAL",
      "PRIMARY",
      "M",
      "MB",
      "ND",
      "MOSAIC"
    ],
    "InstitutionAddress": "Street StreetNo,City,District,IL,ZIP",
    "InstitutionName": "Weizmann Institute",
    "MRAcquisitionType": "2D",
    "Manufacturer": "SIEMENS",
    "Modality": "MR",
    "ParallelAcquisitionTechnique": "none",
    "ParallelReductionFactorInPlane": 1,
    "PatientAge": "028Y",
    "PatientPosition": "HFS",
    "PatientSex": "M",
    "PatientSize": 1.75,
    "PatientWeight": 75,
    "PhaseEncodingDirection": "j-",
    "RepetitionTime": 2,
    "ScanOptions": "FS",
    "ScanningSequence": "EP",
    "SequenceName": "epfid2d1_96",
    "SequenceVariant": "SK\\SS",
    "SeriesDescription": "EPI_PSAP_iso2.5",
    "SeriesNumber": 10,
    "SliceThickness": 2.5,
    "SliceTiming": [
      0,
      0.92,
      1.84,
      0.7775,
      1.6975,
      0.6375,
      1.5575,
      0.495,
      1.415,
      0.355,
      1.2725,
      0.2125,
      1.1325,
      0.0725,
      0.99,
      1.91,
      0.85,
      1.7675,
      0.7075,
      1.6275,
      0.5675,
      1.485,
      0.425,
      1.345,
      0.2825,
      1.2025,
      0.1425,
      1.0625,
      0,
      0.92,
      1.84,
      0.7775,
      1.6975,
      0.6375,
      1.5575,
      0.495,
      1.415,
      0.355,
      1.2725,
      0.2125,
      1.1325,
      0.0725,
      0.99,
      1.91,
      0.85,
      1.7675,
      0.7075,
      1.6275,
      0.5675,
      1.485,
      0.425,
      1.345,
      0.2825,
      1.2025,
      0.1425,
      1.0625
    ],
    "SoftwareVersion": "syngo MR E11",
    "TaskName": "PSAP",
    "TotalReadoutTime": 0.048449612,
    "dataset": "ds003791",
    "modality": "bold",
    "run_id": 1,
    "subject_id": "03",
    "task_id": "PSAP"
  },
  "dummy_trs": 0,
  "dvars_nstd": 29.084913776980404,
  "dvars_std": 1.1328308919215693,
  "dvars_vstd": 0.9780264885098038,
  "efc": 0.5148841953020002,
  "fber": 503.37884521484375,
  "fd_mean": 0.22760921932486453,
  "fd_num": 145,
  "fd_perc": 56.640625,
  "fwhm_avg": 2.8538786666666667,
  "fwhm_x": 2.598056,
  "fwhm_y": 2.9371359999999997,
  "fwhm_z": 3.026444,
  "gcor": 0.0110346,
  "gsr_x": -0.03383375704288483,
  "gsr_y": 0.08848237246274948,
  "provenance": {
    "md5sum": "9942faa97444a2fd55a5e243e31ff145",
    "settings": {
      "fd_thres": 0.2,
      "testing": false
    },
    "software": "mriqc",
    "version": "22.0.6",
    "webapi_port": null,
    "webapi_url": "https://mriqc.nimh.nih.gov/api/v1"
  },
  "size_t": 256,
  "size_x": 96,
  "size_y": 96,
  "size_z": 56,
  "snr": 2.287798860225029,
  "spacing_tr": 2.0,
  "spacing_x": 2.5,
  "spacing_y": 2.5,
  "spacing_z": 2.5,
  "summary_bg_k": 42.910759966262425,
  "summary_bg_mad": 48.19615493126414,
  "summary_bg_mean": 478.83221435546875,
  "summary_bg_median": 230.37109375,
  "summary_bg_n": 351323.0,
  "summary_bg_p05": 191.37109375,
  "summary_bg_p95": 1746.9132812499997,
  "summary_bg_stdv": 771.8438720703125,
  "summary_fg_k": 1.7229810367656286,
  "summary_fg_mad": 1927.4002583020306,
  "summary_fg_mean": 5674.947265625,
  "summary_fg_median": 5254.12890625,
  "summary_fg_n": 90507.0,
  "summary_fg_p05": 2810.392578125,
  "summary_fg_p95": 10152.25,
  "summary_fg_stdv": 2296.57421875,
  "tsnr": 56.790115172509104
}