{
  "bids_meta": {
    "AcquisitionDateTime": "20181213151727.967500",
    "ConversionSoftware": "dicm2nii.m 20210821",
    "DeviceSerialNumber": "166054",
    "EchoTime": 0.00229,
    "FlipAngle": 8,
    "ImageType": [
      "ORIGINAL",
      "PRIMARY",
      "M",
      "ND",
      "NORM"
    ],
    "InstitutionAddress": "Street StreetNo,City,District,IL,ZIP",
    "InstitutionName": "Weizmann Institute",
    "InversionTime": 0.9,
    "MRAcquisitionType": "3D",
    "Manufacturer": "SIEMENS",
    "Modality": "MR",
    "ParallelAcquisitionTechnique": "GRAPPA",
    "ParallelReductionFactorInPlane": 2,
    "PatientAge": "027Y",
    "PatientPosition": "HFS",
    "PatientSex": "M",
    "PatientSize": 1.78,
    "PatientWeight": 78,
    "PhaseEncodingDirection": "j-",
    "RepetitionTime": 2.3,
    "ScanOptions": "IR\\WE",
    "ScanningSequence": "GR\\IR",
    "SequenceName": "*tfl3d1_16ns",
    "SequenceVariant": "SK\\SP\\MP",
    "SeriesDescription": "t1_mprage_sag_p2_iso_water_exc",
    "SeriesNumber": 12,
    "SliceThickness": 0.94,
    "SoftwareVersion": "syngo MR E11",
    "dataset": "ds003791",
    "modality": "T1w",
    "subject_id": "09"
  },
  "cjv": 0.31763664166381966,
  "cnr": 4.2170147014574715,
  "efc": 0.6248577220503507,
  "fber": 17435.48015122873,
  "fwhm_avg": 4.279098036650136,
  "fwhm_x": 4.202712776617072,
  "fwhm_y": 4.294197333333333,
  "fwhm_z": 4.340384,
  "icvs_csf": 0.23175030527881477,
  "icvs_gm": 0.44137273604813865,
  "icvs_wm": 0.32687695867304656,
  "inu_med": 0.5291256010532379,
  "inu_range": 0.1965970814228058,
  "provenance": {
    "md5sum": "37bcbe27dc5352a8cf3468fbde6cd986",
    "settings": {
      "testing": false
    },
    "software": "mriqc",
    "version": "22.0.6",
    "warnings": {
      "large_rot_frame": true,
      "small_air_mask": false
    },
    "webapi_port": null,
    "webapi_url": "https://mriqc.nimh.nih.gov/api/v1"
  },
  "qi_1": 0.0,
  "qi_2": 0.0103497042581243,
  "rpve_csf": 17.942379585066412,
  "rpve_gm": 9.80046633473182,
  "rpve_wm": 15.187904468719758,
  "size_x": 176,
  "size_y": 256,
  "size_z": 256,
  "snr_csf": 2.386881130553573,
  "snr_gm": 11.81488937882258,
  "snr_total": 13.404412380925004,
  "snr_wm": 26.011466633398864,
  "snrd_csf": 28.86833369123567,
  "snrd_gm": 86.95627504561364,
  "snrd_total": 79.95527833885637,
  "snrd_wm": 124.04122627971981,
  "spacing_x": 0.9399999976158142,
  "spacing_y": 0.9375,
  "spacing_z": 0.9375,
  "summary_bg_k": 22.061481716364078,
  "summary_bg_mad": 0.0,
  "summary_bg_mean": 3.18651977558255,
  "summary_bg_median": 0.0,
  "summary_bg_n": 2325109.0,
  "summary_bg_p05": 0.0,
  "summary_bg_p95": 11.53390634059906,
  "summary_bg_stdv": 5.281737949920671,
  "summary_csf_k": 0.8795490424716657,
  "summary_csf_mad": 81.34043709612419,
  "summary_csf_mean": 246.22521198026644,
  "summary_csf_median": 232.73775294423103,
  "summary_csf_n": 61230.0,
  "summary_csf_p05": 104.83497013151646,
  "summary_csf_p95": 434.3751512914896,
  "summary_csf_stdv": 97.50626013030323,
  "summary_gm_k": 0.10475951544148732,
  "summary_gm_mad": 58.285709735233056,
  "summary_gm_mean": 700.2681823025133,
  "summary_gm_median": 701.0452447645366,
  "summary_gm_n": 50383.0,
  "summary_gm_p05": 601.6425385568291,
  "summary_gm_p95": 796.7921145875007,
  "summary_gm_stdv": 59.33515457419203,
  "summary_wm_k": 0.36939742766536376,
  "summary_wm_mad": 36.68144535400063,
  "summary_wm_mean": 999.5845752743794,
  "summary_wm_median": 1000.0257231872529,
  "summary_wm_n": 226146.0,
  "summary_wm_p05": 935.6109159011394,
  "summary_wm_p95": 1062.0204697679728,
  "summary_wm_stdv": 38.44548737912531,
  "tpm_overlap_csf": 0.17503884180078239,
  "tpm_overlap_gm": 0.4866710877415749,
  "tpm_overlap_wm": 0.5048415054913655,
  "wm2max": 0.8857748791389218
}