{
  "aor": 0.0015470155038759688,
  "aqi": 0.004252788333333334,
  "bids_meta": {
    "AcquisitionDateTime": "20181118122231.530000",
    "ConversionSoftware": "dicm2nii.m 20210821",
    "DeviceSerialNumber": "166054",
    "EchoTime": 0.03,
    "EffectiveEchoSpacing": 0.00050999592,
    "FlipAngle": 75,
    "ImageType": [
      "ORIGINAL",
      "PRIMARY",
      "M",
      "MB",
      "ND",
      "MOSAIC"
    ],
    "InstitutionAddress": "Street StreetNo,City,District,IL,ZIP",
    "InstitutionName": "Weizmann Institute",
    "MRAcquisitionType": "2D",
    "Manufacturer": "SIEMENS",
    "Modality": "MR",
    "ParallelAcquisitionTechnique": "none",
    "ParallelReductionFactorInPlane": 1,
    "PatientAge": "023Y",
    "PatientPosition": "HFS",
    "PatientSex": "F",
    "PatientSize": 1.67,
    "PatientWeight": 60,
    "PhaseEncodingDirection": "j-",
    "RepetitionTime": 2,
    "ScanOptions": "FS",
    "ScanningSequence": "EP",
    "SequenceName": "epfid2d1_96",
    "SequenceVariant": "SK\\SS",
    "SeriesDescription": "EPI_PSAP_iso2.5",
    "SeriesNumber": 17,
    "SliceThickness": 2.5,
    "SliceTiming": [
      0,
      0.9175,
      1.8375,
      0.7775,
      1.6975,
      0.635,
      1.555,
      0.495,
      1.4125,
      0.3525,
      1.2725,
      0.2125,
      1.13,
      0.07,
      0.99,
      1.9075,
      0.8475,
      1.7675,
      0.7075,
      1.625,
      0.565,
      1.485,
      0.4225,
      1.3425,
      0.2825,
      1.2025,
      0.14,
      1.06,
      0,
      0.9175,
      1.8375,
      0.7775,
      1.6975,
      0.635,
      1.555,
      0.495,
      1.4125,
      0.3525,
      1.2725,
      0.2125,
      1.13,
      0.07,
      0.99,
      1.9075,
      0.8475,
      1.7675,
      0.7075,
      1.625,
      0.565,
      1.485,
      0.4225,
      1.3425,
      0.2825,
      1.2025,
      0.14,
      1.06
    ],
    "SoftwareVersion": "syngo MR E11",
    "TaskName": "PSAP",
    "TotalReadoutTime": 0.048449612,
    "dataset": "ds003791",
    "modality": "bold",
    "run_id": 4,
    "subject_id": "31",
    "task_id": "PSAP"
  },
  "dummy_trs": 1,
  "dvars_nstd": 25.893532593424123,
  "dvars_std": 1.2119424966147865,
  "dvars_vstd": 0.9975816934241237,
  "efc": 0.48842604719609356,
  "fber": 604.6227416992188,
  "fd_mean": 0.1268410990231274,
  "fd_num": 31,
  "fd_perc": 12.015503875968992,
  "fwhm_avg": 2.949422666666667,
  "fwhm_x": 2.731776,
  "fwhm_y": 3.01688,
  "fwhm_z": 3.099612,
  "gcor": 0.0102256,
  "gsr_x": -0.025258244946599007,
  "gsr_y": 0.05923744663596153,
  "provenance": {
    "md5sum": "9187e6a712b20061636b095eb054cd8e",
    "settings": {
      "fd_thres": 0.2,
      "testing": false
    },
    "software": "mriqc",
    "version": "22.0.6",
    "webapi_port": null,
    "webapi_url": "https://mriqc.nimh.nih.gov/api/v1"
  },
  "size_t": 258,
  "size_x": 96,
  "size_y": 96,
  "size_z": 56,
  "snr": 2.280900756955963,
  "spacing_tr": 2.0,
  "spacing_x": 2.5,
  "spacing_y": 2.5,
  "spacing_z": 2.5,
  "summary_bg_k": 31.889667539266746,
  "summary_bg_mad": 54.298858399038664,
  "summary_bg_mean": 485.9024658203125,
  "summary_bg_median": 236.02713012695312,
  "summary_bg_n": 367545.0,
  "summary_bg_p05": 193.70155334472656,
  "summary_bg_p95": 1757.2356689453097,
  "summary_bg_stdv": 733.3502807617188,
  "summary_fg_k": 1.6768481109230775,
  "summary_fg_mad": 2199.06105347606,
  "summary_fg_mean": 6426.90576171875,
  "summary_fg_median": 5931.05810546875,
  "summary_fg_n": 77151.0,
  "summary_fg_p05": 3169.837158203125,
  "summary_fg_p95": 11503.1162109375,
  "summary_fg_stdv": 2600.297119140625,
  "tsnr": 66.490479077911
}