{
  "aor": 0.0021374103585657367,
  "aqi": 0.004327878804780877,
  "bids_meta": {
    "AcquisitionDateTime": "20181118115509.522500",
    "ConversionSoftware": "dicm2nii.m 20210821",
    "DeviceSerialNumber": "166054",
    "EchoTime": 0.03,
    "EffectiveEchoSpacing": 0.00050999592,
    "FlipAngle": 75,
    "ImageType": [
      "ORIGINAL",
      "PRIMARY",
      "M",
      "MB",
      "ND",
      "MOSAIC"
    ],
    "InstitutionAddress": "Street StreetNo,City,District,IL,ZIP",
    "InstitutionName": "Weizmann Institute",
    "MRAcquisitionType": "2D",
    "Manufacturer": "SIEMENS",
    "Modality": "MR",
    "ParallelAcquisitionTechnique": "none",
    "ParallelReductionFactorInPlane": 1,
    "PatientAge": "023Y",
    "PatientPosition": "HFS",
    "PatientSex": "F",
    "PatientSize": 1.67,
    "PatientWeight": 60,
    "PhaseEncodingDirection": "j-",
    "RepetitionTime": 2,
    "ScanOptions": "FS",
    "ScanningSequence": "EP",
    "SequenceName": "epfid2d1_96",
    "SequenceVariant": "SK\\SS",
    "SeriesDescription": "EPI_PSAP_iso2.5",
    "SeriesNumber": 10,
    "SliceThickness": 2.5,
    "SliceTiming": [
      0,
      0.9175,
      1.8375,
      0.7775,
      1.695,
      0.635,
      1.555,
      0.495,
      1.4125,
      0.3525,
      1.2725,
      0.21,
      1.13,
      0.07,
      0.99,
      1.9075,
      0.8475,
      1.7675,
      0.705,
      1.625,
      0.565,
      1.4825,
      0.4225,
      1.3425,
      0.2825,
      1.2,
      0.14,
      1.06,
      0,
      0.9175,
      1.8375,
      0.7775,
      1.695,
      0.635,
      1.555,
      0.495,
      1.4125,
      0.3525,
      1.2725,
      0.21,
      1.13,
      0.07,
      0.99,
      1.9075,
      0.8475,
      1.7675,
      0.705,
      1.625,
      0.565,
      1.4825,
      0.4225,
      1.3425,
      0.2825,
      1.2,
      0.14,
      1.06
    ],
    "SoftwareVersion": "syngo MR E11",
    "TaskName": "PSAP",
    "TotalReadoutTime": 0.048449612,
    "dataset": "ds003791",
    "modality": "bold",
    "run_id": 2,
    "subject_id": "31",
    "task_id": "PSAP"
  },
  "dummy_trs": 0,
  "dvars_nstd": 26.57133190948,
  "dvars_std": 1.2305533474800006,
  "dvars_vstd": 1.0146006450800003,
  "efc": 0.4876981603166987,
  "fber": 600.1889038085938,
  "fd_mean": 0.13222287308113945,
  "fd_num": 25,
  "fd_perc": 9.9601593625498,
  "fwhm_avg": 2.932821333333333,
  "fwhm_x": 2.7189959999999997,
  "fwhm_y": 2.997828,
  "fwhm_z": 3.08164,
  "gcor": 0.010025,
  "gsr_x": -0.02413211017847061,
  "gsr_y": 0.05882734805345535,
  "provenance": {
    "md5sum": "78c4bd22680c7be4452096a9503b1456",
    "settings": {
      "fd_thres": 0.2,
      "testing": false
    },
    "software": "mriqc",
    "version": "22.0.6",
    "webapi_port": null,
    "webapi_url": "https://mriqc.nimh.nih.gov/api/v1"
  },
  "size_t": 251,
  "size_x": 96,
  "size_y": 96,
  "size_z": 56,
  "snr": 2.273881342460633,
  "spacing_tr": 2.0,
  "spacing_x": 2.5,
  "spacing_y": 2.5,
  "spacing_z": 2.5,
  "summary_bg_k": 33.81661950245203,
  "summary_bg_mad": 54.14746719349912,
  "summary_bg_mean": 472.0033874511719,
  "summary_bg_median": 235.07569885253906,
  "summary_bg_n": 366069.0,
  "summary_bg_p05": 192.4223175048828,
  "summary_bg_p95": 1671.2502441406239,
  "summary_bg_stdv": 704.8663940429688,
  "summary_fg_k": 1.6513955808264873,
  "summary_fg_mad": 2196.41908238405,
  "summary_fg_mean": 6400.82275390625,
  "summary_fg_median": 5909.88671875,
  "summary_fg_n": 77718.0,
  "summary_fg_p05": 3133.951623535156,
  "summary_fg_p95": 11469.942724609375,
  "summary_fg_stdv": 2599.013671875,
  "tsnr": 63.12978388974443
}