{
  "aor": 0.0008354901960784314,
  "aqi": 0.004607393764705882,
  "bids_meta": {
    "AcquisitionDateTime": "20181118114249.005000",
    "ConversionSoftware": "dicm2nii.m 20210821",
    "DeviceSerialNumber": "166054",
    "EchoTime": 0.03,
    "EffectiveEchoSpacing": 0.00050999592,
    "FlipAngle": 75,
    "ImageType": [
      "ORIGINAL",
      "PRIMARY",
      "M",
      "MB",
      "ND",
      "MOSAIC"
    ],
    "InstitutionAddress": "Street StreetNo,City,District,IL,ZIP",
    "InstitutionName": "Weizmann Institute",
    "MRAcquisitionType": "2D",
    "Manufacturer": "SIEMENS",
    "Modality": "MR",
    "ParallelAcquisitionTechnique": "none",
    "ParallelReductionFactorInPlane": 1,
    "PatientAge": "023Y",
    "PatientPosition": "HFS",
    "PatientSex": "F",
    "PatientSize": 1.67,
    "PatientWeight": 60,
    "PhaseEncodingDirection": "j-",
    "RepetitionTime": 2,
    "ScanOptions": "FS",
    "ScanningSequence": "EP",
    "SequenceName": "epfid2d1_96",
    "SequenceVariant": "SK\\SS",
    "SeriesDescription": "EPI_PSAP_iso2.5",
    "SeriesNumber": 6,
    "SliceThickness": 2.5,
    "SliceTiming": [
      0,
      0.92,
      1.84,
      0.7775,
      1.6975,
      0.6375,
      1.5575,
      0.495,
      1.415,
      0.355,
      1.2725,
      0.2125,
      1.1325,
      0.0725,
      0.99,
      1.91,
      0.85,
      1.7675,
      0.7075,
      1.6275,
      0.5675,
      1.485,
      0.425,
      1.345,
      0.285,
      1.2025,
      0.1425,
      1.0625,
      0,
      0.92,
      1.84,
      0.7775,
      1.6975,
      0.6375,
      1.5575,
      0.495,
      1.415,
      0.355,
      1.2725,
      0.2125,
      1.1325,
      0.0725,
      0.99,
      1.91,
      0.85,
      1.7675,
      0.7075,
      1.6275,
      0.5675,
      1.485,
      0.425,
      1.345,
      0.285,
      1.2025,
      0.1425,
      1.0625
    ],
    "SoftwareVersion": "syngo MR E11",
    "TaskName": "PSAP",
    "TotalReadoutTime": 0.048449612,
    "dataset": "ds003791",
    "modality": "bold",
    "run_id": 1,
    "subject_id": "31",
    "task_id": "PSAP"
  },
  "dummy_trs": 0,
  "dvars_nstd": 28.27915705295275,
  "dvars_std": 1.190445512992126,
  "dvars_vstd": 0.9748861435433076,
  "efc": 0.48650678615767207,
  "fber": 614.7925415039062,
  "fd_mean": 0.14774410391189916,
  "fd_num": 51,
  "fd_perc": 20.0,
  "fwhm_avg": 2.965733333333333,
  "fwhm_x": 2.739372,
  "fwhm_y": 3.014668,
  "fwhm_z": 3.14316,
  "gcor": 0.0123615,
  "gsr_x": -0.022968918085098267,
  "gsr_y": 0.05798567086458206,
  "provenance": {
    "md5sum": "93085e1915f7c5810ca29c63cde7c3e7",
    "settings": {
      "fd_thres": 0.2,
      "testing": false
    },
    "software": "mriqc",
    "version": "22.0.6",
    "webapi_port": null,
    "webapi_url": "https://mriqc.nimh.nih.gov/api/v1"
  },
  "size_t": 255,
  "size_x": 96,
  "size_y": 96,
  "size_z": 56,
  "snr": 2.27329398529594,
  "spacing_tr": 2.0,
  "spacing_x": 2.5,
  "spacing_y": 2.5,
  "spacing_z": 2.5,
  "summary_bg_k": 33.794273890971816,
  "summary_bg_mad": 51.96666013689326,
  "summary_bg_mean": 473.4339599609375,
  "summary_bg_median": 233.90982055664062,
  "summary_bg_n": 366899.0,
  "summary_bg_p05": 193.93687896728517,
  "summary_bg_p95": 1665.2725952148432,
  "summary_bg_stdv": 708.439453125,
  "summary_fg_k": 1.6494723453471813,
  "summary_fg_mad": 2219.264404410657,
  "summary_fg_mean": 6436.12744140625,
  "summary_fg_median": 5940.7177734375,
  "summary_fg_n": 77411.0,
  "summary_fg_p05": 3150.649169921875,
  "summary_fg_p95": 11550.421875,
  "summary_fg_stdv": 2613.247314453125,
  "tsnr": 59.427103135501966
}