{
  "aor": 0.0007134251968503936,
  "aqi": 0.003034804803149606,
  "bids_meta": {
    "AcquisitionDateTime": "20181021144749.522500",
    "ConversionSoftware": "dicm2nii.m 20210821",
    "DeviceSerialNumber": "166054",
    "EchoTime": 0.03,
    "EffectiveEchoSpacing": 0.00050999592,
    "FlipAngle": 75,
    "ImageType": [
      "ORIGINAL",
      "PRIMARY",
      "M",
      "MB",
      "ND",
      "MOSAIC"
    ],
    "InstitutionAddress": "Street StreetNo,City,District,IL,ZIP",
    "InstitutionName": "Weizmann Institute",
    "MRAcquisitionType": "2D",
    "Manufacturer": "SIEMENS",
    "Modality": "MR",
    "ParallelAcquisitionTechnique": "none",
    "ParallelReductionFactorInPlane": 1,
    "PatientAge": "033Y",
    "PatientPosition": "HFS",
    "PatientSex": "F",
    "PatientSize": 1.68,
    "PatientWeight": 54,
    "PhaseEncodingDirection": "j-",
    "RepetitionTime": 2,
    "ScanOptions": "FS",
    "ScanningSequence": "EP",
    "SequenceName": "epfid2d1_96",
    "SequenceVariant": "SK\\SS",
    "SeriesDescription": "EPI_PSAP_iso2.5",
    "SeriesNumber": 6,
    "SliceThickness": 2.5,
    "SliceTiming": [
      0,
      0.92,
      1.84,
      0.78,
      1.6975,
      0.6375,
      1.5575,
      0.495,
      1.415,
      0.355,
      1.275,
      0.2125,
      1.1325,
      0.0725,
      0.99,
      1.91,
      0.85,
      1.7675,
      0.7075,
      1.6275,
      0.5675,
      1.485,
      0.425,
      1.345,
      0.285,
      1.2025,
      0.1425,
      1.0625,
      0,
      0.92,
      1.84,
      0.78,
      1.6975,
      0.6375,
      1.5575,
      0.495,
      1.415,
      0.355,
      1.275,
      0.2125,
      1.1325,
      0.0725,
      0.99,
      1.91,
      0.85,
      1.7675,
      0.7075,
      1.6275,
      0.5675,
      1.485,
      0.425,
      1.345,
      0.285,
      1.2025,
      0.1425,
      1.0625
    ],
    "SoftwareVersion": "syngo MR E11",
    "TaskName": "PSAP",
    "TotalReadoutTime": 0.048449612,
    "dataset": "ds003791",
    "modality": "bold",
    "run_id": 1,
    "subject_id": "24",
    "task_id": "PSAP"
  },
  "dummy_trs": 0,
  "dvars_nstd": 24.645503963873516,
  "dvars_std": 1.2866939284980226,
  "dvars_vstd": 0.9728365796047435,
  "efc": 0.47963890708749035,
  "fber": 728.1716918945312,
  "fd_mean": 0.05004574583475887,
  "fd_num": 0,
  "fd_perc": 0.0,
  "fwhm_avg": 2.8366786666666663,
  "fwhm_x": 2.657548,
  "fwhm_y": 2.946196,
  "fwhm_z": 2.9062919999999997,
  "gcor": 0.0172716,
  "gsr_x": -0.024914992973208427,
  "gsr_y": 0.05662180855870247,
  "provenance": {
    "md5sum": "377a96648229ddba32ca7b084990c2df",
    "settings": {
      "fd_thres": 0.2,
      "testing": false
    },
    "software": "mriqc",
    "version": "22.0.6",
    "webapi_port": null,
    "webapi_url": "https://mriqc.nimh.nih.gov/api/v1"
  },
  "size_t": 254,
  "size_x": 96,
  "size_y": 96,
  "size_z": 56,
  "snr": 2.454704531109747,
  "spacing_tr": 2.0,
  "spacing_x": 2.5,
  "spacing_y": 2.5,
  "spacing_z": 2.5,
  "summary_bg_k": 29.31029336942079,
  "summary_bg_mad": 46.30797268691978,
  "summary_bg_mean": 444.2768249511719,
  "summary_bg_median": 227.64173889160156,
  "summary_bg_n": 367364.0,
  "summary_bg_p05": 190.1771697998047,
  "summary_bg_p95": 1588.2444946289056,
  "summary_bg_stdv": 637.9020385742188,
  "summary_fg_k": 0.9119461658378212,
  "summary_fg_mad": 2308.831531794635,
  "summary_fg_mean": 6696.482421875,
  "summary_fg_median": 6236.775390625,
  "summary_fg_n": 77983.0,
  "summary_fg_p05": 3471.7480468750005,
  "summary_fg_p95": 11514.406640624999,
  "summary_fg_stdv": 2540.7275390625,
  "tsnr": 72.41410215361975
}