{
  "aor": 0.00040541176470588233,
  "aqi": 0.002464060705882353,
  "bids_meta": {
    "AcquisitionDateTime": "20181021145652.522500",
    "ConversionSoftware": "dicm2nii.m 20210821",
    "DeviceSerialNumber": "166054",
    "EchoTime": 0.03,
    "EffectiveEchoSpacing": 0.00050999592,
    "FlipAngle": 75,
    "ImageType": [
      "ORIGINAL",
      "PRIMARY",
      "M",
      "MB",
      "ND",
      "MOSAIC"
    ],
    "InstitutionAddress": "Street StreetNo,City,District,IL,ZIP",
    "InstitutionName": "Weizmann Institute",
    "MRAcquisitionType": "2D",
    "Manufacturer": "SIEMENS",
    "Modality": "MR",
    "ParallelAcquisitionTechnique": "none",
    "ParallelReductionFactorInPlane": 1,
    "PatientAge": "033Y",
    "PatientPosition": "HFS",
    "PatientSex": "F",
    "PatientSize": 1.68,
    "PatientWeight": 54,
    "PhaseEncodingDirection": "j-",
    "RepetitionTime": 2,
    "ScanOptions": "FS",
    "ScanningSequence": "EP",
    "SequenceName": "epfid2d1_96",
    "SequenceVariant": "SK\\SS",
    "SeriesDescription": "EPI_PSAP_iso2.5",
    "SeriesNumber": 8,
    "SliceThickness": 2.5,
    "SliceTiming": [
      0,
      0.92,
      1.8375,
      0.7775,
      1.6975,
      0.635,
      1.555,
      0.495,
      1.415,
      0.3525,
      1.2725,
      0.2125,
      1.13,
      0.07,
      0.99,
      1.91,
      0.8475,
      1.7675,
      0.7075,
      1.625,
      0.565,
      1.485,
      0.425,
      1.3425,
      0.2825,
      1.2025,
      0.14,
      1.06,
      0,
      0.92,
      1.8375,
      0.7775,
      1.6975,
      0.635,
      1.555,
      0.495,
      1.415,
      0.3525,
      1.2725,
      0.2125,
      1.13,
      0.07,
      0.99,
      1.91,
      0.8475,
      1.7675,
      0.7075,
      1.625,
      0.565,
      1.485,
      0.425,
      1.3425,
      0.2825,
      1.2025,
      0.14,
      1.06
    ],
    "SoftwareVersion": "syngo MR E11",
    "TaskName": "PSAP",
    "TotalReadoutTime": 0.048449612,
    "dataset": "ds003791",
    "modality": "bold",
    "run_id": 2,
    "subject_id": "24",
    "task_id": "PSAP"
  },
  "dummy_trs": 1,
  "dvars_nstd": 24.292204924566946,
  "dvars_std": 1.2938141895669293,
  "dvars_vstd": 0.9757981219685042,
  "efc": 0.48053549920300537,
  "fber": 716.5380249023438,
  "fd_mean": 0.04922120475693386,
  "fd_num": 0,
  "fd_perc": 0.0,
  "fwhm_avg": 2.8281720000000004,
  "fwhm_x": 2.646232,
  "fwhm_y": 2.9426680000000003,
  "fwhm_z": 2.895616,
  "gcor": 0.0136109,
  "gsr_x": -0.02555408887565136,
  "gsr_y": 0.057219017297029495,
  "provenance": {
    "md5sum": "82a5fb6be8c0251f6748b2b42a5b47d9",
    "settings": {
      "fd_thres": 0.2,
      "testing": false
    },
    "software": "mriqc",
    "version": "22.0.6",
    "webapi_port": null,
    "webapi_url": "https://mriqc.nimh.nih.gov/api/v1"
  },
  "size_t": 255,
  "size_x": 96,
  "size_y": 96,
  "size_z": 56,
  "snr": 2.4495537228474014,
  "spacing_tr": 2.0,
  "spacing_x": 2.5,
  "spacing_y": 2.5,
  "spacing_z": 2.5,
  "summary_bg_k": 29.56011171092966,
  "summary_bg_mad": 45.65250215653982,
  "summary_bg_mean": 444.7987060546875,
  "summary_bg_median": 228.5294189453125,
  "summary_bg_n": 366930.0,
  "summary_bg_p05": 192.25099182128906,
  "summary_bg_p95": 1595.6599243164055,
  "summary_bg_stdv": 639.2205200195312,
  "summary_fg_k": 0.9133640778059493,
  "summary_fg_mad": 2307.1324754436428,
  "summary_fg_mean": 6674.99462890625,
  "summary_fg_median": 6212.458984375,
  "summary_fg_n": 78250.0,
  "summary_fg_p05": 3455.6362548828124,
  "summary_fg_p95": 11498.159667968752,
  "summary_fg_stdv": 2536.143310546875,
  "tsnr": 77.92659820988774
}